{
  "bids_meta": {
    "AcquisitionMatrixPE": 250,
    "EchoTime": 0.0035,
    "EchoTrainLength": 213,
    "FlipAngle": 8,
    "MagneticFieldStrength": 3,
    "Manufacturer": "Philips",
    "ManufacturersModelName": "Ingenia",
    "PercentPhaseFOV": 79.6875,
    "PhaseEncodingSteps": 250,
    "PixelBandwidth": 334.024,
    "ProtocolName": "sT1W_3D_TFE_tra",
    "ReconMatrixPE": 256,
    "RepetitionTime": 0.0079,
    "ScanOptions": "OTHER",
    "ScanningSequence": "GR",
    "SequenceVariant": "MP",
    "SeriesDescription": "t1_mpr_ns_sag_p2_iso",
    "SliceThickness": 1,
    "SoftwareVersions": "5.6.1_5.6.1.0",
    "SpacingBetweenSlices": 1,
    "dataset": "ds003469",
    "modality": "T1w",
    "subject_id": "177"
  },
  "cjv": 0.29804033064624863,
  "cnr": 4.447605229525475,
  "efc": 0.720001922900699,
  "fber": -1.0,
  "fwhm_avg": 4.337994550337386,
  "fwhm_x": 4.256204800000001,
  "fwhm_y": 4.4880793599999995,
  "fwhm_z": 4.269699491012157,
  "icvs_csf": 0.22306020470751692,
  "icvs_gm": 0.4386961900634613,
  "icvs_wm": 0.33824360522902175,
  "inu_med": 0.5308325290679932,
  "inu_range": 0.26600034236907955,
  "provenance": {
    "md5sum": "13b46d32416067a8c9639ce2ed712561",
    "settings": {
      "testing": false
    },
    "software": "mriqc",
    "version": "22.0.6",
    "warnings": {
      "large_rot_frame": true,
      "small_air_mask": true
    },
    "webapi_port": null,
    "webapi_url": "https://mriqc.nimh.nih.gov/api/v1"
  },
  "qi_1": 0.0,
  "qi_2": 0.00011287553478846809,
  "rpve_csf": 21.957197894945885,
  "rpve_gm": 11.541080093515319,
  "rpve_wm": 17.276223344863396,
  "size_x": 256,
  "size_y": 256,
  "size_z": 170,
  "snr_csf": 1.9443483707182672,
  "snr_gm": 11.647851522861158,
  "snr_total": 13.85373724186447,
  "snr_wm": 27.969011832013987,
  "snrd_csf": 21.283388239842694,
  "snrd_gm": 61.40545865622923,
  "snrd_total": 57.21038568969339,
  "snrd_wm": 88.94231017300824,
  "spacing_x": 0.9765625,
  "spacing_y": 0.9765625,
  "spacing_z": 1.0000001192092896,
  "summary_bg_k": 6.6827154344027,
  "summary_bg_mad": 0.0,
  "summary_bg_mean": 4.079773455733255,
  "summary_bg_median": 0.0,
  "summary_bg_n": 226855.0,
  "summary_bg_p05": 0.0,
  "summary_bg_p95": 19.78773992881179,
  "summary_bg_stdv": 7.366040123055839,
  "summary_csf_k": 1.668404076656059,
  "summary_csf_mad": 130.56590011077537,
  "summary_csf_mean": 242.2109014569707,
  "summary_csf_median": 239.3002308057621,
  "summary_csf_n": 40508.0,
  "summary_csf_p05": 51.37869314849377,
  "summary_csf_p95": 446.23213289463894,
  "summary_csf_stdv": 123.07325202157618,
  "summary_gm_k": 0.3023213569632115,
  "summary_gm_mad": 57.90265878487153,
  "summary_gm_mean": 690.2401554419171,
  "summary_gm_median": 690.4135875161737,
  "summary_gm_n": 45103.0,
  "summary_gm_p05": 593.4090278651565,
  "summary_gm_p95": 787.0685141684488,
  "summary_gm_stdv": 59.2732429989496,
  "summary_wm_k": 0.5235747681892184,
  "summary_wm_mad": 34.37395934213008,
  "summary_wm_mean": 1000.3592918767156,
  "summary_wm_median": 1000.0247664023191,
  "summary_wm_n": 197596.0,
  "summary_wm_p05": 942.5212966091931,
  "summary_wm_p95": 1059.1400195229799,
  "summary_wm_stdv": 35.75465025103975,
  "tpm_overlap_csf": 0.15550802605896494,
  "tpm_overlap_gm": 0.4944643954603341,
  "tpm_overlap_wm": 0.5263252163279887,
  "wm2max": 0.8329264549526247
}