{
  "aor": 0.0025693333333333336,
  "aqi": 0.007150457600000001,
  "bids_meta": {
    "AcquisitionMatrixPE": 62,
    "BodyPartExamined": "BRAIN",
    "EchoTime": 0.035001,
    "EffectiveEchoSpacing": 0.0003157835674478,
    "FlipAngle": 90,
    "ImageType": [
      "ORIGINAL",
      "PRIMARY",
      "M",
      "FFE",
      "M",
      "FFE"
    ],
    "InPlanePhaseEncodingDirectionDICOM": "COL",
    "Instructions": "Participants were asked to close their eyes, to not fall asleep, and to avoid consistent thinking about same topic during the period of scanning",
    "MRAcquisitionType": "2D",
    "MagneticFieldStrength": 3,
    "Manufacturer": "Philips",
    "ManufacturersModelName": "Ingenia",
    "NumberOfVolumesDiscardedByScanner": 0,
    "NumberOfVolumesDiscardedByUser (copy)": 0,
    "PatientPosition": "HFS",
    "PercentPhaseFOV": 100,
    "PhaseEncodingDirection": "j",
    "PhaseEncodingSteps": 62,
    "ReconMatrixPE": 64,
    "RepetitionTime": 2,
    "ScanOptions": "FS",
    "ScanningSequence": "GR",
    "SequenceVariant": "SK",
    "SliceThickness": 3.1,
    "SliceTiming": [
      0,
      0.0588,
      0.1176,
      0.1764,
      0.2352,
      0.2939,
      0.3527,
      0.4115,
      0.4703,
      0.5291,
      0.5879,
      0.6467,
      0.7055,
      0.7642,
      0.823,
      0.8818,
      0.9406,
      0.9994,
      1.0582,
      1.117,
      1.1758,
      1.2345,
      1.2933,
      1.3521,
      1.4109,
      1.4697,
      1.5285,
      1.5873,
      1.6461,
      1.7048,
      1.7636,
      1.8224,
      1.8812,
      1.94
    ],
    "SpacingBetweenSlices": 3.41,
    "TaskName": "rest",
    "TotalReadoutTime": 0.019894364749211,
    "dataset": "ds003469",
    "modality": "bold",
    "subject_id": "196",
    "task_id": "rest"
  },
  "dummy_trs": 0,
  "dvars_nstd": 22.74341826297659,
  "dvars_std": 1.1553398922073586,
  "dvars_vstd": 1.008349570501672,
  "efc": 0.45724882501052716,
  "fber": 44816.55859375,
  "fd_mean": 0.24905537801935868,
  "fd_num": 175,
  "fd_perc": 58.333333333333336,
  "fwhm_avg": 2.1896153003213707,
  "fwhm_x": 2.2397728,
  "fwhm_y": 2.398384,
  "fwhm_z": 1.930689100964113,
  "gcor": 0.0396861,
  "gsr_x": -0.005607739556580782,
  "gsr_y": 0.020150616765022278,
  "provenance": {
    "md5sum": "97f02c94d593c8c26b7c7c9f2b258345",
    "settings": {
      "fd_thres": 0.2,
      "testing": false
    },
    "software": "mriqc",
    "version": "22.0.6",
    "webapi_port": null,
    "webapi_url": "https://mriqc.nimh.nih.gov/api/v1"
  },
  "size_t": 300,
  "size_x": 64,
  "size_y": 64,
  "size_z": 34,
  "snr": 6.044817011019172,
  "spacing_tr": 1.999998688697815,
  "spacing_x": 3.125,
  "spacing_y": 3.125,
  "spacing_z": 3.4100000858306885,
  "summary_bg_k": 225.51589909659504,
  "summary_bg_mad": 486.48524881272016,
  "summary_bg_mean": 1559.4930419921875,
  "summary_bg_median": 338.802978515625,
  "summary_bg_n": 85924.0,
  "summary_bg_p05": 5.001229691505433,
  "summary_bg_p95": 6152.057714843735,
  "summary_bg_stdv": 4725.4287109375,
  "summary_fg_k": 0.5822725957826651,
  "summary_fg_mad": 11702.463089995603,
  "summary_fg_mean": 74268.125,
  "summary_fg_median": 73612.7734375,
  "summary_fg_n": 23074.0,
  "summary_fg_p05": 55850.2296875,
  "summary_fg_p95": 95196.47031249998,
  "summary_fg_stdv": 12177.5693359375,
  "tsnr": 64.36195373535156
}