{
  "bids_meta": {
    "AcquisitionMatrixPE": 250,
    "EchoTime": 0.0035,
    "EchoTrainLength": 213,
    "FlipAngle": 8,
    "MagneticFieldStrength": 3,
    "Manufacturer": "Philips",
    "ManufacturersModelName": "Ingenia",
    "PercentPhaseFOV": 79.6875,
    "PhaseEncodingSteps": 250,
    "PixelBandwidth": 334.024,
    "ProtocolName": "sT1W_3D_TFE_tra",
    "ReconMatrixPE": 256,
    "RepetitionTime": 0.0079,
    "ScanOptions": "OTHER",
    "ScanningSequence": "GR",
    "SequenceVariant": "MP",
    "SeriesDescription": "t1_mpr_ns_sag_p2_iso",
    "SliceThickness": 1,
    "SoftwareVersions": "5.6.1_5.6.1.0",
    "SpacingBetweenSlices": 1,
    "dataset": "ds003469",
    "modality": "T1w",
    "subject_id": "209"
  },
  "cjv": 0.2827546037044845,
  "cnr": 4.686538398939725,
  "efc": 0.7261413928472463,
  "fber": 13589.210694527099,
  "fwhm_avg": 4.882739773001133,
  "fwhm_x": 4.8055705600000005,
  "fwhm_y": 5.16174848,
  "fwhm_z": 4.6809002790033984,
  "icvs_csf": 0.21420786049108853,
  "icvs_gm": 0.4477269433570035,
  "icvs_wm": 0.33806519615190794,
  "inu_med": 0.4721672683954239,
  "inu_range": 0.2614582270383835,
  "provenance": {
    "md5sum": "1d26ee36ab19e4943e05f77b649345fd",
    "settings": {
      "testing": false
    },
    "software": "mriqc",
    "version": "22.0.6",
    "warnings": {
      "large_rot_frame": true,
      "small_air_mask": true
    },
    "webapi_port": null,
    "webapi_url": "https://mriqc.nimh.nih.gov/api/v1"
  },
  "qi_1": 0.0,
  "qi_2": 0.00012099134725300919,
  "rpve_csf": 23.0335586959645,
  "rpve_gm": 11.615532307432057,
  "rpve_wm": 17.521987253077867,
  "size_x": 256,
  "size_y": 256,
  "size_z": 170,
  "snr_csf": 2.371302734011721,
  "snr_gm": 12.840314356549216,
  "snr_total": 16.079389350124334,
  "snr_wm": 33.02655095981206,
  "snrd_csf": 31.512122821498583,
  "snrd_gm": 77.57248028440635,
  "snrd_total": 73.045500722804,
  "snrd_wm": 110.05189906250708,
  "spacing_x": 0.9765625,
  "spacing_y": 0.9765625,
  "spacing_z": 0.9999999403953552,
  "summary_bg_k": 6.561435046635596,
  "summary_bg_mad": 0.0,
  "summary_bg_mean": 3.557974405146138,
  "summary_bg_median": 0.0,
  "summary_bg_n": 221430.0,
  "summary_bg_p05": 0.0,
  "summary_bg_p95": 16.75675710476935,
  "summary_bg_stdv": 5.953116811683262,
  "summary_csf_k": -0.1963993472473451,
  "summary_csf_mad": 133.03349912611066,
  "summary_csf_mean": 282.3771072996194,
  "summary_csf_median": 286.34548185765743,
  "summary_csf_n": 46332.0,
  "summary_csf_p05": 90.66980211809278,
  "summary_csf_p95": 473.9835586100817,
  "summary_csf_stdv": 120.7531993219918,
  "summary_gm_k": 0.27768710442254063,
  "summary_gm_mad": 53.4851810263436,
  "summary_gm_mean": 705.2930609771768,
  "summary_gm_median": 704.8883812669665,
  "summary_gm_n": 72631.0,
  "summary_gm_p05": 615.9577096197754,
  "summary_gm_p95": 795.6286886744201,
  "summary_gm_stdv": 54.89612708427015,
  "summary_wm_k": 0.20599349426683666,
  "summary_wm_mad": 29.96563888120879,
  "summary_wm_mean": 999.7827157642948,
  "summary_wm_median": 1000.0235225316137,
  "summary_wm_n": 213220.0,
  "summary_wm_p05": 950.0822759009898,
  "summary_wm_p95": 1049.0482004005462,
  "summary_wm_stdv": 30.27931008281149,
  "tpm_overlap_csf": 0.15371551376507944,
  "tpm_overlap_gm": 0.49705403673973275,
  "tpm_overlap_wm": 0.53816391796669,
  "wm2max": 0.7989747826576789
}