{
  "bids_meta": {
    "AcquisitionMatrixPE": 250,
    "EchoTime": 0.0035,
    "EchoTrainLength": 213,
    "FlipAngle": 8,
    "MagneticFieldStrength": 3,
    "Manufacturer": "Philips",
    "ManufacturersModelName": "Ingenia",
    "PercentPhaseFOV": 79.6875,
    "PhaseEncodingSteps": 250,
    "PixelBandwidth": 334.024,
    "ProtocolName": "sT1W_3D_TFE_tra",
    "ReconMatrixPE": 256,
    "RepetitionTime": 0.0079,
    "ScanOptions": "OTHER",
    "ScanningSequence": "GR",
    "SequenceVariant": "MP",
    "SeriesDescription": "t1_mpr_ns_sag_p2_iso",
    "SliceThickness": 1,
    "SoftwareVersions": "5.6.1_5.6.1.0",
    "SpacingBetweenSlices": 1,
    "dataset": "ds003469",
    "modality": "T1w",
    "subject_id": "037"
  },
  "cjv": 0.2954442195737763,
  "cnr": 4.518330107045872,
  "efc": 0.7142573423622033,
  "fber": 17135.611437942523,
  "fwhm_avg": 4.524401199421053,
  "fwhm_x": 4.488233233940017,
  "fwhm_y": 4.658350364323143,
  "fwhm_z": 4.42662,
  "icvs_csf": 0.20401261799478543,
  "icvs_gm": 0.44741093414381233,
  "icvs_wm": 0.34857644786140224,
  "inu_med": 0.47140924632549286,
  "inu_range": 0.21794604212045665,
  "provenance": {
    "md5sum": "62210854f4476a25269be7d3e40b3ab6",
    "settings": {
      "testing": false
    },
    "software": "mriqc",
    "version": "22.0.6",
    "warnings": {
      "large_rot_frame": true,
      "small_air_mask": true
    },
    "webapi_port": null,
    "webapi_url": "https://mriqc.nimh.nih.gov/api/v1"
  },
  "qi_1": 0.0,
  "qi_2": 0.00012333121252375206,
  "rpve_csf": 25.873156576698335,
  "rpve_gm": 12.610481934067547,
  "rpve_wm": 18.67208757105028,
  "size_x": 256,
  "size_y": 256,
  "size_z": 170,
  "snr_csf": 2.0197117461003415,
  "snr_gm": 11.6148739735339,
  "snr_total": 14.404988694136994,
  "snr_wm": 29.580380362776744,
  "snrd_csf": 23.115822897063634,
  "snrd_gm": 66.24012305431731,
  "snrd_total": 61.7981856390007,
  "snrd_wm": 96.03861096562113,
  "spacing_x": 0.9765624403953552,
  "spacing_y": 0.9765624403953552,
  "spacing_z": 1.0,
  "summary_bg_k": 12.538284719994957,
  "summary_bg_mad": 0.0,
  "summary_bg_mean": 3.6777460763509797,
  "summary_bg_median": 0.0,
  "summary_bg_n": 275771.0,
  "summary_bg_p05": 0.0,
  "summary_bg_p95": 17.672283232212067,
  "summary_bg_stdv": 6.821741658148506,
  "summary_csf_k": 1.144181289755914,
  "summary_csf_mad": 121.75743175087176,
  "summary_csf_mean": 249.27876802661726,
  "summary_csf_median": 240.69823019951582,
  "summary_csf_n": 31388.0,
  "summary_csf_p05": 73.00753724258394,
  "summary_csf_p95": 455.49335456583634,
  "summary_csf_stdv": 119.17264748003183,
  "summary_gm_k": 0.19776486783079372,
  "summary_gm_mad": 58.59897493284308,
  "summary_gm_mean": 689.7501141880875,
  "summary_gm_median": 689.7388190925121,
  "summary_gm_n": 55386.0,
  "summary_gm_p05": 592.3246892169118,
  "summary_gm_p95": 786.416603833437,
  "summary_gm_stdv": 59.383562316985994,
  "summary_wm_k": 0.5385318170024189,
  "summary_wm_mad": 33.07229818127582,
  "summary_wm_mean": 999.1796877194876,
  "summary_wm_median": 1000.021664518863,
  "summary_wm_n": 200394.0,
  "summary_wm_p05": 942.4134863354266,
  "summary_wm_p95": 1051.9123393036425,
  "summary_wm_stdv": 33.8068394358922,
  "tpm_overlap_csf": 0.13450727979543825,
  "tpm_overlap_gm": 0.48008097602998506,
  "tpm_overlap_wm": 0.5162824881929307,
  "wm2max": 0.8720510627776319
}