{
  "bids_meta": {
    "AcquisitionMatrixPE": 250,
    "EchoTime": 0.0035,
    "EchoTrainLength": 213,
    "FlipAngle": 8,
    "MagneticFieldStrength": 3,
    "Manufacturer": "Philips",
    "ManufacturersModelName": "Ingenia",
    "PercentPhaseFOV": 79.6875,
    "PhaseEncodingSteps": 250,
    "PixelBandwidth": 334.024,
    "ProtocolName": "sT1W_3D_TFE_tra",
    "ReconMatrixPE": 256,
    "RepetitionTime": 0.0079,
    "ScanOptions": "OTHER",
    "ScanningSequence": "GR",
    "SequenceVariant": "MP",
    "SeriesDescription": "t1_mpr_ns_sag_p2_iso",
    "SliceThickness": 1,
    "SoftwareVersions": "5.6.1_5.6.1.0",
    "SpacingBetweenSlices": 1,
    "dataset": "ds003469",
    "modality": "T1w",
    "subject_id": "028"
  },
  "cjv": 0.3087026647273028,
  "cnr": 4.2445971507408915,
  "efc": 0.7246725153747089,
  "fber": 22700.44444444445,
  "fwhm_avg": 4.519656049367395,
  "fwhm_x": 4.47536128,
  "fwhm_y": 4.667576604886268,
  "fwhm_z": 4.416030263215915,
  "icvs_csf": 0.2524331904106074,
  "icvs_gm": 0.4131515918518589,
  "icvs_wm": 0.3344152177375337,
  "inu_med": 0.505811482667923,
  "inu_range": 0.2506173625588417,
  "provenance": {
    "md5sum": "694f7429eb56c57f7d52baf0b8890132",
    "settings": {
      "testing": false
    },
    "software": "mriqc",
    "version": "22.0.6",
    "warnings": {
      "large_rot_frame": true,
      "small_air_mask": true
    },
    "webapi_port": null,
    "webapi_url": "https://mriqc.nimh.nih.gov/api/v1"
  },
  "qi_1": 0.0,
  "qi_2": 0.00014812482284400416,
  "rpve_csf": 21.6702403044418,
  "rpve_gm": 13.14463715738906,
  "rpve_wm": 19.266405329742124,
  "size_x": 256,
  "size_y": 256,
  "size_z": 170,
  "snr_csf": 2.4329846220279894,
  "snr_gm": 11.419498950415429,
  "snr_total": 14.787037890093151,
  "snr_wm": 30.508630097836033,
  "snrd_csf": 26.16230449488167,
  "snrd_gm": 81.72211828548862,
  "snrd_total": 74.7104959403767,
  "snrd_wm": 116.24706504075984,
  "spacing_x": 0.9765625,
  "spacing_y": 0.9765624403953552,
  "spacing_z": 0.9999999403953552,
  "summary_bg_k": 8.990388790593677,
  "summary_bg_mad": 0.0,
  "summary_bg_mean": 2.781987153327817,
  "summary_bg_median": 0.0,
  "summary_bg_n": 187230.0,
  "summary_bg_p05": 0.0,
  "summary_bg_p95": 15.758457308635116,
  "summary_bg_stdv": 5.635724378894182,
  "summary_csf_k": 1.0407088829395352,
  "summary_csf_mad": 87.91151281970811,
  "summary_csf_mean": 238.10969371277633,
  "summary_csf_median": 225.057770030573,
  "summary_csf_n": 56561.0,
  "summary_csf_p05": 114.12549971789122,
  "summary_csf_p95": 414.7563656717539,
  "summary_csf_stdv": 92.50193300460535,
  "summary_gm_k": 0.2812704503801253,
  "summary_gm_mad": 60.0831311346604,
  "summary_gm_mean": 702.7665981098513,
  "summary_gm_median": 703.0037322249264,
  "summary_gm_n": 34874.0,
  "summary_gm_p05": 600.7165463995188,
  "summary_gm_p95": 801.6303867809474,
  "summary_gm_stdv": 61.560814183667176,
  "summary_wm_k": 0.468900147191043,
  "summary_wm_mad": 31.600416823546563,
  "summary_wm_mean": 998.6957588354525,
  "summary_wm_median": 1000.0000281240791,
  "summary_wm_n": 188018.0,
  "summary_wm_p05": 942.4920434334315,
  "summary_wm_p95": 1049.482103297487,
  "summary_wm_stdv": 32.777524444519244,
  "tpm_overlap_csf": 0.16098925452207857,
  "tpm_overlap_gm": 0.4680702665710514,
  "tpm_overlap_wm": 0.5227939868224466,
  "wm2max": 0.8430982252113595
}