{
  "bids_meta": {
    "AcquisitionMatrixPE": 250,
    "EchoTime": 0.0035,
    "EchoTrainLength": 213,
    "FlipAngle": 8,
    "MagneticFieldStrength": 3,
    "Manufacturer": "Philips",
    "ManufacturersModelName": "Ingenia",
    "PercentPhaseFOV": 79.6875,
    "PhaseEncodingSteps": 250,
    "PixelBandwidth": 334.024,
    "ProtocolName": "sT1W_3D_TFE_tra",
    "ReconMatrixPE": 256,
    "RepetitionTime": 0.0079,
    "ScanOptions": "OTHER",
    "ScanningSequence": "GR",
    "SequenceVariant": "MP",
    "SeriesDescription": "t1_mpr_ns_sag_p2_iso",
    "SliceThickness": 1,
    "SoftwareVersions": "5.6.1_5.6.1.0",
    "SpacingBetweenSlices": 1,
    "dataset": "ds003469",
    "modality": "T1w",
    "subject_id": "160"
  },
  "cjv": 0.33194136829888066,
  "cnr": 4.017057159227791,
  "efc": 0.7278631820183402,
  "fber": 10520.897959183672,
  "fwhm_avg": 4.58274608,
  "fwhm_x": 4.44163072,
  "fwhm_y": 4.8813875200000005,
  "fwhm_z": 4.42522,
  "icvs_csf": 0.210938135597276,
  "icvs_gm": 0.4378737695891052,
  "icvs_wm": 0.35118809481361885,
  "inu_med": 0.4937736392021179,
  "inu_range": 0.23449850082397466,
  "provenance": {
    "md5sum": "275aaba9f1ecbc80ac56eebe63fe5844",
    "settings": {
      "testing": false
    },
    "software": "mriqc",
    "version": "22.0.6",
    "warnings": {
      "large_rot_frame": true,
      "small_air_mask": false
    },
    "webapi_port": null,
    "webapi_url": "https://mriqc.nimh.nih.gov/api/v1"
  },
  "qi_1": 0.0,
  "qi_2": 7.453893598256768e-05,
  "rpve_csf": 21.294580798572504,
  "rpve_gm": 10.694718114327484,
  "rpve_wm": 15.248585668010495,
  "size_x": 256,
  "size_y": 256,
  "size_z": 170,
  "snr_csf": 2.0090587210472797,
  "snr_gm": 11.439648771745224,
  "snr_total": 12.757944298748699,
  "snr_wm": 24.825125403453598,
  "snrd_csf": 24.153174314067854,
  "snrd_gm": 68.96610405195045,
  "snrd_total": 63.93804860725944,
  "snrd_wm": 98.69486745576002,
  "spacing_x": 0.9765625,
  "spacing_y": 0.9765625,
  "spacing_z": 1.0,
  "summary_bg_k": 4.871296201395752,
  "summary_bg_mad": 6.638154077017064,
  "summary_bg_mean": 10.700561213248214,
  "summary_bg_median": 4.4773668851703405,
  "summary_bg_n": 432233.0,
  "summary_bg_p05": 0.0,
  "summary_bg_p95": 45.10185281187296,
  "summary_bg_stdv": 16.399455800016284,
  "summary_csf_k": 0.9439592709396067,
  "summary_csf_mad": 120.07760385389506,
  "summary_csf_mean": 254.963131574938,
  "summary_csf_median": 244.73146744072437,
  "summary_csf_n": 45705.0,
  "summary_csf_p05": 74.1742633406073,
  "summary_csf_p95": 470.9392945010214,
  "summary_csf_stdv": 121.81266160516071,
  "summary_gm_k": 0.12072662266385947,
  "summary_gm_mad": 61.098821295267,
  "summary_gm_mean": 699.6811016079973,
  "summary_gm_median": 698.7974180467427,
  "summary_gm_n": 54763.0,
  "summary_gm_p05": 602.1706834882498,
  "summary_gm_p95": 801.3760031400247,
  "summary_gm_stdv": 61.085008094558944,
  "summary_wm_k": 0.6707984163611962,
  "summary_wm_mad": 38.89054666063924,
  "summary_wm_mean": 1000.5511297274343,
  "summary_wm_median": 1000.0234100595117,
  "summary_wm_n": 223653.0,
  "summary_wm_p05": 936.2619549408555,
  "summary_wm_p95": 1066.2462448794395,
  "summary_wm_stdv": 40.28262327567161,
  "tpm_overlap_csf": 0.1590315437710963,
  "tpm_overlap_gm": 0.4787297242858383,
  "tpm_overlap_wm": 0.5255521145268731,
  "wm2max": 0.8421270316647678
}