{
  "bids_meta": {
    "AcquisitionMatrixPE": 250,
    "EchoTime": 0.0035,
    "EchoTrainLength": 213,
    "FlipAngle": 8,
    "MagneticFieldStrength": 3,
    "Manufacturer": "Philips",
    "ManufacturersModelName": "Ingenia",
    "PercentPhaseFOV": 79.6875,
    "PhaseEncodingSteps": 250,
    "PixelBandwidth": 334.024,
    "ProtocolName": "sT1W_3D_TFE_tra",
    "ReconMatrixPE": 256,
    "RepetitionTime": 0.0079,
    "ScanOptions": "OTHER",
    "ScanningSequence": "GR",
    "SequenceVariant": "MP",
    "SeriesDescription": "t1_mpr_ns_sag_p2_iso",
    "SliceThickness": 1,
    "SoftwareVersions": "5.6.1_5.6.1.0",
    "SpacingBetweenSlices": 1,
    "dataset": "ds003469",
    "modality": "T1w",
    "subject_id": "167"
  },
  "cjv": 0.29111194271069063,
  "cnr": 4.64706069820867,
  "efc": 0.733248938622462,
  "fber": -1.0,
  "fwhm_avg": 4.6652895181687315,
  "fwhm_x": 4.57895936,
  "fwhm_y": 4.866109737003768,
  "fwhm_z": 4.550799457502429,
  "icvs_csf": 0.22626104338714717,
  "icvs_gm": 0.4390458025229353,
  "icvs_wm": 0.3346931540899175,
  "inu_med": 0.492771178483963,
  "inu_range": 0.2450250357389449,
  "provenance": {
    "md5sum": "0a9ac34a7cd67af2a777110003c74a4c",
    "settings": {
      "testing": false
    },
    "software": "mriqc",
    "version": "22.0.6",
    "warnings": {
      "large_rot_frame": true,
      "small_air_mask": true
    },
    "webapi_port": null,
    "webapi_url": "https://mriqc.nimh.nih.gov/api/v1"
  },
  "qi_1": 0.0,
  "qi_2": 4.076896354799201e-05,
  "rpve_csf": 21.700830660642154,
  "rpve_gm": 11.58562316099645,
  "rpve_wm": 17.496620996477866,
  "size_x": 256,
  "size_y": 256,
  "size_z": 170,
  "snr_csf": 2.4981896998870954,
  "snr_gm": 13.27608660987088,
  "snr_total": 15.239825554052175,
  "snr_wm": 29.94520035239855,
  "snrd_csf": 25.985375140773915,
  "snrd_gm": 63.02577711654792,
  "snrd_total": 59.42086108780014,
  "snrd_wm": 89.25143100607858,
  "spacing_x": 0.9765625,
  "spacing_y": 0.9765624403953552,
  "spacing_z": 1.0000001192092896,
  "summary_bg_k": 12.936472445923808,
  "summary_bg_mad": 0.0,
  "summary_bg_mean": 4.115702223936983,
  "summary_bg_median": 0.0,
  "summary_bg_n": 265298.0,
  "summary_bg_p05": 0.0,
  "summary_bg_p95": 19.58653350174427,
  "summary_bg_stdv": 7.3405273064008645,
  "summary_csf_k": -0.02225879491327154,
  "summary_csf_mad": 120.4772195385775,
  "summary_csf_mean": 290.92996371244647,
  "summary_csf_median": 291.15517896413803,
  "summary_csf_n": 44915.0,
  "summary_csf_p05": 102.23034320771694,
  "summary_csf_p95": 481.8237842857836,
  "summary_csf_stdv": 116.5451677986997,
  "summary_gm_k": 0.2128880970712257,
  "summary_gm_mad": 52.51195526392709,
  "summary_gm_mean": 706.5848454037848,
  "summary_gm_median": 706.1772753447294,
  "summary_gm_n": 46147.0,
  "summary_gm_p05": 619.8112832948566,
  "summary_gm_p95": 793.3583438202738,
  "summary_gm_stdv": 53.191097999425715,
  "summary_wm_k": 0.3131025407301502,
  "summary_wm_mad": 33.030532530029454,
  "summary_wm_mean": 1000.2367266010992,
  "summary_wm_median": 1000.0246764421463,
  "summary_wm_n": 198886.0,
  "summary_wm_p05": 945.9332409203053,
  "summary_wm_p95": 1054.4125033915043,
  "summary_wm_stdv": 33.395073354179544,
  "tpm_overlap_csf": 0.15928436775506913,
  "tpm_overlap_gm": 0.4857672430792717,
  "tpm_overlap_wm": 0.5191938525643995,
  "wm2max": 0.805563970335668
}