{
  "aor": 0.00011525252525252524,
  "aqi": 0.12269559629629631,
  "bids_meta": {
    "AcquisitionMatrixPE": 62,
    "BodyPartExamined": "BRAIN",
    "EchoTime": 0.035001,
    "EffectiveEchoSpacing": 0.0003157835674478,
    "FlipAngle": 90,
    "ImageType": [
      "ORIGINAL",
      "PRIMARY",
      "M",
      "FFE",
      "M",
      "FFE"
    ],
    "InPlanePhaseEncodingDirectionDICOM": "COL",
    "Instructions": "Participants were asked to close their eyes, to not fall asleep, and to avoid consistent thinking about same topic during the period of scanning",
    "MRAcquisitionType": "2D",
    "MagneticFieldStrength": 3,
    "Manufacturer": "Philips",
    "ManufacturersModelName": "Ingenia",
    "NumberOfVolumesDiscardedByScanner": 0,
    "NumberOfVolumesDiscardedByUser (copy)": 0,
    "PatientPosition": "HFS",
    "PercentPhaseFOV": 100,
    "PhaseEncodingDirection": "j",
    "PhaseEncodingSteps": 62,
    "ReconMatrixPE": 64,
    "RepetitionTime": 2,
    "ScanOptions": "FS",
    "ScanningSequence": "GR",
    "SequenceVariant": "SK",
    "SliceThickness": 3.1,
    "SliceTiming": [
      0,
      0.0588,
      0.1176,
      0.1764,
      0.2352,
      0.2939,
      0.3527,
      0.4115,
      0.4703,
      0.5291,
      0.5879,
      0.6467,
      0.7055,
      0.7642,
      0.823,
      0.8818,
      0.9406,
      0.9994,
      1.0582,
      1.117,
      1.1758,
      1.2345,
      1.2933,
      1.3521,
      1.4109,
      1.4697,
      1.5285,
      1.5873,
      1.6461,
      1.7048,
      1.7636,
      1.8224,
      1.8812,
      1.94
    ],
    "SpacingBetweenSlices": 3.41,
    "TaskName": "rest",
    "TotalReadoutTime": 0.019894364749211,
    "dataset": "ds003469",
    "modality": "bold",
    "subject_id": "115",
    "task_id": "rest"
  },
  "dummy_trs": 3,
  "dvars_nstd": 25.28408306682431,
  "dvars_std": 0.4636202361824324,
  "dvars_vstd": 0.4747712635810816,
  "efc": 0.48475263417107506,
  "fber": 13955.9140625,
  "fd_mean": 0.19957481459542098,
  "fd_num": 87,
  "fd_perc": 29.292929292929294,
  "fwhm_avg": 2.3953965510516526,
  "fwhm_x": 2.302147375639906,
  "fwhm_y": 2.7207871999999997,
  "fwhm_z": 2.163255077515052,
  "gcor": 0.961956,
  "gsr_x": 0.003840081859380007,
  "gsr_y": 0.04007521644234657,
  "provenance": {
    "md5sum": "60be31870b087e58e4b92c4a822fed7c",
    "settings": {
      "fd_thres": 0.2,
      "testing": false
    },
    "software": "mriqc",
    "version": "22.0.6",
    "webapi_port": null,
    "webapi_url": "https://mriqc.nimh.nih.gov/api/v1"
  },
  "size_t": 297,
  "size_x": 64,
  "size_y": 64,
  "size_z": 34,
  "snr": 5.157735564813778,
  "spacing_tr": 1.999998688697815,
  "spacing_x": 3.124999761581421,
  "spacing_y": 3.125,
  "spacing_z": 3.4100000858306885,
  "summary_bg_k": 81.15752327802826,
  "summary_bg_mad": 1206.6696779517747,
  "summary_bg_mean": 3320.02880859375,
  "summary_bg_median": 853.9942016601562,
  "summary_bg_n": 83011.0,
  "summary_bg_p05": 16.644453048706055,
  "summary_bg_p95": 12936.09033203125,
  "summary_bg_stdv": 8492.9765625,
  "summary_fg_k": 0.3582042355336914,
  "summary_fg_mad": 21548.661871102864,
  "summary_fg_mean": 110213.140625,
  "summary_fg_median": 108693.8671875,
  "summary_fg_n": 25096.0,
  "summary_fg_p05": 77841.75,
  "summary_fg_p95": 144754.57421875,
  "summary_fg_stdv": 21073.53125,
  "tsnr": 4.521972179412842
}