{
  "aor": 0.008878166666666666,
  "aqi": 0.008864583966666667,
  "bids_meta": {
    "AcquisitionMatrixPE": 62,
    "BodyPartExamined": "BRAIN",
    "EchoTime": 0.035001,
    "EffectiveEchoSpacing": 0.0003157835674478,
    "FlipAngle": 90,
    "ImageType": [
      "ORIGINAL",
      "PRIMARY",
      "M",
      "FFE",
      "M",
      "FFE"
    ],
    "InPlanePhaseEncodingDirectionDICOM": "COL",
    "Instructions": "Participants were asked to close their eyes, to not fall asleep, and to avoid consistent thinking about same topic during the period of scanning",
    "MRAcquisitionType": "2D",
    "MagneticFieldStrength": 3,
    "Manufacturer": "Philips",
    "ManufacturersModelName": "Ingenia",
    "NumberOfVolumesDiscardedByScanner": 0,
    "NumberOfVolumesDiscardedByUser (copy)": 0,
    "PatientPosition": "HFS",
    "PercentPhaseFOV": 100,
    "PhaseEncodingDirection": "j",
    "PhaseEncodingSteps": 62,
    "ReconMatrixPE": 64,
    "RepetitionTime": 2,
    "ScanOptions": "FS",
    "ScanningSequence": "GR",
    "SequenceVariant": "SK",
    "SliceThickness": 3.1,
    "SliceTiming": [
      0,
      0.0588,
      0.1176,
      0.1764,
      0.2352,
      0.2939,
      0.3527,
      0.4115,
      0.4703,
      0.5291,
      0.5879,
      0.6467,
      0.7055,
      0.7642,
      0.823,
      0.8818,
      0.9406,
      0.9994,
      1.0582,
      1.117,
      1.1758,
      1.2345,
      1.2933,
      1.3521,
      1.4109,
      1.4697,
      1.5285,
      1.5873,
      1.6461,
      1.7048,
      1.7636,
      1.8224,
      1.8812,
      1.94
    ],
    "SpacingBetweenSlices": 3.41,
    "TaskName": "rest",
    "TotalReadoutTime": 0.019894364749211,
    "dataset": "ds003469",
    "modality": "bold",
    "subject_id": "036",
    "task_id": "rest"
  },
  "dummy_trs": 0,
  "dvars_nstd": 23.84059443531774,
  "dvars_std": 1.1610113190635445,
  "dvars_vstd": 1.0574662853177248,
  "efc": 0.5216592222663683,
  "fber": 18602.84765625,
  "fd_mean": 0.22130716282789478,
  "fd_num": 94,
  "fd_perc": 31.333333333333332,
  "fwhm_avg": 1.9970772456861292,
  "fwhm_x": 1.947312,
  "fwhm_y": 2.1606176,
  "fwhm_z": 1.8833021370583873,
  "gcor": 0.0285937,
  "gsr_x": 0.001529904082417488,
  "gsr_y": 0.028744615614414215,
  "provenance": {
    "md5sum": "38a0d9639c90c12002039c0758bc6255",
    "settings": {
      "fd_thres": 0.2,
      "testing": false
    },
    "software": "mriqc",
    "version": "22.0.6",
    "webapi_port": null,
    "webapi_url": "https://mriqc.nimh.nih.gov/api/v1"
  },
  "size_t": 300,
  "size_x": 64,
  "size_y": 64,
  "size_z": 34,
  "snr": 4.60365703164339,
  "spacing_tr": 1.999998688697815,
  "spacing_x": 3.125,
  "spacing_y": 3.125,
  "spacing_z": 3.4099998474121094,
  "summary_bg_k": 30.52088560798751,
  "summary_bg_mad": 735.7243987436746,
  "summary_bg_mean": 2064.389404296875,
  "summary_bg_median": 503.072509765625,
  "summary_bg_n": 76318.0,
  "summary_bg_p05": 1.647545224428177,
  "summary_bg_p95": 9254.8682128906,
  "summary_bg_stdv": 4479.71826171875,
  "summary_fg_k": 1.5218294239103836,
  "summary_fg_mad": 14283.633012509443,
  "summary_fg_mean": 74402.6640625,
  "summary_fg_median": 72660.359375,
  "summary_fg_n": 31329.0,
  "summary_fg_p05": 51937.16875,
  "summary_fg_p95": 101833.19374999999,
  "summary_fg_stdv": 15782.9306640625,
  "tsnr": 52.19049835205078
}