{
  "aor": 0.0018536000000000002,
  "aqi": 0.009108000400000002,
  "bids_meta": {
    "AcquisitionMatrixPE": 62,
    "BodyPartExamined": "BRAIN",
    "EchoTime": 0.035001,
    "EffectiveEchoSpacing": 0.0003157835674478,
    "FlipAngle": 90,
    "ImageType": [
      "ORIGINAL",
      "PRIMARY",
      "M",
      "FFE",
      "M",
      "FFE"
    ],
    "InPlanePhaseEncodingDirectionDICOM": "COL",
    "Instructions": "Participants were asked to close their eyes, to not fall asleep, and to avoid consistent thinking about same topic during the period of scanning",
    "MRAcquisitionType": "2D",
    "MagneticFieldStrength": 3,
    "Manufacturer": "Philips",
    "ManufacturersModelName": "Ingenia",
    "NumberOfVolumesDiscardedByScanner": 0,
    "NumberOfVolumesDiscardedByUser (copy)": 0,
    "PatientPosition": "HFS",
    "PercentPhaseFOV": 100,
    "PhaseEncodingDirection": "j",
    "PhaseEncodingSteps": 62,
    "ReconMatrixPE": 64,
    "RepetitionTime": 2,
    "ScanOptions": "FS",
    "ScanningSequence": "GR",
    "SequenceVariant": "SK",
    "SliceThickness": 3.1,
    "SliceTiming": [
      0,
      0.0588,
      0.1176,
      0.1764,
      0.2352,
      0.2939,
      0.3527,
      0.4115,
      0.4703,
      0.5291,
      0.5879,
      0.6467,
      0.7055,
      0.7642,
      0.823,
      0.8818,
      0.9406,
      0.9994,
      1.0582,
      1.117,
      1.1758,
      1.2345,
      1.2933,
      1.3521,
      1.4109,
      1.4697,
      1.5285,
      1.5873,
      1.6461,
      1.7048,
      1.7636,
      1.8224,
      1.8812,
      1.94
    ],
    "SpacingBetweenSlices": 3.41,
    "TaskName": "rest",
    "TotalReadoutTime": 0.019894364749211,
    "dataset": "ds003469",
    "modality": "bold",
    "subject_id": "022",
    "task_id": "rest"
  },
  "dummy_trs": 0,
  "dvars_nstd": 23.591545864147168,
  "dvars_std": 1.1632280526086958,
  "dvars_vstd": 1.008812764113712,
  "efc": 0.4783784127199378,
  "fber": 16086.013671875,
  "fd_mean": 0.18200744092507432,
  "fd_num": 108,
  "fd_perc": 36.0,
  "fwhm_avg": 2.0759107260677845,
  "fwhm_x": 2.050576,
  "fwhm_y": 2.2160096,
  "fwhm_z": 1.9611465782033544,
  "gcor": 0.0607799,
  "gsr_x": 0.0012255465844646096,
  "gsr_y": 0.019509688019752502,
  "provenance": {
    "md5sum": "cacd9a57861206d4faf219c6a544e579",
    "settings": {
      "fd_thres": 0.2,
      "testing": false
    },
    "software": "mriqc",
    "version": "22.0.6",
    "webapi_port": null,
    "webapi_url": "https://mriqc.nimh.nih.gov/api/v1"
  },
  "size_t": 300,
  "size_x": 64,
  "size_y": 64,
  "size_z": 34,
  "snr": 5.594125945228566,
  "spacing_tr": 1.999998688697815,
  "spacing_x": 3.125,
  "spacing_y": 3.125,
  "spacing_z": 3.4100000858306885,
  "summary_bg_k": 125.12748184997653,
  "summary_bg_mad": 884.3222540039851,
  "summary_bg_mean": 2232.556396484375,
  "summary_bg_median": 619.7650146484375,
  "summary_bg_n": 84068.0,
  "summary_bg_p05": 1.6858628094196322,
  "summary_bg_p95": 8286.75434570311,
  "summary_bg_stdv": 6048.87939453125,
  "summary_fg_k": 1.6489264692672752,
  "summary_fg_mad": 12942.121244188347,
  "summary_fg_mean": 80524.1953125,
  "summary_fg_median": 79725.9375,
  "summary_fg_n": 25153.0,
  "summary_fg_p05": 58531.24609375,
  "summary_fg_p95": 103657.61718749999,
  "summary_fg_stdv": 14251.4404296875,
  "tsnr": 62.311458587646484
}