{
  "aor": 0.0012634,
  "aqi": 0.0036576644333333333,
  "bids_meta": {
    "AcquisitionMatrixPE": 62,
    "BodyPartExamined": "BRAIN",
    "EchoTime": 0.035001,
    "EffectiveEchoSpacing": 0.0003157835674478,
    "FlipAngle": 90,
    "ImageType": [
      "ORIGINAL",
      "PRIMARY",
      "M",
      "FFE",
      "M",
      "FFE"
    ],
    "InPlanePhaseEncodingDirectionDICOM": "COL",
    "Instructions": "Participants were asked to close their eyes, to not fall asleep, and to avoid consistent thinking about same topic during the period of scanning",
    "MRAcquisitionType": "2D",
    "MagneticFieldStrength": 3,
    "Manufacturer": "Philips",
    "ManufacturersModelName": "Ingenia",
    "NumberOfVolumesDiscardedByScanner": 0,
    "NumberOfVolumesDiscardedByUser (copy)": 0,
    "PatientPosition": "HFS",
    "PercentPhaseFOV": 100,
    "PhaseEncodingDirection": "j",
    "PhaseEncodingSteps": 62,
    "ReconMatrixPE": 64,
    "RepetitionTime": 2,
    "ScanOptions": "FS",
    "ScanningSequence": "GR",
    "SequenceVariant": "SK",
    "SliceThickness": 3.1,
    "SliceTiming": [
      0,
      0.0588,
      0.1176,
      0.1764,
      0.2352,
      0.2939,
      0.3527,
      0.4115,
      0.4703,
      0.5291,
      0.5879,
      0.6467,
      0.7055,
      0.7642,
      0.823,
      0.8818,
      0.9406,
      0.9994,
      1.0582,
      1.117,
      1.1758,
      1.2345,
      1.2933,
      1.3521,
      1.4109,
      1.4697,
      1.5285,
      1.5873,
      1.6461,
      1.7048,
      1.7636,
      1.8224,
      1.8812,
      1.94
    ],
    "SpacingBetweenSlices": 3.41,
    "TaskName": "rest",
    "TotalReadoutTime": 0.019894364749211,
    "dataset": "ds003469",
    "modality": "bold",
    "subject_id": "054",
    "task_id": "rest"
  },
  "dummy_trs": 0,
  "dvars_nstd": 23.26880834565216,
  "dvars_std": 1.161441573578595,
  "dvars_vstd": 1.0117437259866229,
  "efc": 0.4871829369381966,
  "fber": 17529.658203125,
  "fd_mean": 0.23094213239614936,
  "fd_num": 159,
  "fd_perc": 53.0,
  "fwhm_avg": 2.1588424430405486,
  "fwhm_x": 2.1127747223838385,
  "fwhm_y": 2.4437056,
  "fwhm_z": 1.9200470067378073,
  "gcor": 0.027569,
  "gsr_x": 0.0030255678575485945,
  "gsr_y": 0.0209458377212286,
  "provenance": {
    "md5sum": "5113b3e99d445c9c98fe67b1e345d484",
    "settings": {
      "fd_thres": 0.2,
      "testing": false
    },
    "software": "mriqc",
    "version": "22.0.6",
    "webapi_port": null,
    "webapi_url": "https://mriqc.nimh.nih.gov/api/v1"
  },
  "size_t": 300,
  "size_x": 64,
  "size_y": 64,
  "size_z": 34,
  "snr": 5.344515250337856,
  "spacing_tr": 1.999998688697815,
  "spacing_x": 3.124999523162842,
  "spacing_y": 3.125,
  "spacing_z": 3.4099998474121094,
  "summary_bg_k": 44.81395975548517,
  "summary_bg_mad": 851.2790831089145,
  "summary_bg_mean": 2099.75341796875,
  "summary_bg_median": 588.9303588867188,
  "summary_bg_n": 82435.0,
  "summary_bg_p05": 2.8798553943634033,
  "summary_bg_p95": 8600.955078125005,
  "summary_bg_stdv": 4436.677734375,
  "summary_fg_k": 2.3456199896697107,
  "summary_fg_mad": 13114.195764173654,
  "summary_fg_mean": 81506.6875,
  "summary_fg_median": 80403.9453125,
  "summary_fg_n": 26317.0,
  "summary_fg_p05": 59305.53203125,
  "summary_fg_p95": 106205.15,
  "summary_fg_stdv": 15043.912109375,
  "tsnr": 79.0632553100586
}