{
  "aor": 0.00014093333333333333,
  "aqi": 0.1591468843,
  "bids_meta": {
    "AcquisitionMatrixPE": 62,
    "BodyPartExamined": "BRAIN",
    "EchoTime": 0.035001,
    "EffectiveEchoSpacing": 0.0003157835674478,
    "FlipAngle": 90,
    "ImageType": [
      "ORIGINAL",
      "PRIMARY",
      "M",
      "FFE",
      "M",
      "FFE"
    ],
    "InPlanePhaseEncodingDirectionDICOM": "COL",
    "Instructions": "Participants were asked to close their eyes, to not fall asleep, and to avoid consistent thinking about same topic during the period of scanning",
    "MRAcquisitionType": "2D",
    "MagneticFieldStrength": 3,
    "Manufacturer": "Philips",
    "ManufacturersModelName": "Ingenia",
    "NumberOfVolumesDiscardedByScanner": 0,
    "NumberOfVolumesDiscardedByUser (copy)": 0,
    "PatientPosition": "HFS",
    "PercentPhaseFOV": 100,
    "PhaseEncodingDirection": "j",
    "PhaseEncodingSteps": 62,
    "ReconMatrixPE": 64,
    "RepetitionTime": 2,
    "ScanOptions": "FS",
    "ScanningSequence": "GR",
    "SequenceVariant": "SK",
    "SliceThickness": 3.1,
    "SliceTiming": [
      0,
      0.0588,
      0.1176,
      0.1764,
      0.2352,
      0.2939,
      0.3527,
      0.4115,
      0.4703,
      0.5291,
      0.5879,
      0.6467,
      0.7055,
      0.7642,
      0.823,
      0.8818,
      0.9406,
      0.9994,
      1.0582,
      1.117,
      1.1758,
      1.2345,
      1.2933,
      1.3521,
      1.4109,
      1.4697,
      1.5285,
      1.5873,
      1.6461,
      1.7048,
      1.7636,
      1.8224,
      1.8812,
      1.94
    ],
    "SpacingBetweenSlices": 3.41,
    "TaskName": "rest",
    "TotalReadoutTime": 0.019894364749211,
    "dataset": "ds003469",
    "modality": "bold",
    "subject_id": "116",
    "task_id": "rest"
  },
  "dummy_trs": 0,
  "dvars_nstd": 32.75823612578595,
  "dvars_std": 0.44334708809364526,
  "dvars_vstd": 0.45069047401337814,
  "efc": 0.5314422417576914,
  "fber": 14707.8125,
  "fd_mean": 0.2415862523710336,
  "fd_num": 76,
  "fd_perc": 25.333333333333332,
  "fwhm_avg": 2.655397160598813,
  "fwhm_x": 2.614288199454361,
  "fwhm_y": 2.8870912,
  "fwhm_z": 2.4648120823420787,
  "gcor": 0.970774,
  "gsr_x": -0.0005339850322343409,
  "gsr_y": 0.032885752618312836,
  "provenance": {
    "md5sum": "6405ee8a6a26f9ea83ecad8d93298c25",
    "settings": {
      "fd_thres": 0.2,
      "testing": false
    },
    "software": "mriqc",
    "version": "22.0.6",
    "webapi_port": null,
    "webapi_url": "https://mriqc.nimh.nih.gov/api/v1"
  },
  "size_t": 300,
  "size_x": 64,
  "size_y": 64,
  "size_z": 34,
  "snr": 5.172071710788452,
  "spacing_tr": 1.999998688697815,
  "spacing_x": 3.124999761581421,
  "spacing_y": 3.125,
  "spacing_z": 3.4100003242492676,
  "summary_bg_k": 75.66666491111249,
  "summary_bg_mad": 1079.3968551780613,
  "summary_bg_mean": 3213.7568359375,
  "summary_bg_median": 749.455078125,
  "summary_bg_n": 75846.0,
  "summary_bg_p05": 8.877420902252197,
  "summary_bg_p95": 13265.42822265625,
  "summary_bg_stdv": 7517.41357421875,
  "summary_fg_k": -0.32386243195313913,
  "summary_fg_mad": 20524.56597149995,
  "summary_fg_mean": 101507.9765625,
  "summary_fg_median": 100083.3828125,
  "summary_fg_n": 31413.0,
  "summary_fg_p05": 71793.634375,
  "summary_fg_p95": 134405.15,
  "summary_fg_stdv": 19350.42578125,
  "tsnr": 3.9778244495391846
}