{
  "bids_meta": {
    "AcquisitionMatrixPE": 250,
    "EchoTime": 0.0035,
    "EchoTrainLength": 213,
    "FlipAngle": 8,
    "MagneticFieldStrength": 3,
    "Manufacturer": "Philips",
    "ManufacturersModelName": "Ingenia",
    "PercentPhaseFOV": 79.6875,
    "PhaseEncodingSteps": 250,
    "PixelBandwidth": 334.024,
    "ProtocolName": "sT1W_3D_TFE_tra",
    "ReconMatrixPE": 256,
    "RepetitionTime": 0.0079,
    "ScanOptions": "OTHER",
    "ScanningSequence": "GR",
    "SequenceVariant": "MP",
    "SeriesDescription": "t1_mpr_ns_sag_p2_iso",
    "SliceThickness": 1,
    "SoftwareVersions": "5.6.1_5.6.1.0",
    "SpacingBetweenSlices": 1,
    "dataset": "ds003469",
    "modality": "T1w",
    "subject_id": "174"
  },
  "cjv": 0.3205922140384807,
  "cnr": 4.134276856411178,
  "efc": 0.7368203980243453,
  "fber": -1.0,
  "fwhm_avg": 4.60869984,
  "fwhm_x": 4.5543219200000005,
  "fwhm_y": 4.8318976000000005,
  "fwhm_z": 4.43988,
  "icvs_csf": 0.18472054060764137,
  "icvs_gm": 0.4576643575734733,
  "icvs_wm": 0.3576151018188853,
  "inu_med": 0.4690416008234024,
  "inu_range": 0.26211296916008,
  "provenance": {
    "md5sum": "64fb3aff9f1bed4129849e6e276ad3d5",
    "settings": {
      "testing": false
    },
    "software": "mriqc",
    "version": "22.0.6",
    "warnings": {
      "large_rot_frame": true,
      "small_air_mask": false
    },
    "webapi_port": null,
    "webapi_url": "https://mriqc.nimh.nih.gov/api/v1"
  },
  "qi_1": 0.0,
  "qi_2": 4.5062008682687195e-05,
  "rpve_csf": 22.081479912306822,
  "rpve_gm": 9.953824163489777,
  "rpve_wm": 14.528992432298848,
  "size_x": 256,
  "size_y": 256,
  "size_z": 170,
  "snr_csf": 2.160727634183151,
  "snr_gm": 12.47855622992031,
  "snr_total": 14.294108454907215,
  "snr_wm": 28.243041500618187,
  "snrd_csf": 25.8376528749704,
  "snrd_gm": 66.60682396259048,
  "snrd_total": 61.698122386594974,
  "snrd_wm": 92.64989032222404,
  "spacing_x": 0.9765625,
  "spacing_y": 0.9765625,
  "spacing_z": 1.0,
  "summary_bg_k": 7.591135570930788,
  "summary_bg_mad": 0.0,
  "summary_bg_mean": 3.7801606217476893,
  "summary_bg_median": 0.0,
  "summary_bg_n": 373343.0,
  "summary_bg_p05": 0.0,
  "summary_bg_p95": 19.9154634475708,
  "summary_bg_stdv": 7.071280936144012,
  "summary_csf_k": 3.066804340560947,
  "summary_csf_mad": 121.45166380977454,
  "summary_csf_mean": 278.5935443704722,
  "summary_csf_median": 278.88131724856794,
  "summary_csf_n": 28454.0,
  "summary_csf_p05": 70.34333583470435,
  "summary_csf_p95": 485.1386150553821,
  "summary_csf_stdv": 129.0659739937867,
  "summary_gm_k": 0.41198882168476114,
  "summary_gm_mad": 55.47792050569949,
  "summary_gm_mean": 718.9471408623909,
  "summary_gm_median": 718.9274851828814,
  "summary_gm_n": 79899.0,
  "summary_gm_p05": 624.2745774615556,
  "summary_gm_p95": 812.3590148724616,
  "summary_gm_stdv": 57.61267352935227,
  "summary_wm_k": 0.2738338093856525,
  "summary_wm_mad": 34.640059858375075,
  "summary_wm_mean": 1000.6100137428783,
  "summary_wm_median": 1000.0259536355734,
  "summary_wm_n": 259894.0,
  "summary_wm_p05": 943.6247387938201,
  "summary_wm_p95": 1059.2277805246413,
  "summary_wm_stdv": 35.40780229709454,
  "tpm_overlap_csf": 0.15890851559128838,
  "tpm_overlap_gm": 0.4787950509619271,
  "tpm_overlap_wm": 0.5178932250017242,
  "wm2max": 0.7745641520044991
}