{
  "aor": 0.0011774666666666666,
  "aqi": 0.008342503099999999,
  "bids_meta": {
    "AcquisitionMatrixPE": 62,
    "BodyPartExamined": "BRAIN",
    "EchoTime": 0.035001,
    "EffectiveEchoSpacing": 0.0003157835674478,
    "FlipAngle": 90,
    "ImageType": [
      "ORIGINAL",
      "PRIMARY",
      "M",
      "FFE",
      "M",
      "FFE"
    ],
    "InPlanePhaseEncodingDirectionDICOM": "COL",
    "Instructions": "Participants were asked to close their eyes, to not fall asleep, and to avoid consistent thinking about same topic during the period of scanning",
    "MRAcquisitionType": "2D",
    "MagneticFieldStrength": 3,
    "Manufacturer": "Philips",
    "ManufacturersModelName": "Ingenia",
    "NumberOfVolumesDiscardedByScanner": 0,
    "NumberOfVolumesDiscardedByUser (copy)": 0,
    "PatientPosition": "HFS",
    "PercentPhaseFOV": 100,
    "PhaseEncodingDirection": "j",
    "PhaseEncodingSteps": 62,
    "ReconMatrixPE": 64,
    "RepetitionTime": 2,
    "ScanOptions": "FS",
    "ScanningSequence": "GR",
    "SequenceVariant": "SK",
    "SliceThickness": 3.1,
    "SliceTiming": [
      0,
      0.0588,
      0.1176,
      0.1764,
      0.2352,
      0.2939,
      0.3527,
      0.4115,
      0.4703,
      0.5291,
      0.5879,
      0.6467,
      0.7055,
      0.7642,
      0.823,
      0.8818,
      0.9406,
      0.9994,
      1.0582,
      1.117,
      1.1758,
      1.2345,
      1.2933,
      1.3521,
      1.4109,
      1.4697,
      1.5285,
      1.5873,
      1.6461,
      1.7048,
      1.7636,
      1.8224,
      1.8812,
      1.94
    ],
    "SpacingBetweenSlices": 3.41,
    "TaskName": "rest",
    "TotalReadoutTime": 0.019894364749211,
    "dataset": "ds003469",
    "modality": "bold",
    "subject_id": "192",
    "task_id": "rest"
  },
  "dummy_trs": 0,
  "dvars_nstd": 23.656335836889617,
  "dvars_std": 1.0922068604013375,
  "dvars_vstd": 0.9921166836789302,
  "efc": 0.5157417424134794,
  "fber": 13707.4365234375,
  "fd_mean": 0.31021807518258204,
  "fd_num": 223,
  "fd_perc": 74.33333333333333,
  "fwhm_avg": 1.9930330940474372,
  "fwhm_x": 1.9485888,
  "fwhm_y": 2.1793697662727176,
  "fwhm_z": 1.8511407158695945,
  "gcor": 0.0479906,
  "gsr_x": 0.0062186880968511105,
  "gsr_y": 0.040508486330509186,
  "provenance": {
    "md5sum": "d0bec63bff0afd2ab2bf3e4a15fa975a",
    "settings": {
      "fd_thres": 0.2,
      "testing": false
    },
    "software": "mriqc",
    "version": "22.0.6",
    "webapi_port": null,
    "webapi_url": "https://mriqc.nimh.nih.gov/api/v1"
  },
  "size_t": 300,
  "size_x": 64,
  "size_y": 64,
  "size_z": 34,
  "snr": 5.069828680632167,
  "spacing_tr": 1.999998688697815,
  "spacing_x": 3.125,
  "spacing_y": 3.124999761581421,
  "spacing_z": 3.4100000858306885,
  "summary_bg_k": 133.99495486850773,
  "summary_bg_mad": 779.856615601964,
  "summary_bg_mean": 2066.794189453125,
  "summary_bg_median": 551.4500732421875,
  "summary_bg_n": 78306.0,
  "summary_bg_p05": 4.710914969444275,
  "summary_bg_p95": 7462.1197509765625,
  "summary_bg_stdv": 5291.35546875,
  "summary_fg_k": 3.1261193728868193,
  "summary_fg_mad": 10611.395268303631,
  "summary_fg_mean": 69020.046875,
  "summary_fg_median": 67532.65625,
  "summary_fg_n": 30222.0,
  "summary_fg_p05": 51503.3634765625,
  "summary_fg_p95": 92303.60585937498,
  "summary_fg_stdv": 13320.2802734375,
  "tsnr": 60.364994049072266
}