{
  "bids_meta": {
    "AcquisitionMatrixPE": 250,
    "EchoTime": 0.0035,
    "EchoTrainLength": 213,
    "FlipAngle": 8,
    "MagneticFieldStrength": 3,
    "Manufacturer": "Philips",
    "ManufacturersModelName": "Ingenia",
    "PercentPhaseFOV": 79.6875,
    "PhaseEncodingSteps": 250,
    "PixelBandwidth": 334.024,
    "ProtocolName": "sT1W_3D_TFE_tra",
    "ReconMatrixPE": 256,
    "RepetitionTime": 0.0079,
    "ScanOptions": "OTHER",
    "ScanningSequence": "GR",
    "SequenceVariant": "MP",
    "SeriesDescription": "t1_mpr_ns_sag_p2_iso",
    "SliceThickness": 1,
    "SoftwareVersions": "5.6.1_5.6.1.0",
    "SpacingBetweenSlices": 1,
    "dataset": "ds003469",
    "modality": "T1w",
    "subject_id": "015"
  },
  "cjv": 0.30784113038128935,
  "cnr": 4.355797378250815,
  "efc": 0.7334716814810119,
  "fber": 15528.702130949008,
  "fwhm_avg": 4.549231813333333,
  "fwhm_x": 4.5425151999999995,
  "fwhm_y": 4.63233024,
  "fwhm_z": 4.47285,
  "icvs_csf": 0.22330255163001803,
  "icvs_gm": 0.44303500286440556,
  "icvs_wm": 0.3336624455055764,
  "inu_med": 0.49096015095710754,
  "inu_range": 0.25159292817115775,
  "provenance": {
    "md5sum": "53c38ec24c2fb51ce5a96c5c76ee77f1",
    "settings": {
      "testing": false
    },
    "software": "mriqc",
    "version": "22.0.6",
    "warnings": {
      "large_rot_frame": true,
      "small_air_mask": true
    },
    "webapi_port": null,
    "webapi_url": "https://mriqc.nimh.nih.gov/api/v1"
  },
  "qi_1": 0.0,
  "qi_2": 0.00010296442730021618,
  "rpve_csf": 20.366813932665416,
  "rpve_gm": 10.606116123393674,
  "rpve_wm": 15.964823061239812,
  "size_x": 256,
  "size_y": 256,
  "size_z": 170,
  "snr_csf": 2.194438874470928,
  "snr_gm": 12.400011435212196,
  "snr_total": 14.44797557068105,
  "snr_wm": 28.749476402360024,
  "snrd_csf": 24.624317929684672,
  "snrd_gm": 69.84402953327236,
  "snrd_total": 64.39583398893224,
  "snrd_wm": 98.7191545038397,
  "spacing_x": 0.9765625,
  "spacing_y": 0.9765625,
  "spacing_z": 1.0,
  "summary_bg_k": 8.039787666603047,
  "summary_bg_mad": 0.0,
  "summary_bg_mean": 3.560075481551967,
  "summary_bg_median": 0.0,
  "summary_bg_n": 253885.0,
  "summary_bg_p05": 0.0,
  "summary_bg_p95": 17.17652067169547,
  "summary_bg_stdv": 6.636365582731719,
  "summary_csf_k": 0.5248003472108764,
  "summary_csf_mad": 113.43922136809898,
  "summary_csf_mean": 256.21800939769867,
  "summary_csf_median": 249.43809564970434,
  "summary_csf_n": 60925.0,
  "summary_csf_p05": 78.52934905439616,
  "summary_csf_p95": 451.9364984445274,
  "summary_csf_stdv": 113.66734861091638,
  "summary_gm_k": 0.3034575761782996,
  "summary_gm_mad": 55.66729879751796,
  "summary_gm_mean": 707.480150515782,
  "summary_gm_median": 707.5023060142994,
  "summary_gm_n": 54993.0,
  "summary_gm_p05": 614.0866390444338,
  "summary_gm_p95": 800.0804401580244,
  "summary_gm_stdv": 57.05606619991811,
  "summary_wm_k": 0.40516606233335173,
  "summary_wm_mad": 34.37552162669666,
  "summary_wm_mean": 999.9113172500371,
  "summary_wm_median": 999.9999989401549,
  "summary_wm_n": 216440.0,
  "summary_wm_p05": 942.8868847507983,
  "summary_wm_p95": 1055.480633892119,
  "summary_wm_stdv": 34.78316178121292,
  "tpm_overlap_csf": 0.15070756194884805,
  "tpm_overlap_gm": 0.48422742488193904,
  "tpm_overlap_wm": 0.5122048895510515,
  "wm2max": 0.8793819206113418
}