{
  "bids_meta": {
    "AcquisitionMatrixPE": 250,
    "EchoTime": 0.0035,
    "EchoTrainLength": 213,
    "FlipAngle": 8,
    "MagneticFieldStrength": 3,
    "Manufacturer": "Philips",
    "ManufacturersModelName": "Ingenia",
    "PercentPhaseFOV": 79.6875,
    "PhaseEncodingSteps": 250,
    "PixelBandwidth": 334.024,
    "ProtocolName": "sT1W_3D_TFE_tra",
    "ReconMatrixPE": 256,
    "RepetitionTime": 0.0079,
    "ScanOptions": "OTHER",
    "ScanningSequence": "GR",
    "SequenceVariant": "MP",
    "SeriesDescription": "t1_mpr_ns_sag_p2_iso",
    "SliceThickness": 1,
    "SoftwareVersions": "5.6.1_5.6.1.0",
    "SpacingBetweenSlices": 1,
    "dataset": "ds003469",
    "modality": "T1w",
    "subject_id": "119"
  },
  "cjv": 0.32796476113938294,
  "cnr": 4.063076620321211,
  "efc": 0.7490382441201096,
  "fber": 23667.393351800554,
  "fwhm_avg": 4.722158509360198,
  "fwhm_x": 4.75312128,
  "fwhm_y": 4.894023978707518,
  "fwhm_z": 4.519330269373075,
  "icvs_csf": 0.20579054303937372,
  "icvs_gm": 0.44574721883099344,
  "icvs_wm": 0.3484622381296329,
  "inu_med": 0.49691691994667053,
  "inu_range": 0.27119816839694977,
  "provenance": {
    "md5sum": "64faf1d28a37bbb1f649fdad8606beb0",
    "settings": {
      "testing": false
    },
    "software": "mriqc",
    "version": "22.0.6",
    "warnings": {
      "large_rot_frame": true,
      "small_air_mask": true
    },
    "webapi_port": null,
    "webapi_url": "https://mriqc.nimh.nih.gov/api/v1"
  },
  "qi_1": 0.0,
  "qi_2": 8.013862184591081e-05,
  "rpve_csf": 20.56356981877107,
  "rpve_gm": 10.203348918875344,
  "rpve_wm": 15.063139985249068,
  "size_x": 256,
  "size_y": 256,
  "size_z": 170,
  "snr_csf": 2.452010910468089,
  "snr_gm": 12.432559634949067,
  "snr_total": 13.738177891121866,
  "snr_wm": 26.329963127948446,
  "snrd_csf": 15.31886282302778,
  "snrd_gm": 37.3183117393302,
  "snrd_total": 34.93649906989232,
  "snrd_wm": 52.172322647318985,
  "spacing_x": 0.9765625,
  "spacing_y": 0.9765624403953552,
  "spacing_z": 0.9999999403953552,
  "summary_bg_k": 9.219919844740406,
  "summary_bg_mad": 0.0,
  "summary_bg_mean": 6.7792738267242685,
  "summary_bg_median": 0.0,
  "summary_bg_n": 269361.0,
  "summary_bg_p05": 0.0,
  "summary_bg_p95": 33.069422570988536,
  "summary_bg_stdv": 12.557483334272243,
  "summary_csf_k": 0.6822263864544267,
  "summary_csf_mad": 119.72236434142675,
  "summary_csf_mean": 295.21012188032813,
  "summary_csf_median": 293.6279599182308,
  "summary_csf_n": 37749.0,
  "summary_csf_p05": 101.12777076289058,
  "summary_csf_p95": 495.10449887998396,
  "summary_csf_stdv": 119.74827249905795,
  "summary_gm_k": 0.2100497392822489,
  "summary_gm_mad": 56.69072863834268,
  "summary_gm_mean": 715.4917605030784,
  "summary_gm_median": 715.307648498565,
  "summary_gm_n": 58853.0,
  "summary_gm_p05": 621.4963920135051,
  "summary_gm_p95": 809.6789721865207,
  "summary_gm_stdv": 57.53453773039397,
  "summary_wm_k": 0.7048191545154228,
  "summary_wm_mad": 36.686676588860905,
  "summary_wm_mean": 1000.5094047541658,
  "summary_wm_median": 1000.0254483707249,
  "summary_wm_n": 235257.0,
  "summary_wm_p05": 939.945512060076,
  "summary_wm_p95": 1062.5493142940104,
  "summary_wm_stdv": 37.9804300567977,
  "tpm_overlap_csf": 0.1551978719822699,
  "tpm_overlap_gm": 0.49184791275367884,
  "tpm_overlap_wm": 0.5293566696900086,
  "wm2max": 0.8405364347947974
}