{
  "bids_meta": {
    "AcquisitionMatrixPE": 250,
    "EchoTime": 0.0035,
    "EchoTrainLength": 213,
    "FlipAngle": 8,
    "MagneticFieldStrength": 3,
    "Manufacturer": "Philips",
    "ManufacturersModelName": "Ingenia",
    "PercentPhaseFOV": 79.6875,
    "PhaseEncodingSteps": 250,
    "PixelBandwidth": 334.024,
    "ProtocolName": "sT1W_3D_TFE_tra",
    "ReconMatrixPE": 256,
    "RepetitionTime": 0.0079,
    "ScanOptions": "OTHER",
    "ScanningSequence": "GR",
    "SequenceVariant": "MP",
    "SeriesDescription": "t1_mpr_ns_sag_p2_iso",
    "SliceThickness": 1,
    "SoftwareVersions": "5.6.1_5.6.1.0",
    "SpacingBetweenSlices": 1,
    "dataset": "ds003469",
    "modality": "T1w",
    "subject_id": "166"
  },
  "cjv": 0.2841873348062487,
  "cnr": 4.6842253678782715,
  "efc": 0.7068871624313703,
  "fber": 15206.93060742443,
  "fwhm_avg": 4.620136488724897,
  "fwhm_x": 4.565514240000001,
  "fwhm_y": 4.8292249599999995,
  "fwhm_z": 4.4656702661746905,
  "icvs_csf": 0.21471046899184804,
  "icvs_gm": 0.44184464308963595,
  "icvs_wm": 0.343444887918516,
  "inu_med": 0.4626065790653229,
  "inu_range": 0.2159877300262451,
  "provenance": {
    "md5sum": "bbb288c14be3a3e8cd079e96e4607075",
    "settings": {
      "testing": false
    },
    "software": "mriqc",
    "version": "22.0.6",
    "warnings": {
      "large_rot_frame": true,
      "small_air_mask": true
    },
    "webapi_port": null,
    "webapi_url": "https://mriqc.nimh.nih.gov/api/v1"
  },
  "qi_1": 0.0,
  "qi_2": 2.6358549080304188e-05,
  "rpve_csf": 25.49548196240882,
  "rpve_gm": 13.10444857220813,
  "rpve_wm": 19.530838461172163,
  "size_x": 256,
  "size_y": 256,
  "size_z": 170,
  "snr_csf": 2.3404685215200502,
  "snr_gm": 12.236056488448774,
  "snr_total": 15.6799824742793,
  "snr_wm": 32.46342241286907,
  "snrd_csf": 23.60615000305263,
  "snrd_gm": 56.22747417091815,
  "snrd_total": 53.57981379727165,
  "snrd_wm": 80.90581721784416,
  "spacing_x": 0.9765625,
  "spacing_y": 0.9765625,
  "spacing_z": 0.9999999403953552,
  "summary_bg_k": 26.749730694546137,
  "summary_bg_mad": 0.0,
  "summary_bg_mean": 4.264453446598981,
  "summary_bg_median": 0.0,
  "summary_bg_n": 288684.0,
  "summary_bg_p05": 0.0,
  "summary_bg_p95": 18.636900659650564,
  "summary_bg_stdv": 8.097519349674448,
  "summary_csf_k": -0.1658161690599087,
  "summary_csf_mad": 130.46404173495225,
  "summary_csf_mean": 287.1553459180502,
  "summary_csf_median": 291.77321916632354,
  "summary_csf_n": 31001.0,
  "summary_csf_p05": 68.47462841309607,
  "summary_csf_p95": 480.55174590088427,
  "summary_csf_stdv": 124.66243855782287,
  "summary_gm_k": 0.1865746943313984,
  "summary_gm_mad": 56.13708417765478,
  "summary_gm_mean": 695.6005592980439,
  "summary_gm_median": 694.9744512476027,
  "summary_gm_n": 46101.0,
  "summary_gm_p05": 603.5110337622464,
  "summary_gm_p95": 788.8473888710141,
  "summary_gm_stdv": 56.796641494949675,
  "summary_wm_k": 0.20695546957791544,
  "summary_wm_mad": 30.547322429139417,
  "summary_wm_mean": 998.9485789271154,
  "summary_wm_median": 1000.0000311732292,
  "summary_wm_n": 192950.0,
  "summary_wm_p05": 946.744718734175,
  "summary_wm_p95": 1046.7889783438295,
  "summary_wm_stdv": 30.803820592509872,
  "tpm_overlap_csf": 0.15358797660137097,
  "tpm_overlap_gm": 0.49303220682070115,
  "tpm_overlap_wm": 0.5329268733857693,
  "wm2max": 0.8375217399769236
}