{
  "aor": 0.0736927,
  "aqi": 0.02744339523333333,
  "bids_meta": {
    "AcquisitionMatrixPE": 62,
    "BodyPartExamined": "BRAIN",
    "EchoTime": 0.035001,
    "EffectiveEchoSpacing": 0.0003157835674478,
    "FlipAngle": 90,
    "ImageType": [
      "ORIGINAL",
      "PRIMARY",
      "M",
      "FFE",
      "M",
      "FFE"
    ],
    "InPlanePhaseEncodingDirectionDICOM": "COL",
    "Instructions": "Participants were asked to close their eyes, to not fall asleep, and to avoid consistent thinking about same topic during the period of scanning",
    "MRAcquisitionType": "2D",
    "MagneticFieldStrength": 3,
    "Manufacturer": "Philips",
    "ManufacturersModelName": "Ingenia",
    "NumberOfVolumesDiscardedByScanner": 0,
    "NumberOfVolumesDiscardedByUser (copy)": 0,
    "PatientPosition": "HFS",
    "PercentPhaseFOV": 100,
    "PhaseEncodingDirection": "j",
    "PhaseEncodingSteps": 62,
    "ReconMatrixPE": 64,
    "RepetitionTime": 2,
    "ScanOptions": "FS",
    "ScanningSequence": "GR",
    "SequenceVariant": "SK",
    "SliceThickness": 3.1,
    "SliceTiming": [
      0,
      0.0588,
      0.1176,
      0.1764,
      0.2352,
      0.2939,
      0.3527,
      0.4115,
      0.4703,
      0.5291,
      0.5879,
      0.6467,
      0.7055,
      0.7642,
      0.823,
      0.8818,
      0.9406,
      0.9994,
      1.0582,
      1.117,
      1.1758,
      1.2345,
      1.2933,
      1.3521,
      1.4109,
      1.4697,
      1.5285,
      1.5873,
      1.6461,
      1.7048,
      1.7636,
      1.8224,
      1.8812,
      1.94
    ],
    "SpacingBetweenSlices": 3.41,
    "TaskName": "rest",
    "TotalReadoutTime": 0.019894364749211,
    "dataset": "ds003469",
    "modality": "bold",
    "subject_id": "209",
    "task_id": "rest"
  },
  "dummy_trs": 0,
  "dvars_nstd": 41.811517708896346,
  "dvars_std": 1.6924528307023408,
  "dvars_vstd": 1.8598337307692305,
  "efc": 0.500001307868453,
  "fber": 20347.87109375,
  "fd_mean": 0.6202199470170868,
  "fd_num": 213,
  "fd_perc": 71.0,
  "fwhm_avg": 2.066661728680478,
  "fwhm_x": 2.0276988905977036,
  "fwhm_y": 2.3145824,
  "fwhm_z": 1.8577038954437297,
  "gcor": 0.515463,
  "gsr_x": -0.005445618648082018,
  "gsr_y": 0.02350788377225399,
  "provenance": {
    "md5sum": "1ccd02a6ea74d6f2dd39ac504afb8c93",
    "settings": {
      "fd_thres": 0.2,
      "testing": false
    },
    "software": "mriqc",
    "version": "22.0.6",
    "webapi_port": null,
    "webapi_url": "https://mriqc.nimh.nih.gov/api/v1"
  },
  "size_t": 300,
  "size_x": 64,
  "size_y": 64,
  "size_z": 34,
  "snr": 6.889770368720726,
  "spacing_tr": 1.999998688697815,
  "spacing_x": 3.125000476837158,
  "spacing_y": 3.125,
  "spacing_z": 3.4099998474121094,
  "summary_bg_k": 117.76314411184097,
  "summary_bg_mad": 689.0604470394517,
  "summary_bg_mean": 1941.1710205078125,
  "summary_bg_median": 481.308837890625,
  "summary_bg_n": 80690.0,
  "summary_bg_p05": 4.857098340988159,
  "summary_bg_p95": 7248.589843750001,
  "summary_bg_stdv": 5435.3955078125,
  "summary_fg_k": 1.1603772201658034,
  "summary_fg_mad": 9976.696733410334,
  "summary_fg_mean": 73632.2578125,
  "summary_fg_median": 73349.9921875,
  "summary_fg_n": 27327.0,
  "summary_fg_p05": 57179.591015625,
  "summary_fg_p95": 91112.90468749998,
  "summary_fg_stdv": 10646.0224609375,
  "tsnr": 20.869829177856445
}