{
  "bids_meta": {
    "AcquisitionMatrixPE": 250,
    "EchoTime": 0.0035,
    "EchoTrainLength": 213,
    "FlipAngle": 8,
    "MagneticFieldStrength": 3,
    "Manufacturer": "Philips",
    "ManufacturersModelName": "Ingenia",
    "PercentPhaseFOV": 79.6875,
    "PhaseEncodingSteps": 250,
    "PixelBandwidth": 334.024,
    "ProtocolName": "sT1W_3D_TFE_tra",
    "ReconMatrixPE": 256,
    "RepetitionTime": 0.0079,
    "ScanOptions": "OTHER",
    "ScanningSequence": "GR",
    "SequenceVariant": "MP",
    "SeriesDescription": "t1_mpr_ns_sag_p2_iso",
    "SliceThickness": 1,
    "SoftwareVersions": "5.6.1_5.6.1.0",
    "SpacingBetweenSlices": 1,
    "dataset": "ds003469",
    "modality": "T1w",
    "subject_id": "116"
  },
  "cjv": 0.29902598642212014,
  "cnr": 4.4843093757174755,
  "efc": 0.7467172036051932,
  "fber": -1.0,
  "fwhm_avg": 4.853698225709412,
  "fwhm_x": 4.89079808,
  "fwhm_y": 5.02085632,
  "fwhm_z": 4.649440277128236,
  "icvs_csf": 0.18273927601167084,
  "icvs_gm": 0.44350394476390315,
  "icvs_wm": 0.373756779224426,
  "inu_med": 0.44465090334415436,
  "inu_range": 0.24397059530019755,
  "provenance": {
    "md5sum": "c26e4fd48c7f8cf3b18b706df823cefb",
    "settings": {
      "testing": false
    },
    "software": "mriqc",
    "version": "22.0.6",
    "warnings": {
      "large_rot_frame": true,
      "small_air_mask": true
    },
    "webapi_port": null,
    "webapi_url": "https://mriqc.nimh.nih.gov/api/v1"
  },
  "qi_1": 0.0,
  "qi_2": 0.0001289572014850601,
  "rpve_csf": 21.939932037504494,
  "rpve_gm": 9.915119058501535,
  "rpve_wm": 13.740357451930251,
  "size_x": 256,
  "size_y": 256,
  "size_z": 170,
  "snr_csf": 2.2641342889366647,
  "snr_gm": 12.372958123454817,
  "snr_total": 15.228194402028272,
  "snr_wm": 31.04749079369334,
  "snrd_csf": 40.241782242875324,
  "snrd_gm": 99.46058999367118,
  "snrd_total": 93.55553398501773,
  "snrd_wm": 140.96422971850666,
  "spacing_x": 0.9765625,
  "spacing_y": 0.9765625,
  "spacing_z": 0.9999999403953552,
  "summary_bg_k": 12.24440798185259,
  "summary_bg_mad": 0.0,
  "summary_bg_mean": 2.1011531802450985,
  "summary_bg_median": 0.0,
  "summary_bg_n": 204548.0,
  "summary_bg_p05": 0.0,
  "summary_bg_p95": 12.021019712090492,
  "summary_bg_stdv": 4.647644684031739,
  "summary_csf_k": 0.20601874952770105,
  "summary_csf_mad": 129.3760764475823,
  "summary_csf_mean": 280.9629531657254,
  "summary_csf_median": 285.4817795455456,
  "summary_csf_n": 37665.0,
  "summary_csf_p05": 75.66499486863613,
  "summary_csf_p95": 486.6257588982581,
  "summary_csf_stdv": 126.08703961001859,
  "summary_gm_k": 0.23398409540206222,
  "summary_gm_mad": 55.914733812411,
  "summary_gm_mean": 707.3067473187273,
  "summary_gm_median": 705.5896792709827,
  "summary_gm_n": 76336.0,
  "summary_gm_p05": 615.9319384396076,
  "summary_gm_p95": 802.2751825936139,
  "summary_gm_stdv": 57.02638371605726,
  "summary_wm_k": 0.16080602407547095,
  "summary_wm_mad": 32.1285646813607,
  "summary_wm_mean": 999.722898794784,
  "summary_wm_median": 1000.0232820063829,
  "summary_wm_n": 284803.0,
  "summary_wm_p05": 946.2425884008408,
  "summary_wm_p95": 1051.3160663098097,
  "summary_wm_stdv": 32.20941534404504,
  "tpm_overlap_csf": 0.13729380885086323,
  "tpm_overlap_gm": 0.4806293769148735,
  "tpm_overlap_wm": 0.5207708099899655,
  "wm2max": 0.877627229318859
}