{
  "bids_meta": {
    "AcquisitionMatrixPE": 250,
    "EchoTime": 0.0035,
    "EchoTrainLength": 213,
    "FlipAngle": 8,
    "MagneticFieldStrength": 3,
    "Manufacturer": "Philips",
    "ManufacturersModelName": "Ingenia",
    "PercentPhaseFOV": 79.6875,
    "PhaseEncodingSteps": 250,
    "PixelBandwidth": 334.024,
    "ProtocolName": "sT1W_3D_TFE_tra",
    "ReconMatrixPE": 256,
    "RepetitionTime": 0.0079,
    "ScanOptions": "OTHER",
    "ScanningSequence": "GR",
    "SequenceVariant": "MP",
    "SeriesDescription": "t1_mpr_ns_sag_p2_iso",
    "SliceThickness": 1,
    "SoftwareVersions": "5.6.1_5.6.1.0",
    "SpacingBetweenSlices": 1,
    "dataset": "ds003469",
    "modality": "T1w",
    "subject_id": "115"
  },
  "cjv": 0.29038570259411767,
  "cnr": 4.554425166313972,
  "efc": 0.7052613677924033,
  "fber": 11758.42562956555,
  "fwhm_avg": 4.754151066666666,
  "fwhm_x": 4.68644864,
  "fwhm_y": 5.04595456,
  "fwhm_z": 4.53005,
  "icvs_csf": 0.1957360715788504,
  "icvs_gm": 0.45750049587522296,
  "icvs_wm": 0.3467634325459267,
  "inu_med": 0.4748764634132385,
  "inu_range": 0.23634471446275707,
  "provenance": {
    "md5sum": "56afaadefcbd1779c569eb1cd1af4b9f",
    "settings": {
      "testing": false
    },
    "software": "mriqc",
    "version": "22.0.6",
    "warnings": {
      "large_rot_frame": true,
      "small_air_mask": false
    },
    "webapi_port": null,
    "webapi_url": "https://mriqc.nimh.nih.gov/api/v1"
  },
  "qi_1": 0.0,
  "qi_2": 6.177478990809997e-05,
  "rpve_csf": 24.900014855630285,
  "rpve_gm": 11.475416688437223,
  "rpve_wm": 17.103121496338794,
  "size_x": 256,
  "size_y": 256,
  "size_z": 170,
  "snr_csf": 1.7981782270730022,
  "snr_gm": 12.206528758188352,
  "snr_total": 14.556203387674666,
  "snr_wm": 29.66390317776264,
  "snrd_csf": 19.320060970562572,
  "snrd_gm": 56.35364446740122,
  "snrd_total": 52.21150897171308,
  "snrd_wm": 80.96082147717547,
  "spacing_x": 0.9765625,
  "spacing_y": 0.9765625,
  "spacing_z": 1.0,
  "summary_bg_k": 6.690781374773415,
  "summary_bg_mad": 0.0,
  "summary_bg_mean": 5.517081714729808,
  "summary_bg_median": 0.0,
  "summary_bg_n": 400816.0,
  "summary_bg_p05": 0.0,
  "summary_bg_p95": 22.16784856840968,
  "summary_bg_stdv": 8.092017435964001,
  "summary_csf_k": -0.06683094596269923,
  "summary_csf_mad": 150.8358166665242,
  "summary_csf_mean": 238.55603885238247,
  "summary_csf_median": 238.6346877347678,
  "summary_csf_n": 31085.0,
  "summary_csf_p05": 44.09591246135533,
  "summary_csf_p95": 462.3244285538792,
  "summary_csf_stdv": 132.70700628516607,
  "summary_gm_k": 0.3680050369451311,
  "summary_gm_mad": 55.39352863150131,
  "summary_gm_mean": 696.2481095425126,
  "summary_gm_median": 696.0606579184532,
  "summary_gm_n": 65899.0,
  "summary_gm_p05": 603.056012009643,
  "summary_gm_p95": 788.1330797318369,
  "summary_gm_stdv": 57.02320376403058,
  "summary_wm_k": 0.3354631800364629,
  "summary_wm_mad": 32.86610146702043,
  "summary_wm_mean": 999.1556241526754,
  "summary_wm_median": 999.9999679811299,
  "summary_wm_n": 205619.0,
  "summary_wm_p05": 942.8431310541928,
  "summary_wm_p95": 1052.6057896390557,
  "summary_wm_stdv": 33.71092233897244,
  "tpm_overlap_csf": 0.13355566829527762,
  "tpm_overlap_gm": 0.4849349101477721,
  "tpm_overlap_wm": 0.5168130655840203,
  "wm2max": 0.8539411583560244
}