{
  "aor": 0.0008525752508361205,
  "aqi": 0.006883466722408025,
  "bids_meta": {
    "AcquisitionMatrixPE": 62,
    "BodyPartExamined": "BRAIN",
    "EchoTime": 0.035001,
    "EffectiveEchoSpacing": 0.0003157835674478,
    "FlipAngle": 90,
    "ImageType": [
      "ORIGINAL",
      "PRIMARY",
      "M",
      "FFE",
      "M",
      "FFE"
    ],
    "InPlanePhaseEncodingDirectionDICOM": "COL",
    "Instructions": "Participants were asked to close their eyes, to not fall asleep, and to avoid consistent thinking about same topic during the period of scanning",
    "MRAcquisitionType": "2D",
    "MagneticFieldStrength": 3,
    "Manufacturer": "Philips",
    "ManufacturersModelName": "Ingenia",
    "NumberOfVolumesDiscardedByScanner": 0,
    "NumberOfVolumesDiscardedByUser (copy)": 0,
    "PatientPosition": "HFS",
    "PercentPhaseFOV": 100,
    "PhaseEncodingDirection": "j",
    "PhaseEncodingSteps": 62,
    "ReconMatrixPE": 64,
    "RepetitionTime": 2,
    "ScanOptions": "FS",
    "ScanningSequence": "GR",
    "SequenceVariant": "SK",
    "SliceThickness": 3.1,
    "SliceTiming": [
      0,
      0.0588,
      0.1176,
      0.1764,
      0.2352,
      0.2939,
      0.3527,
      0.4115,
      0.4703,
      0.5291,
      0.5879,
      0.6467,
      0.7055,
      0.7642,
      0.823,
      0.8818,
      0.9406,
      0.9994,
      1.0582,
      1.117,
      1.1758,
      1.2345,
      1.2933,
      1.3521,
      1.4109,
      1.4697,
      1.5285,
      1.5873,
      1.6461,
      1.7048,
      1.7636,
      1.8224,
      1.8812,
      1.94
    ],
    "SpacingBetweenSlices": 3.41,
    "TaskName": "rest",
    "TotalReadoutTime": 0.019894364749211,
    "dataset": "ds003469",
    "modality": "bold",
    "subject_id": "126",
    "task_id": "rest"
  },
  "dummy_trs": 1,
  "dvars_nstd": 23.25560428322146,
  "dvars_std": 1.1809745751006706,
  "dvars_vstd": 0.9863079216778524,
  "efc": 0.5163960058348425,
  "fber": 10997.8828125,
  "fd_mean": 0.17101823275718742,
  "fd_num": 96,
  "fd_perc": 32.10702341137124,
  "fwhm_avg": 2.0094328641272794,
  "fwhm_x": 1.9556094507988395,
  "fwhm_y": 2.2586656,
  "fwhm_z": 1.8140235415829986,
  "gcor": 0.070698,
  "gsr_x": -0.002063395921140909,
  "gsr_y": 0.02694958820939064,
  "provenance": {
    "md5sum": "d4dbb7c739facfbaae6f3abc62cb4879",
    "settings": {
      "fd_thres": 0.2,
      "testing": false
    },
    "software": "mriqc",
    "version": "22.0.6",
    "webapi_port": null,
    "webapi_url": "https://mriqc.nimh.nih.gov/api/v1"
  },
  "size_t": 299,
  "size_x": 64,
  "size_y": 64,
  "size_z": 34,
  "snr": 5.518609684609187,
  "spacing_tr": 1.999998688697815,
  "spacing_x": 3.125000238418579,
  "spacing_y": 3.125,
  "spacing_z": 3.4099998474121094,
  "summary_bg_k": 83.42384408078051,
  "summary_bg_mad": 955.2374552111879,
  "summary_bg_mean": 2197.4033203125,
  "summary_bg_median": 675.3534545898438,
  "summary_bg_n": 77943.0,
  "summary_bg_p05": 4.3193967819213865,
  "summary_bg_p95": 8916.61455078123,
  "summary_bg_stdv": 5081.90673828125,
  "summary_fg_k": 1.4744251076760042,
  "summary_fg_mad": 12817.281504258242,
  "summary_fg_mean": 76573.96875,
  "summary_fg_median": 75666.8671875,
  "summary_fg_n": 29939.0,
  "summary_fg_p05": 56252.003125,
  "summary_fg_p95": 98830.290625,
  "summary_fg_stdv": 13710.990234375,
  "tsnr": 68.1202392578125
}