{
  "bids_meta": {
    "AcquisitionMatrixPE": 250,
    "EchoTime": 0.0035,
    "EchoTrainLength": 213,
    "FlipAngle": 8,
    "MagneticFieldStrength": 3,
    "Manufacturer": "Philips",
    "ManufacturersModelName": "Ingenia",
    "PercentPhaseFOV": 79.6875,
    "PhaseEncodingSteps": 250,
    "PixelBandwidth": 334.024,
    "ProtocolName": "sT1W_3D_TFE_tra",
    "ReconMatrixPE": 256,
    "RepetitionTime": 0.0079,
    "ScanOptions": "OTHER",
    "ScanningSequence": "GR",
    "SequenceVariant": "MP",
    "SeriesDescription": "t1_mpr_ns_sag_p2_iso",
    "SliceThickness": 1,
    "SoftwareVersions": "5.6.1_5.6.1.0",
    "SpacingBetweenSlices": 1,
    "dataset": "ds003469",
    "modality": "T1w",
    "subject_id": "022"
  },
  "cjv": 0.31024343062085524,
  "cnr": 4.338119525864278,
  "efc": 0.7080503714063505,
  "fber": 32031.124898929847,
  "fwhm_avg": 4.408779990625214,
  "fwhm_x": 4.392949491875642,
  "fwhm_y": 4.39810048,
  "fwhm_z": 4.43529,
  "icvs_csf": 0.2056370039020773,
  "icvs_gm": 0.44300600879261964,
  "icvs_wm": 0.35135698730530307,
  "inu_med": 0.41439107060432434,
  "inu_range": 0.18740541934967037,
  "provenance": {
    "md5sum": "a8b10cb3e4c6ba9257e8ea8a5c1c09d4",
    "settings": {
      "testing": false
    },
    "software": "mriqc",
    "version": "22.0.6",
    "warnings": {
      "large_rot_frame": true,
      "small_air_mask": false
    },
    "webapi_port": null,
    "webapi_url": "https://mriqc.nimh.nih.gov/api/v1"
  },
  "qi_1": 0.0,
  "qi_2": 8.951014423514293e-05,
  "rpve_csf": 26.116020287803728,
  "rpve_gm": 12.809695399902637,
  "rpve_wm": 18.454577132510597,
  "size_x": 256,
  "size_y": 256,
  "size_z": 170,
  "snr_csf": 2.3522060744873023,
  "snr_gm": 13.321954658087408,
  "snr_total": 15.16086887299759,
  "snr_wm": 29.80844588641806,
  "snrd_csf": 25.686767649506905,
  "snrd_gm": 64.9973018860794,
  "snrd_total": 60.245815365675924,
  "snrd_wm": 90.05337656144145,
  "spacing_x": 0.9765625596046448,
  "spacing_y": 0.9765625,
  "spacing_z": 1.0,
  "summary_bg_k": 5.292962179735902,
  "summary_bg_mad": 0.0,
  "summary_bg_mean": 4.593929466606656,
  "summary_bg_median": 0.0,
  "summary_bg_n": 400862.0,
  "summary_bg_p05": 0.0,
  "summary_bg_p95": 20.03546141088009,
  "summary_bg_stdv": 7.2749788923264305,
  "summary_csf_k": 0.8806635109007317,
  "summary_csf_mad": 118.42416903732448,
  "summary_csf_mean": 290.1849937532887,
  "summary_csf_median": 285.23936765268445,
  "summary_csf_n": 30775.0,
  "summary_csf_p05": 92.9233175413683,
  "summary_csf_p95": 492.08555991109455,
  "summary_csf_stdv": 121.26264634632828,
  "summary_gm_k": 0.1627226266486157,
  "summary_gm_mad": 54.05320701065448,
  "summary_gm_mean": 721.9946798538468,
  "summary_gm_median": 721.7641994543374,
  "summary_gm_n": 46647.0,
  "summary_gm_p05": 633.0297117875889,
  "summary_gm_p95": 809.8404424265027,
  "summary_gm_stdv": 54.17797023701047,
  "summary_wm_k": 0.6306539386679382,
  "summary_wm_mad": 32.26762874435423,
  "summary_wm_mean": 998.978679798821,
  "summary_wm_median": 1000.0000208616257,
  "summary_wm_n": 196025.0,
  "summary_wm_p05": 942.3315799422562,
  "summary_wm_p95": 1051.1303410772234,
  "summary_wm_stdv": 33.547454099876255,
  "tpm_overlap_csf": 0.14444930392837355,
  "tpm_overlap_gm": 0.4774731854194069,
  "tpm_overlap_wm": 0.5123264742827087,
  "wm2max": 0.8787613204791119
}