{
  "bids_meta": {
    "AcquisitionMatrixPE": 250,
    "EchoTime": 0.0035,
    "EchoTrainLength": 213,
    "FlipAngle": 8,
    "MagneticFieldStrength": 3,
    "Manufacturer": "Philips",
    "ManufacturersModelName": "Ingenia",
    "PercentPhaseFOV": 79.6875,
    "PhaseEncodingSteps": 250,
    "PixelBandwidth": 334.024,
    "ProtocolName": "sT1W_3D_TFE_tra",
    "ReconMatrixPE": 256,
    "RepetitionTime": 0.0079,
    "ScanOptions": "OTHER",
    "ScanningSequence": "GR",
    "SequenceVariant": "MP",
    "SeriesDescription": "t1_mpr_ns_sag_p2_iso",
    "SliceThickness": 1,
    "SoftwareVersions": "5.6.1_5.6.1.0",
    "SpacingBetweenSlices": 1,
    "dataset": "ds003469",
    "modality": "T1w",
    "subject_id": "214"
  },
  "cjv": 0.30256152105096346,
  "cnr": 4.36619847969325,
  "efc": 0.7419182934402884,
  "fber": 18196.59002770083,
  "fwhm_avg": 4.892506953992587,
  "fwhm_x": 4.954173137621268,
  "fwhm_y": 4.95263744,
  "fwhm_z": 4.770710284356492,
  "icvs_csf": 0.21323125000563403,
  "icvs_gm": 0.42032350051133505,
  "icvs_wm": 0.3664452494830309,
  "inu_med": 0.45362183451652527,
  "inu_range": 0.24998322129249573,
  "provenance": {
    "md5sum": "176fa094c21ff14881e3e4c6f62f7a21",
    "settings": {
      "testing": false
    },
    "software": "mriqc",
    "version": "22.0.6",
    "warnings": {
      "large_rot_frame": true,
      "small_air_mask": true
    },
    "webapi_port": null,
    "webapi_url": "https://mriqc.nimh.nih.gov/api/v1"
  },
  "qi_1": 0.0,
  "qi_2": 9.329022644916507e-05,
  "rpve_csf": 22.482110648612267,
  "rpve_gm": 11.746625808896091,
  "rpve_wm": 16.032085390971854,
  "size_x": 256,
  "size_y": 256,
  "size_z": 170,
  "snr_csf": 2.08366374452579,
  "snr_gm": 12.377857827700362,
  "snr_total": 15.610289844181336,
  "snr_wm": 32.36934796031785,
  "snrd_csf": 26.73997513069067,
  "snrd_gm": 75.81587836108307,
  "snrd_total": 69.61681690040191,
  "snrd_wm": 106.294597209432,
  "spacing_x": 0.9765625596046448,
  "spacing_y": 0.9765625,
  "spacing_z": 0.9999999403953552,
  "summary_bg_k": 5.829355840133099,
  "summary_bg_mad": 0.0,
  "summary_bg_mean": 3.955419422020083,
  "summary_bg_median": 0.0,
  "summary_bg_n": 252105.0,
  "summary_bg_p05": 0.0,
  "summary_bg_p95": 16.93667136132717,
  "summary_bg_stdv": 6.163553838245505,
  "summary_csf_k": 0.8575779895695255,
  "summary_csf_mad": 129.9187494606118,
  "summary_csf_mean": 263.2815188778002,
  "summary_csf_median": 251.57093446701765,
  "summary_csf_n": 40621.0,
  "summary_csf_p05": 91.87530566006899,
  "summary_csf_p95": 470.4221835359931,
  "summary_csf_stdv": 120.73341418275025,
  "summary_gm_k": 0.32039255588186943,
  "summary_gm_mad": 55.934206700549105,
  "summary_gm_mean": 713.7465771744328,
  "summary_gm_median": 713.2793233171105,
  "summary_gm_n": 49941.0,
  "summary_gm_p05": 620.2503603324294,
  "summary_gm_p95": 808.9101517572999,
  "summary_gm_stdv": 57.62484849884606,
  "summary_wm_k": 0.14464724601213463,
  "summary_wm_mad": 30.82386016614515,
  "summary_wm_mean": 999.3070224014402,
  "summary_wm_median": 1000.0245332345366,
  "summary_wm_n": 233310.0,
  "summary_wm_p05": 947.3735766112804,
  "summary_wm_p95": 1048.1835900619626,
  "summary_wm_stdv": 30.894115980777826,
  "tpm_overlap_csf": 0.14232206269805311,
  "tpm_overlap_gm": 0.46829679407870034,
  "tpm_overlap_wm": 0.5210937869799266,
  "wm2max": 0.8589711153278515
}