{
  "aor": 0.0015018333333333333,
  "aqi": 0.007287850766666667,
  "bids_meta": {
    "AcquisitionMatrixPE": 62,
    "BodyPartExamined": "BRAIN",
    "EchoTime": 0.035001,
    "EffectiveEchoSpacing": 0.0003157835674478,
    "FlipAngle": 90,
    "ImageType": [
      "ORIGINAL",
      "PRIMARY",
      "M",
      "FFE",
      "M",
      "FFE"
    ],
    "InPlanePhaseEncodingDirectionDICOM": "COL",
    "Instructions": "Participants were asked to close their eyes, to not fall asleep, and to avoid consistent thinking about same topic during the period of scanning",
    "MRAcquisitionType": "2D",
    "MagneticFieldStrength": 3,
    "Manufacturer": "Philips",
    "ManufacturersModelName": "Ingenia",
    "NumberOfVolumesDiscardedByScanner": 0,
    "NumberOfVolumesDiscardedByUser (copy)": 0,
    "PatientPosition": "HFS",
    "PercentPhaseFOV": 100,
    "PhaseEncodingDirection": "j",
    "PhaseEncodingSteps": 62,
    "ReconMatrixPE": 64,
    "RepetitionTime": 2,
    "ScanOptions": "FS",
    "ScanningSequence": "GR",
    "SequenceVariant": "SK",
    "SliceThickness": 3.1,
    "SliceTiming": [
      0,
      0.0588,
      0.1176,
      0.1764,
      0.2352,
      0.2939,
      0.3527,
      0.4115,
      0.4703,
      0.5291,
      0.5879,
      0.6467,
      0.7055,
      0.7642,
      0.823,
      0.8818,
      0.9406,
      0.9994,
      1.0582,
      1.117,
      1.1758,
      1.2345,
      1.2933,
      1.3521,
      1.4109,
      1.4697,
      1.5285,
      1.5873,
      1.6461,
      1.7048,
      1.7636,
      1.8224,
      1.8812,
      1.94
    ],
    "SpacingBetweenSlices": 3.41,
    "TaskName": "rest",
    "TotalReadoutTime": 0.019894364749211,
    "dataset": "ds003469",
    "modality": "bold",
    "subject_id": "118",
    "task_id": "rest"
  },
  "dummy_trs": 0,
  "dvars_nstd": 27.77449323324416,
  "dvars_std": 1.2787364240468218,
  "dvars_vstd": 0.9936531854849497,
  "efc": 0.5459159074293078,
  "fber": 5409.35498046875,
  "fd_mean": 0.14119513922898116,
  "fd_num": 45,
  "fd_perc": 15.0,
  "fwhm_avg": 2.019363351988788,
  "fwhm_x": 2.0323808,
  "fwhm_y": 2.162976165021985,
  "fwhm_z": 1.86273309094438,
  "gcor": 0.035879,
  "gsr_x": 0.0032201095018535852,
  "gsr_y": 0.025403084233403206,
  "provenance": {
    "md5sum": "25a0133d0a263cc75979b1e726aed988",
    "settings": {
      "fd_thres": 0.2,
      "testing": false
    },
    "software": "mriqc",
    "version": "22.0.6",
    "webapi_port": null,
    "webapi_url": "https://mriqc.nimh.nih.gov/api/v1"
  },
  "size_t": 300,
  "size_x": 64,
  "size_y": 64,
  "size_z": 34,
  "snr": 4.906890719623218,
  "spacing_tr": 1.999998688697815,
  "spacing_x": 3.125,
  "spacing_y": 3.124999761581421,
  "spacing_z": 3.4100000858306885,
  "summary_bg_k": 76.62728486848759,
  "summary_bg_mad": 1291.6543313164022,
  "summary_bg_mean": 2701.259033203125,
  "summary_bg_median": 943.6993408203125,
  "summary_bg_n": 73412.0,
  "summary_bg_p05": 7.7515610456466675,
  "summary_bg_p95": 11538.120361328121,
  "summary_bg_stdv": 5880.24267578125,
  "summary_fg_k": 8.589142976829535,
  "summary_fg_mad": 11998.948785207227,
  "summary_fg_mean": 75078.484375,
  "summary_fg_median": 73545.3046875,
  "summary_fg_n": 33007.0,
  "summary_fg_p05": 55936.83984375,
  "summary_fg_p95": 98275.16093749998,
  "summary_fg_stdv": 14987.94140625,
  "tsnr": 65.9975357055664
}