{
  "bids_meta": {
    "AcquisitionMatrixPE": 250,
    "EchoTime": 0.0035,
    "EchoTrainLength": 213,
    "FlipAngle": 8,
    "MagneticFieldStrength": 3,
    "Manufacturer": "Philips",
    "ManufacturersModelName": "Ingenia",
    "PercentPhaseFOV": 79.6875,
    "PhaseEncodingSteps": 250,
    "PixelBandwidth": 334.024,
    "ProtocolName": "sT1W_3D_TFE_tra",
    "ReconMatrixPE": 256,
    "RepetitionTime": 0.0079,
    "ScanOptions": "OTHER",
    "ScanningSequence": "GR",
    "SequenceVariant": "MP",
    "SeriesDescription": "t1_mpr_ns_sag_p2_iso",
    "SliceThickness": 1,
    "SoftwareVersions": "5.6.1_5.6.1.0",
    "SpacingBetweenSlices": 1,
    "dataset": "ds003469",
    "modality": "T1w",
    "subject_id": "056"
  },
  "cjv": 0.3207702757220366,
  "cnr": 4.160429190065674,
  "efc": 0.7302549120596308,
  "fber": 15097.955336190185,
  "fwhm_avg": 4.418619847615058,
  "fwhm_x": 4.36793344,
  "fwhm_y": 4.47811584,
  "fwhm_z": 4.409810262845174,
  "icvs_csf": 0.2427272654213669,
  "icvs_gm": 0.4169980685620297,
  "icvs_wm": 0.3402746660166034,
  "inu_med": 0.4801360070705414,
  "inu_range": 0.23523913323879242,
  "provenance": {
    "md5sum": "9244401a72cc3ef573fc68c3047c5742",
    "settings": {
      "testing": false
    },
    "software": "mriqc",
    "version": "22.0.6",
    "warnings": {
      "large_rot_frame": true,
      "small_air_mask": true
    },
    "webapi_port": null,
    "webapi_url": "https://mriqc.nimh.nih.gov/api/v1"
  },
  "qi_1": 0.0,
  "qi_2": 0.00010061438686206678,
  "rpve_csf": 22.324478155388796,
  "rpve_gm": 12.940893404433936,
  "rpve_wm": 18.784379596968353,
  "size_x": 256,
  "size_y": 256,
  "size_z": 170,
  "snr_csf": 2.3768213130300455,
  "snr_gm": 11.828080951453229,
  "snr_total": 14.645488751526457,
  "snr_wm": 29.731563990096095,
  "snrd_csf": 24.451903102984225,
  "snrd_gm": 67.23915480690152,
  "snrd_total": 62.05375080633278,
  "snrd_wm": 94.4701945091126,
  "spacing_x": 0.9765625,
  "spacing_y": 0.9765625,
  "spacing_z": 0.9999999403953552,
  "summary_bg_k": 6.406565671353226,
  "summary_bg_mad": 0.0,
  "summary_bg_mean": 3.8764905685386517,
  "summary_bg_median": 0.0,
  "summary_bg_n": 194681.0,
  "summary_bg_p05": 0.0,
  "summary_bg_p95": 18.61633088439703,
  "summary_bg_stdv": 6.934847756054308,
  "summary_csf_k": 0.3437178543334407,
  "summary_csf_mad": 106.13398691174893,
  "summary_csf_mean": 262.5872044587289,
  "summary_csf_median": 258.83193998225033,
  "summary_csf_n": 47050.0,
  "summary_csf_p05": 88.37237211512402,
  "summary_csf_p95": 451.1646142937243,
  "summary_csf_stdv": 108.89720146129564,
  "summary_gm_k": 0.2830061100746373,
  "summary_gm_mad": 58.603163018099046,
  "summary_gm_mean": 709.8690163434834,
  "summary_gm_median": 711.7499528825283,
  "summary_gm_n": 37189.0,
  "summary_gm_p05": 608.2085181310773,
  "summary_gm_p95": 804.5069038588554,
  "summary_gm_stdv": 60.173783589930316,
  "summary_wm_k": 0.24987145162468272,
  "summary_wm_mad": 33.858892105199615,
  "summary_wm_mean": 998.9886464406812,
  "summary_wm_median": 1000.0000250414014,
  "summary_wm_n": 192671.0,
  "summary_wm_p05": 942.1811648178846,
  "summary_wm_p95": 1051.2598756626248,
  "summary_wm_stdv": 33.634202031004385,
  "tpm_overlap_csf": 0.13939255950854515,
  "tpm_overlap_gm": 0.4655977573944411,
  "tpm_overlap_wm": 0.5008952025522032,
  "wm2max": 0.8967485198485878
}