{
  "bids_meta": {
    "AcquisitionMatrixPE": 250,
    "EchoTime": 0.0035,
    "EchoTrainLength": 213,
    "FlipAngle": 8,
    "MagneticFieldStrength": 3,
    "Manufacturer": "Philips",
    "ManufacturersModelName": "Ingenia",
    "PercentPhaseFOV": 79.6875,
    "PhaseEncodingSteps": 250,
    "PixelBandwidth": 334.024,
    "ProtocolName": "sT1W_3D_TFE_tra",
    "ReconMatrixPE": 256,
    "RepetitionTime": 0.0079,
    "ScanOptions": "OTHER",
    "ScanningSequence": "GR",
    "SequenceVariant": "MP",
    "SeriesDescription": "t1_mpr_ns_sag_p2_iso",
    "SliceThickness": 1,
    "SoftwareVersions": "5.6.1_5.6.1.0",
    "SpacingBetweenSlices": 1,
    "dataset": "ds003469",
    "modality": "T1w",
    "subject_id": "175"
  },
  "cjv": 0.2821143878260864,
  "cnr": 4.647762119554093,
  "efc": 0.715123001388606,
  "fber": -1.0,
  "fwhm_avg": 4.699377219231672,
  "fwhm_x": 4.64411648,
  "fwhm_y": 4.877435177695018,
  "fwhm_z": 4.57658,
  "icvs_csf": 0.2236941047194736,
  "icvs_gm": 0.4395204778297658,
  "icvs_wm": 0.33678541745076057,
  "inu_med": 0.5122244954109192,
  "inu_range": 0.26904661953449244,
  "provenance": {
    "md5sum": "3451ff4d0ab827a95efea2aad0474582",
    "settings": {
      "testing": false
    },
    "software": "mriqc",
    "version": "22.0.6",
    "warnings": {
      "large_rot_frame": true,
      "small_air_mask": true
    },
    "webapi_port": null,
    "webapi_url": "https://mriqc.nimh.nih.gov/api/v1"
  },
  "qi_1": 0.0,
  "qi_2": 6.498473175533334e-05,
  "rpve_csf": 22.492143635978973,
  "rpve_gm": 11.810701120109806,
  "rpve_wm": 17.891340660620067,
  "size_x": 256,
  "size_y": 256,
  "size_z": 170,
  "snr_csf": 2.0260396063584425,
  "snr_gm": 11.100560211862408,
  "snr_total": 14.876014456950289,
  "snr_wm": 31.50144355263002,
  "snrd_csf": 23.60215626005134,
  "snrd_gm": 68.35163279123363,
  "snrd_total": 64.2323018400743,
  "snrd_wm": 100.74311646893796,
  "spacing_x": 0.9765625,
  "spacing_y": 0.9765624403953552,
  "spacing_z": 1.0,
  "summary_bg_k": 8.06582943631387,
  "summary_bg_mad": 0.0,
  "summary_bg_mean": 3.5383289193891327,
  "summary_bg_median": 0.0,
  "summary_bg_n": 288627.0,
  "summary_bg_p05": 0.0,
  "summary_bg_p95": 17.66792175360024,
  "summary_bg_stdv": 6.503038799134796,
  "summary_csf_k": 0.4233878987596804,
  "summary_csf_mad": 121.13739028033179,
  "summary_csf_mean": 234.62248316518136,
  "summary_csf_median": 234.28058325313032,
  "summary_csf_n": 45125.0,
  "summary_csf_p05": 55.74043219909072,
  "summary_csf_p95": 427.5899784397332,
  "summary_csf_stdv": 115.63346866308041,
  "summary_gm_k": 0.19729928235878713,
  "summary_gm_mad": 60.45508826289334,
  "summary_gm_mean": 677.6242696993197,
  "summary_gm_median": 678.4744673408568,
  "summary_gm_n": 50946.0,
  "summary_gm_p05": 575.9917638357729,
  "summary_gm_p95": 775.2375369449146,
  "summary_gm_stdv": 61.12014129000732,
  "summary_wm_k": 0.5037374837874995,
  "summary_wm_mad": 30.251888462290786,
  "summary_wm_mean": 998.9184089240518,
  "summary_wm_median": 999.9999925866723,
  "summary_wm_n": 195882.0,
  "summary_wm_p05": 945.5293738469481,
  "summary_wm_p95": 1049.0629574563354,
  "summary_wm_stdv": 31.74449571987291,
  "tpm_overlap_csf": 0.14410938836613546,
  "tpm_overlap_gm": 0.4874858424880543,
  "tpm_overlap_wm": 0.5079400743821202,
  "wm2max": 0.8495034423989883
}