{
  "aor": 0.0711834,
  "aqi": 0.029539167199999997,
  "bids_meta": {
    "AcquisitionMatrixPE": 62,
    "BodyPartExamined": "BRAIN",
    "EchoTime": 0.035001,
    "EffectiveEchoSpacing": 0.0003157835674478,
    "FlipAngle": 90,
    "ImageType": [
      "ORIGINAL",
      "PRIMARY",
      "M",
      "FFE",
      "M",
      "FFE"
    ],
    "InPlanePhaseEncodingDirectionDICOM": "COL",
    "Instructions": "Participants were asked to close their eyes, to not fall asleep, and to avoid consistent thinking about same topic during the period of scanning",
    "MRAcquisitionType": "2D",
    "MagneticFieldStrength": 3,
    "Manufacturer": "Philips",
    "ManufacturersModelName": "Ingenia",
    "NumberOfVolumesDiscardedByScanner": 0,
    "NumberOfVolumesDiscardedByUser (copy)": 0,
    "PatientPosition": "HFS",
    "PercentPhaseFOV": 100,
    "PhaseEncodingDirection": "j",
    "PhaseEncodingSteps": 62,
    "ReconMatrixPE": 64,
    "RepetitionTime": 2,
    "ScanOptions": "FS",
    "ScanningSequence": "GR",
    "SequenceVariant": "SK",
    "SliceThickness": 3.1,
    "SliceTiming": [
      0,
      0.0588,
      0.1176,
      0.1764,
      0.2352,
      0.2939,
      0.3527,
      0.4115,
      0.4703,
      0.5291,
      0.5879,
      0.6467,
      0.7055,
      0.7642,
      0.823,
      0.8818,
      0.9406,
      0.9994,
      1.0582,
      1.117,
      1.1758,
      1.2345,
      1.2933,
      1.3521,
      1.4109,
      1.4697,
      1.5285,
      1.5873,
      1.6461,
      1.7048,
      1.7636,
      1.8224,
      1.8812,
      1.94
    ],
    "SpacingBetweenSlices": 3.41,
    "TaskName": "rest",
    "TotalReadoutTime": 0.019894364749211,
    "dataset": "ds003469",
    "modality": "bold",
    "subject_id": "127",
    "task_id": "rest"
  },
  "dummy_trs": 0,
  "dvars_nstd": 60.02287660568562,
  "dvars_std": 1.8172117582943144,
  "dvars_vstd": 2.046986146655518,
  "efc": 0.5299429318117665,
  "fber": 10632.7197265625,
  "fd_mean": 0.8779846841592297,
  "fd_num": 225,
  "fd_perc": 75.0,
  "fwhm_avg": 2.0102361372286968,
  "fwhm_x": 1.9796448,
  "fwhm_y": 2.2317792,
  "fwhm_z": 1.8192844116860898,
  "gcor": 0.546213,
  "gsr_x": 0.0009756240760907531,
  "gsr_y": 0.03434138372540474,
  "provenance": {
    "md5sum": "7fb6405cd9259709dfb0714199f7624e",
    "settings": {
      "fd_thres": 0.2,
      "testing": false
    },
    "software": "mriqc",
    "version": "22.0.6",
    "webapi_port": null,
    "webapi_url": "https://mriqc.nimh.nih.gov/api/v1"
  },
  "size_t": 300,
  "size_x": 64,
  "size_y": 64,
  "size_z": 34,
  "snr": 6.014626198667689,
  "spacing_tr": 1.999998688697815,
  "spacing_x": 3.125,
  "spacing_y": 3.125,
  "spacing_z": 3.4100000858306885,
  "summary_bg_k": 79.70807309456626,
  "summary_bg_mad": 1003.9473946118198,
  "summary_bg_mean": 2744.988037109375,
  "summary_bg_median": 692.6885986328125,
  "summary_bg_n": 77289.0,
  "summary_bg_p05": 3.124601364135742,
  "summary_bg_p95": 12585.47207031243,
  "summary_bg_stdv": 6867.85693359375,
  "summary_fg_k": 3.2608888378648544,
  "summary_fg_mad": 11123.315806976936,
  "summary_fg_mean": 76489.09375,
  "summary_fg_median": 75605.2890625,
  "summary_fg_n": 30827.0,
  "summary_fg_p05": 58557.593359375,
  "summary_fg_p95": 95932.21328124999,
  "summary_fg_stdv": 12570.03515625,
  "tsnr": 19.098175048828125
}