{
  "aor": 0.09056376666666667,
  "aqi": 0.0718462461,
  "bids_meta": {
    "AcquisitionMatrixPE": 62,
    "BodyPartExamined": "BRAIN",
    "EchoTime": 0.035001,
    "EffectiveEchoSpacing": 0.0003157835674478,
    "FlipAngle": 90,
    "ImageType": [
      "ORIGINAL",
      "PRIMARY",
      "M",
      "FFE",
      "M",
      "FFE"
    ],
    "InPlanePhaseEncodingDirectionDICOM": "COL",
    "Instructions": "Participants were asked to close their eyes, to not fall asleep, and to avoid consistent thinking about same topic during the period of scanning",
    "MRAcquisitionType": "2D",
    "MagneticFieldStrength": 3,
    "Manufacturer": "Philips",
    "ManufacturersModelName": "Ingenia",
    "NumberOfVolumesDiscardedByScanner": 0,
    "NumberOfVolumesDiscardedByUser (copy)": 0,
    "PatientPosition": "HFS",
    "PercentPhaseFOV": 100,
    "PhaseEncodingDirection": "j",
    "PhaseEncodingSteps": 62,
    "ReconMatrixPE": 64,
    "RepetitionTime": 2,
    "ScanOptions": "FS",
    "ScanningSequence": "GR",
    "SequenceVariant": "SK",
    "SliceThickness": 3.1,
    "SliceTiming": [
      0,
      0.0588,
      0.1176,
      0.1764,
      0.2352,
      0.2939,
      0.3527,
      0.4115,
      0.4703,
      0.5291,
      0.5879,
      0.6467,
      0.7055,
      0.7642,
      0.823,
      0.8818,
      0.9406,
      0.9994,
      1.0582,
      1.117,
      1.1758,
      1.2345,
      1.2933,
      1.3521,
      1.4109,
      1.4697,
      1.5285,
      1.5873,
      1.6461,
      1.7048,
      1.7636,
      1.8224,
      1.8812,
      1.94
    ],
    "SpacingBetweenSlices": 3.41,
    "TaskName": "rest",
    "TotalReadoutTime": 0.019894364749211,
    "dataset": "ds003469",
    "modality": "bold",
    "subject_id": "173",
    "task_id": "rest"
  },
  "dummy_trs": 0,
  "dvars_nstd": 26.073583430434777,
  "dvars_std": 0.47007891401337804,
  "dvars_vstd": 0.44712838692307694,
  "efc": 0.47684176363742864,
  "fber": 35288.1484375,
  "fd_mean": 0.15092961157175605,
  "fd_num": 46,
  "fd_perc": 15.333333333333334,
  "fwhm_avg": 2.5713276849711155,
  "fwhm_x": 2.4685249883335105,
  "fwhm_y": 2.846176434292058,
  "fwhm_z": 2.399281632287778,
  "gcor": 0.967791,
  "gsr_x": -0.01078668050467968,
  "gsr_y": 0.030379710718989372,
  "provenance": {
    "md5sum": "e859db334c411f899955683d248e6c76",
    "settings": {
      "fd_thres": 0.2,
      "testing": false
    },
    "software": "mriqc",
    "version": "22.0.6",
    "webapi_port": null,
    "webapi_url": "https://mriqc.nimh.nih.gov/api/v1"
  },
  "size_t": 300,
  "size_x": 64,
  "size_y": 64,
  "size_z": 34,
  "snr": 4.540831426748413,
  "spacing_tr": 1.999998688697815,
  "spacing_x": 3.124999761581421,
  "spacing_y": 3.124999523162842,
  "spacing_z": 3.4099998474121094,
  "summary_bg_k": 103.5759594056904,
  "summary_bg_mad": 715.386244001997,
  "summary_bg_mean": 2677.644287109375,
  "summary_bg_median": 500.9298095703125,
  "summary_bg_n": 83090.0,
  "summary_bg_p05": 6.266475534439087,
  "summary_bg_p95": 10502.425390625003,
  "summary_bg_stdv": 7438.3857421875,
  "summary_fg_k": -0.1952805849458783,
  "summary_fg_mad": 22695.51839268102,
  "summary_fg_mean": 101627.265625,
  "summary_fg_median": 99852.578125,
  "summary_fg_n": 25402.0,
  "summary_fg_p05": 70233.5359375,
  "summary_fg_p95": 142764.93359374997,
  "summary_fg_stdv": 21989.5,
  "tsnr": 4.334627151489258
}