{
  "bids_meta": {
    "AcquisitionMatrixPE": 250,
    "EchoTime": 0.0035,
    "EchoTrainLength": 213,
    "FlipAngle": 8,
    "MagneticFieldStrength": 3,
    "Manufacturer": "Philips",
    "ManufacturersModelName": "Ingenia",
    "PercentPhaseFOV": 79.6875,
    "PhaseEncodingSteps": 250,
    "PixelBandwidth": 334.024,
    "ProtocolName": "sT1W_3D_TFE_tra",
    "ReconMatrixPE": 256,
    "RepetitionTime": 0.0079,
    "ScanOptions": "OTHER",
    "ScanningSequence": "GR",
    "SequenceVariant": "MP",
    "SeriesDescription": "t1_mpr_ns_sag_p2_iso",
    "SliceThickness": 1,
    "SoftwareVersions": "5.6.1_5.6.1.0",
    "SpacingBetweenSlices": 1,
    "dataset": "ds003469",
    "modality": "T1w",
    "subject_id": "129"
  },
  "cjv": 0.28116591415862335,
  "cnr": 4.702430461690615,
  "efc": 0.7067272747038174,
  "fber": 12466.254172335603,
  "fwhm_avg": 5.024016639142883,
  "fwhm_x": 4.940850898434394,
  "fwhm_y": 5.2573696,
  "fwhm_z": 4.873829418994258,
  "icvs_csf": 0.18110261724167195,
  "icvs_gm": 0.4618371643656764,
  "icvs_wm": 0.3570602183926516,
  "inu_med": 0.4881432354450226,
  "inu_range": 0.26130466908216476,
  "provenance": {
    "md5sum": "2bbb213148ae45fbd8856be3e816a5bb",
    "settings": {
      "testing": false
    },
    "software": "mriqc",
    "version": "22.0.6",
    "warnings": {
      "large_rot_frame": true,
      "small_air_mask": true
    },
    "webapi_port": null,
    "webapi_url": "https://mriqc.nimh.nih.gov/api/v1"
  },
  "qi_1": 0.0,
  "qi_2": 3.109739201974287e-05,
  "rpve_csf": 27.544643767834,
  "rpve_gm": 11.728045029488168,
  "rpve_wm": 16.97769279306803,
  "size_x": 256,
  "size_y": 256,
  "size_z": 170,
  "snr_csf": 1.7535525778601142,
  "snr_gm": 12.733908311666394,
  "snr_total": 15.06411033055329,
  "snr_wm": 30.704870102133363,
  "snrd_csf": 20.422234906673083,
  "snrd_gm": 61.98375073806515,
  "snrd_total": 57.06365517618598,
  "snrd_wm": 88.7849798838197,
  "spacing_x": 0.9765625596046448,
  "spacing_y": 0.9765625,
  "spacing_z": 1.0000001192092896,
  "summary_bg_k": 4.202819423526047,
  "summary_bg_mad": 0.0,
  "summary_bg_mean": 5.229178755992355,
  "summary_bg_median": 0.0,
  "summary_bg_n": 312062.0,
  "summary_bg_p05": 0.0,
  "summary_bg_p95": 19.822390750050545,
  "summary_bg_stdv": 7.378910039275174,
  "summary_csf_k": 0.5435803773326411,
  "summary_csf_mad": 153.19080481156925,
  "summary_csf_mean": 229.44852387587716,
  "summary_csf_median": 230.01902226358652,
  "summary_csf_n": 31830.0,
  "summary_csf_p05": 37.661409717053175,
  "summary_csf_p95": 437.76900440454483,
  "summary_csf_stdv": 131.17109341159534,
  "summary_gm_k": 0.2657333550997669,
  "summary_gm_mad": 53.2691551043957,
  "summary_gm_mean": 699.2519844891387,
  "summary_gm_median": 698.1332751363516,
  "summary_gm_n": 75727.0,
  "summary_gm_p05": 611.4199436232448,
  "summary_gm_p95": 790.9247180074453,
  "summary_gm_stdv": 54.82438293838701,
  "summary_wm_k": 0.27971487939289474,
  "summary_wm_mad": 31.605469705697576,
  "summary_wm_mean": 999.9124062651478,
  "summary_wm_median": 999.9999685585499,
  "summary_wm_n": 210977.0,
  "summary_wm_p05": 946.3322614878416,
  "summary_wm_p95": 1053.2372465729713,
  "summary_wm_stdv": 32.56804524177931,
  "tpm_overlap_csf": 0.12304739902197646,
  "tpm_overlap_gm": 0.4863897781465899,
  "tpm_overlap_wm": 0.5225089694258285,
  "wm2max": 0.8789025167250717
}