{
  "aor": 0.004324666666666667,
  "aqi": 0.010497307666666667,
  "bids_meta": {
    "AcquisitionMatrixPE": 62,
    "BodyPartExamined": "BRAIN",
    "EchoTime": 0.035001,
    "EffectiveEchoSpacing": 0.0003157835674478,
    "FlipAngle": 90,
    "ImageType": [
      "ORIGINAL",
      "PRIMARY",
      "M",
      "FFE",
      "M",
      "FFE"
    ],
    "InPlanePhaseEncodingDirectionDICOM": "COL",
    "Instructions": "Participants were asked to close their eyes, to not fall asleep, and to avoid consistent thinking about same topic during the period of scanning",
    "MRAcquisitionType": "2D",
    "MagneticFieldStrength": 3,
    "Manufacturer": "Philips",
    "ManufacturersModelName": "Ingenia",
    "NumberOfVolumesDiscardedByScanner": 0,
    "NumberOfVolumesDiscardedByUser (copy)": 0,
    "PatientPosition": "HFS",
    "PercentPhaseFOV": 100,
    "PhaseEncodingDirection": "j",
    "PhaseEncodingSteps": 62,
    "ReconMatrixPE": 64,
    "RepetitionTime": 2,
    "ScanOptions": "FS",
    "ScanningSequence": "GR",
    "SequenceVariant": "SK",
    "SliceThickness": 3.1,
    "SliceTiming": [
      0,
      0.0588,
      0.1176,
      0.1764,
      0.2352,
      0.2939,
      0.3527,
      0.4115,
      0.4703,
      0.5291,
      0.5879,
      0.6467,
      0.7055,
      0.7642,
      0.823,
      0.8818,
      0.9406,
      0.9994,
      1.0582,
      1.117,
      1.1758,
      1.2345,
      1.2933,
      1.3521,
      1.4109,
      1.4697,
      1.5285,
      1.5873,
      1.6461,
      1.7048,
      1.7636,
      1.8224,
      1.8812,
      1.94
    ],
    "SpacingBetweenSlices": 3.41,
    "TaskName": "rest",
    "TotalReadoutTime": 0.019894364749211,
    "dataset": "ds003469",
    "modality": "bold",
    "subject_id": "045",
    "task_id": "rest"
  },
  "dummy_trs": 0,
  "dvars_nstd": 27.68971055334446,
  "dvars_std": 1.1567190637458185,
  "dvars_vstd": 1.0303267525083604,
  "efc": 0.5125843759557371,
  "fber": 13024.708984375,
  "fd_mean": 0.36483820711022563,
  "fd_num": 209,
  "fd_perc": 69.66666666666667,
  "fwhm_avg": 1.9328094862440457,
  "fwhm_x": 1.838668659720714,
  "fwhm_y": 2.16649616529054,
  "fwhm_z": 1.7932636337208834,
  "gcor": 0.0529271,
  "gsr_x": -0.006302496884018183,
  "gsr_y": 0.03440650925040245,
  "provenance": {
    "md5sum": "1016d7986a5aea4e4769cb0157a09c81",
    "settings": {
      "fd_thres": 0.2,
      "testing": false
    },
    "software": "mriqc",
    "version": "22.0.6",
    "webapi_port": null,
    "webapi_url": "https://mriqc.nimh.nih.gov/api/v1"
  },
  "size_t": 300,
  "size_x": 64,
  "size_y": 64,
  "size_z": 34,
  "snr": 5.482049613781981,
  "spacing_tr": 1.999998688697815,
  "spacing_x": 3.125000238418579,
  "spacing_y": 3.124999761581421,
  "spacing_z": 3.4100005626678467,
  "summary_bg_k": 81.13559443846525,
  "summary_bg_mad": 850.5999223546776,
  "summary_bg_mean": 2537.465576171875,
  "summary_bg_median": 587.6240234375,
  "summary_bg_n": 79507.0,
  "summary_bg_p05": 5.006353330612183,
  "summary_bg_p95": 11463.750585937498,
  "summary_bg_stdv": 6205.38525390625,
  "summary_fg_k": 1.8508987417633511,
  "summary_fg_mad": 11762.224700514193,
  "summary_fg_mean": 73516.0078125,
  "summary_fg_median": 72392.265625,
  "summary_fg_n": 28371.0,
  "summary_fg_p05": 54511.46484375,
  "summary_fg_p95": 96025.64453125,
  "summary_fg_stdv": 13205.095703125,
  "tsnr": 52.38117218017578
}