{
  "bids_meta": {
    "AcquisitionMatrixPE": 250,
    "EchoTime": 0.0035,
    "EchoTrainLength": 213,
    "FlipAngle": 8,
    "MagneticFieldStrength": 3,
    "Manufacturer": "Philips",
    "ManufacturersModelName": "Ingenia",
    "PercentPhaseFOV": 79.6875,
    "PhaseEncodingSteps": 250,
    "PixelBandwidth": 334.024,
    "ProtocolName": "sT1W_3D_TFE_tra",
    "ReconMatrixPE": 256,
    "RepetitionTime": 0.0079,
    "ScanOptions": "OTHER",
    "ScanningSequence": "GR",
    "SequenceVariant": "MP",
    "SeriesDescription": "t1_mpr_ns_sag_p2_iso",
    "SliceThickness": 1,
    "SoftwareVersions": "5.6.1_5.6.1.0",
    "SpacingBetweenSlices": 1,
    "dataset": "ds003469",
    "modality": "T1w",
    "subject_id": "036"
  },
  "cjv": 0.3432520454963322,
  "cnr": 3.8038021824961543,
  "efc": 0.7388706040532377,
  "fber": -1.0,
  "fwhm_avg": 4.4295085199750055,
  "fwhm_x": 4.371927039999999,
  "fwhm_y": 4.5887485199250175,
  "fwhm_z": 4.32785,
  "icvs_csf": 0.23294864530712786,
  "icvs_gm": 0.407973053510689,
  "icvs_wm": 0.35907830118218315,
  "inu_med": 0.4355248957872391,
  "inu_range": 0.21315570920705795,
  "provenance": {
    "md5sum": "7e1f1906530b43183e6397de82b4fb03",
    "settings": {
      "testing": false
    },
    "software": "mriqc",
    "version": "22.0.6",
    "warnings": {
      "large_rot_frame": true,
      "small_air_mask": true
    },
    "webapi_port": null,
    "webapi_url": "https://mriqc.nimh.nih.gov/api/v1"
  },
  "qi_1": 0.0,
  "qi_2": 9.412686844471073e-05,
  "rpve_csf": 20.105360669014406,
  "rpve_gm": 11.584298902361617,
  "rpve_wm": 15.94519884516872,
  "size_x": 256,
  "size_y": 256,
  "size_z": 170,
  "snr_csf": 2.475264145844192,
  "snr_gm": 12.026976965135322,
  "snr_total": 15.073069724911846,
  "snr_wm": 30.71696806375602,
  "snrd_csf": 26.261724864554274,
  "snrd_gm": 70.60225153350885,
  "snrd_total": 64.29552552616634,
  "snrd_wm": 96.02260018043589,
  "spacing_x": 0.9765625,
  "spacing_y": 0.9765625596046448,
  "spacing_z": 1.0,
  "summary_bg_k": 18.346772118407383,
  "summary_bg_mad": 0.0,
  "summary_bg_mean": 3.159915714016744,
  "summary_bg_median": 0.0,
  "summary_bg_n": 233488.0,
  "summary_bg_p05": 0.0,
  "summary_bg_p95": 17.322338791564107,
  "summary_bg_stdv": 6.822731101406318,
  "summary_csf_k": 0.6594134389301636,
  "summary_csf_mad": 105.826397118604,
  "summary_csf_mean": 282.8634936331388,
  "summary_csf_median": 273.4952400904149,
  "summary_csf_n": 40330.0,
  "summary_csf_p05": 124.19959641993046,
  "summary_csf_p95": 484.3413548846728,
  "summary_csf_stdv": 110.48996520694003,
  "summary_gm_k": 0.2501596560115549,
  "summary_gm_mad": 59.225475000591096,
  "summary_gm_mean": 735.215767664126,
  "summary_gm_median": 735.2670029737055,
  "summary_gm_n": 29968.0,
  "summary_gm_p05": 635.1906168786809,
  "summary_gm_p95": 835.8758656308055,
  "summary_gm_stdv": 61.133794258304015,
  "summary_wm_k": 0.35066601092173677,
  "summary_wm_mad": 31.644657621238213,
  "summary_wm_mean": 999.9288229461615,
  "summary_wm_median": 999.9999705236405,
  "summary_wm_n": 231975.0,
  "summary_wm_p05": 946.5051732957363,
  "summary_wm_p95": 1053.0903551727533,
  "summary_wm_stdv": 32.55522527617675,
  "tpm_overlap_csf": 0.16091712787590262,
  "tpm_overlap_gm": 0.45648038366786964,
  "tpm_overlap_wm": 0.5097225172244847,
  "wm2max": 0.8951851502602749
}