{
  "bids_meta": {
    "AcquisitionMatrixPE": 250,
    "EchoTime": 0.0035,
    "EchoTrainLength": 213,
    "FlipAngle": 8,
    "MagneticFieldStrength": 3,
    "Manufacturer": "Philips",
    "ManufacturersModelName": "Ingenia",
    "PercentPhaseFOV": 79.6875,
    "PhaseEncodingSteps": 250,
    "PixelBandwidth": 334.024,
    "ProtocolName": "sT1W_3D_TFE_tra",
    "ReconMatrixPE": 256,
    "RepetitionTime": 0.0079,
    "ScanOptions": "OTHER",
    "ScanningSequence": "GR",
    "SequenceVariant": "MP",
    "SeriesDescription": "t1_mpr_ns_sag_p2_iso",
    "SliceThickness": 1,
    "SoftwareVersions": "5.6.1_5.6.1.0",
    "SpacingBetweenSlices": 1,
    "dataset": "ds003469",
    "modality": "T1w",
    "subject_id": "059"
  },
  "cjv": 0.30509548669621167,
  "cnr": 4.372958583817998,
  "efc": 0.7402246567634783,
  "fber": 15242.10917407641,
  "fwhm_avg": 4.498974133333333,
  "fwhm_x": 4.40887296,
  "fwhm_y": 4.68690944,
  "fwhm_z": 4.40114,
  "icvs_csf": 0.19792078671781577,
  "icvs_gm": 0.4523016315682028,
  "icvs_wm": 0.34977758171398143,
  "inu_med": 0.4562028646469116,
  "inu_range": 0.22614690065383913,
  "provenance": {
    "md5sum": "d58773688d61114061e0a7b4f667a2bc",
    "settings": {
      "testing": false
    },
    "software": "mriqc",
    "version": "22.0.6",
    "warnings": {
      "large_rot_frame": true,
      "small_air_mask": true
    },
    "webapi_port": null,
    "webapi_url": "https://mriqc.nimh.nih.gov/api/v1"
  },
  "qi_1": 0.0,
  "qi_2": 0.00011638206457383898,
  "rpve_csf": 24.724459441955613,
  "rpve_gm": 11.467263479697607,
  "rpve_wm": 16.36988970604566,
  "size_x": 256,
  "size_y": 256,
  "size_z": 170,
  "snr_csf": 2.0673225805865374,
  "snr_gm": 15.714752899285608,
  "snr_total": 14.441142841616944,
  "snr_wm": 25.541353044978685,
  "snrd_csf": 29.114952601066342,
  "snrd_gm": 74.8460674278582,
  "snrd_total": 68.71977432477308,
  "snrd_wm": 102.1983029453947,
  "spacing_x": 0.9765625,
  "spacing_y": 0.9765625,
  "spacing_z": 1.0,
  "summary_bg_k": 9.553238911334589,
  "summary_bg_mad": 0.0,
  "summary_bg_mean": 3.3005171046518242,
  "summary_bg_median": 0.0,
  "summary_bg_n": 189900.0,
  "summary_bg_p05": 0.0,
  "summary_bg_p95": 16.32579805329442,
  "summary_bg_stdv": 6.410607220003159,
  "summary_csf_k": 4.6017795392194625,
  "summary_csf_mad": 140.5922422715045,
  "summary_csf_mean": 287.9208244442068,
  "summary_csf_median": 284.89414624869823,
  "summary_csf_n": 49467.0,
  "summary_csf_p05": 82.95145679637791,
  "summary_csf_p95": 499.09528029896313,
  "summary_csf_stdv": 137.80687603910755,
  "summary_gm_k": 0.45409339604025556,
  "summary_gm_mad": 44.91352172024819,
  "summary_gm_mean": 732.2463354032503,
  "summary_gm_median": 732.3799139261246,
  "summary_gm_n": 64411.0,
  "summary_gm_p05": 656.4918636344373,
  "summary_gm_p95": 808.4089247975498,
  "summary_gm_stdv": 46.60424719302916,
  "summary_wm_k": 0.6037824067284348,
  "summary_wm_mad": 36.74397250717428,
  "summary_wm_mean": 1002.1134255412836,
  "summary_wm_median": 1000.0256110541523,
  "summary_wm_n": 218496.0,
  "summary_wm_p05": 941.9754813984036,
  "summary_wm_p95": 1070.5827885121107,
  "summary_wm_stdv": 39.15310676221651,
  "tpm_overlap_csf": 0.14746344698822703,
  "tpm_overlap_gm": 0.49660271801078715,
  "tpm_overlap_wm": 0.5220168634243443,
  "wm2max": 0.7521236109632021
}