{
  "aor": 0.0018193666666666667,
  "aqi": 0.006943395866666666,
  "bids_meta": {
    "AcquisitionMatrixPE": 62,
    "BodyPartExamined": "BRAIN",
    "EchoTime": 0.035001,
    "EffectiveEchoSpacing": 0.0003157835674478,
    "FlipAngle": 90,
    "ImageType": [
      "ORIGINAL",
      "PRIMARY",
      "M",
      "FFE",
      "M",
      "FFE"
    ],
    "InPlanePhaseEncodingDirectionDICOM": "COL",
    "Instructions": "Participants were asked to close their eyes, to not fall asleep, and to avoid consistent thinking about same topic during the period of scanning",
    "MRAcquisitionType": "2D",
    "MagneticFieldStrength": 3,
    "Manufacturer": "Philips",
    "ManufacturersModelName": "Ingenia",
    "NumberOfVolumesDiscardedByScanner": 0,
    "NumberOfVolumesDiscardedByUser (copy)": 0,
    "PatientPosition": "HFS",
    "PercentPhaseFOV": 100,
    "PhaseEncodingDirection": "j",
    "PhaseEncodingSteps": 62,
    "ReconMatrixPE": 64,
    "RepetitionTime": 2,
    "ScanOptions": "FS",
    "ScanningSequence": "GR",
    "SequenceVariant": "SK",
    "SliceThickness": 3.1,
    "SliceTiming": [
      0,
      0.0588,
      0.1176,
      0.1764,
      0.2352,
      0.2939,
      0.3527,
      0.4115,
      0.4703,
      0.5291,
      0.5879,
      0.6467,
      0.7055,
      0.7642,
      0.823,
      0.8818,
      0.9406,
      0.9994,
      1.0582,
      1.117,
      1.1758,
      1.2345,
      1.2933,
      1.3521,
      1.4109,
      1.4697,
      1.5285,
      1.5873,
      1.6461,
      1.7048,
      1.7636,
      1.8224,
      1.8812,
      1.94
    ],
    "SpacingBetweenSlices": 3.41,
    "TaskName": "rest",
    "TotalReadoutTime": 0.019894364749211,
    "dataset": "ds003469",
    "modality": "bold",
    "subject_id": "114",
    "task_id": "rest"
  },
  "dummy_trs": 0,
  "dvars_nstd": 26.504665036722404,
  "dvars_std": 1.223884193578595,
  "dvars_vstd": 1.0133318692307682,
  "efc": 0.4757888110328322,
  "fber": 32963.6484375,
  "fd_mean": 0.2708464834391779,
  "fd_num": 198,
  "fd_perc": 66.0,
  "fwhm_avg": 1.9103543674763788,
  "fwhm_x": 1.9131136,
  "fwhm_y": 2.0168030461301387,
  "fwhm_z": 1.8011464562989974,
  "gcor": 0.0254493,
  "gsr_x": -0.004376335069537163,
  "gsr_y": 0.030315609648823738,
  "provenance": {
    "md5sum": "bfbd1b600e1f8442cdc09f15faeaaafc",
    "settings": {
      "fd_thres": 0.2,
      "testing": false
    },
    "software": "mriqc",
    "version": "22.0.6",
    "webapi_port": null,
    "webapi_url": "https://mriqc.nimh.nih.gov/api/v1"
  },
  "size_t": 300,
  "size_x": 64,
  "size_y": 64,
  "size_z": 34,
  "snr": 5.721171685448928,
  "spacing_tr": 1.999998688697815,
  "spacing_x": 3.125,
  "spacing_y": 3.125000238418579,
  "spacing_z": 3.4100003242492676,
  "summary_bg_k": 131.80961583455633,
  "summary_bg_mad": 552.6482388340003,
  "summary_bg_mean": 1780.4942626953125,
  "summary_bg_median": 378.5098876953125,
  "summary_bg_n": 83758.0,
  "summary_bg_p05": 2.5247733712196356,
  "summary_bg_p95": 6843.307885742184,
  "summary_bg_stdv": 4588.9921875,
  "summary_fg_k": 1.1210707628923764,
  "summary_fg_mad": 11745.528051311258,
  "summary_fg_mean": 71770.8359375,
  "summary_fg_median": 70728.9609375,
  "summary_fg_n": 25351.0,
  "summary_fg_p05": 53675.365234375,
  "summary_fg_p95": 92765.32421875,
  "summary_fg_stdv": 12362.4267578125,
  "tsnr": 69.87799835205078
}