{
  "aor": 0.20076384615384615,
  "aqi": 0.1328132347826087,
  "bids_meta": {
    "AcquisitionMatrixPE": 62,
    "BodyPartExamined": "BRAIN",
    "EchoTime": 0.035001,
    "EffectiveEchoSpacing": 0.0003157835674478,
    "FlipAngle": 90,
    "ImageType": [
      "ORIGINAL",
      "PRIMARY",
      "M",
      "FFE",
      "M",
      "FFE"
    ],
    "InPlanePhaseEncodingDirectionDICOM": "COL",
    "Instructions": "Participants were asked to close their eyes, to not fall asleep, and to avoid consistent thinking about same topic during the period of scanning",
    "MRAcquisitionType": "2D",
    "MagneticFieldStrength": 3,
    "Manufacturer": "Philips",
    "ManufacturersModelName": "Ingenia",
    "NumberOfVolumesDiscardedByScanner": 0,
    "NumberOfVolumesDiscardedByUser (copy)": 0,
    "PatientPosition": "HFS",
    "PercentPhaseFOV": 100,
    "PhaseEncodingDirection": "j",
    "PhaseEncodingSteps": 62,
    "ReconMatrixPE": 64,
    "RepetitionTime": 2,
    "ScanOptions": "FS",
    "ScanningSequence": "GR",
    "SequenceVariant": "SK",
    "SliceThickness": 3.1,
    "SliceTiming": [
      0,
      0.0588,
      0.1176,
      0.1764,
      0.2352,
      0.2939,
      0.3527,
      0.4115,
      0.4703,
      0.5291,
      0.5879,
      0.6467,
      0.7055,
      0.7642,
      0.823,
      0.8818,
      0.9406,
      0.9994,
      1.0582,
      1.117,
      1.1758,
      1.2345,
      1.2933,
      1.3521,
      1.4109,
      1.4697,
      1.5285,
      1.5873,
      1.6461,
      1.7048,
      1.7636,
      1.8224,
      1.8812,
      1.94
    ],
    "SpacingBetweenSlices": 3.41,
    "TaskName": "rest",
    "TotalReadoutTime": 0.019894364749211,
    "dataset": "ds003469",
    "modality": "bold",
    "subject_id": "050",
    "task_id": "rest"
  },
  "dummy_trs": 1,
  "dvars_nstd": 40.16417445442951,
  "dvars_std": 0.49217213644295305,
  "dvars_vstd": 0.47101654167785223,
  "efc": 0.45471918136005224,
  "fber": 70393.3828125,
  "fd_mean": 0.34021279374814895,
  "fd_num": 169,
  "fd_perc": 56.52173913043478,
  "fwhm_avg": 2.4572845347941876,
  "fwhm_x": 2.392915382564955,
  "fwhm_y": 2.7218912,
  "fwhm_z": 2.257047021817608,
  "gcor": 0.978379,
  "gsr_x": 0.0024787874426692724,
  "gsr_y": 0.018341757357120514,
  "provenance": {
    "md5sum": "907c8847bf29eb0f75148ed7aba670f5",
    "settings": {
      "fd_thres": 0.2,
      "testing": false
    },
    "software": "mriqc",
    "version": "22.0.6",
    "webapi_port": null,
    "webapi_url": "https://mriqc.nimh.nih.gov/api/v1"
  },
  "size_t": 299,
  "size_x": 64,
  "size_y": 64,
  "size_z": 34,
  "snr": 5.128920884736085,
  "spacing_tr": 1.999998688697815,
  "spacing_x": 3.124999761581421,
  "spacing_y": 3.125,
  "spacing_z": 3.4099998474121094,
  "summary_bg_k": 93.8352750416768,
  "summary_bg_mad": 524.0140508350181,
  "summary_bg_mean": 2622.138671875,
  "summary_bg_median": 371.2803955078125,
  "summary_bg_n": 86823.0,
  "summary_bg_p05": 8.440091800689698,
  "summary_bg_p95": 10004.779199218745,
  "summary_bg_stdv": 8265.951171875,
  "summary_fg_k": -0.07328488429328983,
  "summary_fg_mad": 19532.091197338603,
  "summary_fg_mean": 101309.125,
  "summary_fg_median": 99741.828125,
  "summary_fg_n": 22898.0,
  "summary_fg_p05": 72140.4125,
  "summary_fg_p95": 136339.02031249998,
  "summary_fg_stdv": 19446.517578125,
  "tsnr": 4.726966857910156
}