{
  "bids_meta": {
    "AcquisitionMatrixPE": 250,
    "EchoTime": 0.0035,
    "EchoTrainLength": 213,
    "FlipAngle": 8,
    "MagneticFieldStrength": 3,
    "Manufacturer": "Philips",
    "ManufacturersModelName": "Ingenia",
    "PercentPhaseFOV": 79.6875,
    "PhaseEncodingSteps": 250,
    "PixelBandwidth": 334.024,
    "ProtocolName": "sT1W_3D_TFE_tra",
    "ReconMatrixPE": 256,
    "RepetitionTime": 0.0079,
    "ScanOptions": "OTHER",
    "ScanningSequence": "GR",
    "SequenceVariant": "MP",
    "SeriesDescription": "t1_mpr_ns_sag_p2_iso",
    "SliceThickness": 1,
    "SoftwareVersions": "5.6.1_5.6.1.0",
    "SpacingBetweenSlices": 1,
    "dataset": "ds003469",
    "modality": "T1w",
    "subject_id": "194"
  },
  "cjv": 0.31698206305638044,
  "cnr": 4.172708696502591,
  "efc": 0.7171821158347685,
  "fber": -1.0,
  "fwhm_avg": 4.268069825911469,
  "fwhm_x": 4.280555258735641,
  "fwhm_y": 4.276244218998766,
  "fwhm_z": 4.24741,
  "icvs_csf": 0.22747743374861087,
  "icvs_gm": 0.431689926477714,
  "icvs_wm": 0.3408326397736751,
  "inu_med": 0.520643800497055,
  "inu_range": 0.24766556620597835,
  "provenance": {
    "md5sum": "f3ca97b14c5defa25bd10f34e2daa919",
    "settings": {
      "testing": false
    },
    "software": "mriqc",
    "version": "22.0.6",
    "warnings": {
      "large_rot_frame": true,
      "small_air_mask": true
    },
    "webapi_port": null,
    "webapi_url": "https://mriqc.nimh.nih.gov/api/v1"
  },
  "qi_1": 0.0,
  "qi_2": 5.391675684424073e-05,
  "rpve_csf": 22.845473136270684,
  "rpve_gm": 12.345101965596443,
  "rpve_wm": 18.25113044568089,
  "size_x": 256,
  "size_y": 256,
  "size_z": 170,
  "snr_csf": 2.0094979544130487,
  "snr_gm": 11.72942876185659,
  "snr_total": 14.403268865331322,
  "snr_wm": 29.470879879724325,
  "snrd_csf": 18.387127099990888,
  "snrd_gm": 53.226230375590156,
  "snrd_total": 48.90939617656196,
  "snrd_wm": 75.11483105410484,
  "spacing_x": 0.9765625596046448,
  "spacing_y": 0.9765625596046448,
  "spacing_z": 1.0,
  "summary_bg_k": 63.95090579339512,
  "summary_bg_mad": 0.0,
  "summary_bg_mean": 4.6690131680859475,
  "summary_bg_median": 0.0,
  "summary_bg_n": 292178.0,
  "summary_bg_p05": 0.0,
  "summary_bg_p95": 20.980359379202127,
  "summary_bg_stdv": 8.721983854868663,
  "summary_csf_k": 0.8615283709388613,
  "summary_csf_mad": 123.38210700804895,
  "summary_csf_mean": 256.1615408555619,
  "summary_csf_median": 244.79211612045765,
  "summary_csf_n": 36799.0,
  "summary_csf_p05": 69.12465112991632,
  "summary_csf_p95": 466.9458505399525,
  "summary_csf_stdv": 121.81589410930265,
  "summary_gm_k": 0.22748617833372853,
  "summary_gm_mad": 59.1855930935162,
  "summary_gm_mean": 708.3046108547685,
  "summary_gm_median": 708.6132322847843,
  "summary_gm_n": 41653.0,
  "summary_gm_p05": 609.0893795862794,
  "summary_gm_p95": 806.4790626615286,
  "summary_gm_stdv": 60.412552091988196,
  "summary_wm_k": 0.42752689263695043,
  "summary_wm_mad": 33.1855322297511,
  "summary_wm_mean": 999.320570851265,
  "summary_wm_median": 1000.0212836824358,
  "summary_wm_n": 191917.0,
  "summary_wm_p05": 942.7770001888275,
  "summary_wm_p95": 1052.9121957466002,
  "summary_wm_stdv": 33.93243372481327,
  "tpm_overlap_csf": 0.1397367327577167,
  "tpm_overlap_gm": 0.46981093733006546,
  "tpm_overlap_wm": 0.5048965229632422,
  "wm2max": 0.889000170071241
}