{
  "aor": 0.022222033333333335,
  "aqi": 0.02399992566666667,
  "bids_meta": {
    "AcquisitionMatrixPE": 62,
    "BodyPartExamined": "BRAIN",
    "EchoTime": 0.035001,
    "EffectiveEchoSpacing": 0.0003157835674478,
    "FlipAngle": 90,
    "ImageType": [
      "ORIGINAL",
      "PRIMARY",
      "M",
      "FFE",
      "M",
      "FFE"
    ],
    "InPlanePhaseEncodingDirectionDICOM": "COL",
    "Instructions": "Participants were asked to close their eyes, to not fall asleep, and to avoid consistent thinking about same topic during the period of scanning",
    "MRAcquisitionType": "2D",
    "MagneticFieldStrength": 3,
    "Manufacturer": "Philips",
    "ManufacturersModelName": "Ingenia",
    "NumberOfVolumesDiscardedByScanner": 0,
    "NumberOfVolumesDiscardedByUser (copy)": 0,
    "PatientPosition": "HFS",
    "PercentPhaseFOV": 100,
    "PhaseEncodingDirection": "j",
    "PhaseEncodingSteps": 62,
    "ReconMatrixPE": 64,
    "RepetitionTime": 2,
    "ScanOptions": "FS",
    "ScanningSequence": "GR",
    "SequenceVariant": "SK",
    "SliceThickness": 3.1,
    "SliceTiming": [
      0,
      0.0588,
      0.1176,
      0.1764,
      0.2352,
      0.2939,
      0.3527,
      0.4115,
      0.4703,
      0.5291,
      0.5879,
      0.6467,
      0.7055,
      0.7642,
      0.823,
      0.8818,
      0.9406,
      0.9994,
      1.0582,
      1.117,
      1.1758,
      1.2345,
      1.2933,
      1.3521,
      1.4109,
      1.4697,
      1.5285,
      1.5873,
      1.6461,
      1.7048,
      1.7636,
      1.8224,
      1.8812,
      1.94
    ],
    "SpacingBetweenSlices": 3.41,
    "TaskName": "rest",
    "TotalReadoutTime": 0.019894364749211,
    "dataset": "ds003469",
    "modality": "bold",
    "subject_id": "169",
    "task_id": "rest"
  },
  "dummy_trs": 0,
  "dvars_nstd": 20.6056045449164,
  "dvars_std": 1.1275708684615384,
  "dvars_vstd": 1.0619802100334448,
  "efc": 0.528625677774395,
  "fber": 10650.8427734375,
  "fd_mean": 0.2226039576345299,
  "fd_num": 113,
  "fd_perc": 37.666666666666664,
  "fwhm_avg": 2.0491875413626413,
  "fwhm_x": 1.9807923305803852,
  "fwhm_y": 2.274046000972005,
  "fwhm_z": 1.8927242925355339,
  "gcor": 0.0252826,
  "gsr_x": 0.0010259767295792699,
  "gsr_y": 0.03292975202202797,
  "provenance": {
    "md5sum": "9fed08aa88aa18bfaf7a7f9607855ab2",
    "settings": {
      "fd_thres": 0.2,
      "testing": false
    },
    "software": "mriqc",
    "version": "22.0.6",
    "webapi_port": null,
    "webapi_url": "https://mriqc.nimh.nih.gov/api/v1"
  },
  "size_t": 300,
  "size_x": 64,
  "size_y": 64,
  "size_z": 34,
  "snr": 6.480197326698485,
  "spacing_tr": 1.999998688697815,
  "spacing_x": 3.131312608718872,
  "spacing_y": 3.1313130855560303,
  "spacing_z": 3.4100000858306885,
  "summary_bg_k": 83.58881093993304,
  "summary_bg_mad": 1073.984086532312,
  "summary_bg_mean": 2838.909423828125,
  "summary_bg_median": 743.2935791015625,
  "summary_bg_n": 78038.0,
  "summary_bg_p05": 3.611931824684144,
  "summary_bg_p95": 11974.734765624997,
  "summary_bg_stdv": 6657.43994140625,
  "summary_fg_k": 1.6380998192642275,
  "summary_fg_mad": 11209.880085726949,
  "summary_fg_mean": 79494.234375,
  "summary_fg_median": 79146.515625,
  "summary_fg_n": 30378.0,
  "summary_fg_p05": 60581.8130859375,
  "summary_fg_p95": 98884.74453124999,
  "summary_fg_stdv": 12213.3955078125,
  "tsnr": 47.772483825683594
}