{
  "aor": 0.16722856666666666,
  "aqi": 0.051289974133333326,
  "bids_meta": {
    "AcquisitionMatrixPE": 62,
    "BodyPartExamined": "BRAIN",
    "EchoTime": 0.035001,
    "EffectiveEchoSpacing": 0.0003157835674478,
    "FlipAngle": 90,
    "ImageType": [
      "ORIGINAL",
      "PRIMARY",
      "M",
      "FFE",
      "M",
      "FFE"
    ],
    "InPlanePhaseEncodingDirectionDICOM": "COL",
    "Instructions": "Participants were asked to close their eyes, to not fall asleep, and to avoid consistent thinking about same topic during the period of scanning",
    "MRAcquisitionType": "2D",
    "MagneticFieldStrength": 3,
    "Manufacturer": "Philips",
    "ManufacturersModelName": "Ingenia",
    "NumberOfVolumesDiscardedByScanner": 0,
    "NumberOfVolumesDiscardedByUser (copy)": 0,
    "PatientPosition": "HFS",
    "PercentPhaseFOV": 100,
    "PhaseEncodingDirection": "j",
    "PhaseEncodingSteps": 62,
    "ReconMatrixPE": 64,
    "RepetitionTime": 2,
    "ScanOptions": "FS",
    "ScanningSequence": "GR",
    "SequenceVariant": "SK",
    "SliceThickness": 3.1,
    "SliceTiming": [
      0,
      0.0588,
      0.1176,
      0.1764,
      0.2352,
      0.2939,
      0.3527,
      0.4115,
      0.4703,
      0.5291,
      0.5879,
      0.6467,
      0.7055,
      0.7642,
      0.823,
      0.8818,
      0.9406,
      0.9994,
      1.0582,
      1.117,
      1.1758,
      1.2345,
      1.2933,
      1.3521,
      1.4109,
      1.4697,
      1.5285,
      1.5873,
      1.6461,
      1.7048,
      1.7636,
      1.8224,
      1.8812,
      1.94
    ],
    "SpacingBetweenSlices": 3.41,
    "TaskName": "rest",
    "TotalReadoutTime": 0.019894364749211,
    "dataset": "ds003469",
    "modality": "bold",
    "subject_id": "178",
    "task_id": "rest"
  },
  "dummy_trs": 0,
  "dvars_nstd": 39.06874768297659,
  "dvars_std": 2.9531642394648845,
  "dvars_vstd": 3.21747927444816,
  "efc": 0.4984594666574839,
  "fber": 25801.87109375,
  "fd_mean": 0.26158199461025344,
  "fd_num": 56,
  "fd_perc": 18.666666666666668,
  "fwhm_avg": 2.0252958601601154,
  "fwhm_x": 1.9725406495070914,
  "fwhm_y": 2.2609952,
  "fwhm_z": 1.8423517309732553,
  "gcor": 0.937054,
  "gsr_x": -0.009558605030179024,
  "gsr_y": 0.03791210055351257,
  "provenance": {
    "md5sum": "3e7e9bf0c5d9edd5a84e51b4b9b768e8",
    "settings": {
      "fd_thres": 0.2,
      "testing": false
    },
    "software": "mriqc",
    "version": "22.0.6",
    "webapi_port": null,
    "webapi_url": "https://mriqc.nimh.nih.gov/api/v1"
  },
  "size_t": 300,
  "size_x": 64,
  "size_y": 64,
  "size_z": 34,
  "snr": 5.780003457551254,
  "spacing_tr": 1.999998688697815,
  "spacing_x": 3.125000238418579,
  "spacing_y": 3.125,
  "spacing_z": 3.4100003242492676,
  "summary_bg_k": 131.50211312151913,
  "summary_bg_mad": 677.3466797635987,
  "summary_bg_mean": 2588.724853515625,
  "summary_bg_median": 462.29583740234375,
  "summary_bg_n": 81865.0,
  "summary_bg_p05": 1.9796494722366336,
  "summary_bg_p95": 11973.518359375,
  "summary_bg_stdv": 6346.052734375,
  "summary_fg_k": 2.2848871329282607,
  "summary_fg_mad": 12135.933122216262,
  "summary_fg_mean": 78963.65625,
  "summary_fg_median": 78663.1328125,
  "summary_fg_n": 26481.0,
  "summary_fg_p05": 57991.07421875,
  "summary_fg_p95": 99746.4921875,
  "summary_fg_stdv": 13609.2734375,
  "tsnr": 7.336728572845459
}