{
  "aor": 0.0011026333333333332,
  "aqi": 0.007436532266666666,
  "bids_meta": {
    "AcquisitionMatrixPE": 62,
    "BodyPartExamined": "BRAIN",
    "EchoTime": 0.035001,
    "EffectiveEchoSpacing": 0.0003157835674478,
    "FlipAngle": 90,
    "ImageType": [
      "ORIGINAL",
      "PRIMARY",
      "M",
      "FFE",
      "M",
      "FFE"
    ],
    "InPlanePhaseEncodingDirectionDICOM": "COL",
    "Instructions": "Participants were asked to close their eyes, to not fall asleep, and to avoid consistent thinking about same topic during the period of scanning",
    "MRAcquisitionType": "2D",
    "MagneticFieldStrength": 3,
    "Manufacturer": "Philips",
    "ManufacturersModelName": "Ingenia",
    "NumberOfVolumesDiscardedByScanner": 0,
    "NumberOfVolumesDiscardedByUser (copy)": 0,
    "PatientPosition": "HFS",
    "PercentPhaseFOV": 100,
    "PhaseEncodingDirection": "j",
    "PhaseEncodingSteps": 62,
    "ReconMatrixPE": 64,
    "RepetitionTime": 2,
    "ScanOptions": "FS",
    "ScanningSequence": "GR",
    "SequenceVariant": "SK",
    "SliceThickness": 3.1,
    "SliceTiming": [
      0,
      0.0588,
      0.1176,
      0.1764,
      0.2352,
      0.2939,
      0.3527,
      0.4115,
      0.4703,
      0.5291,
      0.5879,
      0.6467,
      0.7055,
      0.7642,
      0.823,
      0.8818,
      0.9406,
      0.9994,
      1.0582,
      1.117,
      1.1758,
      1.2345,
      1.2933,
      1.3521,
      1.4109,
      1.4697,
      1.5285,
      1.5873,
      1.6461,
      1.7048,
      1.7636,
      1.8224,
      1.8812,
      1.94
    ],
    "SpacingBetweenSlices": 3.41,
    "TaskName": "rest",
    "TotalReadoutTime": 0.019894364749211,
    "dataset": "ds003469",
    "modality": "bold",
    "subject_id": "174",
    "task_id": "rest"
  },
  "dummy_trs": 0,
  "dvars_nstd": 24.389926738193974,
  "dvars_std": 1.1617990518060193,
  "dvars_vstd": 1.0081763689632102,
  "efc": 0.5394875000417959,
  "fber": 7389.75146484375,
  "fd_mean": 0.17577630690400448,
  "fd_num": 95,
  "fd_perc": 31.666666666666668,
  "fwhm_avg": 2.0134143417096975,
  "fwhm_x": 1.945410903153854,
  "fwhm_y": 2.2945151999999998,
  "fwhm_z": 1.8003169219752386,
  "gcor": 0.077219,
  "gsr_x": -0.005722778849303722,
  "gsr_y": 0.03073456697165966,
  "provenance": {
    "md5sum": "080ab36e3d4a6733b4a784087ed03de1",
    "settings": {
      "fd_thres": 0.2,
      "testing": false
    },
    "software": "mriqc",
    "version": "22.0.6",
    "webapi_port": null,
    "webapi_url": "https://mriqc.nimh.nih.gov/api/v1"
  },
  "size_t": 300,
  "size_x": 64,
  "size_y": 64,
  "size_z": 34,
  "snr": 6.191411722364487,
  "spacing_tr": 1.999998688697815,
  "spacing_x": 3.125000476837158,
  "spacing_y": 3.125,
  "spacing_z": 3.4099996089935303,
  "summary_bg_k": 110.11742461008929,
  "summary_bg_mad": 1174.2679585736826,
  "summary_bg_mean": 2393.685302734375,
  "summary_bg_median": 835.32958984375,
  "summary_bg_n": 74686.0,
  "summary_bg_p05": 5.069243550300598,
  "summary_bg_p95": 8928.568603515625,
  "summary_bg_stdv": 4957.40087890625,
  "summary_fg_k": 2.7339807469115796,
  "summary_fg_mad": 11233.36427321148,
  "summary_fg_mean": 78150.6875,
  "summary_fg_median": 77572.0390625,
  "summary_fg_n": 32431.0,
  "summary_fg_p05": 59414.66796875,
  "summary_fg_p95": 97358.91796875,
  "summary_fg_stdv": 12528.78125,
  "tsnr": 66.8812255859375
}