{
  "bids_meta": {
    "AcquisitionMatrixPE": 250,
    "EchoTime": 0.0035,
    "EchoTrainLength": 213,
    "FlipAngle": 8,
    "MagneticFieldStrength": 3,
    "Manufacturer": "Philips",
    "ManufacturersModelName": "Ingenia",
    "PercentPhaseFOV": 79.6875,
    "PhaseEncodingSteps": 250,
    "PixelBandwidth": 334.024,
    "ProtocolName": "sT1W_3D_TFE_tra",
    "ReconMatrixPE": 256,
    "RepetitionTime": 0.0079,
    "ScanOptions": "OTHER",
    "ScanningSequence": "GR",
    "SequenceVariant": "MP",
    "SeriesDescription": "t1_mpr_ns_sag_p2_iso",
    "SliceThickness": 1,
    "SoftwareVersions": "5.6.1_5.6.1.0",
    "SpacingBetweenSlices": 1,
    "dataset": "ds003469",
    "modality": "T1w",
    "subject_id": "193"
  },
  "cjv": 0.30442204102303644,
  "cnr": 4.40557980243281,
  "efc": 0.7354474185929242,
  "fber": 11703.582820868874,
  "fwhm_avg": 4.702924770062126,
  "fwhm_x": 4.6358940429525175,
  "fwhm_y": 4.989439999999999,
  "fwhm_z": 4.483440267233864,
  "icvs_csf": 0.19637349165726584,
  "icvs_gm": 0.46410166765757666,
  "icvs_wm": 0.3395248406851575,
  "inu_med": 0.4951759874820709,
  "inu_range": 0.2703912794589996,
  "provenance": {
    "md5sum": "5187fa5d305f675839272e8f0e47b4fc",
    "settings": {
      "testing": false
    },
    "software": "mriqc",
    "version": "22.0.6",
    "warnings": {
      "large_rot_frame": true,
      "small_air_mask": true
    },
    "webapi_port": null,
    "webapi_url": "https://mriqc.nimh.nih.gov/api/v1"
  },
  "qi_1": 0.0,
  "qi_2": 0.00012530066354357334,
  "rpve_csf": 23.621834449225144,
  "rpve_gm": 10.906373987230557,
  "rpve_wm": 16.670687689969604,
  "size_x": 256,
  "size_y": 256,
  "size_z": 170,
  "snr_csf": 2.2986206937704567,
  "snr_gm": 12.92085511530868,
  "snr_total": 14.46804120275811,
  "snr_wm": 28.184647799195197,
  "snrd_csf": 25.716577822543638,
  "snrd_gm": 66.73977562493607,
  "snrd_total": 62.14498330354843,
  "snrd_wm": 93.97859646316559,
  "spacing_x": 0.9765624403953552,
  "spacing_y": 0.9765625,
  "spacing_z": 0.9999999403953552,
  "summary_bg_k": 6.1009813270721445,
  "summary_bg_mad": 0.0,
  "summary_bg_mean": 3.937858706336643,
  "summary_bg_median": 0.0,
  "summary_bg_n": 215590.0,
  "summary_bg_p05": 0.0,
  "summary_bg_p95": 19.46684107929468,
  "summary_bg_stdv": 6.971292293379517,
  "summary_csf_k": 0.13707355705591473,
  "summary_csf_mad": 120.364283183706,
  "summary_csf_mean": 270.24736577078625,
  "summary_csf_median": 273.64954959973693,
  "summary_csf_n": 39761.0,
  "summary_csf_p05": 74.79237822629511,
  "summary_csf_p95": 463.4270376339555,
  "summary_csf_stdv": 119.04796173604954,
  "summary_gm_k": 0.2794570952768973,
  "summary_gm_mad": 53.70264468918108,
  "summary_gm_mean": 709.4045713926515,
  "summary_gm_median": 710.176512060687,
  "summary_gm_n": 75924.0,
  "summary_gm_p05": 618.4596040900797,
  "summary_gm_p95": 798.0920592732728,
  "summary_gm_stdv": 54.96322254345896,
  "summary_wm_k": 0.3471681917251459,
  "summary_wm_mad": 34.53338515440655,
  "summary_wm_mean": 1000.1635689507106,
  "summary_wm_median": 1000.0242167375982,
  "summary_wm_n": 201644.0,
  "summary_wm_p05": 942.5679805669934,
  "summary_wm_p95": 1058.497377442196,
  "summary_wm_stdv": 35.48107977724977,
  "tpm_overlap_csf": 0.14920746173954633,
  "tpm_overlap_gm": 0.4844351896840758,
  "tpm_overlap_wm": 0.5109714644236437,
  "wm2max": 0.8534275041881184
}