{
  "aor": 0.0012994000000000003,
  "aqi": 0.010198566433333334,
  "bids_meta": {
    "AcquisitionMatrixPE": 62,
    "BodyPartExamined": "BRAIN",
    "EchoTime": 0.035001,
    "EffectiveEchoSpacing": 0.0003157835674478,
    "FlipAngle": 90,
    "ImageType": [
      "ORIGINAL",
      "PRIMARY",
      "M",
      "FFE",
      "M",
      "FFE"
    ],
    "InPlanePhaseEncodingDirectionDICOM": "COL",
    "Instructions": "Participants were asked to close their eyes, to not fall asleep, and to avoid consistent thinking about same topic during the period of scanning",
    "MRAcquisitionType": "2D",
    "MagneticFieldStrength": 3,
    "Manufacturer": "Philips",
    "ManufacturersModelName": "Ingenia",
    "NumberOfVolumesDiscardedByScanner": 0,
    "NumberOfVolumesDiscardedByUser (copy)": 0,
    "PatientPosition": "HFS",
    "PercentPhaseFOV": 100,
    "PhaseEncodingDirection": "j",
    "PhaseEncodingSteps": 62,
    "ReconMatrixPE": 64,
    "RepetitionTime": 2,
    "ScanOptions": "FS",
    "ScanningSequence": "GR",
    "SequenceVariant": "SK",
    "SliceThickness": 3.1,
    "SliceTiming": [
      0,
      0.0588,
      0.1176,
      0.1764,
      0.2352,
      0.2939,
      0.3527,
      0.4115,
      0.4703,
      0.5291,
      0.5879,
      0.6467,
      0.7055,
      0.7642,
      0.823,
      0.8818,
      0.9406,
      0.9994,
      1.0582,
      1.117,
      1.1758,
      1.2345,
      1.2933,
      1.3521,
      1.4109,
      1.4697,
      1.5285,
      1.5873,
      1.6461,
      1.7048,
      1.7636,
      1.8224,
      1.8812,
      1.94
    ],
    "SpacingBetweenSlices": 3.41,
    "TaskName": "rest",
    "TotalReadoutTime": 0.019894364749211,
    "dataset": "ds003469",
    "modality": "bold",
    "subject_id": "060",
    "task_id": "rest"
  },
  "dummy_trs": 0,
  "dvars_nstd": 30.226952326254164,
  "dvars_std": 1.1454234230434783,
  "dvars_vstd": 1.002350309832775,
  "efc": 0.5053387054544652,
  "fber": 16863.490234375,
  "fd_mean": 0.3281378520796037,
  "fd_num": 221,
  "fd_perc": 73.66666666666667,
  "fwhm_avg": 1.9836924611659699,
  "fwhm_x": 1.9613952000000001,
  "fwhm_y": 2.1695648,
  "fwhm_z": 1.8201173834979096,
  "gcor": 0.063839,
  "gsr_x": -0.001135767437517643,
  "gsr_y": 0.020140577107667923,
  "provenance": {
    "md5sum": "884eb389fa8596c6cff3cd3daff56568",
    "settings": {
      "fd_thres": 0.2,
      "testing": false
    },
    "software": "mriqc",
    "version": "22.0.6",
    "webapi_port": null,
    "webapi_url": "https://mriqc.nimh.nih.gov/api/v1"
  },
  "size_t": 300,
  "size_x": 64,
  "size_y": 64,
  "size_z": 34,
  "snr": 5.901250847322527,
  "spacing_tr": 1.999998688697815,
  "spacing_x": 3.125,
  "spacing_y": 3.125,
  "spacing_z": 3.4099998474121094,
  "summary_bg_k": 128.09381432664247,
  "summary_bg_mad": 764.617291975821,
  "summary_bg_mean": 1873.1298828125,
  "summary_bg_median": 547.63916015625,
  "summary_bg_n": 78886.0,
  "summary_bg_p05": 3.963687300682068,
  "summary_bg_p95": 6962.7535400390625,
  "summary_bg_stdv": 4887.939453125,
  "summary_fg_k": 1.859616295183403,
  "summary_fg_mad": 11441.177614643653,
  "summary_fg_mean": 75252.6328125,
  "summary_fg_median": 74876.625,
  "summary_fg_n": 28912.0,
  "summary_fg_p05": 55283.90546875,
  "summary_fg_p95": 95028.57499999997,
  "summary_fg_stdv": 12688.0439453125,
  "tsnr": 54.196678161621094
}