{
  "bids_meta": {
    "AcquisitionMatrixPE": 250,
    "EchoTime": 0.0035,
    "EchoTrainLength": 213,
    "FlipAngle": 8,
    "MagneticFieldStrength": 3,
    "Manufacturer": "Philips",
    "ManufacturersModelName": "Ingenia",
    "PercentPhaseFOV": 79.6875,
    "PhaseEncodingSteps": 250,
    "PixelBandwidth": 334.024,
    "ProtocolName": "sT1W_3D_TFE_tra",
    "ReconMatrixPE": 256,
    "RepetitionTime": 0.0079,
    "ScanOptions": "OTHER",
    "ScanningSequence": "GR",
    "SequenceVariant": "MP",
    "SeriesDescription": "t1_mpr_ns_sag_p2_iso",
    "SliceThickness": 1,
    "SoftwareVersions": "5.6.1_5.6.1.0",
    "SpacingBetweenSlices": 1,
    "dataset": "ds003469",
    "modality": "T1w",
    "subject_id": "201"
  },
  "cjv": 0.2702402037075428,
  "cnr": 4.893460497664627,
  "efc": 0.7387636602080919,
  "fber": -1.0,
  "fwhm_avg": 4.35092486348166,
  "fwhm_x": 4.219254672115312,
  "fwhm_y": 4.627289918329669,
  "fwhm_z": 4.20623,
  "icvs_csf": 0.2110202334127777,
  "icvs_gm": 0.47540431781870635,
  "icvs_wm": 0.31357544876851595,
  "inu_med": 0.5818964540958405,
  "inu_range": 0.34721029251813884,
  "provenance": {
    "md5sum": "40fc0d784a681e8f5ae31a18f49d32fd",
    "settings": {
      "testing": false
    },
    "software": "mriqc",
    "version": "22.0.6",
    "warnings": {
      "large_rot_frame": true,
      "small_air_mask": true
    },
    "webapi_port": null,
    "webapi_url": "https://mriqc.nimh.nih.gov/api/v1"
  },
  "qi_1": 0.0,
  "qi_2": 0.00011451148003297951,
  "rpve_csf": 21.998666844420743,
  "rpve_gm": 10.511866147329135,
  "rpve_wm": 17.39862683015875,
  "size_x": 256,
  "size_y": 256,
  "size_z": 170,
  "snr_csf": 2.5117818510593013,
  "snr_gm": 11.975822877534032,
  "snr_total": 13.66420005319896,
  "snr_wm": 26.50499543100354,
  "snrd_csf": 22.86340942546119,
  "snrd_gm": 67.70679684444353,
  "snrd_total": 63.93978402859531,
  "snrd_wm": 101.24914581588122,
  "spacing_x": 0.9743024110794067,
  "spacing_y": 0.9743024706840515,
  "spacing_z": 1.0,
  "summary_bg_k": 11.430436727051788,
  "summary_bg_mad": 0.0,
  "summary_bg_mean": 2.942050144484087,
  "summary_bg_median": 0.0,
  "summary_bg_n": 234971.0,
  "summary_bg_p05": 0.0,
  "summary_bg_p95": 18.33198979496956,
  "summary_bg_stdv": 6.470537361937383,
  "summary_csf_k": 2.322660434599195,
  "summary_csf_mad": 66.1369297284055,
  "summary_csf_mean": 233.24254846577387,
  "summary_csf_median": 225.81334956921637,
  "summary_csf_n": 49550.0,
  "summary_csf_p05": 95.09593799617141,
  "summary_csf_p95": 399.7922425540163,
  "summary_csf_stdv": 89.90074947042895,
  "summary_gm_k": 0.30572834428570683,
  "summary_gm_mad": 54.320763621129,
  "summary_gm_mean": 670.317775533797,
  "summary_gm_median": 668.7147266417742,
  "summary_gm_n": 65913.0,
  "summary_gm_p05": 581.5874125063419,
  "summary_gm_p95": 762.7668995596468,
  "summary_gm_stdv": 55.838305288364644,
  "summary_wm_k": 0.7228609123160536,
  "summary_wm_mad": 35.205828243797,
  "summary_wm_mean": 998.8101143720728,
  "summary_wm_median": 999.9999707937241,
  "summary_wm_n": 179951.0,
  "summary_wm_p05": 935.1329299807549,
  "summary_wm_p95": 1058.5213228315115,
  "summary_wm_stdv": 37.72863099934994,
  "tpm_overlap_csf": 0.16124821644717727,
  "tpm_overlap_gm": 0.48651159945780065,
  "tpm_overlap_wm": 0.4992221514681462,
  "wm2max": 0.848148306351715
}