{
  "aor": 0.0015524666666666667,
  "aqi": 0.004965335833333333,
  "bids_meta": {
    "AcquisitionMatrixPE": 62,
    "BodyPartExamined": "BRAIN",
    "EchoTime": 0.035001,
    "EffectiveEchoSpacing": 0.0003157835674478,
    "FlipAngle": 90,
    "ImageType": [
      "ORIGINAL",
      "PRIMARY",
      "M",
      "FFE",
      "M",
      "FFE"
    ],
    "InPlanePhaseEncodingDirectionDICOM": "COL",
    "Instructions": "Participants were asked to close their eyes, to not fall asleep, and to avoid consistent thinking about same topic during the period of scanning",
    "MRAcquisitionType": "2D",
    "MagneticFieldStrength": 3,
    "Manufacturer": "Philips",
    "ManufacturersModelName": "Ingenia",
    "NumberOfVolumesDiscardedByScanner": 0,
    "NumberOfVolumesDiscardedByUser (copy)": 0,
    "PatientPosition": "HFS",
    "PercentPhaseFOV": 100,
    "PhaseEncodingDirection": "j",
    "PhaseEncodingSteps": 62,
    "ReconMatrixPE": 64,
    "RepetitionTime": 2,
    "ScanOptions": "FS",
    "ScanningSequence": "GR",
    "SequenceVariant": "SK",
    "SliceThickness": 3.1,
    "SliceTiming": [
      0,
      0.0588,
      0.1176,
      0.1764,
      0.2352,
      0.2939,
      0.3527,
      0.4115,
      0.4703,
      0.5291,
      0.5879,
      0.6467,
      0.7055,
      0.7642,
      0.823,
      0.8818,
      0.9406,
      0.9994,
      1.0582,
      1.117,
      1.1758,
      1.2345,
      1.2933,
      1.3521,
      1.4109,
      1.4697,
      1.5285,
      1.5873,
      1.6461,
      1.7048,
      1.7636,
      1.8224,
      1.8812,
      1.94
    ],
    "SpacingBetweenSlices": 3.41,
    "TaskName": "rest",
    "TotalReadoutTime": 0.019894364749211,
    "dataset": "ds003469",
    "modality": "bold",
    "subject_id": "175",
    "task_id": "rest"
  },
  "dummy_trs": 0,
  "dvars_nstd": 24.938664165384612,
  "dvars_std": 1.2779083890635448,
  "dvars_vstd": 1.003190232909699,
  "efc": 0.48479450261120954,
  "fber": 24335.0703125,
  "fd_mean": 0.14595059827074047,
  "fd_num": 54,
  "fd_perc": 18.0,
  "fwhm_avg": 2.043187415621882,
  "fwhm_x": 2.0088321532617304,
  "fwhm_y": 2.2937536,
  "fwhm_z": 1.8269764936039148,
  "gcor": 0.026206,
  "gsr_x": -0.0028727876488119364,
  "gsr_y": 0.02547149360179901,
  "provenance": {
    "md5sum": "cad95c2f54255e1b64e2af7e787fe145",
    "settings": {
      "fd_thres": 0.2,
      "testing": false
    },
    "software": "mriqc",
    "version": "22.0.6",
    "webapi_port": null,
    "webapi_url": "https://mriqc.nimh.nih.gov/api/v1"
  },
  "size_t": 300,
  "size_x": 64,
  "size_y": 64,
  "size_z": 34,
  "snr": 5.423247966932066,
  "spacing_tr": 1.999998688697815,
  "spacing_x": 3.124999761581421,
  "spacing_y": 3.125,
  "spacing_z": 3.4100000858306885,
  "summary_bg_k": 170.80017330386192,
  "summary_bg_mad": 686.7504727664787,
  "summary_bg_mean": 1842.0953369140625,
  "summary_bg_median": 470.5072937011719,
  "summary_bg_n": 81811.0,
  "summary_bg_p05": 1.2093383073806763,
  "summary_bg_p95": 6489.347412109375,
  "summary_bg_stdv": 5555.62744140625,
  "summary_fg_k": 1.9683331723517874,
  "summary_fg_mad": 12843.377619869907,
  "summary_fg_mean": 77079.4140625,
  "summary_fg_median": 75918.453125,
  "summary_fg_n": 26565.0,
  "summary_fg_p05": 57376.515625,
  "summary_fg_p95": 100242.2578125,
  "summary_fg_stdv": 13998.4423828125,
  "tsnr": 75.34041595458984
}