{
  "bids_meta": {
    "AcquisitionMatrixPE": 250,
    "EchoTime": 0.0035,
    "EchoTrainLength": 213,
    "FlipAngle": 8,
    "MagneticFieldStrength": 3,
    "Manufacturer": "Philips",
    "ManufacturersModelName": "Ingenia",
    "PercentPhaseFOV": 79.6875,
    "PhaseEncodingSteps": 250,
    "PixelBandwidth": 334.024,
    "ProtocolName": "sT1W_3D_TFE_tra",
    "ReconMatrixPE": 256,
    "RepetitionTime": 0.0079,
    "ScanOptions": "OTHER",
    "ScanningSequence": "GR",
    "SequenceVariant": "MP",
    "SeriesDescription": "t1_mpr_ns_sag_p2_iso",
    "SliceThickness": 1,
    "SoftwareVersions": "5.6.1_5.6.1.0",
    "SpacingBetweenSlices": 1,
    "dataset": "ds003469",
    "modality": "T1w",
    "subject_id": "153"
  },
  "cjv": 0.3156474687577344,
  "cnr": 4.308543167992579,
  "efc": 0.7241493584755807,
  "fber": -1.0,
  "fwhm_avg": 5.098241110095038,
  "fwhm_x": 5.170688315593769,
  "fwhm_y": 5.17993472,
  "fwhm_z": 4.944100294691341,
  "icvs_csf": 0.21265288346167982,
  "icvs_gm": 0.43171912810614416,
  "icvs_wm": 0.355627988432176,
  "inu_med": 0.45319582521915436,
  "inu_range": 0.21748265177011494,
  "provenance": {
    "md5sum": "033745ab858f709faefc9b535e72cd84",
    "settings": {
      "testing": false
    },
    "software": "mriqc",
    "version": "22.0.6",
    "warnings": {
      "large_rot_frame": true,
      "small_air_mask": false
    },
    "webapi_port": null,
    "webapi_url": "https://mriqc.nimh.nih.gov/api/v1"
  },
  "qi_1": 0.0,
  "qi_2": 1.6280605461231586e-05,
  "rpve_csf": 24.31540887963378,
  "rpve_gm": 12.260591960275615,
  "rpve_wm": 16.98303208241648,
  "size_x": 256,
  "size_y": 256,
  "size_z": 170,
  "snr_csf": 1.8967276021147605,
  "snr_gm": 13.861273982848799,
  "snr_total": 14.685798719155443,
  "snr_wm": 28.29939457250277,
  "snrd_csf": 15.916787117177407,
  "snrd_gm": 58.77041845147118,
  "snrd_total": 51.892460523247514,
  "snrd_wm": 80.99017600109396,
  "spacing_x": 0.9765624403953552,
  "spacing_y": 0.9765625,
  "spacing_z": 0.9999999403953552,
  "summary_bg_k": 79.59321330142582,
  "summary_bg_mad": 0.0,
  "summary_bg_mean": 4.544932147257359,
  "summary_bg_median": 0.0,
  "summary_bg_n": 387359.0,
  "summary_bg_p05": 0.0,
  "summary_bg_p95": 19.22388930246234,
  "summary_bg_stdv": 8.089277780435125,
  "summary_csf_k": 0.9718020368865088,
  "summary_csf_mad": 74.22381956347282,
  "summary_csf_mean": 228.96330638847758,
  "summary_csf_median": 196.53206929564476,
  "summary_csf_n": 58368.0,
  "summary_csf_p05": 104.65809709578753,
  "summary_csf_p95": 435.7812424879521,
  "summary_csf_stdv": 103.61550362278354,
  "summary_gm_k": 0.2808655089007357,
  "summary_gm_mad": 51.41564251800356,
  "summary_gm_mean": 725.5077124773505,
  "summary_gm_median": 725.6660446990281,
  "summary_gm_n": 54106.0,
  "summary_gm_p05": 640.1602839678526,
  "summary_gm_p95": 810.3787603690289,
  "summary_gm_stdv": 52.35156159523685,
  "summary_wm_k": 0.04330913819035631,
  "summary_wm_mad": 35.18470722518125,
  "summary_wm_mean": 999.6514519770392,
  "summary_wm_median": 1000.0238593965769,
  "summary_wm_n": 212599.0,
  "summary_wm_p05": 940.8972817528993,
  "summary_wm_p95": 1056.598382256925,
  "summary_wm_stdv": 35.3372050038088,
  "tpm_overlap_csf": 0.13880050701803087,
  "tpm_overlap_gm": 0.4746709807408259,
  "tpm_overlap_wm": 0.5123833248001434,
  "wm2max": 0.7913863985332401
}