{
  "aor": 0.09344650000000002,
  "aqi": 0.23097889,
  "bids_meta": {
    "AcquisitionMatrixPE": 62,
    "BodyPartExamined": "BRAIN",
    "EchoTime": 0.035001,
    "EffectiveEchoSpacing": 0.0003157835674478,
    "FlipAngle": 90,
    "ImageType": [
      "ORIGINAL",
      "PRIMARY",
      "M",
      "FFE",
      "M",
      "FFE"
    ],
    "InPlanePhaseEncodingDirectionDICOM": "COL",
    "Instructions": "Participants were asked to close their eyes, to not fall asleep, and to avoid consistent thinking about same topic during the period of scanning",
    "MRAcquisitionType": "2D",
    "MagneticFieldStrength": 3,
    "Manufacturer": "Philips",
    "ManufacturersModelName": "Ingenia",
    "NumberOfVolumesDiscardedByScanner": 0,
    "NumberOfVolumesDiscardedByUser (copy)": 0,
    "PatientPosition": "HFS",
    "PercentPhaseFOV": 100,
    "PhaseEncodingDirection": "j",
    "PhaseEncodingSteps": 62,
    "ReconMatrixPE": 64,
    "RepetitionTime": 2,
    "ScanOptions": "FS",
    "ScanningSequence": "GR",
    "SequenceVariant": "SK",
    "SliceThickness": 3.1,
    "SliceTiming": [
      0,
      0.0588,
      0.1176,
      0.1764,
      0.2352,
      0.2939,
      0.3527,
      0.4115,
      0.4703,
      0.5291,
      0.5879,
      0.6467,
      0.7055,
      0.7642,
      0.823,
      0.8818,
      0.9406,
      0.9994,
      1.0582,
      1.117,
      1.1758,
      1.2345,
      1.2933,
      1.3521,
      1.4109,
      1.4697,
      1.5285,
      1.5873,
      1.6461,
      1.7048,
      1.7636,
      1.8224,
      1.8812,
      1.94
    ],
    "SpacingBetweenSlices": 3.41,
    "TaskName": "rest",
    "TotalReadoutTime": 0.019894364749211,
    "dataset": "ds003469",
    "modality": "bold",
    "subject_id": "201",
    "task_id": "rest"
  },
  "dummy_trs": 0,
  "dvars_nstd": 62.5268331867559,
  "dvars_std": 0.5735829002341137,
  "dvars_vstd": 0.4797278046822742,
  "efc": 0.49816417816017644,
  "fber": 35035.19140625,
  "fd_mean": 0.7420888284123489,
  "fd_num": 224,
  "fd_perc": 74.66666666666667,
  "fwhm_avg": 3.400524893495174,
  "fwhm_x": 3.0354557684131036,
  "fwhm_y": 4.022336,
  "fwhm_z": 3.143782912072419,
  "gcor": 0.876685,
  "gsr_x": -0.005144594702869654,
  "gsr_y": 0.02897355519235134,
  "provenance": {
    "md5sum": "380a2f61a1a8a8c0b8ea42d66066c443",
    "settings": {
      "fd_thres": 0.2,
      "testing": false
    },
    "software": "mriqc",
    "version": "22.0.6",
    "webapi_port": null,
    "webapi_url": "https://mriqc.nimh.nih.gov/api/v1"
  },
  "size_t": 300,
  "size_x": 64,
  "size_y": 64,
  "size_z": 34,
  "snr": 4.760146923745621,
  "spacing_tr": 1.999998688697815,
  "spacing_x": 3.125000238418579,
  "spacing_y": 3.125,
  "spacing_z": 3.4100000858306885,
  "summary_bg_k": 40.177515010296446,
  "summary_bg_mad": 937.5391513889942,
  "summary_bg_mean": 4568.39111328125,
  "summary_bg_median": 691.9256591796875,
  "summary_bg_n": 81658.0,
  "summary_bg_p05": 35.9756664276123,
  "summary_bg_p95": 22273.6513671875,
  "summary_bg_stdv": 11375.8486328125,
  "summary_fg_k": -1.121143078649505,
  "summary_fg_mad": 36837.37177663095,
  "summary_fg_mean": 138009.96875,
  "summary_fg_median": 143112.421875,
  "summary_fg_n": 27205.0,
  "summary_fg_p05": 89727.6109375,
  "summary_fg_p95": 176893.671875,
  "summary_fg_stdv": 30064.154296875,
  "tsnr": 3.142151355743408
}