{
  "aor": 0.0025957190635451507,
  "aqi": 0.00500633160535117,
  "bids_meta": {
    "AcquisitionMatrixPE": 62,
    "BodyPartExamined": "BRAIN",
    "EchoTime": 0.035001,
    "EffectiveEchoSpacing": 0.0003157835674478,
    "FlipAngle": 90,
    "ImageType": [
      "ORIGINAL",
      "PRIMARY",
      "M",
      "FFE",
      "M",
      "FFE"
    ],
    "InPlanePhaseEncodingDirectionDICOM": "COL",
    "Instructions": "Participants were asked to close their eyes, to not fall asleep, and to avoid consistent thinking about same topic during the period of scanning",
    "MRAcquisitionType": "2D",
    "MagneticFieldStrength": 3,
    "Manufacturer": "Philips",
    "ManufacturersModelName": "Ingenia",
    "NumberOfVolumesDiscardedByScanner": 0,
    "NumberOfVolumesDiscardedByUser (copy)": 0,
    "PatientPosition": "HFS",
    "PercentPhaseFOV": 100,
    "PhaseEncodingDirection": "j",
    "PhaseEncodingSteps": 62,
    "ReconMatrixPE": 64,
    "RepetitionTime": 2,
    "ScanOptions": "FS",
    "ScanningSequence": "GR",
    "SequenceVariant": "SK",
    "SliceThickness": 3.1,
    "SliceTiming": [
      0,
      0.0588,
      0.1176,
      0.1764,
      0.2352,
      0.2939,
      0.3527,
      0.4115,
      0.4703,
      0.5291,
      0.5879,
      0.6467,
      0.7055,
      0.7642,
      0.823,
      0.8818,
      0.9406,
      0.9994,
      1.0582,
      1.117,
      1.1758,
      1.2345,
      1.2933,
      1.3521,
      1.4109,
      1.4697,
      1.5285,
      1.5873,
      1.6461,
      1.7048,
      1.7636,
      1.8224,
      1.8812,
      1.94
    ],
    "SpacingBetweenSlices": 3.41,
    "TaskName": "rest",
    "TotalReadoutTime": 0.019894364749211,
    "dataset": "ds003469",
    "modality": "bold",
    "subject_id": "046",
    "task_id": "rest"
  },
  "dummy_trs": 1,
  "dvars_nstd": 23.671812102550337,
  "dvars_std": 1.1113813843288587,
  "dvars_vstd": 1.0186693139932883,
  "efc": 0.5382202892851128,
  "fber": 23445.783203125,
  "fd_mean": 0.23431847817990428,
  "fd_num": 161,
  "fd_perc": 53.84615384615385,
  "fwhm_avg": 1.9482113979303108,
  "fwhm_x": 1.9018369450986439,
  "fwhm_y": 2.1956448,
  "fwhm_z": 1.7471524486922883,
  "gcor": 0.0336877,
  "gsr_x": 0.004479734227061272,
  "gsr_y": 0.034536588937044144,
  "provenance": {
    "md5sum": "7577e3451356b4f2e32d6b414328f13f",
    "settings": {
      "fd_thres": 0.2,
      "testing": false
    },
    "software": "mriqc",
    "version": "22.0.6",
    "webapi_port": null,
    "webapi_url": "https://mriqc.nimh.nih.gov/api/v1"
  },
  "size_t": 299,
  "size_x": 64,
  "size_y": 64,
  "size_z": 34,
  "snr": 4.9965272124089655,
  "spacing_tr": 1.999998688697815,
  "spacing_x": 3.124999761581421,
  "spacing_y": 3.125,
  "spacing_z": 3.4100000858306885,
  "summary_bg_k": 38.83400151951913,
  "summary_bg_mad": 634.1650884571774,
  "summary_bg_mean": 2774.47021484375,
  "summary_bg_median": 438.70086669921875,
  "summary_bg_n": 75733.0,
  "summary_bg_p05": 4.379152011871339,
  "summary_bg_p95": 13258.746289062496,
  "summary_bg_stdv": 5905.00146484375,
  "summary_fg_k": 2.3464878562784213,
  "summary_fg_mad": 11501.040574923274,
  "summary_fg_mean": 74101.7421875,
  "summary_fg_median": 72489.140625,
  "summary_fg_n": 31824.0,
  "summary_fg_p05": 54207.25,
  "summary_fg_p95": 101139.083984375,
  "summary_fg_stdv": 14507.6767578125,
  "tsnr": 66.55484008789062
}