{
  "bids_meta": {
    "AcquisitionMatrixPE": 250,
    "EchoTime": 0.0035,
    "EchoTrainLength": 213,
    "FlipAngle": 8,
    "MagneticFieldStrength": 3,
    "Manufacturer": "Philips",
    "ManufacturersModelName": "Ingenia",
    "PercentPhaseFOV": 79.6875,
    "PhaseEncodingSteps": 250,
    "PixelBandwidth": 334.024,
    "ProtocolName": "sT1W_3D_TFE_tra",
    "ReconMatrixPE": 256,
    "RepetitionTime": 0.0079,
    "ScanOptions": "OTHER",
    "ScanningSequence": "GR",
    "SequenceVariant": "MP",
    "SeriesDescription": "t1_mpr_ns_sag_p2_iso",
    "SliceThickness": 1,
    "SoftwareVersions": "5.6.1_5.6.1.0",
    "SpacingBetweenSlices": 1,
    "dataset": "ds003469",
    "modality": "T1w",
    "subject_id": "200"
  },
  "cjv": 0.3092325436478447,
  "cnr": 4.340415441180361,
  "efc": 0.7328875324308478,
  "fber": 17399.5923686057,
  "fwhm_avg": 4.455558920318008,
  "fwhm_x": 4.42702848,
  "fwhm_y": 4.66855879010757,
  "fwhm_z": 4.271089490846456,
  "icvs_csf": 0.2275312446065244,
  "icvs_gm": 0.44528565810170473,
  "icvs_wm": 0.32718309729177086,
  "inu_med": 0.5266395211219788,
  "inu_range": 0.2732194930315017,
  "provenance": {
    "md5sum": "50f7d395869bed9261516e9e8dd2aa34",
    "settings": {
      "testing": false
    },
    "software": "mriqc",
    "version": "22.0.6",
    "warnings": {
      "large_rot_frame": true,
      "small_air_mask": true
    },
    "webapi_port": null,
    "webapi_url": "https://mriqc.nimh.nih.gov/api/v1"
  },
  "qi_1": 0.0,
  "qi_2": 7.447952693477547e-05,
  "rpve_csf": 21.182011091154106,
  "rpve_gm": 11.250919190230585,
  "rpve_wm": 17.567149480679763,
  "size_x": 256,
  "size_y": 256,
  "size_z": 170,
  "snr_csf": 2.3966956423666996,
  "snr_gm": 11.641815168473086,
  "snr_total": 14.082054125505854,
  "snr_wm": 28.20765156567777,
  "snrd_csf": 24.310263716878463,
  "snrd_gm": 64.77225486924192,
  "snrd_total": 60.689211725638735,
  "snrd_wm": 92.98511659079583,
  "spacing_x": 0.9765625,
  "spacing_y": 0.9765626192092896,
  "spacing_z": 1.0000001192092896,
  "summary_bg_k": 7.293913601268612,
  "summary_bg_mad": 0.0,
  "summary_bg_mean": 4.072257535977485,
  "summary_bg_median": 0.0,
  "summary_bg_n": 223780.0,
  "summary_bg_p05": 0.0,
  "summary_bg_p95": 18.80495884269476,
  "summary_bg_stdv": 7.045604749637525,
  "summary_csf_k": 0.702650865859423,
  "summary_csf_mad": 100.36176244787487,
  "summary_csf_mean": 268.1713079697741,
  "summary_csf_median": 261.44251717440784,
  "summary_csf_n": 47440.0,
  "summary_csf_p05": 86.27871013060212,
  "summary_csf_p95": 454.949684654083,
  "summary_csf_stdv": 109.08342178758328,
  "summary_gm_k": 0.1994563711543833,
  "summary_gm_mad": 59.335867470981796,
  "summary_gm_mean": 695.262775705111,
  "summary_gm_median": 696.5873160939664,
  "summary_gm_n": 46841.0,
  "summary_gm_p05": 594.9625903274864,
  "summary_gm_p95": 790.7826215922832,
  "summary_gm_stdv": 59.834301637311306,
  "summary_wm_k": 0.315960007895669,
  "summary_wm_mad": 34.489198682159234,
  "summary_wm_mean": 999.3608713070965,
  "summary_wm_median": 999.9999680947512,
  "summary_wm_n": 186948.0,
  "summary_wm_p05": 939.955637075007,
  "summary_wm_p95": 1055.9276695232838,
  "summary_wm_stdv": 35.45127786417756,
  "tpm_overlap_csf": 0.15214370596620294,
  "tpm_overlap_gm": 0.4727541529676451,
  "tpm_overlap_wm": 0.4928547764295158,
  "wm2max": 0.7983547897786939
}