{
  "aor": 0.10100963333333333,
  "aqi": 0.022129808633333335,
  "bids_meta": {
    "AcquisitionMatrixPE": 62,
    "BodyPartExamined": "BRAIN",
    "EchoTime": 0.035001,
    "EffectiveEchoSpacing": 0.0003157835674478,
    "FlipAngle": 90,
    "ImageType": [
      "ORIGINAL",
      "PRIMARY",
      "M",
      "FFE",
      "M",
      "FFE"
    ],
    "InPlanePhaseEncodingDirectionDICOM": "COL",
    "Instructions": "Participants were asked to close their eyes, to not fall asleep, and to avoid consistent thinking about same topic during the period of scanning",
    "MRAcquisitionType": "2D",
    "MagneticFieldStrength": 3,
    "Manufacturer": "Philips",
    "ManufacturersModelName": "Ingenia",
    "NumberOfVolumesDiscardedByScanner": 0,
    "NumberOfVolumesDiscardedByUser (copy)": 0,
    "PatientPosition": "HFS",
    "PercentPhaseFOV": 100,
    "PhaseEncodingDirection": "j",
    "PhaseEncodingSteps": 62,
    "ReconMatrixPE": 64,
    "RepetitionTime": 2,
    "ScanOptions": "FS",
    "ScanningSequence": "GR",
    "SequenceVariant": "SK",
    "SliceThickness": 3.1,
    "SliceTiming": [
      0,
      0.0588,
      0.1176,
      0.1764,
      0.2352,
      0.2939,
      0.3527,
      0.4115,
      0.4703,
      0.5291,
      0.5879,
      0.6467,
      0.7055,
      0.7642,
      0.823,
      0.8818,
      0.9406,
      0.9994,
      1.0582,
      1.117,
      1.1758,
      1.2345,
      1.2933,
      1.3521,
      1.4109,
      1.4697,
      1.5285,
      1.5873,
      1.6461,
      1.7048,
      1.7636,
      1.8224,
      1.8812,
      1.94
    ],
    "SpacingBetweenSlices": 3.41,
    "TaskName": "rest",
    "TotalReadoutTime": 0.019894364749211,
    "dataset": "ds003469",
    "modality": "bold",
    "subject_id": "120",
    "task_id": "rest"
  },
  "dummy_trs": 0,
  "dvars_nstd": 27.471231524280924,
  "dvars_std": 2.374583543846155,
  "dvars_vstd": 2.797052873177258,
  "efc": 0.4741397026572969,
  "fber": 18375.591796875,
  "fd_mean": 0.23979126481942664,
  "fd_num": 147,
  "fd_perc": 49.0,
  "fwhm_avg": 2.0728826099307027,
  "fwhm_x": 2.0793374413591432,
  "fwhm_y": 2.1884512000000003,
  "fwhm_z": 1.9508591884329656,
  "gcor": 0.675374,
  "gsr_x": 0.009887793101370335,
  "gsr_y": 0.014117792248725891,
  "provenance": {
    "md5sum": "11684219921cd4bed3f77807a9620199",
    "settings": {
      "fd_thres": 0.2,
      "testing": false
    },
    "software": "mriqc",
    "version": "22.0.6",
    "webapi_port": null,
    "webapi_url": "https://mriqc.nimh.nih.gov/api/v1"
  },
  "size_t": 300,
  "size_x": 64,
  "size_y": 64,
  "size_z": 34,
  "snr": 5.29673644143788,
  "spacing_tr": 1.999998688697815,
  "spacing_x": 3.125000238418579,
  "spacing_y": 3.125,
  "spacing_z": 3.4100000858306885,
  "summary_bg_k": 145.98109372770597,
  "summary_bg_mad": 768.4343151381731,
  "summary_bg_mean": 1943.9154052734375,
  "summary_bg_median": 547.5574340820312,
  "summary_bg_n": 83861.0,
  "summary_bg_p05": 5.502614498138428,
  "summary_bg_p95": 6856.07666015625,
  "summary_bg_stdv": 5521.11962890625,
  "summary_fg_k": 1.2775635905583451,
  "summary_fg_mad": 12976.429586150953,
  "summary_fg_mean": 76175.6484375,
  "summary_fg_median": 75024.90625,
  "summary_fg_n": 25149.0,
  "summary_fg_p05": 55344.521875,
  "summary_fg_p95": 101323.22968749999,
  "summary_fg_stdv": 14164.0830078125,
  "tsnr": 14.862054824829102
}