{
  "bids_meta": {
    "AcquisitionMatrixPE": 250,
    "EchoTime": 0.0035,
    "EchoTrainLength": 213,
    "FlipAngle": 8,
    "MagneticFieldStrength": 3,
    "Manufacturer": "Philips",
    "ManufacturersModelName": "Ingenia",
    "PercentPhaseFOV": 79.6875,
    "PhaseEncodingSteps": 250,
    "PixelBandwidth": 334.024,
    "ProtocolName": "sT1W_3D_TFE_tra",
    "ReconMatrixPE": 256,
    "RepetitionTime": 0.0079,
    "ScanOptions": "OTHER",
    "ScanningSequence": "GR",
    "SequenceVariant": "MP",
    "SeriesDescription": "t1_mpr_ns_sag_p2_iso",
    "SliceThickness": 1,
    "SoftwareVersions": "5.6.1_5.6.1.0",
    "SpacingBetweenSlices": 1,
    "dataset": "ds003469",
    "modality": "T1w",
    "subject_id": "112"
  },
  "cjv": 0.29925005164887086,
  "cnr": 4.399581307522148,
  "efc": 0.7207283068838396,
  "fber": -1.0,
  "fwhm_avg": 4.938414721848756,
  "fwhm_x": 4.857354239999999,
  "fwhm_y": 5.152009925546269,
  "fwhm_z": 4.80588,
  "icvs_csf": 0.26092141040661676,
  "icvs_gm": 0.4134589285354133,
  "icvs_wm": 0.32561966105796997,
  "inu_med": 0.5272645950317383,
  "inu_range": 0.29829148203134537,
  "provenance": {
    "md5sum": "b2d5e63597a6f6ccdae345a1580d6f78",
    "settings": {
      "testing": false
    },
    "software": "mriqc",
    "version": "22.0.6",
    "warnings": {
      "large_rot_frame": true,
      "small_air_mask": true
    },
    "webapi_port": null,
    "webapi_url": "https://mriqc.nimh.nih.gov/api/v1"
  },
  "qi_1": 0.0,
  "qi_2": 0.0001025086556624951,
  "rpve_csf": 18.291941003223332,
  "rpve_gm": 11.168955022601759,
  "rpve_wm": 16.611869079545368,
  "size_x": 256,
  "size_y": 256,
  "size_z": 170,
  "snr_csf": 2.6041517863008017,
  "snr_gm": 12.14387427707705,
  "snr_total": 15.14897538872824,
  "snr_wm": 30.698900102806878,
  "snrd_csf": 27.358094703059486,
  "snrd_gm": 77.394065326866,
  "snrd_total": 71.472768757846,
  "snrd_wm": 109.66614624361253,
  "spacing_x": 0.9765625,
  "spacing_y": 0.9765625596046448,
  "spacing_z": 1.0,
  "summary_bg_k": 6.449538978023822,
  "summary_bg_mad": 0.0,
  "summary_bg_mean": 3.4532638056652094,
  "summary_bg_median": 0.0,
  "summary_bg_n": 309439.0,
  "summary_bg_p05": 0.0,
  "summary_bg_p95": 17.719158053398132,
  "summary_bg_stdv": 5.973916510778473,
  "summary_csf_k": 0.055868007098823114,
  "summary_csf_mad": 105.44397633732127,
  "summary_csf_mean": 254.49822737579896,
  "summary_csf_median": 249.46709364652634,
  "summary_csf_n": 83731.0,
  "summary_csf_p05": 112.7320368885994,
  "summary_csf_p95": 412.13695818185806,
  "summary_csf_stdv": 95.79533929652429,
  "summary_gm_k": 0.4721601747159845,
  "summary_gm_mad": 55.93172519422693,
  "summary_gm_mean": 704.9504584568461,
  "summary_gm_median": 705.7243112921715,
  "summary_gm_n": 47646.0,
  "summary_gm_p05": 609.5401472598314,
  "summary_gm_p95": 798.9830378890038,
  "summary_gm_stdv": 58.11299501608904,
  "summary_wm_k": 0.17245550670994492,
  "summary_wm_mad": 32.13029063541229,
  "summary_wm_mean": 999.667570563145,
  "summary_wm_median": 1000.0000026226044,
  "summary_wm_n": 208291.0,
  "summary_wm_p05": 945.7323055267334,
  "summary_wm_p95": 1052.624569773674,
  "summary_wm_stdv": 32.574378846898995,
  "tpm_overlap_csf": 0.1498989880723356,
  "tpm_overlap_gm": 0.4537488518025318,
  "tpm_overlap_wm": 0.48898135473994053,
  "wm2max": 0.9161665683422503
}