{
  "bids_meta": {
    "AcquisitionMatrixPE": 250,
    "EchoTime": 0.0035,
    "EchoTrainLength": 213,
    "FlipAngle": 8,
    "MagneticFieldStrength": 3,
    "Manufacturer": "Philips",
    "ManufacturersModelName": "Ingenia",
    "PercentPhaseFOV": 79.6875,
    "PhaseEncodingSteps": 250,
    "PixelBandwidth": 334.024,
    "ProtocolName": "sT1W_3D_TFE_tra",
    "ReconMatrixPE": 256,
    "RepetitionTime": 0.0079,
    "ScanOptions": "OTHER",
    "ScanningSequence": "GR",
    "SequenceVariant": "MP",
    "SeriesDescription": "t1_mpr_ns_sag_p2_iso",
    "SliceThickness": 1,
    "SoftwareVersions": "5.6.1_5.6.1.0",
    "SpacingBetweenSlices": 1,
    "dataset": "ds003469",
    "modality": "T1w",
    "subject_id": "061"
  },
  "cjv": 0.3066395488119135,
  "cnr": 4.371826626461088,
  "efc": 0.7153211852132486,
  "fber": 28228.766158643928,
  "fwhm_avg": 4.717640606513738,
  "fwhm_x": 4.7282281285881425,
  "fwhm_y": 4.81895424,
  "fwhm_z": 4.605739450953072,
  "icvs_csf": 0.20357341269901935,
  "icvs_gm": 0.43350684894928015,
  "icvs_wm": 0.3629197383517005,
  "inu_med": 0.47958818078041077,
  "inu_range": 0.2480508625507355,
  "provenance": {
    "md5sum": "b7f4a4e5f0c5e9f4b2523c707285f0f7",
    "settings": {
      "testing": false
    },
    "software": "mriqc",
    "version": "22.0.6",
    "warnings": {
      "large_rot_frame": true,
      "small_air_mask": true
    },
    "webapi_port": null,
    "webapi_url": "https://mriqc.nimh.nih.gov/api/v1"
  },
  "qi_1": 0.0,
  "qi_2": 4.554814629527234e-05,
  "rpve_csf": 23.639887235494296,
  "rpve_gm": 11.826567199888778,
  "rpve_wm": 16.80702516627118,
  "size_x": 256,
  "size_y": 256,
  "size_z": 170,
  "snr_csf": 1.9750607767694712,
  "snr_gm": 11.262622001268543,
  "snr_total": 13.97219850028241,
  "snr_wm": 28.678912722809216,
  "snrd_csf": 20.249754038713718,
  "snrd_gm": 60.66775190011293,
  "snrd_total": 56.277269523185645,
  "snrd_wm": 87.91430263073026,
  "spacing_x": 0.9765624403953552,
  "spacing_y": 0.9765625,
  "spacing_z": 1.0000001192092896,
  "summary_bg_k": 5.875358822253624,
  "summary_bg_mad": 0.0,
  "summary_bg_mean": 4.4814348759893665,
  "summary_bg_median": 0.0,
  "summary_bg_n": 308908.0,
  "summary_bg_p05": 0.0,
  "summary_bg_p95": 19.825099609792233,
  "summary_bg_stdv": 7.45198882627232,
  "summary_csf_k": 0.9046721353952609,
  "summary_csf_mad": 115.21206074422273,
  "summary_csf_mean": 243.0137509213089,
  "summary_csf_median": 230.33514979667962,
  "summary_csf_n": 28544.0,
  "summary_csf_p05": 72.68783490303905,
  "summary_csf_p95": 455.12682630177585,
  "summary_csf_stdv": 116.61976063319642,
  "summary_gm_k": 0.09489347580031327,
  "summary_gm_mad": 61.33103366175003,
  "summary_gm_mean": 689.392906244575,
  "summary_gm_median": 690.0782940387726,
  "summary_gm_n": 48382.0,
  "summary_gm_p05": 587.7249218039215,
  "summary_gm_p95": 787.3025512995198,
  "summary_gm_stdv": 61.270915632609146,
  "summary_wm_k": 0.3272113574501265,
  "summary_wm_mad": 33.70321883017032,
  "summary_wm_mean": 1000.4026298832598,
  "summary_wm_median": 1000.0000013336539,
  "summary_wm_n": 220942.0,
  "summary_wm_p05": 943.7754694148898,
  "summary_wm_p95": 1058.536698449403,
  "summary_wm_stdv": 34.86874652323912,
  "tpm_overlap_csf": 0.14440149077469533,
  "tpm_overlap_gm": 0.4779063343315668,
  "tpm_overlap_wm": 0.5248758697826685,
  "wm2max": 0.8762610633300134
}