{
  "bids_meta": {
    "AcquisitionMatrixPE": 250,
    "EchoTime": 0.0035,
    "EchoTrainLength": 213,
    "FlipAngle": 8,
    "MagneticFieldStrength": 3,
    "Manufacturer": "Philips",
    "ManufacturersModelName": "Ingenia",
    "PercentPhaseFOV": 79.6875,
    "PhaseEncodingSteps": 250,
    "PixelBandwidth": 334.024,
    "ProtocolName": "sT1W_3D_TFE_tra",
    "ReconMatrixPE": 256,
    "RepetitionTime": 0.0079,
    "ScanOptions": "OTHER",
    "ScanningSequence": "GR",
    "SequenceVariant": "MP",
    "SeriesDescription": "t1_mpr_ns_sag_p2_iso",
    "SliceThickness": 1,
    "SoftwareVersions": "5.6.1_5.6.1.0",
    "SpacingBetweenSlices": 1,
    "dataset": "ds003469",
    "modality": "T1w",
    "subject_id": "043"
  },
  "cjv": 0.33305964714057745,
  "cnr": 3.9583114578623264,
  "efc": 0.7235627779820932,
  "fber": 16231.540009371098,
  "fwhm_avg": 4.73137,
  "fwhm_x": 4.76191744,
  "fwhm_y": 4.88288256,
  "fwhm_z": 4.54931,
  "icvs_csf": 0.2505390157377198,
  "icvs_gm": 0.40170670484647103,
  "icvs_wm": 0.3477542794158092,
  "inu_med": 0.4728133976459503,
  "inu_range": 0.23428133130073547,
  "provenance": {
    "md5sum": "fb94805d592eb61b6a63fd5b3061db17",
    "settings": {
      "testing": false
    },
    "software": "mriqc",
    "version": "22.0.6",
    "warnings": {
      "large_rot_frame": true,
      "small_air_mask": true
    },
    "webapi_port": null,
    "webapi_url": "https://mriqc.nimh.nih.gov/api/v1"
  },
  "qi_1": 0.0,
  "qi_2": 0.000144049724641649,
  "rpve_csf": 20.12658237067898,
  "rpve_gm": 12.276843997879986,
  "rpve_wm": 17.149103180702582,
  "size_x": 256,
  "size_y": 256,
  "size_z": 170,
  "snr_csf": 2.493468571811991,
  "snr_gm": 11.983162728134394,
  "snr_total": 15.423316959254715,
  "snr_wm": 31.79331957781776,
  "snrd_csf": 31.372136489026847,
  "snrd_gm": 83.2158573472477,
  "snrd_total": 76.28791731513097,
  "snrd_wm": 114.27575810911834,
  "spacing_x": 0.9765625,
  "spacing_y": 0.9765625,
  "spacing_z": 1.0,
  "summary_bg_k": 6.817695038824613,
  "summary_bg_mad": 0.0,
  "summary_bg_mean": 3.3178112335640964,
  "summary_bg_median": 0.0,
  "summary_bg_n": 249519.0,
  "summary_bg_p05": 0.0,
  "summary_bg_p95": 16.129387468099594,
  "summary_bg_stdv": 5.732942867335313,
  "summary_csf_k": -0.088443601261468,
  "summary_csf_mad": 111.8901910224626,
  "summary_csf_mean": 277.4672259485279,
  "summary_csf_median": 274.53010719269514,
  "summary_csf_n": 58443.0,
  "summary_csf_p05": 104.70881044864655,
  "summary_csf_p95": 466.7320307828482,
  "summary_csf_stdv": 110.09874420975797,
  "summary_gm_k": 0.287441996364159,
  "summary_gm_mad": 59.91433878399895,
  "summary_gm_mean": 727.7906994294302,
  "summary_gm_median": 728.2021817564964,
  "summary_gm_n": 32696.0,
  "summary_gm_p05": 626.8150996696204,
  "summary_gm_p95": 826.2785528227687,
  "summary_gm_stdv": 60.76785087876256,
  "summary_wm_k": 0.16701626129339253,
  "summary_wm_mad": 30.610542770232833,
  "summary_wm_mean": 999.9815153482767,
  "summary_wm_median": 999.9999883398414,
  "summary_wm_n": 220898.0,
  "summary_wm_p05": 948.3286582678556,
  "summary_wm_p95": 1052.1560814231634,
  "summary_wm_stdv": 31.453076876781378,
  "tpm_overlap_csf": 0.16469720957957074,
  "tpm_overlap_gm": 0.4736680263289193,
  "tpm_overlap_wm": 0.5293933236701222,
  "wm2max": 0.8709263973639952
}