{
  "aor": 0.0010929666666666667,
  "aqi": 0.0096686354,
  "bids_meta": {
    "AcquisitionMatrixPE": 62,
    "BodyPartExamined": "BRAIN",
    "EchoTime": 0.035001,
    "EffectiveEchoSpacing": 0.0003157835674478,
    "FlipAngle": 90,
    "ImageType": [
      "ORIGINAL",
      "PRIMARY",
      "M",
      "FFE",
      "M",
      "FFE"
    ],
    "InPlanePhaseEncodingDirectionDICOM": "COL",
    "Instructions": "Participants were asked to close their eyes, to not fall asleep, and to avoid consistent thinking about same topic during the period of scanning",
    "MRAcquisitionType": "2D",
    "MagneticFieldStrength": 3,
    "Manufacturer": "Philips",
    "ManufacturersModelName": "Ingenia",
    "NumberOfVolumesDiscardedByScanner": 0,
    "NumberOfVolumesDiscardedByUser (copy)": 0,
    "PatientPosition": "HFS",
    "PercentPhaseFOV": 100,
    "PhaseEncodingDirection": "j",
    "PhaseEncodingSteps": 62,
    "ReconMatrixPE": 64,
    "RepetitionTime": 2,
    "ScanOptions": "FS",
    "ScanningSequence": "GR",
    "SequenceVariant": "SK",
    "SliceThickness": 3.1,
    "SliceTiming": [
      0,
      0.0588,
      0.1176,
      0.1764,
      0.2352,
      0.2939,
      0.3527,
      0.4115,
      0.4703,
      0.5291,
      0.5879,
      0.6467,
      0.7055,
      0.7642,
      0.823,
      0.8818,
      0.9406,
      0.9994,
      1.0582,
      1.117,
      1.1758,
      1.2345,
      1.2933,
      1.3521,
      1.4109,
      1.4697,
      1.5285,
      1.5873,
      1.6461,
      1.7048,
      1.7636,
      1.8224,
      1.8812,
      1.94
    ],
    "SpacingBetweenSlices": 3.41,
    "TaskName": "rest",
    "TotalReadoutTime": 0.019894364749211,
    "dataset": "ds003469",
    "modality": "bold",
    "subject_id": "161",
    "task_id": "rest"
  },
  "dummy_trs": 0,
  "dvars_nstd": 26.50532943832777,
  "dvars_std": 1.1247994668561863,
  "dvars_vstd": 0.9839301423076915,
  "efc": 0.4976902031142738,
  "fber": 31310.0234375,
  "fd_mean": 0.20451012833980595,
  "fd_num": 129,
  "fd_perc": 43.0,
  "fwhm_avg": 1.9231818556331504,
  "fwhm_x": 1.8859968,
  "fwhm_y": 2.0984609600998656,
  "fwhm_z": 1.7850878067995855,
  "gcor": 0.0595583,
  "gsr_x": -0.010749246925115585,
  "gsr_y": 0.027442922815680504,
  "provenance": {
    "md5sum": "9f3cad3fd273006cc1f8e348d20fdc13",
    "settings": {
      "fd_thres": 0.2,
      "testing": false
    },
    "software": "mriqc",
    "version": "22.0.6",
    "webapi_port": null,
    "webapi_url": "https://mriqc.nimh.nih.gov/api/v1"
  },
  "size_t": 300,
  "size_x": 64,
  "size_y": 64,
  "size_z": 34,
  "snr": 5.182838189554062,
  "spacing_tr": 1.999998688697815,
  "spacing_x": 3.125,
  "spacing_y": 3.124999761581421,
  "spacing_z": 3.4100003242492676,
  "summary_bg_k": 208.122045731704,
  "summary_bg_mad": 640.4590662692228,
  "summary_bg_mean": 1679.1920166015625,
  "summary_bg_median": 437.09564208984375,
  "summary_bg_n": 79066.0,
  "summary_bg_p05": 2.4066737294197083,
  "summary_bg_p95": 5890.0128173828125,
  "summary_bg_stdv": 4776.953125,
  "summary_fg_k": 1.7097130473220954,
  "summary_fg_mad": 13615.321105443461,
  "summary_fg_mean": 84291.25,
  "summary_fg_median": 82484.21875,
  "summary_fg_n": 29272.0,
  "summary_fg_p05": 62153.361328125,
  "summary_fg_p95": 112919.66875,
  "summary_fg_stdv": 15914.6025390625,
  "tsnr": 54.066917419433594
}