{
  "bids_meta": {
    "AcquisitionMatrixPE": 250,
    "EchoTime": 0.0035,
    "EchoTrainLength": 213,
    "FlipAngle": 8,
    "MagneticFieldStrength": 3,
    "Manufacturer": "Philips",
    "ManufacturersModelName": "Ingenia",
    "PercentPhaseFOV": 79.6875,
    "PhaseEncodingSteps": 250,
    "PixelBandwidth": 334.024,
    "ProtocolName": "sT1W_3D_TFE_tra",
    "ReconMatrixPE": 256,
    "RepetitionTime": 0.0079,
    "ScanOptions": "OTHER",
    "ScanningSequence": "GR",
    "SequenceVariant": "MP",
    "SeriesDescription": "t1_mpr_ns_sag_p2_iso",
    "SliceThickness": 1,
    "SoftwareVersions": "5.6.1_5.6.1.0",
    "SpacingBetweenSlices": 1,
    "dataset": "ds003469",
    "modality": "T1w",
    "subject_id": "152"
  },
  "cjv": 0.29075664818729524,
  "cnr": 4.609455046854331,
  "efc": 0.7210049129252065,
  "fber": 19496.696985678933,
  "fwhm_avg": 4.662354125826886,
  "fwhm_x": 4.582932759720017,
  "fwhm_y": 4.951889617760643,
  "fwhm_z": 4.45224,
  "icvs_csf": 0.2604571640158231,
  "icvs_gm": 0.43568775290511874,
  "icvs_wm": 0.3038550830790582,
  "inu_med": 0.5520693063735962,
  "inu_range": 0.2729372888803482,
  "provenance": {
    "md5sum": "3aef4227f3f3fb1996a0c5834486f476",
    "settings": {
      "testing": false
    },
    "software": "mriqc",
    "version": "22.0.6",
    "warnings": {
      "large_rot_frame": true,
      "small_air_mask": false
    },
    "webapi_port": null,
    "webapi_url": "https://mriqc.nimh.nih.gov/api/v1"
  },
  "qi_1": 0.0,
  "qi_2": 6.78406264265856e-05,
  "rpve_csf": 20.424961039344723,
  "rpve_gm": 12.06453146478465,
  "rpve_wm": 19.3918117792198,
  "size_x": 256,
  "size_y": 256,
  "size_z": 170,
  "snr_csf": 2.0981033789286183,
  "snr_gm": 12.17611315091924,
  "snr_total": 14.088757962419784,
  "snr_wm": 27.99205735741149,
  "snrd_csf": 17.09563409435597,
  "snrd_gm": 61.8238064339972,
  "snrd_total": 56.19317109735022,
  "snrd_wm": 89.66007276369751,
  "spacing_x": 0.9765624403953552,
  "spacing_y": 0.9765625596046448,
  "spacing_z": 1.0,
  "summary_bg_k": 7.24001412167577,
  "summary_bg_mad": 0.0,
  "summary_bg_mean": 4.3093112701866,
  "summary_bg_median": 0.0,
  "summary_bg_n": 346861.0,
  "summary_bg_p05": 0.0,
  "summary_bg_p95": 18.66692727804184,
  "summary_bg_stdv": 7.307069764049806,
  "summary_csf_k": 0.841112813524882,
  "summary_csf_mad": 74.58654140068911,
  "summary_csf_mean": 214.03807907709916,
  "summary_csf_median": 190.67630952596664,
  "summary_csf_n": 82137.0,
  "summary_csf_p05": 100.81118056178093,
  "summary_csf_p95": 393.0316651761532,
  "summary_csf_stdv": 90.8797682307868,
  "summary_gm_k": 0.28285508460060305,
  "summary_gm_mad": 55.64105273990213,
  "summary_gm_mean": 688.7925833546552,
  "summary_gm_median": 689.5523843467236,
  "summary_gm_n": 56859.0,
  "summary_gm_p05": 595.0938230156898,
  "summary_gm_p95": 779.3442138582468,
  "summary_gm_stdv": 56.63107036445271,
  "summary_wm_k": 0.49554638920234906,
  "summary_wm_mad": 34.63075938759533,
  "summary_wm_mean": 998.8903407023324,
  "summary_wm_median": 1000.0244326740503,
  "summary_wm_n": 170474.0,
  "summary_wm_p05": 938.6886723436415,
  "summary_wm_p95": 1055.3899525851011,
  "summary_wm_stdv": 35.72518757127835,
  "tpm_overlap_csf": 0.14816437846731634,
  "tpm_overlap_gm": 0.4700358144723457,
  "tpm_overlap_wm": 0.4824701342836158,
  "wm2max": 0.7408441092236455
}