{
  "aor": 0.0013994314381270902,
  "aqi": 0.003525881137123746,
  "bids_meta": {
    "AcquisitionMatrixPE": 62,
    "BodyPartExamined": "BRAIN",
    "EchoTime": 0.035001,
    "EffectiveEchoSpacing": 0.0003157835674478,
    "FlipAngle": 90,
    "ImageType": [
      "ORIGINAL",
      "PRIMARY",
      "M",
      "FFE",
      "M",
      "FFE"
    ],
    "InPlanePhaseEncodingDirectionDICOM": "COL",
    "Instructions": "Participants were asked to close their eyes, to not fall asleep, and to avoid consistent thinking about same topic during the period of scanning",
    "MRAcquisitionType": "2D",
    "MagneticFieldStrength": 3,
    "Manufacturer": "Philips",
    "ManufacturersModelName": "Ingenia",
    "NumberOfVolumesDiscardedByScanner": 0,
    "NumberOfVolumesDiscardedByUser (copy)": 0,
    "PatientPosition": "HFS",
    "PercentPhaseFOV": 100,
    "PhaseEncodingDirection": "j",
    "PhaseEncodingSteps": 62,
    "ReconMatrixPE": 64,
    "RepetitionTime": 2,
    "ScanOptions": "FS",
    "ScanningSequence": "GR",
    "SequenceVariant": "SK",
    "SliceThickness": 3.1,
    "SliceTiming": [
      0,
      0.0588,
      0.1176,
      0.1764,
      0.2352,
      0.2939,
      0.3527,
      0.4115,
      0.4703,
      0.5291,
      0.5879,
      0.6467,
      0.7055,
      0.7642,
      0.823,
      0.8818,
      0.9406,
      0.9994,
      1.0582,
      1.117,
      1.1758,
      1.2345,
      1.2933,
      1.3521,
      1.4109,
      1.4697,
      1.5285,
      1.5873,
      1.6461,
      1.7048,
      1.7636,
      1.8224,
      1.8812,
      1.94
    ],
    "SpacingBetweenSlices": 3.41,
    "TaskName": "rest",
    "TotalReadoutTime": 0.019894364749211,
    "dataset": "ds003469",
    "modality": "bold",
    "subject_id": "172",
    "task_id": "rest"
  },
  "dummy_trs": 1,
  "dvars_nstd": 18.93555431879194,
  "dvars_std": 1.129540881577182,
  "dvars_vstd": 1.0157617001006711,
  "efc": 0.4956512432209689,
  "fber": 25057.27734375,
  "fd_mean": 0.14315696813969173,
  "fd_num": 49,
  "fd_perc": 16.387959866220736,
  "fwhm_avg": 2.058277215493643,
  "fwhm_x": 2.001862247270031,
  "fwhm_y": 2.3473888,
  "fwhm_z": 1.8255805992108973,
  "gcor": 0.0175728,
  "gsr_x": -0.005689263343811035,
  "gsr_y": 0.02415536157786846,
  "provenance": {
    "md5sum": "49adb4435e8d8dc883f7a70107192ba5",
    "settings": {
      "fd_thres": 0.2,
      "testing": false
    },
    "software": "mriqc",
    "version": "22.0.6",
    "webapi_port": null,
    "webapi_url": "https://mriqc.nimh.nih.gov/api/v1"
  },
  "size_t": 299,
  "size_x": 64,
  "size_y": 64,
  "size_z": 34,
  "snr": 5.786112390592276,
  "spacing_tr": 1.999998688697815,
  "spacing_x": 3.125000238418579,
  "spacing_y": 3.125,
  "spacing_z": 3.4100000858306885,
  "summary_bg_k": 145.16903379951,
  "summary_bg_mad": 693.7256325309112,
  "summary_bg_mean": 2087.718994140625,
  "summary_bg_median": 482.13812255859375,
  "summary_bg_n": 80547.0,
  "summary_bg_p05": 2.1225699901580812,
  "summary_bg_p95": 7890.555761718748,
  "summary_bg_stdv": 6248.05126953125,
  "summary_fg_k": 4.137414887450454,
  "summary_fg_mad": 11149.110769012967,
  "summary_fg_mean": 81848.3359375,
  "summary_fg_median": 80887.8359375,
  "summary_fg_n": 27493.0,
  "summary_fg_p05": 62153.91328125,
  "summary_fg_p95": 103642.84687499996,
  "summary_fg_stdv": 13979.3974609375,
  "tsnr": 90.61739349365234
}