{
  "aor": 0.0012421333333333335,
  "aqi": 0.0035406977999999996,
  "bids_meta": {
    "AcquisitionMatrixPE": 62,
    "BodyPartExamined": "BRAIN",
    "EchoTime": 0.035001,
    "EffectiveEchoSpacing": 0.0003157835674478,
    "FlipAngle": 90,
    "ImageType": [
      "ORIGINAL",
      "PRIMARY",
      "M",
      "FFE",
      "M",
      "FFE"
    ],
    "InPlanePhaseEncodingDirectionDICOM": "COL",
    "Instructions": "Participants were asked to close their eyes, to not fall asleep, and to avoid consistent thinking about same topic during the period of scanning",
    "MRAcquisitionType": "2D",
    "MagneticFieldStrength": 3,
    "Manufacturer": "Philips",
    "ManufacturersModelName": "Ingenia",
    "NumberOfVolumesDiscardedByScanner": 0,
    "NumberOfVolumesDiscardedByUser (copy)": 0,
    "PatientPosition": "HFS",
    "PercentPhaseFOV": 100,
    "PhaseEncodingDirection": "j",
    "PhaseEncodingSteps": 62,
    "ReconMatrixPE": 64,
    "RepetitionTime": 2,
    "ScanOptions": "FS",
    "ScanningSequence": "GR",
    "SequenceVariant": "SK",
    "SliceThickness": 3.1,
    "SliceTiming": [
      0,
      0.0588,
      0.1176,
      0.1764,
      0.2352,
      0.2939,
      0.3527,
      0.4115,
      0.4703,
      0.5291,
      0.5879,
      0.6467,
      0.7055,
      0.7642,
      0.823,
      0.8818,
      0.9406,
      0.9994,
      1.0582,
      1.117,
      1.1758,
      1.2345,
      1.2933,
      1.3521,
      1.4109,
      1.4697,
      1.5285,
      1.5873,
      1.6461,
      1.7048,
      1.7636,
      1.8224,
      1.8812,
      1.94
    ],
    "SpacingBetweenSlices": 3.41,
    "TaskName": "rest",
    "TotalReadoutTime": 0.019894364749211,
    "dataset": "ds003469",
    "modality": "bold",
    "subject_id": "044",
    "task_id": "rest"
  },
  "dummy_trs": 0,
  "dvars_nstd": 19.31127028973245,
  "dvars_std": 1.1227703819732433,
  "dvars_vstd": 1.0121335564548488,
  "efc": 0.5202892736486691,
  "fber": 12158.4296875,
  "fd_mean": 0.16185959409036335,
  "fd_num": 70,
  "fd_perc": 23.333333333333332,
  "fwhm_avg": 2.1980323360608978,
  "fwhm_x": 2.1718336,
  "fwhm_y": 2.4437119999999997,
  "fwhm_z": 1.9785514081826938,
  "gcor": 0.0362376,
  "gsr_x": 0.003837831551209092,
  "gsr_y": 0.028976984322071075,
  "provenance": {
    "md5sum": "346ddff7bb0ac834848cb0f42f34aece",
    "settings": {
      "fd_thres": 0.2,
      "testing": false
    },
    "software": "mriqc",
    "version": "22.0.6",
    "webapi_port": null,
    "webapi_url": "https://mriqc.nimh.nih.gov/api/v1"
  },
  "size_t": 300,
  "size_x": 64,
  "size_y": 64,
  "size_z": 34,
  "snr": 6.549081252462975,
  "spacing_tr": 1.999998688697815,
  "spacing_x": 3.125,
  "spacing_y": 3.125,
  "spacing_z": 3.4099998474121094,
  "summary_bg_k": 92.65399021724626,
  "summary_bg_mad": 867.2789018036573,
  "summary_bg_mean": 2272.519775390625,
  "summary_bg_median": 608.5694580078125,
  "summary_bg_n": 78052.0,
  "summary_bg_p05": 2.9498157262802125,
  "summary_bg_p95": 9874.809228515625,
  "summary_bg_stdv": 5597.08837890625,
  "summary_fg_k": 1.3865521325109054,
  "summary_fg_mad": 10866.547635259496,
  "summary_fg_mean": 73332.2109375,
  "summary_fg_median": 73330.78125,
  "summary_fg_n": 29349.0,
  "summary_fg_p05": 55876.80390625,
  "summary_fg_p95": 91002.390625,
  "summary_fg_stdv": 11196.9189453125,
  "tsnr": 88.5942153930664
}