{
  "bids_meta": {
    "AcquisitionMatrixPE": 250,
    "EchoTime": 0.0035,
    "EchoTrainLength": 213,
    "FlipAngle": 8,
    "MagneticFieldStrength": 3,
    "Manufacturer": "Philips",
    "ManufacturersModelName": "Ingenia",
    "PercentPhaseFOV": 79.6875,
    "PhaseEncodingSteps": 250,
    "PixelBandwidth": 334.024,
    "ProtocolName": "sT1W_3D_TFE_tra",
    "ReconMatrixPE": 256,
    "RepetitionTime": 0.0079,
    "ScanOptions": "OTHER",
    "ScanningSequence": "GR",
    "SequenceVariant": "MP",
    "SeriesDescription": "t1_mpr_ns_sag_p2_iso",
    "SliceThickness": 1,
    "SoftwareVersions": "5.6.1_5.6.1.0",
    "SpacingBetweenSlices": 1,
    "dataset": "ds003469",
    "modality": "T1w",
    "subject_id": "038"
  },
  "cjv": 0.3307197361113424,
  "cnr": 4.027930808252027,
  "efc": 0.7266419396135507,
  "fber": 16277.04468927221,
  "fwhm_avg": 4.65345496,
  "fwhm_x": 4.5755904,
  "fwhm_y": 4.85224448,
  "fwhm_z": 4.53253,
  "icvs_csf": 0.24928669488559502,
  "icvs_gm": 0.40363384386128,
  "icvs_wm": 0.347079461253125,
  "inu_med": 0.479449063539505,
  "inu_range": 0.24297690391540533,
  "provenance": {
    "md5sum": "fea2221dc446ae9cf1d2437b6e4bd0d9",
    "settings": {
      "testing": false
    },
    "software": "mriqc",
    "version": "22.0.6",
    "warnings": {
      "large_rot_frame": true,
      "small_air_mask": true
    },
    "webapi_port": null,
    "webapi_url": "https://mriqc.nimh.nih.gov/api/v1"
  },
  "qi_1": 0.0,
  "qi_2": 0.00012711128458466257,
  "rpve_csf": 20.75328528799054,
  "rpve_gm": 12.500540568837742,
  "rpve_wm": 17.311473845576273,
  "size_x": 256,
  "size_y": 256,
  "size_z": 170,
  "snr_csf": 2.0905782770047385,
  "snr_gm": 11.537491163186093,
  "snr_total": 14.370502349474274,
  "snr_wm": 29.483437608231995,
  "snrd_csf": 21.117187615823813,
  "snrd_gm": 70.15041499168262,
  "snrd_total": 63.15550327322861,
  "snrd_wm": 98.19890721217938,
  "spacing_x": 0.9765625,
  "spacing_y": 0.9765625,
  "spacing_z": 1.0,
  "summary_bg_k": 7.908633262994936,
  "summary_bg_mad": 0.0,
  "summary_bg_mean": 3.4256551484758058,
  "summary_bg_median": 0.0,
  "summary_bg_n": 193971.0,
  "summary_bg_p05": 0.0,
  "summary_bg_p95": 17.671802205964923,
  "summary_bg_stdv": 6.671524102939807,
  "summary_csf_k": 0.3420582580984677,
  "summary_csf_mad": 95.19199351536665,
  "summary_csf_mean": 237.95529346998487,
  "summary_csf_median": 215.04502904321998,
  "summary_csf_n": 63058.0,
  "summary_csf_p05": 105.27638959698379,
  "summary_csf_p95": 437.0433292907661,
  "summary_csf_stdv": 102.86308160046048,
  "summary_gm_k": 0.25209351877754305,
  "summary_gm_mad": 60.73849114457434,
  "summary_gm_mean": 713.3612200503958,
  "summary_gm_median": 714.3706019818783,
  "summary_gm_n": 35561.0,
  "summary_gm_p05": 609.8257747013122,
  "summary_gm_p95": 812.0113099012524,
  "summary_gm_stdv": 61.91645545021898,
  "summary_wm_k": 0.3780720191932474,
  "summary_wm_mad": 33.72477605404658,
  "summary_wm_mean": 999.6707300019953,
  "summary_wm_median": 999.9999638982117,
  "summary_wm_n": 207764.0,
  "summary_wm_p05": 943.966862725094,
  "summary_wm_p95": 1054.112713990733,
  "summary_wm_stdv": 33.91726468963385,
  "tpm_overlap_csf": 0.15544114140065904,
  "tpm_overlap_gm": 0.4576237517729209,
  "tpm_overlap_wm": 0.5097767859563896,
  "wm2max": 0.9059690982146555
}