{
  "aor": 0.011166466666666668,
  "aqi": 0.0554038018,
  "bids_meta": {
    "AcquisitionMatrixPE": 62,
    "BodyPartExamined": "BRAIN",
    "EchoTime": 0.035001,
    "EffectiveEchoSpacing": 0.0003157835674478,
    "FlipAngle": 90,
    "ImageType": [
      "ORIGINAL",
      "PRIMARY",
      "M",
      "FFE",
      "M",
      "FFE"
    ],
    "InPlanePhaseEncodingDirectionDICOM": "COL",
    "Instructions": "Participants were asked to close their eyes, to not fall asleep, and to avoid consistent thinking about same topic during the period of scanning",
    "MRAcquisitionType": "2D",
    "MagneticFieldStrength": 3,
    "Manufacturer": "Philips",
    "ManufacturersModelName": "Ingenia",
    "NumberOfVolumesDiscardedByScanner": 0,
    "NumberOfVolumesDiscardedByUser (copy)": 0,
    "PatientPosition": "HFS",
    "PercentPhaseFOV": 100,
    "PhaseEncodingDirection": "j",
    "PhaseEncodingSteps": 62,
    "ReconMatrixPE": 64,
    "RepetitionTime": 2,
    "ScanOptions": "FS",
    "ScanningSequence": "GR",
    "SequenceVariant": "SK",
    "SliceThickness": 3.1,
    "SliceTiming": [
      0,
      0.0588,
      0.1176,
      0.1764,
      0.2352,
      0.2939,
      0.3527,
      0.4115,
      0.4703,
      0.5291,
      0.5879,
      0.6467,
      0.7055,
      0.7642,
      0.823,
      0.8818,
      0.9406,
      0.9994,
      1.0582,
      1.117,
      1.1758,
      1.2345,
      1.2933,
      1.3521,
      1.4109,
      1.4697,
      1.5285,
      1.5873,
      1.6461,
      1.7048,
      1.7636,
      1.8224,
      1.8812,
      1.94
    ],
    "SpacingBetweenSlices": 3.41,
    "TaskName": "rest",
    "TotalReadoutTime": 0.019894364749211,
    "dataset": "ds003469",
    "modality": "bold",
    "subject_id": "035",
    "task_id": "rest"
  },
  "dummy_trs": 0,
  "dvars_nstd": 34.71607489545152,
  "dvars_std": 0.9919232070234116,
  "dvars_vstd": 0.9377670717391308,
  "efc": 0.5264966841641782,
  "fber": 13030.396484375,
  "fd_mean": 0.6221954064268475,
  "fd_num": 257,
  "fd_perc": 85.66666666666667,
  "fwhm_avg": 2.046528484843669,
  "fwhm_x": 2.0317278449914666,
  "fwhm_y": 2.2651008,
  "fwhm_z": 1.842756809539541,
  "gcor": 0.0879898,
  "gsr_x": 0.0042136069387197495,
  "gsr_y": 0.02558947168290615,
  "provenance": {
    "md5sum": "bda13dd695a170447776b829d5e2f6a9",
    "settings": {
      "fd_thres": 0.2,
      "testing": false
    },
    "software": "mriqc",
    "version": "22.0.6",
    "webapi_port": null,
    "webapi_url": "https://mriqc.nimh.nih.gov/api/v1"
  },
  "size_t": 300,
  "size_x": 64,
  "size_y": 64,
  "size_z": 34,
  "snr": 6.159275379764579,
  "spacing_tr": 1.999998688697815,
  "spacing_x": 3.125000238418579,
  "spacing_y": 3.125,
  "spacing_z": 3.4099996089935303,
  "summary_bg_k": 69.6326209324954,
  "summary_bg_mad": 837.7287953851533,
  "summary_bg_mean": 2603.850341796875,
  "summary_bg_median": 591.4638671875,
  "summary_bg_n": 78083.0,
  "summary_bg_p05": 8.123169898986816,
  "summary_bg_p95": 11396.87792968747,
  "summary_bg_stdv": 6073.40087890625,
  "summary_fg_k": 1.1264356369863808,
  "summary_fg_mad": 11634.697744063047,
  "summary_fg_mean": 72770.546875,
  "summary_fg_median": 72419.671875,
  "summary_fg_n": 29067.0,
  "summary_fg_p05": 54614.926953125,
  "summary_fg_p95": 91352.6703125,
  "summary_fg_stdv": 11757.62109375,
  "tsnr": 27.359577178955078
}