{
  "bids_meta": {
    "AcquisitionMatrixPE": 250,
    "EchoTime": 0.0035,
    "EchoTrainLength": 213,
    "FlipAngle": 8,
    "MagneticFieldStrength": 3,
    "Manufacturer": "Philips",
    "ManufacturersModelName": "Ingenia",
    "PercentPhaseFOV": 79.6875,
    "PhaseEncodingSteps": 250,
    "PixelBandwidth": 334.024,
    "ProtocolName": "sT1W_3D_TFE_tra",
    "ReconMatrixPE": 256,
    "RepetitionTime": 0.0079,
    "ScanOptions": "OTHER",
    "ScanningSequence": "GR",
    "SequenceVariant": "MP",
    "SeriesDescription": "t1_mpr_ns_sag_p2_iso",
    "SliceThickness": 1,
    "SoftwareVersions": "5.6.1_5.6.1.0",
    "SpacingBetweenSlices": 1,
    "dataset": "ds003469",
    "modality": "T1w",
    "subject_id": "155"
  },
  "cjv": 0.2950863575425753,
  "cnr": 4.506055529912057,
  "efc": 0.7234268857367792,
  "fber": 15377.22169914339,
  "fwhm_avg": 4.70151856,
  "fwhm_x": 4.67088384,
  "fwhm_y": 4.8354918399999995,
  "fwhm_z": 4.59818,
  "icvs_csf": 0.19475593731356305,
  "icvs_gm": 0.448322841271092,
  "icvs_wm": 0.35692122141534494,
  "inu_med": 0.44181084632873535,
  "inu_range": 0.2317220628261566,
  "provenance": {
    "md5sum": "34c5c017fef069163aa9abc2c88b7836",
    "settings": {
      "testing": false
    },
    "software": "mriqc",
    "version": "22.0.6",
    "warnings": {
      "large_rot_frame": true,
      "small_air_mask": true
    },
    "webapi_port": null,
    "webapi_url": "https://mriqc.nimh.nih.gov/api/v1"
  },
  "qi_1": 0.0,
  "qi_2": 5.363067160482792e-05,
  "rpve_csf": 27.117943039680167,
  "rpve_gm": 12.69811588763461,
  "rpve_wm": 18.256305147877555,
  "size_x": 256,
  "size_y": 256,
  "size_z": 170,
  "snr_csf": 2.0124186031509352,
  "snr_gm": 12.823650475466682,
  "snr_total": 15.003969442520372,
  "snr_wm": 30.175839248943504,
  "snrd_csf": 22.767561584333592,
  "snrd_gm": 64.61651801301394,
  "snrd_total": 59.54851506159893,
  "snrd_wm": 91.26146558744927,
  "spacing_x": 0.9765625,
  "spacing_y": 0.9765625,
  "spacing_z": 1.0,
  "summary_bg_k": 5.4426792969958075,
  "summary_bg_mad": 0.0,
  "summary_bg_mean": 4.968492694304576,
  "summary_bg_median": 0.0,
  "summary_bg_n": 312527.0,
  "summary_bg_p05": 0.0,
  "summary_bg_p95": 19.47297692298889,
  "summary_bg_stdv": 7.178838462277599,
  "summary_csf_k": -0.19534680348874467,
  "summary_csf_mad": 131.5895148920151,
  "summary_csf_mean": 262.57391353209636,
  "summary_csf_median": 249.48185873031616,
  "summary_csf_n": 28029.0,
  "summary_csf_p05": 85.52167057991028,
  "summary_csf_p95": 478.64805030822754,
  "summary_csf_stdv": 123.96894357673817,
  "summary_gm_k": 0.30512492024606885,
  "summary_gm_mad": 53.70621591884784,
  "summary_gm_mean": 709.4477240801024,
  "summary_gm_median": 708.0533837080002,
  "summary_gm_n": 51486.0,
  "summary_gm_p05": 621.3360040187836,
  "summary_gm_p95": 801.1478786468506,
  "summary_gm_stdv": 55.21411464350571,
  "summary_wm_k": 0.3001760215845932,
  "summary_wm_mad": 32.44996761899577,
  "summary_wm_mean": 999.6391804572357,
  "summary_wm_median": 1000.0227727890015,
  "summary_wm_n": 197676.0,
  "summary_wm_p05": 944.6557471752167,
  "summary_wm_p95": 1053.089481830597,
  "summary_wm_stdv": 33.13976572736693,
  "tpm_overlap_csf": 0.14131458551927484,
  "tpm_overlap_gm": 0.48001894783897603,
  "tpm_overlap_wm": 0.5140466145681303,
  "wm2max": 0.8896002593350487
}