{
  "bids_meta": {
    "AcquisitionMatrixPE": 250,
    "EchoTime": 0.0035,
    "EchoTrainLength": 213,
    "FlipAngle": 8,
    "MagneticFieldStrength": 3,
    "Manufacturer": "Philips",
    "ManufacturersModelName": "Ingenia",
    "PercentPhaseFOV": 79.6875,
    "PhaseEncodingSteps": 250,
    "PixelBandwidth": 334.024,
    "ProtocolName": "sT1W_3D_TFE_tra",
    "ReconMatrixPE": 256,
    "RepetitionTime": 0.0079,
    "ScanOptions": "OTHER",
    "ScanningSequence": "GR",
    "SequenceVariant": "MP",
    "SeriesDescription": "t1_mpr_ns_sag_p2_iso",
    "SliceThickness": 1,
    "SoftwareVersions": "5.6.1_5.6.1.0",
    "SpacingBetweenSlices": 1,
    "dataset": "ds003469",
    "modality": "T1w",
    "subject_id": "182"
  },
  "cjv": 0.2879979323773028,
  "cnr": 4.652183002613157,
  "efc": 0.7420345665172706,
  "fber": 20588.57067718606,
  "fwhm_avg": 4.864822906666666,
  "fwhm_x": 4.84291584,
  "fwhm_y": 5.15212288,
  "fwhm_z": 4.59943,
  "icvs_csf": 0.22056481065435762,
  "icvs_gm": 0.4412786848493887,
  "icvs_wm": 0.3381565044962537,
  "inu_med": 0.4950728118419647,
  "inu_range": 0.27749920189380645,
  "provenance": {
    "md5sum": "85bc89d9ba1008fcf70f852072e771eb",
    "settings": {
      "testing": false
    },
    "software": "mriqc",
    "version": "22.0.6",
    "warnings": {
      "large_rot_frame": true,
      "small_air_mask": true
    },
    "webapi_port": null,
    "webapi_url": "https://mriqc.nimh.nih.gov/api/v1"
  },
  "qi_1": 0.0,
  "qi_2": 6.096226449417475e-05,
  "rpve_csf": 21.062093839417283,
  "rpve_gm": 11.040515776161362,
  "rpve_wm": 16.600892141289236,
  "size_x": 256,
  "size_y": 256,
  "size_z": 170,
  "snr_csf": 2.6321882205777114,
  "snr_gm": 13.108364163738862,
  "snr_total": 14.94427660289987,
  "snr_wm": 29.09227742438304,
  "snrd_csf": 29.68978687750379,
  "snrd_gm": 73.87436383670851,
  "snrd_total": 69.5785700907037,
  "snrd_wm": 105.17155955789882,
  "spacing_x": 0.9765625,
  "spacing_y": 0.9765625,
  "spacing_z": 1.0,
  "summary_bg_k": 8.687165509709164,
  "summary_bg_mad": 0.0,
  "summary_bg_mean": 3.1832482358620227,
  "summary_bg_median": 0.0,
  "summary_bg_n": 278405.0,
  "summary_bg_p05": 0.0,
  "summary_bg_p95": 18.127035532146692,
  "summary_bg_stdv": 6.229367898658169,
  "summary_csf_k": 0.3782458559762909,
  "summary_csf_mad": 104.18636663595643,
  "summary_csf_mean": 279.7305088912712,
  "summary_csf_median": 282.3054943867028,
  "summary_csf_n": 39897.0,
  "summary_csf_p05": 102.63401163630188,
  "summary_csf_p95": 456.48540873192246,
  "summary_csf_stdv": 107.2499125361663,
  "summary_gm_k": 0.33393623447539955,
  "summary_gm_mad": 52.16523474718704,
  "summary_gm_mean": 702.331377492536,
  "summary_gm_median": 702.4347763583064,
  "summary_gm_n": 49746.0,
  "summary_gm_p05": 615.2804269012995,
  "summary_gm_p95": 789.832115567755,
  "summary_gm_stdv": 53.58622230318206,
  "summary_wm_k": 0.2714563719257086,
  "summary_wm_mad": 33.53994029670658,
  "summary_wm_mean": 999.3883051330632,
  "summary_wm_median": 1000.0243261735886,
  "summary_wm_n": 206488.0,
  "summary_wm_p05": 941.9011773895472,
  "summary_wm_p95": 1054.5512266214937,
  "summary_wm_stdv": 34.37413613502072,
  "tpm_overlap_csf": 0.1594141196752722,
  "tpm_overlap_gm": 0.4794796682343148,
  "tpm_overlap_wm": 0.5169966418706707,
  "wm2max": 0.824892962596687
}