{
  "aor": 0.0014224666666666668,
  "aqi": 0.006602544700000001,
  "bids_meta": {
    "AcquisitionMatrixPE": 62,
    "BodyPartExamined": "BRAIN",
    "EchoTime": 0.035001,
    "EffectiveEchoSpacing": 0.0003157835674478,
    "FlipAngle": 90,
    "ImageType": [
      "ORIGINAL",
      "PRIMARY",
      "M",
      "FFE",
      "M",
      "FFE"
    ],
    "InPlanePhaseEncodingDirectionDICOM": "COL",
    "Instructions": "Participants were asked to close their eyes, to not fall asleep, and to avoid consistent thinking about same topic during the period of scanning",
    "MRAcquisitionType": "2D",
    "MagneticFieldStrength": 3,
    "Manufacturer": "Philips",
    "ManufacturersModelName": "Ingenia",
    "NumberOfVolumesDiscardedByScanner": 0,
    "NumberOfVolumesDiscardedByUser (copy)": 0,
    "PatientPosition": "HFS",
    "PercentPhaseFOV": 100,
    "PhaseEncodingDirection": "j",
    "PhaseEncodingSteps": 62,
    "ReconMatrixPE": 64,
    "RepetitionTime": 2,
    "ScanOptions": "FS",
    "ScanningSequence": "GR",
    "SequenceVariant": "SK",
    "SliceThickness": 3.1,
    "SliceTiming": [
      0,
      0.0588,
      0.1176,
      0.1764,
      0.2352,
      0.2939,
      0.3527,
      0.4115,
      0.4703,
      0.5291,
      0.5879,
      0.6467,
      0.7055,
      0.7642,
      0.823,
      0.8818,
      0.9406,
      0.9994,
      1.0582,
      1.117,
      1.1758,
      1.2345,
      1.2933,
      1.3521,
      1.4109,
      1.4697,
      1.5285,
      1.5873,
      1.6461,
      1.7048,
      1.7636,
      1.8224,
      1.8812,
      1.94
    ],
    "SpacingBetweenSlices": 3.41,
    "TaskName": "rest",
    "TotalReadoutTime": 0.019894364749211,
    "dataset": "ds003469",
    "modality": "bold",
    "subject_id": "177",
    "task_id": "rest"
  },
  "dummy_trs": 0,
  "dvars_nstd": 21.976572170903008,
  "dvars_std": 1.1467361793979927,
  "dvars_vstd": 1.0124364320066883,
  "efc": 0.5026898361733434,
  "fber": 29038.583984375,
  "fd_mean": 0.16275658684128344,
  "fd_num": 86,
  "fd_perc": 28.666666666666668,
  "fwhm_avg": 1.9938410745690962,
  "fwhm_x": 1.9455454515666617,
  "fwhm_y": 2.181312,
  "fwhm_z": 1.854665772140627,
  "gcor": 0.0825348,
  "gsr_x": -0.010212438181042671,
  "gsr_y": 0.02639065496623516,
  "provenance": {
    "md5sum": "bc2ef6fe529da9585f6f773568bffc0d",
    "settings": {
      "fd_thres": 0.2,
      "testing": false
    },
    "software": "mriqc",
    "version": "22.0.6",
    "webapi_port": null,
    "webapi_url": "https://mriqc.nimh.nih.gov/api/v1"
  },
  "size_t": 300,
  "size_x": 64,
  "size_y": 64,
  "size_z": 34,
  "snr": 5.769249061042493,
  "spacing_tr": 1.999998688697815,
  "spacing_x": 3.125000238418579,
  "spacing_y": 3.125,
  "spacing_z": 3.4099998474121094,
  "summary_bg_k": 120.25932340374274,
  "summary_bg_mad": 665.5458097346612,
  "summary_bg_mean": 2239.808837890625,
  "summary_bg_median": 451.95196533203125,
  "summary_bg_n": 79882.0,
  "summary_bg_p05": 1.332644510269165,
  "summary_bg_p95": 8720.816748046853,
  "summary_bg_stdv": 5842.44677734375,
  "summary_fg_k": 1.9644017223827346,
  "summary_fg_mad": 13158.969192889539,
  "summary_fg_mean": 82486.765625,
  "summary_fg_median": 81501.421875,
  "summary_fg_n": 28016.0,
  "summary_fg_p05": 62110.517578125,
  "summary_fg_p95": 105676.529296875,
  "summary_fg_stdv": 14126.6162109375,
  "tsnr": 67.30581665039062
}