{
  "aor": 0.0010963,
  "aqi": 0.005832207066666667,
  "bids_meta": {
    "AcquisitionMatrixPE": 62,
    "BodyPartExamined": "BRAIN",
    "EchoTime": 0.035001,
    "EffectiveEchoSpacing": 0.0003157835674478,
    "FlipAngle": 90,
    "ImageType": [
      "ORIGINAL",
      "PRIMARY",
      "M",
      "FFE",
      "M",
      "FFE"
    ],
    "InPlanePhaseEncodingDirectionDICOM": "COL",
    "Instructions": "Participants were asked to close their eyes, to not fall asleep, and to avoid consistent thinking about same topic during the period of scanning",
    "MRAcquisitionType": "2D",
    "MagneticFieldStrength": 3,
    "Manufacturer": "Philips",
    "ManufacturersModelName": "Ingenia",
    "NumberOfVolumesDiscardedByScanner": 0,
    "NumberOfVolumesDiscardedByUser (copy)": 0,
    "PatientPosition": "HFS",
    "PercentPhaseFOV": 100,
    "PhaseEncodingDirection": "j",
    "PhaseEncodingSteps": 62,
    "ReconMatrixPE": 64,
    "RepetitionTime": 2,
    "ScanOptions": "FS",
    "ScanningSequence": "GR",
    "SequenceVariant": "SK",
    "SliceThickness": 3.1,
    "SliceTiming": [
      0,
      0.0588,
      0.1176,
      0.1764,
      0.2352,
      0.2939,
      0.3527,
      0.4115,
      0.4703,
      0.5291,
      0.5879,
      0.6467,
      0.7055,
      0.7642,
      0.823,
      0.8818,
      0.9406,
      0.9994,
      1.0582,
      1.117,
      1.1758,
      1.2345,
      1.2933,
      1.3521,
      1.4109,
      1.4697,
      1.5285,
      1.5873,
      1.6461,
      1.7048,
      1.7636,
      1.8224,
      1.8812,
      1.94
    ],
    "SpacingBetweenSlices": 3.41,
    "TaskName": "rest",
    "TotalReadoutTime": 0.019894364749211,
    "dataset": "ds003469",
    "modality": "bold",
    "subject_id": "193",
    "task_id": "rest"
  },
  "dummy_trs": 0,
  "dvars_nstd": 24.46039891317727,
  "dvars_std": 1.1967041757859531,
  "dvars_vstd": 1.0070424213377926,
  "efc": 0.5090269946649421,
  "fber": 9071.9658203125,
  "fd_mean": 0.16910017290995605,
  "fd_num": 87,
  "fd_perc": 29.0,
  "fwhm_avg": 1.8594889350405275,
  "fwhm_x": 1.8160800000000001,
  "fwhm_y": 2.1086654391215944,
  "fwhm_z": 1.6537213659999874,
  "gcor": 0.032778,
  "gsr_x": -0.0008050771430134773,
  "gsr_y": 0.028220755979418755,
  "provenance": {
    "md5sum": "1f4c56edfe02d3475126a086b000f388",
    "settings": {
      "fd_thres": 0.2,
      "testing": false
    },
    "software": "mriqc",
    "version": "22.0.6",
    "webapi_port": null,
    "webapi_url": "https://mriqc.nimh.nih.gov/api/v1"
  },
  "size_t": 300,
  "size_x": 64,
  "size_y": 64,
  "size_z": 34,
  "snr": 6.315763609968675,
  "spacing_tr": 1.999998688697815,
  "spacing_x": 3.125,
  "spacing_y": 3.125000238418579,
  "spacing_z": 3.4100000858306885,
  "summary_bg_k": 109.99628955448186,
  "summary_bg_mad": 991.6429341207635,
  "summary_bg_mean": 2347.735595703125,
  "summary_bg_median": 688.9331665039062,
  "summary_bg_n": 80715.0,
  "summary_bg_p05": 2.461759328842163,
  "summary_bg_p95": 9120.448046875,
  "summary_bg_stdv": 5804.869140625,
  "summary_fg_k": 2.7568065251201075,
  "summary_fg_mad": 9525.849560734103,
  "summary_fg_mean": 69195.09375,
  "summary_fg_median": 68724.765625,
  "summary_fg_n": 27586.0,
  "summary_fg_p05": 53266.9287109375,
  "summary_fg_p95": 86364.27734375,
  "summary_fg_stdv": 10881.2685546875,
  "tsnr": 72.78329467773438
}