{
  "bids_meta": {
    "AcquisitionMatrixPE": 250,
    "EchoTime": 0.0035,
    "EchoTrainLength": 213,
    "FlipAngle": 8,
    "MagneticFieldStrength": 3,
    "Manufacturer": "Philips",
    "ManufacturersModelName": "Ingenia",
    "PercentPhaseFOV": 79.6875,
    "PhaseEncodingSteps": 250,
    "PixelBandwidth": 334.024,
    "ProtocolName": "sT1W_3D_TFE_tra",
    "ReconMatrixPE": 256,
    "RepetitionTime": 0.0079,
    "ScanOptions": "OTHER",
    "ScanningSequence": "GR",
    "SequenceVariant": "MP",
    "SeriesDescription": "t1_mpr_ns_sag_p2_iso",
    "SliceThickness": 1,
    "SoftwareVersions": "5.6.1_5.6.1.0",
    "SpacingBetweenSlices": 1,
    "dataset": "ds003469",
    "modality": "T1w",
    "subject_id": "169"
  },
  "cjv": 0.30250219198958717,
  "cnr": 4.406489788623528,
  "efc": 0.7307768625495158,
  "fber": -1.0,
  "fwhm_avg": 4.772061670736881,
  "fwhm_x": 4.787579172210643,
  "fwhm_y": 4.85443584,
  "fwhm_z": 4.67417,
  "icvs_csf": 0.19379335763147215,
  "icvs_gm": 0.43986130373872656,
  "icvs_wm": 0.36634533862980123,
  "inu_med": 0.4335068017244339,
  "inu_range": 0.23554644882678982,
  "provenance": {
    "md5sum": "d2c63f71168bbbf97d464d2f7238d842",
    "settings": {
      "testing": false
    },
    "software": "mriqc",
    "version": "22.0.6",
    "warnings": {
      "large_rot_frame": true,
      "small_air_mask": false
    },
    "webapi_port": null,
    "webapi_url": "https://mriqc.nimh.nih.gov/api/v1"
  },
  "qi_1": 0.0,
  "qi_2": 6.736660370902242e-05,
  "rpve_csf": 22.732547548998443,
  "rpve_gm": 10.671624128259477,
  "rpve_wm": 14.746866104280356,
  "size_x": 256,
  "size_y": 256,
  "size_z": 170,
  "snr_csf": 2.0106179040781686,
  "snr_gm": 13.551929793946918,
  "snr_total": 14.693936546150725,
  "snr_wm": 28.519261940427093,
  "snrd_csf": 25.985565229906175,
  "snrd_gm": 77.86467710070198,
  "snrd_total": 70.73485081313136,
  "snrd_wm": 108.35431010878592,
  "spacing_x": 0.9765624403953552,
  "spacing_y": 0.9765625,
  "spacing_z": 1.0,
  "summary_bg_k": 7.986459074693837,
  "summary_bg_mad": 0.0,
  "summary_bg_mean": 3.2563629880769818,
  "summary_bg_median": 0.0,
  "summary_bg_n": 331749.0,
  "summary_bg_p05": 0.0,
  "summary_bg_p95": 16.560509607195854,
  "summary_bg_stdv": 6.046377324507537,
  "summary_csf_k": 0.5610639812438181,
  "summary_csf_mad": 121.73607259449467,
  "summary_csf_mean": 252.84480914245418,
  "summary_csf_median": 239.82567961513996,
  "summary_csf_n": 38658.0,
  "summary_csf_p05": 75.62856209278107,
  "summary_csf_p95": 460.54643124416475,
  "summary_csf_stdv": 119.27804741978068,
  "summary_gm_k": 0.3531086574849436,
  "summary_gm_mad": 51.52411346881851,
  "summary_gm_mean": 718.870016709325,
  "summary_gm_median": 718.6277819424868,
  "summary_gm_n": 63050.0,
  "summary_gm_p05": 633.0863803945482,
  "summary_gm_p95": 806.1235918104649,
  "summary_gm_stdv": 53.02728791944362,
  "summary_wm_k": 0.31296444342524943,
  "summary_wm_mad": 33.59836080860577,
  "summary_wm_mean": 1000.2412862466773,
  "summary_wm_median": 1000.0223520696163,
  "summary_wm_n": 246842.0,
  "summary_wm_p05": 943.6361634880304,
  "summary_wm_p95": 1059.3138932138681,
  "summary_wm_stdv": 35.064733741145865,
  "tpm_overlap_csf": 0.14139756205555565,
  "tpm_overlap_gm": 0.4660129277674453,
  "tpm_overlap_wm": 0.5135617354191855,
  "wm2max": 0.9008838510942438
}