{
  "bids_meta": {
    "AcquisitionMatrixPE": 250,
    "EchoTime": 0.0035,
    "EchoTrainLength": 213,
    "FlipAngle": 8,
    "MagneticFieldStrength": 3,
    "Manufacturer": "Philips",
    "ManufacturersModelName": "Ingenia",
    "PercentPhaseFOV": 79.6875,
    "PhaseEncodingSteps": 250,
    "PixelBandwidth": 334.024,
    "ProtocolName": "sT1W_3D_TFE_tra",
    "ReconMatrixPE": 256,
    "RepetitionTime": 0.0079,
    "ScanOptions": "OTHER",
    "ScanningSequence": "GR",
    "SequenceVariant": "MP",
    "SeriesDescription": "t1_mpr_ns_sag_p2_iso",
    "SliceThickness": 1,
    "SoftwareVersions": "5.6.1_5.6.1.0",
    "SpacingBetweenSlices": 1,
    "dataset": "ds003469",
    "modality": "T1w",
    "subject_id": "162"
  },
  "cjv": 0.29159625953163104,
  "cnr": 4.538654353543015,
  "efc": 0.7247676124478958,
  "fber": -1.0,
  "fwhm_avg": 4.753011466666667,
  "fwhm_x": 4.61947904,
  "fwhm_y": 5.045135360000001,
  "fwhm_z": 4.59442,
  "icvs_csf": 0.19806405248430387,
  "icvs_gm": 0.4442988055463505,
  "icvs_wm": 0.3576371419693457,
  "inu_med": 0.44966086745262146,
  "inu_range": 0.21917583048343658,
  "provenance": {
    "md5sum": "4d58d969051e22423c95d43c4e9e6d14",
    "settings": {
      "testing": false
    },
    "software": "mriqc",
    "version": "22.0.6",
    "warnings": {
      "large_rot_frame": true,
      "small_air_mask": true
    },
    "webapi_port": null,
    "webapi_url": "https://mriqc.nimh.nih.gov/api/v1"
  },
  "qi_1": 0.0,
  "qi_2": 0.00011283582370425204,
  "rpve_csf": 25.437295960125436,
  "rpve_gm": 12.183965950088949,
  "rpve_wm": 17.53805156349268,
  "size_x": 256,
  "size_y": 256,
  "size_z": 170,
  "snr_csf": 2.0774679325214094,
  "snr_gm": 11.522011642512403,
  "snr_total": 15.224649055858501,
  "snr_wm": 32.074467592541694,
  "snrd_csf": 29.88538069254025,
  "snrd_gm": 79.81659740183676,
  "snrd_total": 75.02304952594726,
  "snrd_wm": 115.36717048346475,
  "spacing_x": 0.9765625,
  "spacing_y": 0.9765625,
  "spacing_z": 1.0,
  "summary_bg_k": 11.552284803065259,
  "summary_bg_mad": 0.0,
  "summary_bg_mean": 2.6184163226134056,
  "summary_bg_median": 0.0,
  "summary_bg_n": 192974.0,
  "summary_bg_p05": 0.0,
  "summary_bg_p95": 15.377856213599443,
  "summary_bg_stdv": 5.678707479313986,
  "summary_csf_k": -0.13937558696157826,
  "summary_csf_mad": 129.7066219388454,
  "summary_csf_mean": 261.8181880645148,
  "summary_csf_median": 259.04580307379365,
  "summary_csf_n": 31659.0,
  "summary_csf_p05": 56.05293202698231,
  "summary_csf_p95": 466.58741814345115,
  "summary_csf_stdv": 124.69107599639362,
  "summary_gm_k": 0.24762552484550815,
  "summary_gm_mad": 59.278033719171,
  "summary_gm_mean": 691.7092343980077,
  "summary_gm_median": 691.8484587930143,
  "summary_gm_n": 65058.0,
  "summary_gm_p05": 593.4521473919973,
  "summary_gm_p95": 789.0261720083654,
  "summary_gm_stdv": 60.045343041768604,
  "summary_wm_k": 0.3351253500091249,
  "summary_wm_mad": 30.57780924880314,
  "summary_wm_mean": 999.7667433568442,
  "summary_wm_median": 1000.0000212043524,
  "summary_wm_n": 223541.0,
  "summary_wm_p05": 948.6198898553848,
  "summary_wm_p95": 1049.5968381352723,
  "summary_wm_stdv": 31.17737750721652,
  "tpm_overlap_csf": 0.148006020317378,
  "tpm_overlap_gm": 0.49194751067623155,
  "tpm_overlap_wm": 0.5336957718726991,
  "wm2max": 0.7694082087177856
}