{
  "bids_meta": {
    "AcquisitionMatrixPE": 250,
    "EchoTime": 0.0035,
    "EchoTrainLength": 213,
    "FlipAngle": 8,
    "MagneticFieldStrength": 3,
    "Manufacturer": "Philips",
    "ManufacturersModelName": "Ingenia",
    "PercentPhaseFOV": 79.6875,
    "PhaseEncodingSteps": 250,
    "PixelBandwidth": 334.024,
    "ProtocolName": "sT1W_3D_TFE_tra",
    "ReconMatrixPE": 256,
    "RepetitionTime": 0.0079,
    "ScanOptions": "OTHER",
    "ScanningSequence": "GR",
    "SequenceVariant": "MP",
    "SeriesDescription": "t1_mpr_ns_sag_p2_iso",
    "SliceThickness": 1,
    "SoftwareVersions": "5.6.1_5.6.1.0",
    "SpacingBetweenSlices": 1,
    "dataset": "ds003469",
    "modality": "T1w",
    "subject_id": "211"
  },
  "cjv": 0.2897914123395802,
  "cnr": 4.613304937647966,
  "efc": 0.7427305298252665,
  "fber": 25169.275434007133,
  "fwhm_avg": 4.821245214213846,
  "fwhm_x": 4.695766753393142,
  "fwhm_y": 5.048309451875644,
  "fwhm_z": 4.719659437372751,
  "icvs_csf": 0.2000616975771528,
  "icvs_gm": 0.45989514079887356,
  "icvs_wm": 0.34004316162397363,
  "inu_med": 0.514250636100769,
  "inu_range": 0.3206375241279602,
  "provenance": {
    "md5sum": "8f3ae1c7a67943dbbfd3d60622c6b732",
    "settings": {
      "testing": false
    },
    "software": "mriqc",
    "version": "22.0.6",
    "warnings": {
      "large_rot_frame": true,
      "small_air_mask": true
    },
    "webapi_port": null,
    "webapi_url": "https://mriqc.nimh.nih.gov/api/v1"
  },
  "qi_1": 0.0,
  "qi_2": 0.00012157970379654285,
  "rpve_csf": 20.589699409324513,
  "rpve_gm": 9.60778389827908,
  "rpve_wm": 14.335601280814904,
  "size_x": 256,
  "size_y": 256,
  "size_z": 170,
  "snr_csf": 2.0928338494184775,
  "snr_gm": 14.628216615691153,
  "snr_total": 14.797433551369721,
  "snr_wm": 27.671250188999533,
  "snrd_csf": 24.121122747558854,
  "snrd_gm": 72.61449079647771,
  "snrd_total": 65.98556778053545,
  "snrd_wm": 101.22108979756976,
  "spacing_x": 0.9765625596046448,
  "spacing_y": 0.9765625596046448,
  "spacing_z": 1.0000001192092896,
  "summary_bg_k": 6.107329037492525,
  "summary_bg_mad": 0.0,
  "summary_bg_mean": 3.780680335470126,
  "summary_bg_median": 0.0,
  "summary_bg_n": 247688.0,
  "summary_bg_p05": 0.0,
  "summary_bg_p95": 18.07912591844797,
  "summary_bg_stdv": 6.4723310443543705,
  "summary_csf_k": 3.7754844876931566,
  "summary_csf_mad": 109.99484937384133,
  "summary_csf_mean": 254.92253643276993,
  "summary_csf_median": 238.301354624331,
  "summary_csf_n": 58785.0,
  "summary_csf_p05": 102.75277813971043,
  "summary_csf_p95": 455.8262305289506,
  "summary_csf_stdv": 113.8644273136155,
  "summary_gm_k": 0.3572740885581629,
  "summary_gm_mad": 47.46487096779422,
  "summary_gm_mean": 718.4806536621556,
  "summary_gm_median": 717.384995020926,
  "summary_gm_n": 85495.0,
  "summary_gm_p05": 640.626568876952,
  "summary_gm_p95": 800.5225813612342,
  "summary_gm_stdv": 49.04089256922207,
  "summary_wm_k": 0.4852235170014083,
  "summary_wm_mad": 34.43453128743521,
  "summary_wm_mean": 1000.6489292151464,
  "summary_wm_median": 1000.0000028088689,
  "summary_wm_n": 234684.0,
  "summary_wm_p05": 943.1233365982771,
  "summary_wm_p95": 1061.3898522779346,
  "summary_wm_stdv": 36.13851435883747,
  "tpm_overlap_csf": 0.152862014182068,
  "tpm_overlap_gm": 0.4801069431862223,
  "tpm_overlap_wm": 0.5023645963223823,
  "wm2max": 0.8268194217130387
}