{
  "aor": 0.0008356333333333334,
  "aqi": 0.06935137193333334,
  "bids_meta": {
    "AcquisitionMatrixPE": 62,
    "BodyPartExamined": "BRAIN",
    "EchoTime": 0.035001,
    "EffectiveEchoSpacing": 0.0003157835674478,
    "FlipAngle": 90,
    "ImageType": [
      "ORIGINAL",
      "PRIMARY",
      "M",
      "FFE",
      "M",
      "FFE"
    ],
    "InPlanePhaseEncodingDirectionDICOM": "COL",
    "Instructions": "Participants were asked to close their eyes, to not fall asleep, and to avoid consistent thinking about same topic during the period of scanning",
    "MRAcquisitionType": "2D",
    "MagneticFieldStrength": 3,
    "Manufacturer": "Philips",
    "ManufacturersModelName": "Ingenia",
    "NumberOfVolumesDiscardedByScanner": 0,
    "NumberOfVolumesDiscardedByUser (copy)": 0,
    "PatientPosition": "HFS",
    "PercentPhaseFOV": 100,
    "PhaseEncodingDirection": "j",
    "PhaseEncodingSteps": 62,
    "ReconMatrixPE": 64,
    "RepetitionTime": 2,
    "ScanOptions": "FS",
    "ScanningSequence": "GR",
    "SequenceVariant": "SK",
    "SliceThickness": 3.1,
    "SliceTiming": [
      0,
      0.0588,
      0.1176,
      0.1764,
      0.2352,
      0.2939,
      0.3527,
      0.4115,
      0.4703,
      0.5291,
      0.5879,
      0.6467,
      0.7055,
      0.7642,
      0.823,
      0.8818,
      0.9406,
      0.9994,
      1.0582,
      1.117,
      1.1758,
      1.2345,
      1.2933,
      1.3521,
      1.4109,
      1.4697,
      1.5285,
      1.5873,
      1.6461,
      1.7048,
      1.7636,
      1.8224,
      1.8812,
      1.94
    ],
    "SpacingBetweenSlices": 3.41,
    "TaskName": "rest",
    "TotalReadoutTime": 0.019894364749211,
    "dataset": "ds003469",
    "modality": "bold",
    "subject_id": "214",
    "task_id": "rest"
  },
  "dummy_trs": 0,
  "dvars_nstd": 36.66023714294314,
  "dvars_std": 0.5416240702675584,
  "dvars_vstd": 0.5172989252508358,
  "efc": 0.5065815021603047,
  "fber": 20599.8671875,
  "fd_mean": 0.4457888106790626,
  "fd_num": 210,
  "fd_perc": 70.0,
  "fwhm_avg": 2.6380996305150934,
  "fwhm_x": 2.616665400364273,
  "fwhm_y": 2.8384576,
  "fwhm_z": 2.4591758911810087,
  "gcor": 0.959839,
  "gsr_x": 0.0012212516739964485,
  "gsr_y": 0.01570473611354828,
  "provenance": {
    "md5sum": "b87ddd05b6b29bb4d9346d77fc8ad8aa",
    "settings": {
      "fd_thres": 0.2,
      "testing": false
    },
    "software": "mriqc",
    "version": "22.0.6",
    "webapi_port": null,
    "webapi_url": "https://mriqc.nimh.nih.gov/api/v1"
  },
  "size_t": 300,
  "size_x": 64,
  "size_y": 64,
  "size_z": 34,
  "snr": 4.709507706891504,
  "spacing_tr": 1.999998688697815,
  "spacing_x": 3.125000238418579,
  "spacing_y": 3.125,
  "spacing_z": 3.4100000858306885,
  "summary_bg_k": 87.6470131736742,
  "summary_bg_mad": 794.4841658847338,
  "summary_bg_mean": 2738.84033203125,
  "summary_bg_median": 556.89013671875,
  "summary_bg_n": 79758.0,
  "summary_bg_p05": 7.943797945976258,
  "summary_bg_p95": 11480.387597656243,
  "summary_bg_stdv": 6809.89111328125,
  "summary_fg_k": -0.16995780959439877,
  "summary_fg_mad": 19179.851550730287,
  "summary_fg_mean": 87676.171875,
  "summary_fg_median": 86284.0859375,
  "summary_fg_n": 27928.0,
  "summary_fg_p05": 60921.166796875,
  "summary_fg_p95": 121076.28046874996,
  "summary_fg_stdv": 18320.92578125,
  "tsnr": 4.676591396331787
}