{
  "aor": 0.0017062666666666667,
  "aqi": 0.004889621333333333,
  "bids_meta": {
    "AcquisitionMatrixPE": 62,
    "BodyPartExamined": "BRAIN",
    "EchoTime": 0.035001,
    "EffectiveEchoSpacing": 0.0003157835674478,
    "FlipAngle": 90,
    "ImageType": [
      "ORIGINAL",
      "PRIMARY",
      "M",
      "FFE",
      "M",
      "FFE"
    ],
    "InPlanePhaseEncodingDirectionDICOM": "COL",
    "Instructions": "Participants were asked to close their eyes, to not fall asleep, and to avoid consistent thinking about same topic during the period of scanning",
    "MRAcquisitionType": "2D",
    "MagneticFieldStrength": 3,
    "Manufacturer": "Philips",
    "ManufacturersModelName": "Ingenia",
    "NumberOfVolumesDiscardedByScanner": 0,
    "NumberOfVolumesDiscardedByUser (copy)": 0,
    "PatientPosition": "HFS",
    "PercentPhaseFOV": 100,
    "PhaseEncodingDirection": "j",
    "PhaseEncodingSteps": 62,
    "ReconMatrixPE": 64,
    "RepetitionTime": 2,
    "ScanOptions": "FS",
    "ScanningSequence": "GR",
    "SequenceVariant": "SK",
    "SliceThickness": 3.1,
    "SliceTiming": [
      0,
      0.0588,
      0.1176,
      0.1764,
      0.2352,
      0.2939,
      0.3527,
      0.4115,
      0.4703,
      0.5291,
      0.5879,
      0.6467,
      0.7055,
      0.7642,
      0.823,
      0.8818,
      0.9406,
      0.9994,
      1.0582,
      1.117,
      1.1758,
      1.2345,
      1.2933,
      1.3521,
      1.4109,
      1.4697,
      1.5285,
      1.5873,
      1.6461,
      1.7048,
      1.7636,
      1.8224,
      1.8812,
      1.94
    ],
    "SpacingBetweenSlices": 3.41,
    "TaskName": "rest",
    "TotalReadoutTime": 0.019894364749211,
    "dataset": "ds003469",
    "modality": "bold",
    "subject_id": "018",
    "task_id": "rest"
  },
  "dummy_trs": 0,
  "dvars_nstd": 22.232278179765903,
  "dvars_std": 1.1300575711705685,
  "dvars_vstd": 1.0202812661538463,
  "efc": 0.5033710544743709,
  "fber": 12754.259765625,
  "fd_mean": 0.15359961451386125,
  "fd_num": 64,
  "fd_perc": 21.333333333333332,
  "fwhm_avg": 1.9043488666879915,
  "fwhm_x": 1.8569792,
  "fwhm_y": 2.1109824,
  "fwhm_z": 1.7450850000639744,
  "gcor": 0.0608342,
  "gsr_x": -0.0027626329101622105,
  "gsr_y": 0.024136891588568687,
  "provenance": {
    "md5sum": "a7e11aaa0b1f141b349757104963c061",
    "settings": {
      "fd_thres": 0.2,
      "testing": false
    },
    "software": "mriqc",
    "version": "22.0.6",
    "webapi_port": null,
    "webapi_url": "https://mriqc.nimh.nih.gov/api/v1"
  },
  "size_t": 300,
  "size_x": 64,
  "size_y": 64,
  "size_z": 34,
  "snr": 5.105457969107649,
  "spacing_tr": 1.999998688697815,
  "spacing_x": 3.125,
  "spacing_y": 3.125,
  "spacing_z": 3.4100000858306885,
  "summary_bg_k": 62.63342085413136,
  "summary_bg_mad": 950.1308680393736,
  "summary_bg_mean": 2263.038330078125,
  "summary_bg_median": 651.2279052734375,
  "summary_bg_n": 79923.0,
  "summary_bg_p05": 2.0346967697143556,
  "summary_bg_p95": 9190.087890624998,
  "summary_bg_stdv": 5004.96435546875,
  "summary_fg_k": 2.634460997406559,
  "summary_fg_mad": 12921.631218215407,
  "summary_fg_mean": 79075.875,
  "summary_fg_median": 77100.359375,
  "summary_fg_n": 28288.0,
  "summary_fg_p05": 58594.1265625,
  "summary_fg_p95": 105350.29375,
  "summary_fg_stdv": 15101.2890625,
  "tsnr": 68.98474884033203
}