{
  "bids_meta": {
    "AcquisitionMatrixPE": 250,
    "EchoTime": 0.0035,
    "EchoTrainLength": 213,
    "FlipAngle": 8,
    "MagneticFieldStrength": 3,
    "Manufacturer": "Philips",
    "ManufacturersModelName": "Ingenia",
    "PercentPhaseFOV": 79.6875,
    "PhaseEncodingSteps": 250,
    "PixelBandwidth": 334.024,
    "ProtocolName": "sT1W_3D_TFE_tra",
    "ReconMatrixPE": 256,
    "RepetitionTime": 0.0079,
    "ScanOptions": "OTHER",
    "ScanningSequence": "GR",
    "SequenceVariant": "MP",
    "SeriesDescription": "t1_mpr_ns_sag_p2_iso",
    "SliceThickness": 1,
    "SoftwareVersions": "5.6.1_5.6.1.0",
    "SpacingBetweenSlices": 1,
    "dataset": "ds003469",
    "modality": "T1w",
    "subject_id": "117"
  },
  "cjv": 0.3087538576759944,
  "cnr": 4.3804354618514605,
  "efc": 0.7272811106116032,
  "fber": -1.0,
  "fwhm_avg": 4.708374403706469,
  "fwhm_x": 4.637511396948767,
  "fwhm_y": 4.8196918141706435,
  "fwhm_z": 4.66792,
  "icvs_csf": 0.25478083043071925,
  "icvs_gm": 0.4242787716527761,
  "icvs_wm": 0.3209403979165047,
  "inu_med": 0.5559934377670288,
  "inu_range": 0.2700088977813721,
  "provenance": {
    "md5sum": "db8a99915bdaec398d35d098cfdf1f4d",
    "settings": {
      "testing": false
    },
    "software": "mriqc",
    "version": "22.0.6",
    "warnings": {
      "large_rot_frame": true,
      "small_air_mask": true
    },
    "webapi_port": null,
    "webapi_url": "https://mriqc.nimh.nih.gov/api/v1"
  },
  "qi_1": 0.0,
  "qi_2": 7.316310055469923e-05,
  "rpve_csf": 21.37844844405895,
  "rpve_gm": 12.610458060623579,
  "rpve_wm": 18.92414296633079,
  "size_x": 256,
  "size_y": 256,
  "size_z": 170,
  "snr_csf": 2.1269697788865995,
  "snr_gm": 12.078617441595114,
  "snr_total": 13.71822236915684,
  "snr_wm": 26.9490798869888,
  "snrd_csf": 19.605066837152354,
  "snrd_gm": 59.364362047511754,
  "snrd_total": 54.695080884544204,
  "snrd_wm": 85.11581376896851,
  "spacing_x": 0.9765625596046448,
  "spacing_y": 0.9765624403953552,
  "spacing_z": 1.0,
  "summary_bg_k": 7.879060211540503,
  "summary_bg_mad": 0.0,
  "summary_bg_mean": 4.384876276438049,
  "summary_bg_median": 0.0,
  "summary_bg_n": 265229.0,
  "summary_bg_p05": 0.0,
  "summary_bg_p95": 19.65358078479767,
  "summary_bg_stdv": 7.696999766801869,
  "summary_csf_k": 0.4004488006250231,
  "summary_csf_mad": 110.188933342165,
  "summary_csf_mean": 243.89530804080465,
  "summary_csf_median": 230.33401116728783,
  "summary_csf_n": 73350.0,
  "summary_csf_p05": 85.09107135236263,
  "summary_csf_p95": 434.7610294818878,
  "summary_csf_stdv": 108.29135578042036,
  "summary_gm_k": 0.28317214072629726,
  "summary_gm_mad": 55.95905429496927,
  "summary_gm_mean": 697.160465744025,
  "summary_gm_median": 697.4539665877819,
  "summary_gm_n": 43692.0,
  "summary_gm_p05": 602.6241985447705,
  "summary_gm_p95": 790.957366079092,
  "summary_gm_stdv": 57.742203396282484,
  "summary_wm_k": 0.18792105320485408,
  "summary_wm_mad": 37.453200047520525,
  "summary_wm_mean": 1000.1610548246647,
  "summary_wm_median": 999.999998062849,
  "summary_wm_n": 184137.0,
  "summary_wm_p05": 939.0044152736664,
  "summary_wm_p95": 1059.1840765625238,
  "summary_wm_stdv": 37.10691744887507,
  "tpm_overlap_csf": 0.1398554674635492,
  "tpm_overlap_gm": 0.4808495299558818,
  "tpm_overlap_wm": 0.5111319741514281,
  "wm2max": 0.7403305754773137
}