{
  "aor": 0.001693366666666667,
  "aqi": 0.0045361797666666655,
  "bids_meta": {
    "AcquisitionMatrixPE": 62,
    "BodyPartExamined": "BRAIN",
    "EchoTime": 0.035001,
    "EffectiveEchoSpacing": 0.0003157835674478,
    "FlipAngle": 90,
    "ImageType": [
      "ORIGINAL",
      "PRIMARY",
      "M",
      "FFE",
      "M",
      "FFE"
    ],
    "InPlanePhaseEncodingDirectionDICOM": "COL",
    "Instructions": "Participants were asked to close their eyes, to not fall asleep, and to avoid consistent thinking about same topic during the period of scanning",
    "MRAcquisitionType": "2D",
    "MagneticFieldStrength": 3,
    "Manufacturer": "Philips",
    "ManufacturersModelName": "Ingenia",
    "NumberOfVolumesDiscardedByScanner": 0,
    "NumberOfVolumesDiscardedByUser (copy)": 0,
    "PatientPosition": "HFS",
    "PercentPhaseFOV": 100,
    "PhaseEncodingDirection": "j",
    "PhaseEncodingSteps": 62,
    "ReconMatrixPE": 64,
    "RepetitionTime": 2,
    "ScanOptions": "FS",
    "ScanningSequence": "GR",
    "SequenceVariant": "SK",
    "SliceThickness": 3.1,
    "SliceTiming": [
      0,
      0.0588,
      0.1176,
      0.1764,
      0.2352,
      0.2939,
      0.3527,
      0.4115,
      0.4703,
      0.5291,
      0.5879,
      0.6467,
      0.7055,
      0.7642,
      0.823,
      0.8818,
      0.9406,
      0.9994,
      1.0582,
      1.117,
      1.1758,
      1.2345,
      1.2933,
      1.3521,
      1.4109,
      1.4697,
      1.5285,
      1.5873,
      1.6461,
      1.7048,
      1.7636,
      1.8224,
      1.8812,
      1.94
    ],
    "SpacingBetweenSlices": 3.41,
    "TaskName": "rest",
    "TotalReadoutTime": 0.019894364749211,
    "dataset": "ds003469",
    "modality": "bold",
    "subject_id": "184",
    "task_id": "rest"
  },
  "dummy_trs": 0,
  "dvars_nstd": 24.624026703511706,
  "dvars_std": 1.310772924615384,
  "dvars_vstd": 1.0169521630100335,
  "efc": 0.4897210592239758,
  "fber": 27758.54296875,
  "fd_mean": 0.13417027366924333,
  "fd_num": 41,
  "fd_perc": 13.666666666666666,
  "fwhm_avg": 2.009358482159389,
  "fwhm_x": 1.987552151638195,
  "fwhm_y": 2.2160512,
  "fwhm_z": 1.8244720948399717,
  "gcor": 0.0202779,
  "gsr_x": -0.0014902097173035145,
  "gsr_y": 0.019154900684952736,
  "provenance": {
    "md5sum": "1ef51b1d972c9d4ffa6e3e207360785e",
    "settings": {
      "fd_thres": 0.2,
      "testing": false
    },
    "software": "mriqc",
    "version": "22.0.6",
    "webapi_port": null,
    "webapi_url": "https://mriqc.nimh.nih.gov/api/v1"
  },
  "size_t": 300,
  "size_x": 64,
  "size_y": 64,
  "size_z": 34,
  "snr": 5.539920633071574,
  "spacing_tr": 1.999998688697815,
  "spacing_x": 3.124999761581421,
  "spacing_y": 3.125,
  "spacing_z": 3.4100000858306885,
  "summary_bg_k": 135.9630388040054,
  "summary_bg_mad": 621.6528977179192,
  "summary_bg_mean": 1997.9110107421875,
  "summary_bg_median": 450.9833984375,
  "summary_bg_n": 81294.0,
  "summary_bg_p05": 4.034880900382996,
  "summary_bg_p95": 7961.044799804685,
  "summary_bg_stdv": 5763.37646484375,
  "summary_fg_k": 2.4577351720297136,
  "summary_fg_mad": 12708.275492708584,
  "summary_fg_mean": 80133.3203125,
  "summary_fg_median": 78923.7265625,
  "summary_fg_n": 27231.0,
  "summary_fg_p05": 60175.0078125,
  "summary_fg_p95": 104315.734375,
  "summary_fg_stdv": 14246.1025390625,
  "tsnr": 89.65899658203125
}