{
  "bids_meta": {
    "AcquisitionMatrixPE": 250,
    "EchoTime": 0.0035,
    "EchoTrainLength": 213,
    "FlipAngle": 8,
    "MagneticFieldStrength": 3,
    "Manufacturer": "Philips",
    "ManufacturersModelName": "Ingenia",
    "PercentPhaseFOV": 79.6875,
    "PhaseEncodingSteps": 250,
    "PixelBandwidth": 334.024,
    "ProtocolName": "sT1W_3D_TFE_tra",
    "ReconMatrixPE": 256,
    "RepetitionTime": 0.0079,
    "ScanOptions": "OTHER",
    "ScanningSequence": "GR",
    "SequenceVariant": "MP",
    "SeriesDescription": "t1_mpr_ns_sag_p2_iso",
    "SliceThickness": 1,
    "SoftwareVersions": "5.6.1_5.6.1.0",
    "SpacingBetweenSlices": 1,
    "dataset": "ds003469",
    "modality": "T1w",
    "subject_id": "126"
  },
  "cjv": 0.2943350719283037,
  "cnr": 4.515982179370076,
  "efc": 0.7306270968611769,
  "fber": 20584.98481813812,
  "fwhm_avg": 4.99517310965365,
  "fwhm_x": 4.9135718399999995,
  "fwhm_y": 5.2239872,
  "fwhm_z": 4.847960288960951,
  "icvs_csf": 0.23644572959756935,
  "icvs_gm": 0.41962312640866845,
  "icvs_wm": 0.34393114399376223,
  "inu_med": 0.4758404344320297,
  "inu_range": 0.26001418977975843,
  "provenance": {
    "md5sum": "92c75c4d5b7495544c9c85fd1fbae9a3",
    "settings": {
      "testing": false
    },
    "software": "mriqc",
    "version": "22.0.6",
    "warnings": {
      "large_rot_frame": true,
      "small_air_mask": false
    },
    "webapi_port": null,
    "webapi_url": "https://mriqc.nimh.nih.gov/api/v1"
  },
  "qi_1": 0.0,
  "qi_2": 3.335247761788508e-05,
  "rpve_csf": 20.646234175619576,
  "rpve_gm": 11.575973673246597,
  "rpve_wm": 16.61669090340957,
  "size_x": 256,
  "size_y": 256,
  "size_z": 170,
  "snr_csf": 2.2189400347420256,
  "snr_gm": 12.347094768273172,
  "snr_total": 15.65063751078415,
  "snr_wm": 32.38587772933725,
  "snrd_csf": 23.394690417510404,
  "snrd_gm": 70.68129434955372,
  "snrd_total": 64.76426311663,
  "snrd_wm": 100.21680458282592,
  "spacing_x": 0.9765625,
  "spacing_y": 0.9765625,
  "spacing_z": 0.9999999403953552,
  "summary_bg_k": 13.326148969841316,
  "summary_bg_mad": 0.0,
  "summary_bg_mean": 3.8537906070698824,
  "summary_bg_median": 0.0,
  "summary_bg_n": 343016.0,
  "summary_bg_p05": 0.0,
  "summary_bg_p95": 18.29115003347397,
  "summary_bg_stdv": 6.537191307259774,
  "summary_csf_k": -0.17621359696492433,
  "summary_csf_mad": 114.98243838306465,
  "summary_csf_mean": 240.66583297483317,
  "summary_csf_median": 233.44080230221152,
  "summary_csf_n": 62334.0,
  "summary_csf_p05": 80.63310533193872,
  "summary_csf_p95": 419.33261689553035,
  "summary_csf_stdv": 105.20290144842212,
  "summary_gm_k": 0.31912164947914734,
  "summary_gm_mad": 56.16919233512326,
  "summary_gm_mean": 704.8163656982027,
  "summary_gm_median": 705.2838813532144,
  "summary_gm_n": 53713.0,
  "summary_gm_p05": 611.9990161824971,
  "summary_gm_p95": 796.8996790833771,
  "summary_gm_stdv": 57.12091218699167,
  "summary_wm_k": 0.11353629498262485,
  "summary_wm_mad": 30.576108320024854,
  "summary_wm_mean": 999.0750006999958,
  "summary_wm_median": 1000.0000362675637,
  "summary_wm_n": 219938.0,
  "summary_wm_p05": 947.2300684209913,
  "summary_wm_p95": 1048.425855981186,
  "summary_wm_stdv": 30.877587177175204,
  "tpm_overlap_csf": 0.14568450885628267,
  "tpm_overlap_gm": 0.4637795028310521,
  "tpm_overlap_wm": 0.5068299890225861,
  "wm2max": 0.8675050082313506
}