{
  "bids_meta": {
    "AcquisitionMatrixPE": 250,
    "EchoTime": 0.0035,
    "EchoTrainLength": 213,
    "FlipAngle": 8,
    "MagneticFieldStrength": 3,
    "Manufacturer": "Philips",
    "ManufacturersModelName": "Ingenia",
    "PercentPhaseFOV": 79.6875,
    "PhaseEncodingSteps": 250,
    "PixelBandwidth": 334.024,
    "ProtocolName": "sT1W_3D_TFE_tra",
    "ReconMatrixPE": 256,
    "RepetitionTime": 0.0079,
    "ScanOptions": "OTHER",
    "ScanningSequence": "GR",
    "SequenceVariant": "MP",
    "SeriesDescription": "t1_mpr_ns_sag_p2_iso",
    "SliceThickness": 1,
    "SoftwareVersions": "5.6.1_5.6.1.0",
    "SpacingBetweenSlices": 1,
    "dataset": "ds003469",
    "modality": "T1w",
    "subject_id": "186"
  },
  "cjv": 0.3025269092882375,
  "cnr": 4.407657048505056,
  "efc": 0.7147832083718927,
  "fber": 17999.203734567902,
  "fwhm_avg": 4.644068300647922,
  "fwhm_x": 4.4988415999999996,
  "fwhm_y": 4.883353301943768,
  "fwhm_z": 4.55001,
  "icvs_csf": 0.21386442351540094,
  "icvs_gm": 0.4452771554877901,
  "icvs_wm": 0.34085842099680896,
  "inu_med": 0.44201572239398956,
  "inu_range": 0.21427617073059085,
  "provenance": {
    "md5sum": "645e9cd9380456c3bb9b595f15465825",
    "settings": {
      "testing": false
    },
    "software": "mriqc",
    "version": "22.0.6",
    "warnings": {
      "large_rot_frame": true,
      "small_air_mask": true
    },
    "webapi_port": null,
    "webapi_url": "https://mriqc.nimh.nih.gov/api/v1"
  },
  "qi_1": 0.0,
  "qi_2": 8.687665441389765e-05,
  "rpve_csf": 22.876581512667613,
  "rpve_gm": 11.545056751994416,
  "rpve_wm": 17.271200122410487,
  "size_x": 256,
  "size_y": 256,
  "size_z": 170,
  "snr_csf": 2.398395023378553,
  "snr_gm": 13.132436151925354,
  "snr_total": 16.001541774362128,
  "snr_wm": 32.47379414778247,
  "snrd_csf": 25.356153292272385,
  "snrd_gm": 62.95363693454706,
  "snrd_total": 58.55439804656165,
  "snrd_wm": 87.35340391286549,
  "spacing_x": 0.9765625,
  "spacing_y": 0.9765625596046448,
  "spacing_z": 1.0,
  "summary_bg_k": 3.6759098177359313,
  "summary_bg_mad": 0.0,
  "summary_bg_mean": 5.105174045196387,
  "summary_bg_median": 0.0,
  "summary_bg_n": 296540.0,
  "summary_bg_p05": 0.0,
  "summary_bg_p95": 20.782425485551357,
  "summary_bg_stdv": 7.500016321125308,
  "summary_csf_k": -0.12213329372070314,
  "summary_csf_mad": 133.11447421236824,
  "summary_csf_mean": 294.4084072676778,
  "summary_csf_median": 290.2778162425384,
  "summary_csf_n": 40520.0,
  "summary_csf_p05": 103.76740962471813,
  "summary_csf_p95": 488.8377592805773,
  "summary_csf_stdv": 121.02853428357969,
  "summary_gm_k": 0.19270174725756162,
  "summary_gm_mad": 54.202511497228016,
  "summary_gm_mean": 720.3406212778724,
  "summary_gm_median": 720.6946591325104,
  "summary_gm_n": 55750.0,
  "summary_gm_p05": 630.197397561837,
  "summary_gm_p95": 809.0804642326198,
  "summary_gm_stdv": 54.87848462668025,
  "summary_wm_k": 0.3841181203317028,
  "summary_wm_mad": 30.30205298822968,
  "summary_wm_mean": 999.8830933039718,
  "summary_wm_median": 1000.0237432271242,
  "summary_wm_n": 202798.0,
  "summary_wm_p05": 948.9692002534866,
  "summary_wm_p95": 1049.1091751102358,
  "summary_wm_stdv": 30.794716290528818,
  "tpm_overlap_csf": 0.15245657101215626,
  "tpm_overlap_gm": 0.490795511360844,
  "tpm_overlap_wm": 0.5309050490175322,
  "wm2max": 0.7907107617850644
}