{
  "bids_meta": {
    "AcquisitionMatrixPE": 250,
    "EchoTime": 0.0035,
    "EchoTrainLength": 213,
    "FlipAngle": 8,
    "MagneticFieldStrength": 3,
    "Manufacturer": "Philips",
    "ManufacturersModelName": "Ingenia",
    "PercentPhaseFOV": 79.6875,
    "PhaseEncodingSteps": 250,
    "PixelBandwidth": 334.024,
    "ProtocolName": "sT1W_3D_TFE_tra",
    "ReconMatrixPE": 256,
    "RepetitionTime": 0.0079,
    "ScanOptions": "OTHER",
    "ScanningSequence": "GR",
    "SequenceVariant": "MP",
    "SeriesDescription": "t1_mpr_ns_sag_p2_iso",
    "SliceThickness": 1,
    "SoftwareVersions": "5.6.1_5.6.1.0",
    "SpacingBetweenSlices": 1,
    "dataset": "ds003469",
    "modality": "T1w",
    "subject_id": "049"
  },
  "cjv": 0.3276393823993776,
  "cnr": 3.981427134507055,
  "efc": 0.7285684620887637,
  "fber": 34357.27040816327,
  "fwhm_avg": 4.85686734385938,
  "fwhm_x": 4.725503711578143,
  "fwhm_y": 5.09560832,
  "fwhm_z": 4.74949,
  "icvs_csf": 0.23061781770354936,
  "icvs_gm": 0.4134718314897598,
  "icvs_wm": 0.35591035080669087,
  "inu_med": 0.445112407207489,
  "inu_range": 0.2209516733884811,
  "provenance": {
    "md5sum": "754073f8c4f0e20bd97eb18ebde8b52c",
    "settings": {
      "testing": false
    },
    "software": "mriqc",
    "version": "22.0.6",
    "warnings": {
      "large_rot_frame": true,
      "small_air_mask": true
    },
    "webapi_port": null,
    "webapi_url": "https://mriqc.nimh.nih.gov/api/v1"
  },
  "qi_1": 0.0,
  "qi_2": 0.00015614229825804856,
  "rpve_csf": 21.439947626206294,
  "rpve_gm": 12.03999596288487,
  "rpve_wm": 16.823991776368313,
  "size_x": 256,
  "size_y": 256,
  "size_z": 170,
  "snr_csf": 2.6997904976571534,
  "snr_gm": 12.230977891280153,
  "snr_total": 16.1440210022289,
  "snr_wm": 33.501294617749394,
  "snrd_csf": 41.492834798350536,
  "snrd_gm": 104.16130137217807,
  "snrd_total": 95.92862119499561,
  "snrd_wm": 142.13172741445823,
  "spacing_x": 0.9765625596046448,
  "spacing_y": 0.9765625,
  "spacing_z": 1.0,
  "summary_bg_k": 14.101124829575117,
  "summary_bg_mad": 0.0,
  "summary_bg_mean": 1.9451889549581347,
  "summary_bg_median": 0.0,
  "summary_bg_n": 155761.0,
  "summary_bg_p05": 0.0,
  "summary_bg_p95": 12.191045021638274,
  "summary_bg_stdv": 4.609463431587046,
  "summary_csf_k": -0.04508647952825484,
  "summary_csf_mad": 106.89380571804139,
  "summary_csf_mean": 286.39397529403493,
  "summary_csf_median": 291.93875454925,
  "summary_csf_n": 52641.0,
  "summary_csf_p05": 111.92582833394408,
  "summary_csf_p95": 468.29659596830606,
  "summary_csf_stdv": 108.13282803521395,
  "summary_gm_k": 0.28074062253287835,
  "summary_gm_mad": 57.65987356351847,
  "summary_gm_mean": 733.2329377354117,
  "summary_gm_median": 732.8667887505144,
  "summary_gm_n": 40962.0,
  "summary_gm_p05": 635.762997878436,
  "summary_gm_p95": 832.6907204724848,
  "summary_gm_stdv": 59.91817248949509,
  "summary_wm_k": 0.3083761358723929,
  "summary_wm_mad": 29.870788367576328,
  "summary_wm_mean": 1000.2819647160846,
  "summary_wm_median": 1000.022285412997,
  "summary_wm_n": 226515.0,
  "summary_wm_p05": 951.9267183989286,
  "summary_wm_p95": 1047.8058329932392,
  "summary_wm_stdv": 29.85019204219678,
  "tpm_overlap_csf": 0.14916283393082969,
  "tpm_overlap_gm": 0.4676276774330777,
  "tpm_overlap_wm": 0.512649572992196,
  "wm2max": 0.855914826879773
}