{
  "aor": 0.012156099999999998,
  "aqi": 0.016729478,
  "bids_meta": {
    "AcquisitionMatrixPE": 62,
    "BodyPartExamined": "BRAIN",
    "EchoTime": 0.035001,
    "EffectiveEchoSpacing": 0.0003157835674478,
    "FlipAngle": 90,
    "ImageType": [
      "ORIGINAL",
      "PRIMARY",
      "M",
      "FFE",
      "M",
      "FFE"
    ],
    "InPlanePhaseEncodingDirectionDICOM": "COL",
    "Instructions": "Participants were asked to close their eyes, to not fall asleep, and to avoid consistent thinking about same topic during the period of scanning",
    "MRAcquisitionType": "2D",
    "MagneticFieldStrength": 3,
    "Manufacturer": "Philips",
    "ManufacturersModelName": "Ingenia",
    "NumberOfVolumesDiscardedByScanner": 0,
    "NumberOfVolumesDiscardedByUser (copy)": 0,
    "PatientPosition": "HFS",
    "PercentPhaseFOV": 100,
    "PhaseEncodingDirection": "j",
    "PhaseEncodingSteps": 62,
    "ReconMatrixPE": 64,
    "RepetitionTime": 2,
    "ScanOptions": "FS",
    "ScanningSequence": "GR",
    "SequenceVariant": "SK",
    "SliceThickness": 3.1,
    "SliceTiming": [
      0,
      0.0588,
      0.1176,
      0.1764,
      0.2352,
      0.2939,
      0.3527,
      0.4115,
      0.4703,
      0.5291,
      0.5879,
      0.6467,
      0.7055,
      0.7642,
      0.823,
      0.8818,
      0.9406,
      0.9994,
      1.0582,
      1.117,
      1.1758,
      1.2345,
      1.2933,
      1.3521,
      1.4109,
      1.4697,
      1.5285,
      1.5873,
      1.6461,
      1.7048,
      1.7636,
      1.8224,
      1.8812,
      1.94
    ],
    "SpacingBetweenSlices": 3.41,
    "TaskName": "rest",
    "TotalReadoutTime": 0.019894364749211,
    "dataset": "ds003469",
    "modality": "bold",
    "subject_id": "160",
    "task_id": "rest"
  },
  "dummy_trs": 0,
  "dvars_nstd": 32.02577459545152,
  "dvars_std": 1.2150834666889627,
  "dvars_vstd": 1.1102671571237457,
  "efc": 0.5164948772172181,
  "fber": 9816.8994140625,
  "fd_mean": 0.44340909228699465,
  "fd_num": 174,
  "fd_perc": 58.0,
  "fwhm_avg": 1.9530607689617414,
  "fwhm_x": 1.8934113444558214,
  "fwhm_y": 2.2075072000000002,
  "fwhm_z": 1.7582637624294026,
  "gcor": 0.0923171,
  "gsr_x": 0.006724759005010128,
  "gsr_y": 0.028804685920476913,
  "provenance": {
    "md5sum": "1b8a4c41be6db353dd413a5c7ea7768d",
    "settings": {
      "fd_thres": 0.2,
      "testing": false
    },
    "software": "mriqc",
    "version": "22.0.6",
    "webapi_port": null,
    "webapi_url": "https://mriqc.nimh.nih.gov/api/v1"
  },
  "size_t": 300,
  "size_x": 64,
  "size_y": 64,
  "size_z": 34,
  "snr": 6.705184028198918,
  "spacing_tr": 1.999998688697815,
  "spacing_x": 3.124999761581421,
  "spacing_y": 3.125,
  "spacing_z": 3.4100003242492676,
  "summary_bg_k": 61.437623813834946,
  "summary_bg_mad": 983.0973889359059,
  "summary_bg_mean": 2424.881103515625,
  "summary_bg_median": 688.5247192382812,
  "summary_bg_n": 79438.0,
  "summary_bg_p05": 6.05368721485138,
  "summary_bg_p95": 10598.510107421875,
  "summary_bg_stdv": 5305.0615234375,
  "summary_fg_k": 2.2278448549423677,
  "summary_fg_mad": 9580.69136428152,
  "summary_fg_mean": 72347.0390625,
  "summary_fg_median": 71987.984375,
  "summary_fg_n": 28428.0,
  "summary_fg_p05": 56153.7044921875,
  "summary_fg_p95": 89416.25,
  "summary_fg_stdv": 10735.9794921875,
  "tsnr": 43.28736877441406
}