{
  "aor": 0.0018543,
  "aqi": 0.006598668000000001,
  "bids_meta": {
    "AcquisitionMatrixPE": 62,
    "BodyPartExamined": "BRAIN",
    "EchoTime": 0.035001,
    "EffectiveEchoSpacing": 0.0003157835674478,
    "FlipAngle": 90,
    "ImageType": [
      "ORIGINAL",
      "PRIMARY",
      "M",
      "FFE",
      "M",
      "FFE"
    ],
    "InPlanePhaseEncodingDirectionDICOM": "COL",
    "Instructions": "Participants were asked to close their eyes, to not fall asleep, and to avoid consistent thinking about same topic during the period of scanning",
    "MRAcquisitionType": "2D",
    "MagneticFieldStrength": 3,
    "Manufacturer": "Philips",
    "ManufacturersModelName": "Ingenia",
    "NumberOfVolumesDiscardedByScanner": 0,
    "NumberOfVolumesDiscardedByUser (copy)": 0,
    "PatientPosition": "HFS",
    "PercentPhaseFOV": 100,
    "PhaseEncodingDirection": "j",
    "PhaseEncodingSteps": 62,
    "ReconMatrixPE": 64,
    "RepetitionTime": 2,
    "ScanOptions": "FS",
    "ScanningSequence": "GR",
    "SequenceVariant": "SK",
    "SliceThickness": 3.1,
    "SliceTiming": [
      0,
      0.0588,
      0.1176,
      0.1764,
      0.2352,
      0.2939,
      0.3527,
      0.4115,
      0.4703,
      0.5291,
      0.5879,
      0.6467,
      0.7055,
      0.7642,
      0.823,
      0.8818,
      0.9406,
      0.9994,
      1.0582,
      1.117,
      1.1758,
      1.2345,
      1.2933,
      1.3521,
      1.4109,
      1.4697,
      1.5285,
      1.5873,
      1.6461,
      1.7048,
      1.7636,
      1.8224,
      1.8812,
      1.94
    ],
    "SpacingBetweenSlices": 3.41,
    "TaskName": "rest",
    "TotalReadoutTime": 0.019894364749211,
    "dataset": "ds003469",
    "modality": "bold",
    "subject_id": "197",
    "task_id": "rest"
  },
  "dummy_trs": 0,
  "dvars_nstd": 22.741119059431416,
  "dvars_std": 1.1024832809030098,
  "dvars_vstd": 1.0113065371237457,
  "efc": 0.4984415703849198,
  "fber": 33542.171875,
  "fd_mean": 0.1821425078879831,
  "fd_num": 91,
  "fd_perc": 30.333333333333332,
  "fwhm_avg": 1.9672082267737971,
  "fwhm_x": 1.920892653447521,
  "fwhm_y": 2.1590048,
  "fwhm_z": 1.8217272268738702,
  "gcor": 0.0682578,
  "gsr_x": -0.0006832590443082154,
  "gsr_y": 0.023884525522589684,
  "provenance": {
    "md5sum": "58f1d807389e1ec33f4a53e3dda97d40",
    "settings": {
      "fd_thres": 0.2,
      "testing": false
    },
    "software": "mriqc",
    "version": "22.0.6",
    "webapi_port": null,
    "webapi_url": "https://mriqc.nimh.nih.gov/api/v1"
  },
  "size_t": 300,
  "size_x": 64,
  "size_y": 64,
  "size_z": 34,
  "snr": 6.573899054995295,
  "spacing_tr": 1.999998688697815,
  "spacing_x": 3.125000238418579,
  "spacing_y": 3.125,
  "spacing_z": 3.4100000858306885,
  "summary_bg_k": 116.20098757060593,
  "summary_bg_mad": 534.0501147745422,
  "summary_bg_mean": 1893.942138671875,
  "summary_bg_median": 370.8789978027344,
  "summary_bg_n": 80752.0,
  "summary_bg_p05": 2.539905107021332,
  "summary_bg_p95": 8514.84765625,
  "summary_bg_stdv": 4697.35107421875,
  "summary_fg_k": 1.7461497746751213,
  "summary_fg_mad": 10260.261781944278,
  "summary_fg_mean": 72213.2578125,
  "summary_fg_median": 71800.5234375,
  "summary_fg_n": 27549.0,
  "summary_fg_p05": 55596.3359375,
  "summary_fg_p95": 89686.45156249998,
  "summary_fg_stdv": 10921.8623046875,
  "tsnr": 67.58718872070312
}