{
  "aor": 0.005788000000000001,
  "aqi": 0.014050665866666666,
  "bids_meta": {
    "AcquisitionMatrixPE": 62,
    "BodyPartExamined": "BRAIN",
    "EchoTime": 0.035001,
    "EffectiveEchoSpacing": 0.0003157835674478,
    "FlipAngle": 90,
    "ImageType": [
      "ORIGINAL",
      "PRIMARY",
      "M",
      "FFE",
      "M",
      "FFE"
    ],
    "InPlanePhaseEncodingDirectionDICOM": "COL",
    "Instructions": "Participants were asked to close their eyes, to not fall asleep, and to avoid consistent thinking about same topic during the period of scanning",
    "MRAcquisitionType": "2D",
    "MagneticFieldStrength": 3,
    "Manufacturer": "Philips",
    "ManufacturersModelName": "Ingenia",
    "NumberOfVolumesDiscardedByScanner": 0,
    "NumberOfVolumesDiscardedByUser (copy)": 0,
    "PatientPosition": "HFS",
    "PercentPhaseFOV": 100,
    "PhaseEncodingDirection": "j",
    "PhaseEncodingSteps": 62,
    "ReconMatrixPE": 64,
    "RepetitionTime": 2,
    "ScanOptions": "FS",
    "ScanningSequence": "GR",
    "SequenceVariant": "SK",
    "SliceThickness": 3.1,
    "SliceTiming": [
      0,
      0.0588,
      0.1176,
      0.1764,
      0.2352,
      0.2939,
      0.3527,
      0.4115,
      0.4703,
      0.5291,
      0.5879,
      0.6467,
      0.7055,
      0.7642,
      0.823,
      0.8818,
      0.9406,
      0.9994,
      1.0582,
      1.117,
      1.1758,
      1.2345,
      1.2933,
      1.3521,
      1.4109,
      1.4697,
      1.5285,
      1.5873,
      1.6461,
      1.7048,
      1.7636,
      1.8224,
      1.8812,
      1.94
    ],
    "SpacingBetweenSlices": 3.41,
    "TaskName": "rest",
    "TotalReadoutTime": 0.019894364749211,
    "dataset": "ds003469",
    "modality": "bold",
    "subject_id": "170",
    "task_id": "rest"
  },
  "dummy_trs": 0,
  "dvars_nstd": 28.143598020668886,
  "dvars_std": 1.1649862087959868,
  "dvars_vstd": 1.0211165021739128,
  "efc": 0.48254089791795385,
  "fber": 31329.9296875,
  "fd_mean": 0.3563734146182408,
  "fd_num": 182,
  "fd_perc": 60.666666666666664,
  "fwhm_avg": 2.059259606746535,
  "fwhm_x": 2.032182244956799,
  "fwhm_y": 2.2264384,
  "fwhm_z": 1.9191581752828057,
  "gcor": 0.0421981,
  "gsr_x": -0.008519710972905159,
  "gsr_y": 0.025660181418061256,
  "provenance": {
    "md5sum": "45d2f1cb77f075bc73fb483e0d08eba8",
    "settings": {
      "fd_thres": 0.2,
      "testing": false
    },
    "software": "mriqc",
    "version": "22.0.6",
    "webapi_port": null,
    "webapi_url": "https://mriqc.nimh.nih.gov/api/v1"
  },
  "size_t": 300,
  "size_x": 64,
  "size_y": 64,
  "size_z": 34,
  "snr": 5.113613110333487,
  "spacing_tr": 1.999998688697815,
  "spacing_x": 3.125000238418579,
  "spacing_y": 3.125,
  "spacing_z": 3.4100003242492676,
  "summary_bg_k": 119.60285755758406,
  "summary_bg_mad": 605.7878170829931,
  "summary_bg_mean": 1479.04296875,
  "summary_bg_median": 418.2192687988281,
  "summary_bg_n": 81375.0,
  "summary_bg_p05": 3.2614395856857303,
  "summary_bg_p95": 5335.0363281250075,
  "summary_bg_stdv": 3692.625244140625,
  "summary_fg_k": 2.873997566903327,
  "summary_fg_mad": 12958.823684806199,
  "summary_fg_mean": 78372.171875,
  "summary_fg_median": 76902.71875,
  "summary_fg_n": 27401.0,
  "summary_fg_p05": 58034.5546875,
  "summary_fg_p95": 103996.1796875,
  "summary_fg_stdv": 15038.5478515625,
  "tsnr": 46.33675765991211
}