{
  "aor": 0.0017541,
  "aqi": 0.0076119317,
  "bids_meta": {
    "AcquisitionMatrixPE": 62,
    "BodyPartExamined": "BRAIN",
    "EchoTime": 0.035001,
    "EffectiveEchoSpacing": 0.0003157835674478,
    "FlipAngle": 90,
    "ImageType": [
      "ORIGINAL",
      "PRIMARY",
      "M",
      "FFE",
      "M",
      "FFE"
    ],
    "InPlanePhaseEncodingDirectionDICOM": "COL",
    "Instructions": "Participants were asked to close their eyes, to not fall asleep, and to avoid consistent thinking about same topic during the period of scanning",
    "MRAcquisitionType": "2D",
    "MagneticFieldStrength": 3,
    "Manufacturer": "Philips",
    "ManufacturersModelName": "Ingenia",
    "NumberOfVolumesDiscardedByScanner": 0,
    "NumberOfVolumesDiscardedByUser (copy)": 0,
    "PatientPosition": "HFS",
    "PercentPhaseFOV": 100,
    "PhaseEncodingDirection": "j",
    "PhaseEncodingSteps": 62,
    "ReconMatrixPE": 64,
    "RepetitionTime": 2,
    "ScanOptions": "FS",
    "ScanningSequence": "GR",
    "SequenceVariant": "SK",
    "SliceThickness": 3.1,
    "SliceTiming": [
      0,
      0.0588,
      0.1176,
      0.1764,
      0.2352,
      0.2939,
      0.3527,
      0.4115,
      0.4703,
      0.5291,
      0.5879,
      0.6467,
      0.7055,
      0.7642,
      0.823,
      0.8818,
      0.9406,
      0.9994,
      1.0582,
      1.117,
      1.1758,
      1.2345,
      1.2933,
      1.3521,
      1.4109,
      1.4697,
      1.5285,
      1.5873,
      1.6461,
      1.7048,
      1.7636,
      1.8224,
      1.8812,
      1.94
    ],
    "SpacingBetweenSlices": 3.41,
    "TaskName": "rest",
    "TotalReadoutTime": 0.019894364749211,
    "dataset": "ds003469",
    "modality": "bold",
    "subject_id": "015",
    "task_id": "rest"
  },
  "dummy_trs": 0,
  "dvars_nstd": 22.047753433010026,
  "dvars_std": 1.1390190622073588,
  "dvars_vstd": 0.9981756138461544,
  "efc": 0.5367207031621423,
  "fber": 10536.6455078125,
  "fd_mean": 0.16486693396389712,
  "fd_num": 77,
  "fd_perc": 25.666666666666668,
  "fwhm_avg": 1.9997024870096347,
  "fwhm_x": 2.003651352866467,
  "fwhm_y": 2.1410368,
  "fwhm_z": 1.8544193081624383,
  "gcor": 0.050432,
  "gsr_x": 0.006394761614501476,
  "gsr_y": 0.014683092944324017,
  "provenance": {
    "md5sum": "c200aa61af56ce10e67ea25dc97c8ae8",
    "settings": {
      "fd_thres": 0.2,
      "testing": false
    },
    "software": "mriqc",
    "version": "22.0.6",
    "webapi_port": null,
    "webapi_url": "https://mriqc.nimh.nih.gov/api/v1"
  },
  "size_t": 300,
  "size_x": 64,
  "size_y": 64,
  "size_z": 34,
  "snr": 5.865320916369472,
  "spacing_tr": 1.999998688697815,
  "spacing_x": 3.124999761581421,
  "spacing_y": 3.125,
  "spacing_z": 3.4100000858306885,
  "summary_bg_k": 54.964910922200104,
  "summary_bg_mad": 1009.4342476988895,
  "summary_bg_mean": 2533.939697265625,
  "summary_bg_median": 695.5006103515625,
  "summary_bg_n": 75470.0,
  "summary_bg_p05": 2.067905080318451,
  "summary_bg_p95": 11095.49492187501,
  "summary_bg_stdv": 5344.37451171875,
  "summary_fg_k": 2.53200047545901,
  "summary_fg_mad": 11184.982793002902,
  "summary_fg_mean": 76485.15625,
  "summary_fg_median": 75562.0234375,
  "summary_fg_n": 31285.0,
  "summary_fg_p05": 58184.57578125,
  "summary_fg_p95": 98283.4734375,
  "summary_fg_stdv": 12882.6396484375,
  "tsnr": 69.04472351074219
}