{
  "bids_meta": {
    "AcquisitionMatrixPE": 250,
    "EchoTime": 0.0035,
    "EchoTrainLength": 213,
    "FlipAngle": 8,
    "MagneticFieldStrength": 3,
    "Manufacturer": "Philips",
    "ManufacturersModelName": "Ingenia",
    "PercentPhaseFOV": 79.6875,
    "PhaseEncodingSteps": 250,
    "PixelBandwidth": 334.024,
    "ProtocolName": "sT1W_3D_TFE_tra",
    "ReconMatrixPE": 256,
    "RepetitionTime": 0.0079,
    "ScanOptions": "OTHER",
    "ScanningSequence": "GR",
    "SequenceVariant": "MP",
    "SeriesDescription": "t1_mpr_ns_sag_p2_iso",
    "SliceThickness": 1,
    "SoftwareVersions": "5.6.1_5.6.1.0",
    "SpacingBetweenSlices": 1,
    "dataset": "ds003469",
    "modality": "T1w",
    "subject_id": "046"
  },
  "cjv": 0.31911110128653714,
  "cnr": 4.224431032192459,
  "efc": 0.7331853775983433,
  "fber": -1.0,
  "fwhm_avg": 5.127879764052299,
  "fwhm_x": 4.96515072,
  "fwhm_y": 5.4420585721568955,
  "fwhm_z": 4.97643,
  "icvs_csf": 0.25470642970301355,
  "icvs_gm": 0.4107980891557823,
  "icvs_wm": 0.33449548114120414,
  "inu_med": 0.47634726762771606,
  "inu_range": 0.25414037704467773,
  "provenance": {
    "md5sum": "60463e12f6781a07019edde7c0de2b79",
    "settings": {
      "testing": false
    },
    "software": "mriqc",
    "version": "22.0.6",
    "warnings": {
      "large_rot_frame": true,
      "small_air_mask": false
    },
    "webapi_port": null,
    "webapi_url": "https://mriqc.nimh.nih.gov/api/v1"
  },
  "qi_1": 0.0,
  "qi_2": 3.812490647982182e-05,
  "rpve_csf": 18.520927964774067,
  "rpve_gm": 11.101292359520308,
  "rpve_wm": 15.820894475584131,
  "size_x": 256,
  "size_y": 256,
  "size_z": 170,
  "snr_csf": 2.3852984239604416,
  "snr_gm": 12.779477903595367,
  "snr_total": 14.733543331204409,
  "snr_wm": 29.035853666057417,
  "snrd_csf": 17.648400655143348,
  "snrd_gm": 57.47763213368276,
  "snrd_total": 51.683560100413594,
  "snrd_wm": 79.92464751241468,
  "spacing_x": 0.9765625,
  "spacing_y": 0.9765624403953552,
  "spacing_z": 1.0,
  "summary_bg_k": 7.824041782926747,
  "summary_bg_mad": 0.0,
  "summary_bg_mean": 4.803441060295352,
  "summary_bg_median": 0.0,
  "summary_bg_n": 352228.0,
  "summary_bg_p05": 0.0,
  "summary_bg_p95": 22.10411101207137,
  "summary_bg_stdv": 8.1969258912015,
  "summary_csf_k": 0.9111403805279155,
  "summary_csf_mad": 80.39019893338812,
  "summary_csf_mean": 243.94493256823625,
  "summary_csf_median": 220.81299751996994,
  "summary_csf_n": 105733.0,
  "summary_csf_p05": 126.16907947137952,
  "summary_csf_p95": 413.91031404957175,
  "summary_csf_stdv": 92.57204511539797,
  "summary_gm_k": 0.08522386453465414,
  "summary_gm_mad": 56.6147215037828,
  "summary_gm_mean": 719.8290655164432,
  "summary_gm_median": 719.1477851048112,
  "summary_gm_n": 50056.0,
  "summary_gm_p05": 629.3398541919887,
  "summary_gm_p95": 811.8128263419494,
  "summary_gm_stdv": 56.27308150313439,
  "summary_wm_k": 0.6015524767830471,
  "summary_wm_mad": 33.00834419814338,
  "summary_wm_mean": 999.7237048437047,
  "summary_wm_median": 1000.0000191405416,
  "summary_wm_n": 222870.0,
  "summary_wm_p05": 943.4052828960121,
  "summary_wm_p95": 1055.5910599417984,
  "summary_wm_stdv": 34.44010247395119,
  "tpm_overlap_csf": 0.15616966951764177,
  "tpm_overlap_gm": 0.4575916461093243,
  "tpm_overlap_wm": 0.5226496059071105,
  "wm2max": 0.8839653696816869
}