{
  "bids_meta": {
    "AcquisitionMatrixPE": 250,
    "EchoTime": 0.0035,
    "EchoTrainLength": 213,
    "FlipAngle": 8,
    "MagneticFieldStrength": 3,
    "Manufacturer": "Philips",
    "ManufacturersModelName": "Ingenia",
    "PercentPhaseFOV": 79.6875,
    "PhaseEncodingSteps": 250,
    "PixelBandwidth": 334.024,
    "ProtocolName": "sT1W_3D_TFE_tra",
    "ReconMatrixPE": 256,
    "RepetitionTime": 0.0079,
    "ScanOptions": "OTHER",
    "ScanningSequence": "GR",
    "SequenceVariant": "MP",
    "SeriesDescription": "t1_mpr_ns_sag_p2_iso",
    "SliceThickness": 1,
    "SoftwareVersions": "5.6.1_5.6.1.0",
    "SpacingBetweenSlices": 1,
    "dataset": "ds003469",
    "modality": "T1w",
    "subject_id": "013"
  },
  "cjv": 0.3016277937549498,
  "cnr": 4.367881839084542,
  "efc": 0.7479989909488051,
  "fber": 21663.817329578334,
  "fwhm_avg": 4.487917729737638,
  "fwhm_x": 4.3624448000000005,
  "fwhm_y": 4.706468127260018,
  "fwhm_z": 4.394840261952893,
  "icvs_csf": 0.21254342748545915,
  "icvs_gm": 0.4490166913520718,
  "icvs_wm": 0.33843988116246904,
  "inu_med": 0.46352069079875946,
  "inu_range": 0.23669049441814427,
  "provenance": {
    "md5sum": "627653a19c1bf0f471c17f8da4b00c17",
    "settings": {
      "testing": false
    },
    "software": "mriqc",
    "version": "22.0.6",
    "warnings": {
      "large_rot_frame": true,
      "small_air_mask": false
    },
    "webapi_port": null,
    "webapi_url": "https://mriqc.nimh.nih.gov/api/v1"
  },
  "qi_1": 0.0,
  "qi_2": 6.121614337281661e-05,
  "rpve_csf": 21.598740767647413,
  "rpve_gm": 10.77947634927729,
  "rpve_wm": 15.916874619313461,
  "size_x": 256,
  "size_y": 256,
  "size_z": 170,
  "snr_csf": 2.558232137019717,
  "snr_gm": 14.57340182118576,
  "snr_total": 14.65532585650017,
  "snr_wm": 26.834343611295033,
  "snrd_csf": 22.365399870603515,
  "snrd_gm": 56.4490309174995,
  "snrd_total": 52.195547595878395,
  "snrd_wm": 77.77221199953219,
  "spacing_x": 0.9765625,
  "spacing_y": 0.9765624403953552,
  "spacing_z": 0.9999999403953552,
  "summary_bg_k": 4.701055012639432,
  "summary_bg_mad": 0.0,
  "summary_bg_mean": 5.443523775187728,
  "summary_bg_median": 0.0,
  "summary_bg_n": 329138.0,
  "summary_bg_p05": 0.0,
  "summary_bg_p95": 23.21671326085925,
  "summary_bg_stdv": 8.423784803277414,
  "summary_csf_k": 2.8561881470880186,
  "summary_csf_mad": 95.56543086283325,
  "summary_csf_mean": 292.17624504908696,
  "summary_csf_median": 287.57571026310325,
  "summary_csf_n": 49362.0,
  "summary_csf_p05": 95.14401948787273,
  "summary_csf_p95": 480.99887090176344,
  "summary_csf_stdv": 112.41075161276301,
  "summary_gm_k": 0.3590372074596817,
  "summary_gm_mad": 47.76438681023082,
  "summary_gm_mean": 725.7406284866387,
  "summary_gm_median": 725.8251698464155,
  "summary_gm_n": 54017.0,
  "summary_gm_p05": 643.8620128072798,
  "summary_gm_p95": 806.8240544497967,
  "summary_gm_stdv": 49.80432573209047,
  "summary_wm_k": 0.9112729648724032,
  "summary_wm_mad": 34.93435198016114,
  "summary_wm_mean": 1000.7658204911578,
  "summary_wm_median": 999.9999657459557,
  "summary_wm_n": 205609.0,
  "summary_wm_p05": 941.5254962444305,
  "summary_wm_p95": 1062.6776740700006,
  "summary_wm_stdv": 37.26558578917509,
  "tpm_overlap_csf": 0.16905787462636876,
  "tpm_overlap_gm": 0.49048316865149855,
  "tpm_overlap_wm": 0.5274182472144278,
  "wm2max": 0.8686267772002921
}