{
  "aor": 0.0009605999999999999,
  "aqi": 0.005441802,
  "bids_meta": {
    "AcquisitionMatrixPE": 62,
    "BodyPartExamined": "BRAIN",
    "EchoTime": 0.035001,
    "EffectiveEchoSpacing": 0.0003157835674478,
    "FlipAngle": 90,
    "ImageType": [
      "ORIGINAL",
      "PRIMARY",
      "M",
      "FFE",
      "M",
      "FFE"
    ],
    "InPlanePhaseEncodingDirectionDICOM": "COL",
    "Instructions": "Participants were asked to close their eyes, to not fall asleep, and to avoid consistent thinking about same topic during the period of scanning",
    "MRAcquisitionType": "2D",
    "MagneticFieldStrength": 3,
    "Manufacturer": "Philips",
    "ManufacturersModelName": "Ingenia",
    "NumberOfVolumesDiscardedByScanner": 0,
    "NumberOfVolumesDiscardedByUser (copy)": 0,
    "PatientPosition": "HFS",
    "PercentPhaseFOV": 100,
    "PhaseEncodingDirection": "j",
    "PhaseEncodingSteps": 62,
    "ReconMatrixPE": 64,
    "RepetitionTime": 2,
    "ScanOptions": "FS",
    "ScanningSequence": "GR",
    "SequenceVariant": "SK",
    "SliceThickness": 3.1,
    "SliceTiming": [
      0,
      0.0588,
      0.1176,
      0.1764,
      0.2352,
      0.2939,
      0.3527,
      0.4115,
      0.4703,
      0.5291,
      0.5879,
      0.6467,
      0.7055,
      0.7642,
      0.823,
      0.8818,
      0.9406,
      0.9994,
      1.0582,
      1.117,
      1.1758,
      1.2345,
      1.2933,
      1.3521,
      1.4109,
      1.4697,
      1.5285,
      1.5873,
      1.6461,
      1.7048,
      1.7636,
      1.8224,
      1.8812,
      1.94
    ],
    "SpacingBetweenSlices": 3.41,
    "TaskName": "rest",
    "TotalReadoutTime": 0.019894364749211,
    "dataset": "ds003469",
    "modality": "bold",
    "subject_id": "134",
    "task_id": "rest"
  },
  "dummy_trs": 0,
  "dvars_nstd": 21.855661615284273,
  "dvars_std": 1.1383296861538459,
  "dvars_vstd": 1.0037775992307694,
  "efc": 0.5153375849247404,
  "fber": 5755.439453125,
  "fd_mean": 0.2298746630638563,
  "fd_num": 165,
  "fd_perc": 55.0,
  "fwhm_avg": 1.9356022245399689,
  "fwhm_x": 1.9289726528310658,
  "fwhm_y": 2.1405760000000003,
  "fwhm_z": 1.737258020788841,
  "gcor": 0.0820571,
  "gsr_x": 0.003495202399790287,
  "gsr_y": 0.0242653526365757,
  "provenance": {
    "md5sum": "49074d636746030fe68f4755ba98a377",
    "settings": {
      "fd_thres": 0.2,
      "testing": false
    },
    "software": "mriqc",
    "version": "22.0.6",
    "webapi_port": null,
    "webapi_url": "https://mriqc.nimh.nih.gov/api/v1"
  },
  "size_t": 300,
  "size_x": 64,
  "size_y": 64,
  "size_z": 34,
  "snr": 6.033094238962945,
  "spacing_tr": 1.999998688697815,
  "spacing_x": 3.125000238418579,
  "spacing_y": 3.125,
  "spacing_z": 3.4100000858306885,
  "summary_bg_k": 63.50647231285927,
  "summary_bg_mad": 1345.0834113826136,
  "summary_bg_mean": 2703.118896484375,
  "summary_bg_median": 950.6253662109375,
  "summary_bg_n": 79944.0,
  "summary_bg_p05": 4.972781443595887,
  "summary_bg_p95": 11272.25307617179,
  "summary_bg_stdv": 5759.1318359375,
  "summary_fg_k": 1.5109488051990692,
  "summary_fg_mad": 11757.637899900692,
  "summary_fg_mean": 75194.0,
  "summary_fg_median": 74495.2734375,
  "summary_fg_n": 28255.0,
  "summary_fg_p05": 56999.116015625,
  "summary_fg_p95": 95406.81484374999,
  "summary_fg_stdv": 12347.5537109375,
  "tsnr": 72.7803955078125
}