{
  "bids_meta": {
    "AcquisitionMatrixPE": 250,
    "EchoTime": 0.0035,
    "EchoTrainLength": 213,
    "FlipAngle": 8,
    "MagneticFieldStrength": 3,
    "Manufacturer": "Philips",
    "ManufacturersModelName": "Ingenia",
    "PercentPhaseFOV": 79.6875,
    "PhaseEncodingSteps": 250,
    "PixelBandwidth": 334.024,
    "ProtocolName": "sT1W_3D_TFE_tra",
    "ReconMatrixPE": 256,
    "RepetitionTime": 0.0079,
    "ScanOptions": "OTHER",
    "ScanningSequence": "GR",
    "SequenceVariant": "MP",
    "SeriesDescription": "t1_mpr_ns_sag_p2_iso",
    "SliceThickness": 1,
    "SoftwareVersions": "5.6.1_5.6.1.0",
    "SpacingBetweenSlices": 1,
    "dataset": "ds003469",
    "modality": "T1w",
    "subject_id": "111"
  },
  "cjv": 0.3429237806242313,
  "cnr": 3.8246968230125717,
  "efc": 0.7140362919735795,
  "fber": 15547.048685306367,
  "fwhm_avg": 4.873265813333333,
  "fwhm_x": 4.75204608,
  "fwhm_y": 5.10939136,
  "fwhm_z": 4.75836,
  "icvs_csf": 0.21004195015034854,
  "icvs_gm": 0.40917041533815074,
  "icvs_wm": 0.3807876345115007,
  "inu_med": 0.402321919798851,
  "inu_range": 0.19712776392698278,
  "provenance": {
    "md5sum": "bcb03a47e81b5f0e0cef298dcd264b94",
    "settings": {
      "testing": false
    },
    "software": "mriqc",
    "version": "22.0.6",
    "warnings": {
      "large_rot_frame": true,
      "small_air_mask": false
    },
    "webapi_port": null,
    "webapi_url": "https://mriqc.nimh.nih.gov/api/v1"
  },
  "qi_1": 0.0,
  "qi_2": 2.133350680018137e-05,
  "rpve_csf": 22.29627142975235,
  "rpve_gm": 11.661532069890303,
  "rpve_wm": 14.983037734570829,
  "size_x": 256,
  "size_y": 256,
  "size_z": 170,
  "snr_csf": 1.8737707551482707,
  "snr_gm": 12.487708180814183,
  "snr_total": 14.794467382775347,
  "snr_wm": 30.02192321236359,
  "snrd_csf": 7.257540521162072,
  "snrd_gm": 22.704764045764563,
  "snrd_total": 20.350985468882534,
  "snrd_wm": 31.090651839720966,
  "spacing_x": 0.9765625,
  "spacing_y": 0.9765625,
  "spacing_z": 1.0,
  "summary_bg_k": 76.86015226495498,
  "summary_bg_mad": 0.0,
  "summary_bg_mean": 8.084670495479072,
  "summary_bg_median": 0.0,
  "summary_bg_n": 353585.0,
  "summary_bg_p05": 0.0,
  "summary_bg_p95": 30.287148848176003,
  "summary_bg_stdv": 21.071812667039516,
  "summary_csf_k": -0.10728858426772225,
  "summary_csf_mad": 127.32993662225523,
  "summary_csf_mean": 257.1254594433478,
  "summary_csf_median": 233.43159422278404,
  "summary_csf_n": 47497.0,
  "summary_csf_p05": 91.12348388135433,
  "summary_csf_p95": 483.2841948866844,
  "summary_csf_stdv": 124.5772121475462,
  "summary_gm_k": 0.057497433498755246,
  "summary_gm_mad": 59.019190048912094,
  "summary_gm_mean": 730.2202678179876,
  "summary_gm_median": 730.2762212902308,
  "summary_gm_n": 46859.0,
  "summary_gm_p05": 635.1544843778014,
  "summary_gm_p95": 826.0312150999904,
  "summary_gm_stdv": 58.47897936130785,
  "summary_wm_k": 0.10302933829361205,
  "summary_wm_mad": 33.47550329707905,
  "summary_wm_mean": 1000.1254698152718,
  "summary_wm_median": 999.9999866634607,
  "summary_wm_n": 263362.0,
  "summary_wm_p05": 945.5180570483208,
  "summary_wm_p95": 1054.24171538651,
  "summary_wm_stdv": 33.30892831417155,
  "tpm_overlap_csf": 0.1427104392447653,
  "tpm_overlap_gm": 0.46807424679840837,
  "tpm_overlap_wm": 0.5243460866253814,
  "wm2max": 0.8976166176619914
}