{
  "bids_meta": {
    "AcquisitionMatrixPE": 250,
    "EchoTime": 0.0035,
    "EchoTrainLength": 213,
    "FlipAngle": 8,
    "MagneticFieldStrength": 3,
    "Manufacturer": "Philips",
    "ManufacturersModelName": "Ingenia",
    "PercentPhaseFOV": 79.6875,
    "PhaseEncodingSteps": 250,
    "PixelBandwidth": 334.024,
    "ProtocolName": "sT1W_3D_TFE_tra",
    "ReconMatrixPE": 256,
    "RepetitionTime": 0.0079,
    "ScanOptions": "OTHER",
    "ScanningSequence": "GR",
    "SequenceVariant": "MP",
    "SeriesDescription": "t1_mpr_ns_sag_p2_iso",
    "SliceThickness": 1,
    "SoftwareVersions": "5.6.1_5.6.1.0",
    "SpacingBetweenSlices": 1,
    "dataset": "ds003469",
    "modality": "T1w",
    "subject_id": "030"
  },
  "cjv": 0.32099747179589183,
  "cnr": 4.170433568791049,
  "efc": 0.7349937935514175,
  "fber": -1.0,
  "fwhm_avg": 4.457769171646678,
  "fwhm_x": 4.382607627493141,
  "fwhm_y": 4.709529887446893,
  "fwhm_z": 4.28117,
  "icvs_csf": 0.1959977571104782,
  "icvs_gm": 0.4280781086474594,
  "icvs_wm": 0.37592413424206245,
  "inu_med": 0.42655232548713684,
  "inu_range": 0.20688465237617493,
  "provenance": {
    "md5sum": "1f90c4259ac6b4ee86a3680e10396288",
    "settings": {
      "testing": false
    },
    "software": "mriqc",
    "version": "22.0.6",
    "warnings": {
      "large_rot_frame": true,
      "small_air_mask": true
    },
    "webapi_port": null,
    "webapi_url": "https://mriqc.nimh.nih.gov/api/v1"
  },
  "qi_1": 0.0,
  "qi_2": 0.00015190447827822365,
  "rpve_csf": 23.60822085810922,
  "rpve_gm": 11.671353002683732,
  "rpve_wm": 15.98123184606474,
  "size_x": 256,
  "size_y": 256,
  "size_z": 170,
  "snr_csf": 2.1105989547294755,
  "snr_gm": 11.23723060893568,
  "snr_total": 14.6808588624477,
  "snr_wm": 30.69474702367794,
  "snrd_csf": 33.43795009246054,
  "snrd_gm": 88.16340018999382,
  "snrd_total": 82.24636251364122,
  "snrd_wm": 125.1377372584693,
  "spacing_x": 0.9765624403953552,
  "spacing_y": 0.9765624403953552,
  "spacing_z": 1.0,
  "summary_bg_k": 12.449191666204749,
  "summary_bg_mad": 0.0,
  "summary_bg_mean": 2.187020191548723,
  "summary_bg_median": 0.0,
  "summary_bg_n": 154201.0,
  "summary_bg_p05": 0.0,
  "summary_bg_p95": 14.24117087572813,
  "summary_bg_stdv": 5.235553856048208,
  "summary_csf_k": 0.17781853807388748,
  "summary_csf_mad": 129.04451968894622,
  "summary_csf_mean": 279.29606378579257,
  "summary_csf_median": 267.2209764942527,
  "summary_csf_n": 28591.0,
  "summary_csf_p05": 75.06468095909804,
  "summary_csf_p95": 485.89150165673345,
  "summary_csf_stdv": 126.60685853588423,
  "summary_gm_k": 0.1565134498045957,
  "summary_gm_mad": 62.22726076463921,
  "summary_gm_mean": 704.7570555923002,
  "summary_gm_median": 704.5620268192142,
  "summary_gm_n": 51649.0,
  "summary_gm_p05": 601.9769465513527,
  "summary_gm_p95": 807.7662884294987,
  "summary_gm_stdv": 62.69829557039807,
  "summary_wm_k": 0.23127128588928114,
  "summary_wm_mad": 32.621772634781884,
  "summary_wm_mean": 999.8971483354707,
  "summary_wm_median": 1000.0442088712007,
  "summary_wm_n": 239528.0,
  "summary_wm_p05": 946.086977602914,
  "summary_wm_p95": 1052.099668873474,
  "summary_wm_stdv": 32.58023663028323,
  "tpm_overlap_csf": 0.15424154176227403,
  "tpm_overlap_gm": 0.47181195486025856,
  "tpm_overlap_wm": 0.5135969679141071,
  "wm2max": 0.8260813970480784
}