{
  "aor": 0.0016045333333333334,
  "aqi": 0.013039238066666667,
  "bids_meta": {
    "AcquisitionMatrixPE": 62,
    "BodyPartExamined": "BRAIN",
    "EchoTime": 0.035001,
    "EffectiveEchoSpacing": 0.0003157835674478,
    "FlipAngle": 90,
    "ImageType": [
      "ORIGINAL",
      "PRIMARY",
      "M",
      "FFE",
      "M",
      "FFE"
    ],
    "InPlanePhaseEncodingDirectionDICOM": "COL",
    "Instructions": "Participants were asked to close their eyes, to not fall asleep, and to avoid consistent thinking about same topic during the period of scanning",
    "MRAcquisitionType": "2D",
    "MagneticFieldStrength": 3,
    "Manufacturer": "Philips",
    "ManufacturersModelName": "Ingenia",
    "NumberOfVolumesDiscardedByScanner": 0,
    "NumberOfVolumesDiscardedByUser (copy)": 0,
    "PatientPosition": "HFS",
    "PercentPhaseFOV": 100,
    "PhaseEncodingDirection": "j",
    "PhaseEncodingSteps": 62,
    "ReconMatrixPE": 64,
    "RepetitionTime": 2,
    "ScanOptions": "FS",
    "ScanningSequence": "GR",
    "SequenceVariant": "SK",
    "SliceThickness": 3.1,
    "SliceTiming": [
      0,
      0.0588,
      0.1176,
      0.1764,
      0.2352,
      0.2939,
      0.3527,
      0.4115,
      0.4703,
      0.5291,
      0.5879,
      0.6467,
      0.7055,
      0.7642,
      0.823,
      0.8818,
      0.9406,
      0.9994,
      1.0582,
      1.117,
      1.1758,
      1.2345,
      1.2933,
      1.3521,
      1.4109,
      1.4697,
      1.5285,
      1.5873,
      1.6461,
      1.7048,
      1.7636,
      1.8224,
      1.8812,
      1.94
    ],
    "SpacingBetweenSlices": 3.41,
    "TaskName": "rest",
    "TotalReadoutTime": 0.019894364749211,
    "dataset": "ds003469",
    "modality": "bold",
    "subject_id": "111",
    "task_id": "rest"
  },
  "dummy_trs": 0,
  "dvars_nstd": 30.190056485150517,
  "dvars_std": 1.1852324764214044,
  "dvars_vstd": 0.9788629184615393,
  "efc": 0.5182046893074076,
  "fber": 30619.345703125,
  "fd_mean": 0.2462390325998494,
  "fd_num": 163,
  "fd_perc": 54.333333333333336,
  "fwhm_avg": 1.935412040628856,
  "fwhm_x": 1.8758750568820912,
  "fwhm_y": 2.1546046356167117,
  "fwhm_z": 1.7757564293877648,
  "gcor": 0.0426372,
  "gsr_x": -0.00039298649062402546,
  "gsr_y": 0.03209151700139046,
  "provenance": {
    "md5sum": "e7e538294c97c664a260397cf6ba0e1d",
    "settings": {
      "fd_thres": 0.2,
      "testing": false
    },
    "software": "mriqc",
    "version": "22.0.6",
    "webapi_port": null,
    "webapi_url": "https://mriqc.nimh.nih.gov/api/v1"
  },
  "size_t": 300,
  "size_x": 64,
  "size_y": 64,
  "size_z": 34,
  "snr": 5.965517679372358,
  "spacing_tr": 1.999998688697815,
  "spacing_x": 3.125000238418579,
  "spacing_y": 3.125000238418579,
  "spacing_z": 3.4100003242492676,
  "summary_bg_k": 82.2835092121183,
  "summary_bg_mad": 538.6857465173262,
  "summary_bg_mean": 1862.382568359375,
  "summary_bg_median": 385.34326171875,
  "summary_bg_n": 77075.0,
  "summary_bg_p05": 4.630869626998901,
  "summary_bg_p95": 7869.647070312501,
  "summary_bg_stdv": 4700.236328125,
  "summary_fg_k": 1.27506684730312,
  "summary_fg_mad": 11453.07897229611,
  "summary_fg_mean": 74152.6640625,
  "summary_fg_median": 73701.359375,
  "summary_fg_n": 30600.0,
  "summary_fg_p05": 55212.381640625,
  "summary_fg_p95": 94305.506640625,
  "summary_fg_stdv": 12354.3603515625,
  "tsnr": 52.67932891845703
}