{
  "bids_meta": {
    "AcquisitionMatrixPE": 250,
    "EchoTime": 0.0035,
    "EchoTrainLength": 213,
    "FlipAngle": 8,
    "MagneticFieldStrength": 3,
    "Manufacturer": "Philips",
    "ManufacturersModelName": "Ingenia",
    "PercentPhaseFOV": 79.6875,
    "PhaseEncodingSteps": 250,
    "PixelBandwidth": 334.024,
    "ProtocolName": "sT1W_3D_TFE_tra",
    "ReconMatrixPE": 256,
    "RepetitionTime": 0.0079,
    "ScanOptions": "OTHER",
    "ScanningSequence": "GR",
    "SequenceVariant": "MP",
    "SeriesDescription": "t1_mpr_ns_sag_p2_iso",
    "SliceThickness": 1,
    "SoftwareVersions": "5.6.1_5.6.1.0",
    "SpacingBetweenSlices": 1,
    "dataset": "ds003469",
    "modality": "T1w",
    "subject_id": "060"
  },
  "cjv": 0.31074743468678023,
  "cnr": 4.327325983777978,
  "efc": 0.7270351081486296,
  "fber": 23613.444444444445,
  "fwhm_avg": 4.705073775471464,
  "fwhm_x": 4.6926134064143925,
  "fwhm_y": 4.7888179200000005,
  "fwhm_z": 4.63379,
  "icvs_csf": 0.21750836146026395,
  "icvs_gm": 0.43590993717288223,
  "icvs_wm": 0.3465817013668538,
  "inu_med": 0.4858648031949997,
  "inu_range": 0.2552193269133568,
  "provenance": {
    "md5sum": "2fc3693d73048d2c61fe437cc9f32496",
    "settings": {
      "testing": false
    },
    "software": "mriqc",
    "version": "22.0.6",
    "warnings": {
      "large_rot_frame": true,
      "small_air_mask": true
    },
    "webapi_port": null,
    "webapi_url": "https://mriqc.nimh.nih.gov/api/v1"
  },
  "qi_1": 0.0,
  "qi_2": 8.175341701320023e-05,
  "rpve_csf": 22.288926791503364,
  "rpve_gm": 11.608495214410482,
  "rpve_wm": 17.046839370893988,
  "size_x": 256,
  "size_y": 256,
  "size_z": 170,
  "snr_csf": 1.954412040197764,
  "snr_gm": 12.058808945587602,
  "snr_total": 14.83769883305687,
  "snr_wm": 30.499875513385245,
  "snrd_csf": 23.009622838087456,
  "snrd_gm": 71.0110401975233,
  "snrd_total": 64.78604140473321,
  "snrd_wm": 100.33746117858885,
  "spacing_x": 0.9765624403953552,
  "spacing_y": 0.9765625,
  "spacing_z": 1.0,
  "summary_bg_k": 6.586613645461124,
  "summary_bg_mad": 0.0,
  "summary_bg_mean": 3.7725501285185654,
  "summary_bg_median": 0.0,
  "summary_bg_n": 244725.0,
  "summary_bg_p05": 0.0,
  "summary_bg_p95": 17.575827229768038,
  "summary_bg_stdv": 6.529480557845772,
  "summary_csf_k": 0.30498071319173636,
  "summary_csf_mad": 122.18516097450387,
  "summary_csf_mean": 237.9391385312081,
  "summary_csf_median": 229.3276407243684,
  "summary_csf_n": 41540.0,
  "summary_csf_p05": 62.15891968701036,
  "summary_csf_p95": 445.16202826052904,
  "summary_csf_stdv": 117.33701781814642,
  "summary_gm_k": 0.2260239333990981,
  "summary_gm_mad": 57.79258943378437,
  "summary_gm_mean": 707.6356436564425,
  "summary_gm_median": 707.7384287640452,
  "summary_gm_n": 50821.0,
  "summary_gm_p05": 611.9247984327376,
  "summary_gm_p95": 802.8831627834588,
  "summary_gm_stdv": 58.689997401257884,
  "summary_wm_k": 0.10983755653348348,
  "summary_wm_mad": 33.03410733315722,
  "summary_wm_mean": 1000.0809000193262,
  "summary_wm_median": 1000.0230516716838,
  "summary_wm_n": 214968.0,
  "summary_wm_p05": 946.7650660108775,
  "summary_wm_p95": 1053.6962143536657,
  "summary_wm_stdv": 32.78769860057005,
  "tpm_overlap_csf": 0.15574452200619568,
  "tpm_overlap_gm": 0.47761201555684746,
  "tpm_overlap_wm": 0.5224139888887142,
  "wm2max": 0.8389085052689192
}