{
  "bids_meta": {
    "AcquisitionMatrixPE": 250,
    "EchoTime": 0.0035,
    "EchoTrainLength": 213,
    "FlipAngle": 8,
    "MagneticFieldStrength": 3,
    "Manufacturer": "Philips",
    "ManufacturersModelName": "Ingenia",
    "PercentPhaseFOV": 79.6875,
    "PhaseEncodingSteps": 250,
    "PixelBandwidth": 334.024,
    "ProtocolName": "sT1W_3D_TFE_tra",
    "ReconMatrixPE": 256,
    "RepetitionTime": 0.0079,
    "ScanOptions": "OTHER",
    "ScanningSequence": "GR",
    "SequenceVariant": "MP",
    "SeriesDescription": "t1_mpr_ns_sag_p2_iso",
    "SliceThickness": 1,
    "SoftwareVersions": "5.6.1_5.6.1.0",
    "SpacingBetweenSlices": 1,
    "dataset": "ds003469",
    "modality": "T1w",
    "subject_id": "127"
  },
  "cjv": 0.30192811136740216,
  "cnr": 4.407864087414584,
  "efc": 0.7308015945759271,
  "fber": -1.0,
  "fwhm_avg": 4.626413609767581,
  "fwhm_x": 4.55542784,
  "fwhm_y": 4.80566272,
  "fwhm_z": 4.518150269302742,
  "icvs_csf": 0.2152291808717817,
  "icvs_gm": 0.4359545317417462,
  "icvs_wm": 0.3488162873864721,
  "inu_med": 0.46766628324985504,
  "inu_range": 0.24348984658718104,
  "provenance": {
    "md5sum": "d18cd0cf8c6c505034dd0b372677a29e",
    "settings": {
      "testing": false
    },
    "software": "mriqc",
    "version": "22.0.6",
    "warnings": {
      "large_rot_frame": true,
      "small_air_mask": false
    },
    "webapi_port": null,
    "webapi_url": "https://mriqc.nimh.nih.gov/api/v1"
  },
  "qi_1": 0.0,
  "qi_2": 0.00010247949357327698,
  "rpve_csf": 21.25009707468792,
  "rpve_gm": 10.895354658254302,
  "rpve_wm": 15.671719548742143,
  "size_x": 256,
  "size_y": 256,
  "size_z": 170,
  "snr_csf": 2.268481952430594,
  "snr_gm": 13.50081247289597,
  "snr_total": 15.032160770397994,
  "snr_wm": 29.327187885867414,
  "snrd_csf": 23.07835157148928,
  "snrd_gm": 63.259591212129344,
  "snrd_total": 58.09613627126499,
  "snrd_wm": 87.95046603017636,
  "spacing_x": 0.9765625,
  "spacing_y": 0.9765625,
  "spacing_z": 0.9999999403953552,
  "summary_bg_k": 8.602233917308158,
  "summary_bg_mad": 0.0,
  "summary_bg_mean": 3.9083683182500897,
  "summary_bg_median": 0.0,
  "summary_bg_n": 320747.0,
  "summary_bg_p05": 0.0,
  "summary_bg_p95": 19.46449625492096,
  "summary_bg_stdv": 7.4489249089064495,
  "summary_csf_k": 0.3835572735391204,
  "summary_csf_mad": 116.59495162804704,
  "summary_csf_mean": 265.49648527512903,
  "summary_csf_median": 262.4017042517662,
  "summary_csf_n": 49420.0,
  "summary_csf_p05": 82.49233397990466,
  "summary_csf_p95": 464.222470130026,
  "summary_csf_stdv": 115.67164955591274,
  "summary_gm_k": 0.35928842417194895,
  "summary_gm_mad": 51.253909821244136,
  "summary_gm_mean": 718.9502266085627,
  "summary_gm_median": 719.2638734579086,
  "summary_gm_n": 54083.0,
  "summary_gm_p05": 631.627515912056,
  "summary_gm_p95": 805.4934368431568,
  "summary_gm_stdv": 53.27510660867172,
  "summary_wm_k": 0.36373881679971953,
  "summary_wm_mad": 33.50822656759123,
  "summary_wm_mean": 999.5497170434692,
  "summary_wm_median": 1000.0000261962414,
  "summary_wm_n": 224621.0,
  "summary_wm_p05": 943.4976377785206,
  "summary_wm_p95": 1054.2423190772533,
  "summary_wm_stdv": 34.09797775748729,
  "tpm_overlap_csf": 0.156408476731227,
  "tpm_overlap_gm": 0.4760107884033569,
  "tpm_overlap_wm": 0.5243065413694453,
  "wm2max": 0.7966378835201176
}