{
  "bids_meta": {
    "AcquisitionMatrixPE": 250,
    "EchoTime": 0.0035,
    "EchoTrainLength": 213,
    "FlipAngle": 8,
    "MagneticFieldStrength": 3,
    "Manufacturer": "Philips",
    "ManufacturersModelName": "Ingenia",
    "PercentPhaseFOV": 79.6875,
    "PhaseEncodingSteps": 250,
    "PixelBandwidth": 334.024,
    "ProtocolName": "sT1W_3D_TFE_tra",
    "ReconMatrixPE": 256,
    "RepetitionTime": 0.0079,
    "ScanOptions": "OTHER",
    "ScanningSequence": "GR",
    "SequenceVariant": "MP",
    "SeriesDescription": "t1_mpr_ns_sag_p2_iso",
    "SliceThickness": 1,
    "SoftwareVersions": "5.6.1_5.6.1.0",
    "SpacingBetweenSlices": 1,
    "dataset": "ds003469",
    "modality": "T1w",
    "subject_id": "170"
  },
  "cjv": 0.3065069990144644,
  "cnr": 4.296167463667826,
  "efc": 0.730266395133975,
  "fber": 25043.560143981646,
  "fwhm_avg": 4.554146452274386,
  "fwhm_x": 4.521348844038767,
  "fwhm_y": 4.705740512784392,
  "fwhm_z": 4.43535,
  "icvs_csf": 0.24759755326726135,
  "icvs_gm": 0.4225561365539946,
  "icvs_wm": 0.32984631017874405,
  "inu_med": 0.490031898021698,
  "inu_range": 0.2399188324809074,
  "provenance": {
    "md5sum": "c9ba6cd416d56e4a766db70fc6e01bf9",
    "settings": {
      "testing": false
    },
    "software": "mriqc",
    "version": "22.0.6",
    "warnings": {
      "large_rot_frame": true,
      "small_air_mask": true
    },
    "webapi_port": null,
    "webapi_url": "https://mriqc.nimh.nih.gov/api/v1"
  },
  "qi_1": 0.0,
  "qi_2": 5.557151976818303e-05,
  "rpve_csf": 20.537593803313175,
  "rpve_gm": 12.089526072770079,
  "rpve_wm": 18.292337516816012,
  "size_x": 256,
  "size_y": 256,
  "size_z": 170,
  "snr_csf": 2.187352857004742,
  "snr_gm": 11.762009473878052,
  "snr_total": 14.91305171616542,
  "snr_wm": 30.789792817613467,
  "snrd_csf": 21.45816690882402,
  "snrd_gm": 65.64389771253136,
  "snrd_total": 60.05250622631774,
  "snrd_wm": 93.05545405759783,
  "spacing_x": 0.9765625596046448,
  "spacing_y": 0.9765625596046448,
  "spacing_z": 1.0,
  "summary_bg_k": 7.617568691722514,
  "summary_bg_mad": 0.0,
  "summary_bg_mean": 4.043846611736343,
  "summary_bg_median": 0.0,
  "summary_bg_n": 225522.0,
  "summary_bg_p05": 0.0,
  "summary_bg_p95": 18.137125169858336,
  "summary_bg_stdv": 7.040435558139266,
  "summary_csf_k": 0.34183007413431943,
  "summary_csf_mad": 105.29509821656345,
  "summary_csf_mean": 244.48207388953514,
  "summary_csf_median": 230.6005914453417,
  "summary_csf_n": 53070.0,
  "summary_csf_p05": 100.67322469130158,
  "summary_csf_p95": 440.3324162193571,
  "summary_csf_stdv": 105.42351138676445,
  "summary_gm_k": 0.3649432451753558,
  "summary_gm_mad": 58.60671977442025,
  "summary_gm_mean": 703.5552561819408,
  "summary_gm_median": 705.4433727543801,
  "summary_gm_n": 47015.0,
  "summary_gm_p05": 602.8877846449614,
  "summary_gm_p95": 797.1543330302461,
  "summary_gm_stdv": 59.97579511892061,
  "summary_wm_k": 0.34439551024988146,
  "summary_wm_mad": 31.68374486404232,
  "summary_wm_mean": 999.2607351369383,
  "summary_wm_median": 1000.0221749637276,
  "summary_wm_n": 195419.0,
  "summary_wm_p05": 945.0571631547064,
  "summary_wm_p95": 1050.8238418009132,
  "summary_wm_stdv": 32.47893294451812,
  "tpm_overlap_csf": 0.16070862154597484,
  "tpm_overlap_gm": 0.4766504845878114,
  "tpm_overlap_wm": 0.5108179833133062,
  "wm2max": 0.818966611654183
}