{
  "aor": 0.0034000666666666665,
  "aqi": 0.0099618041,
  "bids_meta": {
    "AcquisitionMatrixPE": 62,
    "BodyPartExamined": "BRAIN",
    "EchoTime": 0.035001,
    "EffectiveEchoSpacing": 0.0003157835674478,
    "FlipAngle": 90,
    "ImageType": [
      "ORIGINAL",
      "PRIMARY",
      "M",
      "FFE",
      "M",
      "FFE"
    ],
    "InPlanePhaseEncodingDirectionDICOM": "COL",
    "Instructions": "Participants were asked to close their eyes, to not fall asleep, and to avoid consistent thinking about same topic during the period of scanning",
    "MRAcquisitionType": "2D",
    "MagneticFieldStrength": 3,
    "Manufacturer": "Philips",
    "ManufacturersModelName": "Ingenia",
    "NumberOfVolumesDiscardedByScanner": 0,
    "NumberOfVolumesDiscardedByUser (copy)": 0,
    "PatientPosition": "HFS",
    "PercentPhaseFOV": 100,
    "PhaseEncodingDirection": "j",
    "PhaseEncodingSteps": 62,
    "ReconMatrixPE": 64,
    "RepetitionTime": 2,
    "ScanOptions": "FS",
    "ScanningSequence": "GR",
    "SequenceVariant": "SK",
    "SliceThickness": 3.1,
    "SliceTiming": [
      0,
      0.0588,
      0.1176,
      0.1764,
      0.2352,
      0.2939,
      0.3527,
      0.4115,
      0.4703,
      0.5291,
      0.5879,
      0.6467,
      0.7055,
      0.7642,
      0.823,
      0.8818,
      0.9406,
      0.9994,
      1.0582,
      1.117,
      1.1758,
      1.2345,
      1.2933,
      1.3521,
      1.4109,
      1.4697,
      1.5285,
      1.5873,
      1.6461,
      1.7048,
      1.7636,
      1.8224,
      1.8812,
      1.94
    ],
    "SpacingBetweenSlices": 3.41,
    "TaskName": "rest",
    "TotalReadoutTime": 0.019894364749211,
    "dataset": "ds003469",
    "modality": "bold",
    "subject_id": "056",
    "task_id": "rest"
  },
  "dummy_trs": 0,
  "dvars_nstd": 30.661333664648836,
  "dvars_std": 1.2536403920735788,
  "dvars_vstd": 1.0429809051170567,
  "efc": 0.48655772734204555,
  "fber": 25578.244140625,
  "fd_mean": 0.29350369605999077,
  "fd_num": 206,
  "fd_perc": 68.66666666666667,
  "fwhm_avg": 1.9944511580748718,
  "fwhm_x": 1.9610720000000001,
  "fwhm_y": 2.1144896,
  "fwhm_z": 1.9077918742246152,
  "gcor": 0.0294303,
  "gsr_x": -0.004289619624614716,
  "gsr_y": 0.024823909625411034,
  "provenance": {
    "md5sum": "ad5117b1a995d23d2005047e5e9379e9",
    "settings": {
      "fd_thres": 0.2,
      "testing": false
    },
    "software": "mriqc",
    "version": "22.0.6",
    "webapi_port": null,
    "webapi_url": "https://mriqc.nimh.nih.gov/api/v1"
  },
  "size_t": 300,
  "size_x": 64,
  "size_y": 64,
  "size_z": 34,
  "snr": 5.065598553956496,
  "spacing_tr": 1.999998688697815,
  "spacing_x": 3.125,
  "spacing_y": 3.125,
  "spacing_z": 3.4099998474121094,
  "summary_bg_k": 147.2731995302259,
  "summary_bg_mad": 692.9145643840114,
  "summary_bg_mean": 2149.158447265625,
  "summary_bg_median": 478.17120361328125,
  "summary_bg_n": 82207.0,
  "summary_bg_p05": 2.804220485687256,
  "summary_bg_p95": 8075.320166015624,
  "summary_bg_stdv": 5988.64453125,
  "summary_fg_k": 3.712731546213587,
  "summary_fg_mad": 13406.245235559592,
  "summary_fg_mean": 78852.96875,
  "summary_fg_median": 76828.5390625,
  "summary_fg_n": 26579.0,
  "summary_fg_p05": 59112.803125,
  "summary_fg_p95": 105153.55234375,
  "summary_fg_stdv": 15166.439453125,
  "tsnr": 55.83735656738281
}