{
  "bids_meta": {
    "AcquisitionMatrixPE": 250,
    "EchoTime": 0.0035,
    "EchoTrainLength": 213,
    "FlipAngle": 8,
    "MagneticFieldStrength": 3,
    "Manufacturer": "Philips",
    "ManufacturersModelName": "Ingenia",
    "PercentPhaseFOV": 79.6875,
    "PhaseEncodingSteps": 250,
    "PixelBandwidth": 334.024,
    "ProtocolName": "sT1W_3D_TFE_tra",
    "ReconMatrixPE": 256,
    "RepetitionTime": 0.0079,
    "ScanOptions": "OTHER",
    "ScanningSequence": "GR",
    "SequenceVariant": "MP",
    "SeriesDescription": "t1_mpr_ns_sag_p2_iso",
    "SliceThickness": 1,
    "SoftwareVersions": "5.6.1_5.6.1.0",
    "SpacingBetweenSlices": 1,
    "dataset": "ds003469",
    "modality": "T1w",
    "subject_id": "124"
  },
  "cjv": 0.31733295792584765,
  "cnr": 4.197584188015465,
  "efc": 0.7512525636324728,
  "fber": 34496.68206980945,
  "fwhm_avg": 4.633089642558339,
  "fwhm_x": 4.67846144,
  "fwhm_y": 4.713267487675018,
  "fwhm_z": 4.50754,
  "icvs_csf": 0.24881926778064767,
  "icvs_gm": 0.40923037851709204,
  "icvs_wm": 0.3419503537022603,
  "inu_med": 0.46349090337753296,
  "inu_range": 0.22369543015956878,
  "provenance": {
    "md5sum": "6ce297db8c95dc8efe40165741ccc11c",
    "settings": {
      "testing": false
    },
    "software": "mriqc",
    "version": "22.0.6",
    "warnings": {
      "large_rot_frame": true,
      "small_air_mask": true
    },
    "webapi_port": null,
    "webapi_url": "https://mriqc.nimh.nih.gov/api/v1"
  },
  "qi_1": 0.0,
  "qi_2": 0.00014044848106375973,
  "rpve_csf": 16.544032223489747,
  "rpve_gm": 9.983491811095844,
  "rpve_wm": 14.183759395022772,
  "size_x": 256,
  "size_y": 256,
  "size_z": 170,
  "snr_csf": 2.9161712883268662,
  "snr_gm": 12.339876088107742,
  "snr_total": 15.578310048428344,
  "snr_wm": 31.478882768850426,
  "snrd_csf": 32.246152765744704,
  "snrd_gm": 88.29445466086547,
  "snrd_total": 81.04695770825441,
  "snrd_wm": 122.60026569815304,
  "spacing_x": 0.9765625,
  "spacing_y": 0.9765624403953552,
  "spacing_z": 1.0,
  "summary_bg_k": 15.466414686305772,
  "summary_bg_mad": 0.0,
  "summary_bg_mean": 2.430175910745809,
  "summary_bg_median": 0.0,
  "summary_bg_n": 193159.0,
  "summary_bg_p05": 0.0,
  "summary_bg_p95": 14.420626368373632,
  "summary_bg_stdv": 5.343678654720424,
  "summary_csf_k": 1.5569429597012894,
  "summary_csf_mad": 75.8379981904096,
  "summary_csf_mean": 271.1918199221642,
  "summary_csf_median": 263.0186297558248,
  "summary_csf_n": 85862.0,
  "summary_csf_p05": 144.76463810540736,
  "summary_csf_p95": 441.1643474176526,
  "summary_csf_stdv": 90.1926094562327,
  "summary_gm_k": 0.16902108566590357,
  "summary_gm_mad": 57.553374041986224,
  "summary_gm_mean": 720.6771616233641,
  "summary_gm_median": 720.1816182117909,
  "summary_gm_n": 55131.0,
  "summary_gm_p05": 626.581071135588,
  "summary_gm_p95": 817.0838575204834,
  "summary_gm_stdv": 58.36161412735456,
  "summary_wm_k": 0.24935950596909784,
  "summary_wm_mad": 31.24223181266044,
  "summary_wm_mean": 999.4844623910035,
  "summary_wm_median": 1000.0000349152833,
  "summary_wm_n": 269672.0,
  "summary_wm_p05": 946.9059105589986,
  "summary_wm_p95": 1050.8121072873473,
  "summary_wm_stdv": 31.76727040004074,
  "tpm_overlap_csf": 0.1657091903832754,
  "tpm_overlap_gm": 0.4518949598492595,
  "tpm_overlap_wm": 0.49832989682203616,
  "wm2max": 0.7846221450347535
}