{
  "aor": 0.0009864333333333335,
  "aqi": 0.0073785208,
  "bids_meta": {
    "AcquisitionMatrixPE": 62,
    "BodyPartExamined": "BRAIN",
    "EchoTime": 0.035001,
    "EffectiveEchoSpacing": 0.0003157835674478,
    "FlipAngle": 90,
    "ImageType": [
      "ORIGINAL",
      "PRIMARY",
      "M",
      "FFE",
      "M",
      "FFE"
    ],
    "InPlanePhaseEncodingDirectionDICOM": "COL",
    "Instructions": "Participants were asked to close their eyes, to not fall asleep, and to avoid consistent thinking about same topic during the period of scanning",
    "MRAcquisitionType": "2D",
    "MagneticFieldStrength": 3,
    "Manufacturer": "Philips",
    "ManufacturersModelName": "Ingenia",
    "NumberOfVolumesDiscardedByScanner": 0,
    "NumberOfVolumesDiscardedByUser (copy)": 0,
    "PatientPosition": "HFS",
    "PercentPhaseFOV": 100,
    "PhaseEncodingDirection": "j",
    "PhaseEncodingSteps": 62,
    "ReconMatrixPE": 64,
    "RepetitionTime": 2,
    "ScanOptions": "FS",
    "ScanningSequence": "GR",
    "SequenceVariant": "SK",
    "SliceThickness": 3.1,
    "SliceTiming": [
      0,
      0.0588,
      0.1176,
      0.1764,
      0.2352,
      0.2939,
      0.3527,
      0.4115,
      0.4703,
      0.5291,
      0.5879,
      0.6467,
      0.7055,
      0.7642,
      0.823,
      0.8818,
      0.9406,
      0.9994,
      1.0582,
      1.117,
      1.1758,
      1.2345,
      1.2933,
      1.3521,
      1.4109,
      1.4697,
      1.5285,
      1.5873,
      1.6461,
      1.7048,
      1.7636,
      1.8224,
      1.8812,
      1.94
    ],
    "SpacingBetweenSlices": 3.41,
    "TaskName": "rest",
    "TotalReadoutTime": 0.019894364749211,
    "dataset": "ds003469",
    "modality": "bold",
    "subject_id": "117",
    "task_id": "rest"
  },
  "dummy_trs": 0,
  "dvars_nstd": 25.880213976588635,
  "dvars_std": 1.240806837792642,
  "dvars_vstd": 0.9807690260200672,
  "efc": 0.48048310275012934,
  "fber": 34773.2421875,
  "fd_mean": 0.1806459844152315,
  "fd_num": 97,
  "fd_perc": 32.333333333333336,
  "fwhm_avg": 1.8266266974286485,
  "fwhm_x": 1.7873118636389265,
  "fwhm_y": 1.9645888,
  "fwhm_z": 1.7279794286470194,
  "gcor": 0.0143023,
  "gsr_x": -0.006124165840446949,
  "gsr_y": 0.02611992508172989,
  "provenance": {
    "md5sum": "554413cc64e9e1ec361955c7c9712855",
    "settings": {
      "fd_thres": 0.2,
      "testing": false
    },
    "software": "mriqc",
    "version": "22.0.6",
    "webapi_port": null,
    "webapi_url": "https://mriqc.nimh.nih.gov/api/v1"
  },
  "size_t": 300,
  "size_x": 64,
  "size_y": 64,
  "size_z": 34,
  "snr": 5.84370567735681,
  "spacing_tr": 1.999998688697815,
  "spacing_x": 3.125000238418579,
  "spacing_y": 3.125,
  "spacing_z": 3.4100000858306885,
  "summary_bg_k": 219.0630246793224,
  "summary_bg_mad": 614.2429590728065,
  "summary_bg_mean": 1738.72998046875,
  "summary_bg_median": 420.94732666015625,
  "summary_bg_n": 82707.0,
  "summary_bg_p05": 2.030939602851868,
  "summary_bg_p95": 6053.302685546869,
  "summary_bg_stdv": 5466.20361328125,
  "summary_fg_k": 2.492055732517697,
  "summary_fg_mad": 11647.369359899338,
  "summary_fg_mean": 79634.796875,
  "summary_fg_median": 78690.7578125,
  "summary_fg_n": 26841.0,
  "summary_fg_p05": 60019.22265625,
  "summary_fg_p95": 101549.59375,
  "summary_fg_stdv": 13465.6494140625,
  "tsnr": 71.31578826904297
}