{
  "bids_meta": {
    "AcquisitionMatrixPE": 250,
    "EchoTime": 0.0035,
    "EchoTrainLength": 213,
    "FlipAngle": 8,
    "MagneticFieldStrength": 3,
    "Manufacturer": "Philips",
    "ManufacturersModelName": "Ingenia",
    "PercentPhaseFOV": 79.6875,
    "PhaseEncodingSteps": 250,
    "PixelBandwidth": 334.024,
    "ProtocolName": "sT1W_3D_TFE_tra",
    "ReconMatrixPE": 256,
    "RepetitionTime": 0.0079,
    "ScanOptions": "OTHER",
    "ScanningSequence": "GR",
    "SequenceVariant": "MP",
    "SeriesDescription": "t1_mpr_ns_sag_p2_iso",
    "SliceThickness": 1,
    "SoftwareVersions": "5.6.1_5.6.1.0",
    "SpacingBetweenSlices": 1,
    "dataset": "ds003469",
    "modality": "T1w",
    "subject_id": "047"
  },
  "cjv": 0.32728036665209376,
  "cnr": 4.120288955465894,
  "efc": 0.7301526067312197,
  "fber": 18793.042782394587,
  "fwhm_avg": 4.269051715286396,
  "fwhm_x": 4.247869699269391,
  "fwhm_y": 4.4221952,
  "fwhm_z": 4.1370902465897945,
  "icvs_csf": 0.21922385518529233,
  "icvs_gm": 0.43680120866820143,
  "icvs_wm": 0.34397493614650626,
  "inu_med": 0.516433984041214,
  "inu_range": 0.2553755193948746,
  "provenance": {
    "md5sum": "3747348e581cc6f8716a7f4a14cfe0bb",
    "settings": {
      "testing": false
    },
    "software": "mriqc",
    "version": "22.0.6",
    "warnings": {
      "large_rot_frame": true,
      "small_air_mask": true
    },
    "webapi_port": null,
    "webapi_url": "https://mriqc.nimh.nih.gov/api/v1"
  },
  "qi_1": 0.0,
  "qi_2": 8.61121094347568e-05,
  "rpve_csf": 26.787944111776447,
  "rpve_gm": 14.047744535533072,
  "rpve_wm": 20.53325609202221,
  "size_x": 256,
  "size_y": 256,
  "size_z": 170,
  "snr_csf": 2.2490386814641536,
  "snr_gm": 12.33982687803586,
  "snr_total": 14.031836762358433,
  "snr_wm": 27.506644727575285,
  "snrd_csf": 22.325051185683936,
  "snrd_gm": 55.729474321152736,
  "snrd_total": 51.96989226059401,
  "snrd_wm": 77.85515127494536,
  "spacing_x": 0.9765624403953552,
  "spacing_y": 0.9765625,
  "spacing_z": 0.9999999403953552,
  "summary_bg_k": 7.79499225092745,
  "summary_bg_mad": 0.0,
  "summary_bg_mean": 4.490475980676949,
  "summary_bg_median": 0.0,
  "summary_bg_n": 210167.0,
  "summary_bg_p05": 0.0,
  "summary_bg_p95": 22.110627572983503,
  "summary_bg_stdv": 8.41481101636623,
  "summary_csf_k": 4.199468934571554,
  "summary_csf_mad": 124.77253424934004,
  "summary_csf_mean": 293.6425526524957,
  "summary_csf_median": 286.75110504962504,
  "summary_csf_n": 31692.0,
  "summary_csf_p05": 96.90076222959907,
  "summary_csf_p95": 497.3354702683163,
  "summary_csf_stdv": 127.49739848736525,
  "summary_gm_k": 0.055265596628732094,
  "summary_gm_mad": 57.82096659142639,
  "summary_gm_mean": 715.1925670317855,
  "summary_gm_median": 715.8097068853676,
  "summary_gm_n": 38772.0,
  "summary_gm_p05": 618.6865891920403,
  "summary_gm_p95": 809.4850657029077,
  "summary_gm_stdv": 58.00733534491299,
  "summary_wm_k": 0.30515723006633344,
  "summary_wm_mad": 35.18892905948435,
  "summary_wm_mean": 999.5622858746692,
  "summary_wm_median": 999.9999765381217,
  "summary_wm_n": 174042.0,
  "summary_wm_p05": 938.8647158928216,
  "summary_wm_p95": 1058.8354820782315,
  "summary_wm_stdv": 36.354746773669675,
  "tpm_overlap_csf": 0.160813349372744,
  "tpm_overlap_gm": 0.4901012497574862,
  "tpm_overlap_wm": 0.5270540846347136,
  "wm2max": 0.8015228573839224
}