{
  "aor": 0.0013528,
  "aqi": 0.004366617533333333,
  "bids_meta": {
    "AcquisitionMatrixPE": 62,
    "BodyPartExamined": "BRAIN",
    "EchoTime": 0.035001,
    "EffectiveEchoSpacing": 0.0003157835674478,
    "FlipAngle": 90,
    "ImageType": [
      "ORIGINAL",
      "PRIMARY",
      "M",
      "FFE",
      "M",
      "FFE"
    ],
    "InPlanePhaseEncodingDirectionDICOM": "COL",
    "Instructions": "Participants were asked to close their eyes, to not fall asleep, and to avoid consistent thinking about same topic during the period of scanning",
    "MRAcquisitionType": "2D",
    "MagneticFieldStrength": 3,
    "Manufacturer": "Philips",
    "ManufacturersModelName": "Ingenia",
    "NumberOfVolumesDiscardedByScanner": 0,
    "NumberOfVolumesDiscardedByUser (copy)": 0,
    "PatientPosition": "HFS",
    "PercentPhaseFOV": 100,
    "PhaseEncodingDirection": "j",
    "PhaseEncodingSteps": 62,
    "ReconMatrixPE": 64,
    "RepetitionTime": 2,
    "ScanOptions": "FS",
    "ScanningSequence": "GR",
    "SequenceVariant": "SK",
    "SliceThickness": 3.1,
    "SliceTiming": [
      0,
      0.0588,
      0.1176,
      0.1764,
      0.2352,
      0.2939,
      0.3527,
      0.4115,
      0.4703,
      0.5291,
      0.5879,
      0.6467,
      0.7055,
      0.7642,
      0.823,
      0.8818,
      0.9406,
      0.9994,
      1.0582,
      1.117,
      1.1758,
      1.2345,
      1.2933,
      1.3521,
      1.4109,
      1.4697,
      1.5285,
      1.5873,
      1.6461,
      1.7048,
      1.7636,
      1.8224,
      1.8812,
      1.94
    ],
    "SpacingBetweenSlices": 3.41,
    "TaskName": "rest",
    "TotalReadoutTime": 0.019894364749211,
    "dataset": "ds003469",
    "modality": "bold",
    "subject_id": "181",
    "task_id": "rest"
  },
  "dummy_trs": 0,
  "dvars_nstd": 20.517707033377917,
  "dvars_std": 1.148658577826087,
  "dvars_vstd": 0.9989852899999999,
  "efc": 0.5189838399888552,
  "fber": 14732.1220703125,
  "fd_mean": 0.16697837588848163,
  "fd_num": 81,
  "fd_perc": 27.0,
  "fwhm_avg": 2.2568339941236975,
  "fwhm_x": 2.242652971100843,
  "fwhm_y": 2.4802976,
  "fwhm_z": 2.0475514112702493,
  "gcor": 0.0482352,
  "gsr_x": -0.009472887963056564,
  "gsr_y": 0.0408768430352211,
  "provenance": {
    "md5sum": "a361dca7d1a0bc32656b5c030f3fb497",
    "settings": {
      "fd_thres": 0.2,
      "testing": false
    },
    "software": "mriqc",
    "version": "22.0.6",
    "webapi_port": null,
    "webapi_url": "https://mriqc.nimh.nih.gov/api/v1"
  },
  "size_t": 300,
  "size_x": 64,
  "size_y": 64,
  "size_z": 34,
  "snr": 4.927223158449328,
  "spacing_tr": 1.999998688697815,
  "spacing_x": 3.124999761581421,
  "spacing_y": 3.125,
  "spacing_z": 3.4099998474121094,
  "summary_bg_k": 181.8418148785037,
  "summary_bg_mad": 813.3958941428475,
  "summary_bg_mean": 1848.87158203125,
  "summary_bg_median": 576.146728515625,
  "summary_bg_n": 76299.0,
  "summary_bg_p05": 3.883857893943787,
  "summary_bg_p95": 7005.313476562495,
  "summary_bg_stdv": 4616.0478515625,
  "summary_fg_k": 1.9382661654652455,
  "summary_fg_mad": 14827.516370104357,
  "summary_fg_mean": 79158.5078125,
  "summary_fg_median": 77966.7734375,
  "summary_fg_n": 30891.0,
  "summary_fg_p05": 56426.34765625,
  "summary_fg_p95": 105182.08984375,
  "summary_fg_stdv": 15823.41796875,
  "tsnr": 76.36698913574219
}