{
  "aor": 0.1842659666666667,
  "aqi": 0.09674700683333332,
  "bids_meta": {
    "AcquisitionMatrixPE": 62,
    "BodyPartExamined": "BRAIN",
    "EchoTime": 0.035001,
    "EffectiveEchoSpacing": 0.0003157835674478,
    "FlipAngle": 90,
    "ImageType": [
      "ORIGINAL",
      "PRIMARY",
      "M",
      "FFE",
      "M",
      "FFE"
    ],
    "InPlanePhaseEncodingDirectionDICOM": "COL",
    "Instructions": "Participants were asked to close their eyes, to not fall asleep, and to avoid consistent thinking about same topic during the period of scanning",
    "MRAcquisitionType": "2D",
    "MagneticFieldStrength": 3,
    "Manufacturer": "Philips",
    "ManufacturersModelName": "Ingenia",
    "NumberOfVolumesDiscardedByScanner": 0,
    "NumberOfVolumesDiscardedByUser (copy)": 0,
    "PatientPosition": "HFS",
    "PercentPhaseFOV": 100,
    "PhaseEncodingDirection": "j",
    "PhaseEncodingSteps": 62,
    "ReconMatrixPE": 64,
    "RepetitionTime": 2,
    "ScanOptions": "FS",
    "ScanningSequence": "GR",
    "SequenceVariant": "SK",
    "SliceThickness": 3.1,
    "SliceTiming": [
      0,
      0.0588,
      0.1176,
      0.1764,
      0.2352,
      0.2939,
      0.3527,
      0.4115,
      0.4703,
      0.5291,
      0.5879,
      0.6467,
      0.7055,
      0.7642,
      0.823,
      0.8818,
      0.9406,
      0.9994,
      1.0582,
      1.117,
      1.1758,
      1.2345,
      1.2933,
      1.3521,
      1.4109,
      1.4697,
      1.5285,
      1.5873,
      1.6461,
      1.7048,
      1.7636,
      1.8224,
      1.8812,
      1.94
    ],
    "SpacingBetweenSlices": 3.41,
    "TaskName": "rest",
    "TotalReadoutTime": 0.019894364749211,
    "dataset": "ds003469",
    "modality": "bold",
    "subject_id": "119",
    "task_id": "rest"
  },
  "dummy_trs": 0,
  "dvars_nstd": 39.71016879381272,
  "dvars_std": 2.4732304550501674,
  "dvars_vstd": 2.5047649378595307,
  "efc": 0.5184235319984536,
  "fber": 17594.982421875,
  "fd_mean": 0.3560264987099095,
  "fd_num": 200,
  "fd_perc": 66.66666666666667,
  "fwhm_avg": 2.0200528076451607,
  "fwhm_x": 1.993171352066906,
  "fwhm_y": 2.2341952000000003,
  "fwhm_z": 1.8327918708685764,
  "gcor": 0.881797,
  "gsr_x": 0.018496857956051826,
  "gsr_y": 0.032911043614149094,
  "provenance": {
    "md5sum": "f2fdea42560d184266b2817d8f6220df",
    "settings": {
      "fd_thres": 0.2,
      "testing": false
    },
    "software": "mriqc",
    "version": "22.0.6",
    "webapi_port": null,
    "webapi_url": "https://mriqc.nimh.nih.gov/api/v1"
  },
  "size_t": 300,
  "size_x": 64,
  "size_y": 64,
  "size_z": 34,
  "snr": 6.853006433879329,
  "spacing_tr": 1.999998688697815,
  "spacing_x": 3.124999761581421,
  "spacing_y": 3.125,
  "spacing_z": 3.4099998474121094,
  "summary_bg_k": 39.00365343556561,
  "summary_bg_mad": 792.8560981979722,
  "summary_bg_mean": 2135.455322265625,
  "summary_bg_median": 583.9578247070312,
  "summary_bg_n": 78232.0,
  "summary_bg_p05": 10.908192443847657,
  "summary_bg_p95": 9023.434228515616,
  "summary_bg_stdv": 4899.60791015625,
  "summary_fg_k": 1.9228013304858562,
  "summary_fg_mad": 10524.616707201727,
  "summary_fg_mean": 79425.1953125,
  "summary_fg_median": 79667.265625,
  "summary_fg_n": 30174.0,
  "summary_fg_p05": 59911.4306640625,
  "summary_fg_p95": 96910.970703125,
  "summary_fg_stdv": 11624.962890625,
  "tsnr": 5.1626176834106445
}