{
  "aor": 0.0042692,
  "aqi": 0.006095892366666667,
  "bids_meta": {
    "AcquisitionMatrixPE": 62,
    "BodyPartExamined": "BRAIN",
    "EchoTime": 0.035001,
    "EffectiveEchoSpacing": 0.0003157835674478,
    "FlipAngle": 90,
    "ImageType": [
      "ORIGINAL",
      "PRIMARY",
      "M",
      "FFE",
      "M",
      "FFE"
    ],
    "InPlanePhaseEncodingDirectionDICOM": "COL",
    "Instructions": "Participants were asked to close their eyes, to not fall asleep, and to avoid consistent thinking about same topic during the period of scanning",
    "MRAcquisitionType": "2D",
    "MagneticFieldStrength": 3,
    "Manufacturer": "Philips",
    "ManufacturersModelName": "Ingenia",
    "NumberOfVolumesDiscardedByScanner": 0,
    "NumberOfVolumesDiscardedByUser (copy)": 0,
    "PatientPosition": "HFS",
    "PercentPhaseFOV": 100,
    "PhaseEncodingDirection": "j",
    "PhaseEncodingSteps": 62,
    "ReconMatrixPE": 64,
    "RepetitionTime": 2,
    "ScanOptions": "FS",
    "ScanningSequence": "GR",
    "SequenceVariant": "SK",
    "SliceThickness": 3.1,
    "SliceTiming": [
      0,
      0.0588,
      0.1176,
      0.1764,
      0.2352,
      0.2939,
      0.3527,
      0.4115,
      0.4703,
      0.5291,
      0.5879,
      0.6467,
      0.7055,
      0.7642,
      0.823,
      0.8818,
      0.9406,
      0.9994,
      1.0582,
      1.117,
      1.1758,
      1.2345,
      1.2933,
      1.3521,
      1.4109,
      1.4697,
      1.5285,
      1.5873,
      1.6461,
      1.7048,
      1.7636,
      1.8224,
      1.8812,
      1.94
    ],
    "SpacingBetweenSlices": 3.41,
    "TaskName": "rest",
    "TotalReadoutTime": 0.019894364749211,
    "dataset": "ds003469",
    "modality": "bold",
    "subject_id": "162",
    "task_id": "rest"
  },
  "dummy_trs": 0,
  "dvars_nstd": 22.415105143311056,
  "dvars_std": 1.122808931070234,
  "dvars_vstd": 1.0152737335117064,
  "efc": 0.4714089744998171,
  "fber": 73473.34375,
  "fd_mean": 0.22178606925626257,
  "fd_num": 88,
  "fd_perc": 29.333333333333332,
  "fwhm_avg": 2.070485312770287,
  "fwhm_x": 2.020576,
  "fwhm_y": 2.362665780257094,
  "fwhm_z": 1.828214158053766,
  "gcor": 0.0429744,
  "gsr_x": -0.00522158108651638,
  "gsr_y": 0.025675257667899132,
  "provenance": {
    "md5sum": "6b02ac7c138489c42eeacaac6afccd0a",
    "settings": {
      "fd_thres": 0.2,
      "testing": false
    },
    "software": "mriqc",
    "version": "22.0.6",
    "webapi_port": null,
    "webapi_url": "https://mriqc.nimh.nih.gov/api/v1"
  },
  "size_t": 300,
  "size_x": 64,
  "size_y": 64,
  "size_z": 34,
  "snr": 5.661568593541659,
  "spacing_tr": 1.999998688697815,
  "spacing_x": 3.125,
  "spacing_y": 3.124999761581421,
  "spacing_z": 3.4099998474121094,
  "summary_bg_k": 93.80124313214642,
  "summary_bg_mad": 364.84254418186606,
  "summary_bg_mean": 1459.08984375,
  "summary_bg_median": 248.5987091064453,
  "summary_bg_n": 83859.0,
  "summary_bg_p05": 0.93531785607338,
  "summary_bg_p95": 6216.803417968734,
  "summary_bg_stdv": 3905.709716796875,
  "summary_fg_k": 3.0325050343805566,
  "summary_fg_mad": 11346.262115584716,
  "summary_fg_mean": 72598.0,
  "summary_fg_median": 71921.1328125,
  "summary_fg_n": 25329.0,
  "summary_fg_p05": 54196.68828125,
  "summary_fg_p95": 92829.47343749998,
  "summary_fg_stdv": 12703.142578125,
  "tsnr": 67.30724334716797
}