{
  "aor": 0.003647733333333334,
  "aqi": 0.011334348000000001,
  "bids_meta": {
    "AcquisitionMatrixPE": 62,
    "BodyPartExamined": "BRAIN",
    "EchoTime": 0.035001,
    "EffectiveEchoSpacing": 0.0003157835674478,
    "FlipAngle": 90,
    "ImageType": [
      "ORIGINAL",
      "PRIMARY",
      "M",
      "FFE",
      "M",
      "FFE"
    ],
    "InPlanePhaseEncodingDirectionDICOM": "COL",
    "Instructions": "Participants were asked to close their eyes, to not fall asleep, and to avoid consistent thinking about same topic during the period of scanning",
    "MRAcquisitionType": "2D",
    "MagneticFieldStrength": 3,
    "Manufacturer": "Philips",
    "ManufacturersModelName": "Ingenia",
    "NumberOfVolumesDiscardedByScanner": 0,
    "NumberOfVolumesDiscardedByUser (copy)": 0,
    "PatientPosition": "HFS",
    "PercentPhaseFOV": 100,
    "PhaseEncodingDirection": "j",
    "PhaseEncodingSteps": 62,
    "ReconMatrixPE": 64,
    "RepetitionTime": 2,
    "ScanOptions": "FS",
    "ScanningSequence": "GR",
    "SequenceVariant": "SK",
    "SliceThickness": 3.1,
    "SliceTiming": [
      0,
      0.0588,
      0.1176,
      0.1764,
      0.2352,
      0.2939,
      0.3527,
      0.4115,
      0.4703,
      0.5291,
      0.5879,
      0.6467,
      0.7055,
      0.7642,
      0.823,
      0.8818,
      0.9406,
      0.9994,
      1.0582,
      1.117,
      1.1758,
      1.2345,
      1.2933,
      1.3521,
      1.4109,
      1.4697,
      1.5285,
      1.5873,
      1.6461,
      1.7048,
      1.7636,
      1.8224,
      1.8812,
      1.94
    ],
    "SpacingBetweenSlices": 3.41,
    "TaskName": "rest",
    "TotalReadoutTime": 0.019894364749211,
    "dataset": "ds003469",
    "modality": "bold",
    "subject_id": "200",
    "task_id": "rest"
  },
  "dummy_trs": 0,
  "dvars_nstd": 21.779560159397988,
  "dvars_std": 1.07665949277592,
  "dvars_vstd": 0.9660937353177268,
  "efc": 0.49959416766762,
  "fber": 20617.07421875,
  "fd_mean": 0.22344726660565403,
  "fd_num": 130,
  "fd_perc": 43.333333333333336,
  "fwhm_avg": 2.26017131239028,
  "fwhm_x": 2.2075489684226204,
  "fwhm_y": 2.515792,
  "fwhm_z": 2.0571729687482194,
  "gcor": 0.029589,
  "gsr_x": -0.010069619864225388,
  "gsr_y": 0.03791066259145737,
  "provenance": {
    "md5sum": "1a178a1ee7aa3bc3eecbd0ce0f73bb36",
    "settings": {
      "fd_thres": 0.2,
      "testing": false
    },
    "software": "mriqc",
    "version": "22.0.6",
    "webapi_port": null,
    "webapi_url": "https://mriqc.nimh.nih.gov/api/v1"
  },
  "size_t": 300,
  "size_x": 64,
  "size_y": 64,
  "size_z": 34,
  "snr": 5.018658445347988,
  "spacing_tr": 1.999998688697815,
  "spacing_x": 3.124999761581421,
  "spacing_y": 3.125,
  "spacing_z": 3.4100000858306885,
  "summary_bg_k": 136.51129993867946,
  "summary_bg_mad": 756.1336100177265,
  "summary_bg_mean": 2050.315673828125,
  "summary_bg_median": 514.3204345703125,
  "summary_bg_n": 79779.0,
  "summary_bg_p05": 1.3934465765953066,
  "summary_bg_p95": 7765.877441406249,
  "summary_bg_stdv": 5385.18212890625,
  "summary_fg_k": 2.274236630764059,
  "summary_fg_mad": 14040.584702728098,
  "summary_fg_mean": 79078.2890625,
  "summary_fg_median": 78031.25,
  "summary_fg_n": 28196.0,
  "summary_fg_p05": 56014.234375,
  "summary_fg_p95": 104316.244140625,
  "summary_fg_stdv": 15547.953125,
  "tsnr": 54.51347351074219
}