{
  "aor": 0.0012095,
  "aqi": 0.0103293449,
  "bids_meta": {
    "AcquisitionMatrixPE": 62,
    "BodyPartExamined": "BRAIN",
    "EchoTime": 0.035001,
    "EffectiveEchoSpacing": 0.0003157835674478,
    "FlipAngle": 90,
    "ImageType": [
      "ORIGINAL",
      "PRIMARY",
      "M",
      "FFE",
      "M",
      "FFE"
    ],
    "InPlanePhaseEncodingDirectionDICOM": "COL",
    "Instructions": "Participants were asked to close their eyes, to not fall asleep, and to avoid consistent thinking about same topic during the period of scanning",
    "MRAcquisitionType": "2D",
    "MagneticFieldStrength": 3,
    "Manufacturer": "Philips",
    "ManufacturersModelName": "Ingenia",
    "NumberOfVolumesDiscardedByScanner": 0,
    "NumberOfVolumesDiscardedByUser (copy)": 0,
    "PatientPosition": "HFS",
    "PercentPhaseFOV": 100,
    "PhaseEncodingDirection": "j",
    "PhaseEncodingSteps": 62,
    "ReconMatrixPE": 64,
    "RepetitionTime": 2,
    "ScanOptions": "FS",
    "ScanningSequence": "GR",
    "SequenceVariant": "SK",
    "SliceThickness": 3.1,
    "SliceTiming": [
      0,
      0.0588,
      0.1176,
      0.1764,
      0.2352,
      0.2939,
      0.3527,
      0.4115,
      0.4703,
      0.5291,
      0.5879,
      0.6467,
      0.7055,
      0.7642,
      0.823,
      0.8818,
      0.9406,
      0.9994,
      1.0582,
      1.117,
      1.1758,
      1.2345,
      1.2933,
      1.3521,
      1.4109,
      1.4697,
      1.5285,
      1.5873,
      1.6461,
      1.7048,
      1.7636,
      1.8224,
      1.8812,
      1.94
    ],
    "SpacingBetweenSlices": 3.41,
    "TaskName": "rest",
    "TotalReadoutTime": 0.019894364749211,
    "dataset": "ds003469",
    "modality": "bold",
    "subject_id": "205",
    "task_id": "rest"
  },
  "dummy_trs": 0,
  "dvars_nstd": 21.785302882809372,
  "dvars_std": 1.110015583177258,
  "dvars_vstd": 0.9725461523745814,
  "efc": 0.47151591025192846,
  "fber": 32034.181640625,
  "fd_mean": 0.1963094416609633,
  "fd_num": 117,
  "fd_perc": 39.0,
  "fwhm_avg": 2.042445518116791,
  "fwhm_x": 2.0191710492115447,
  "fwhm_y": 2.233347370510363,
  "fwhm_z": 1.874818134628466,
  "gcor": 0.085792,
  "gsr_x": -0.00630151154473424,
  "gsr_y": 0.01463385485112667,
  "provenance": {
    "md5sum": "1a9666e71653a48c3f2efe0683b356ef",
    "settings": {
      "fd_thres": 0.2,
      "testing": false
    },
    "software": "mriqc",
    "version": "22.0.6",
    "webapi_port": null,
    "webapi_url": "https://mriqc.nimh.nih.gov/api/v1"
  },
  "size_t": 300,
  "size_x": 64,
  "size_y": 64,
  "size_z": 34,
  "snr": 5.867017377243874,
  "spacing_tr": 1.999998688697815,
  "spacing_x": 3.128873109817505,
  "spacing_y": 3.128872871398926,
  "spacing_z": 3.4100000858306885,
  "summary_bg_k": 80.9147865716672,
  "summary_bg_mad": 592.5281990740874,
  "summary_bg_mean": 1662.1473388671875,
  "summary_bg_median": 403.2746276855469,
  "summary_bg_n": 84003.0,
  "summary_bg_p05": 1.12243629693985,
  "summary_bg_p95": 6834.241259765623,
  "summary_bg_stdv": 3972.62158203125,
  "summary_fg_k": 2.29369088755198,
  "summary_fg_mad": 12003.680371193628,
  "summary_fg_mean": 75649.234375,
  "summary_fg_median": 74754.8046875,
  "summary_fg_n": 24127.0,
  "summary_fg_p05": 58112.905078125,
  "summary_fg_p95": 96443.04062500001,
  "summary_fg_stdv": 12741.2705078125,
  "tsnr": 57.17766571044922
}