{
  "bids_meta": {
    "AcquisitionMatrixPE": 250,
    "EchoTime": 0.0035,
    "EchoTrainLength": 213,
    "FlipAngle": 8,
    "MagneticFieldStrength": 3,
    "Manufacturer": "Philips",
    "ManufacturersModelName": "Ingenia",
    "PercentPhaseFOV": 79.6875,
    "PhaseEncodingSteps": 250,
    "PixelBandwidth": 334.024,
    "ProtocolName": "sT1W_3D_TFE_tra",
    "ReconMatrixPE": 256,
    "RepetitionTime": 0.0079,
    "ScanOptions": "OTHER",
    "ScanningSequence": "GR",
    "SequenceVariant": "MP",
    "SeriesDescription": "t1_mpr_ns_sag_p2_iso",
    "SliceThickness": 1,
    "SoftwareVersions": "5.6.1_5.6.1.0",
    "SpacingBetweenSlices": 1,
    "dataset": "ds003469",
    "modality": "T1w",
    "subject_id": "205"
  },
  "cjv": 0.30080589758451626,
  "cnr": 4.533708374826968,
  "efc": 0.7356675019563511,
  "fber": 11848.415534370662,
  "fwhm_avg": 4.634870933333333,
  "fwhm_x": 4.6096384,
  "fwhm_y": 4.8569344,
  "fwhm_z": 4.43804,
  "icvs_csf": 0.21513684422511833,
  "icvs_gm": 0.44369159350668474,
  "icvs_wm": 0.34117156226819695,
  "inu_med": 0.5181706249713898,
  "inu_range": 0.26518916338682175,
  "provenance": {
    "md5sum": "eee8d394e51564bfedbc3896cd25a28b",
    "settings": {
      "testing": false
    },
    "software": "mriqc",
    "version": "22.0.6",
    "warnings": {
      "large_rot_frame": true,
      "small_air_mask": true
    },
    "webapi_port": null,
    "webapi_url": "https://mriqc.nimh.nih.gov/api/v1"
  },
  "qi_1": 0.0,
  "qi_2": 0.00011867561954345995,
  "rpve_csf": 25.028531170558274,
  "rpve_gm": 12.618546165620044,
  "rpve_wm": 18.716328505357463,
  "size_x": 256,
  "size_y": 256,
  "size_z": 170,
  "snr_csf": 2.2143053311105767,
  "snr_gm": 13.198668068138472,
  "snr_total": 14.466960073392322,
  "snr_wm": 27.987906820927915,
  "snrd_csf": 26.115110073560974,
  "snrd_gm": 75.69741663483973,
  "snrd_total": 69.63613798400654,
  "snrd_wm": 107.09588724361893,
  "spacing_x": 0.9765625,
  "spacing_y": 0.9765625,
  "spacing_z": 1.0,
  "summary_bg_k": 9.041688739953365,
  "summary_bg_mad": 0.0,
  "summary_bg_mean": 3.048179131165545,
  "summary_bg_median": 0.0,
  "summary_bg_n": 166550.0,
  "summary_bg_p05": 0.0,
  "summary_bg_p95": 17.670477345585823,
  "summary_bg_stdv": 6.117288240000801,
  "summary_csf_k": 0.49127668774726363,
  "summary_csf_mad": 114.90659261760877,
  "summary_csf_mean": 255.13379823125135,
  "summary_csf_median": 243.84793111681938,
  "summary_csf_n": 38445.0,
  "summary_csf_p05": 97.8278600871563,
  "summary_csf_p95": 451.54006339609623,
  "summary_csf_stdv": 110.12246427058727,
  "summary_gm_k": 0.256010307543034,
  "summary_gm_mad": 52.396577829237046,
  "summary_gm_mean": 706.9404580814672,
  "summary_gm_median": 706.8190938234329,
  "summary_gm_n": 43121.0,
  "summary_gm_p05": 619.7006139457226,
  "summary_gm_p95": 794.1238237917423,
  "summary_gm_stdv": 53.551683727692314,
  "summary_wm_k": 0.1804190802339245,
  "summary_wm_mad": 35.793973128405014,
  "summary_wm_mean": 999.9685962645535,
  "summary_wm_median": 1000.0000176876783,
  "summary_wm_n": 177569.0,
  "summary_wm_p05": 941.7037393301725,
  "summary_wm_p95": 1058.2497335225344,
  "summary_wm_stdv": 35.72961737635573,
  "tpm_overlap_csf": 0.1503899375673946,
  "tpm_overlap_gm": 0.47516560521615964,
  "tpm_overlap_wm": 0.5050177437822476,
  "wm2max": 0.8310785734165587
}