{
  "aor": 0.001548733333333333,
  "aqi": 0.0037165842333333333,
  "bids_meta": {
    "AcquisitionMatrixPE": 62,
    "BodyPartExamined": "BRAIN",
    "EchoTime": 0.035001,
    "EffectiveEchoSpacing": 0.0003157835674478,
    "FlipAngle": 90,
    "ImageType": [
      "ORIGINAL",
      "PRIMARY",
      "M",
      "FFE",
      "M",
      "FFE"
    ],
    "InPlanePhaseEncodingDirectionDICOM": "COL",
    "Instructions": "Participants were asked to close their eyes, to not fall asleep, and to avoid consistent thinking about same topic during the period of scanning",
    "MRAcquisitionType": "2D",
    "MagneticFieldStrength": 3,
    "Manufacturer": "Philips",
    "ManufacturersModelName": "Ingenia",
    "NumberOfVolumesDiscardedByScanner": 0,
    "NumberOfVolumesDiscardedByUser (copy)": 0,
    "PatientPosition": "HFS",
    "PercentPhaseFOV": 100,
    "PhaseEncodingDirection": "j",
    "PhaseEncodingSteps": 62,
    "ReconMatrixPE": 64,
    "RepetitionTime": 2,
    "ScanOptions": "FS",
    "ScanningSequence": "GR",
    "SequenceVariant": "SK",
    "SliceThickness": 3.1,
    "SliceTiming": [
      0,
      0.0588,
      0.1176,
      0.1764,
      0.2352,
      0.2939,
      0.3527,
      0.4115,
      0.4703,
      0.5291,
      0.5879,
      0.6467,
      0.7055,
      0.7642,
      0.823,
      0.8818,
      0.9406,
      0.9994,
      1.0582,
      1.117,
      1.1758,
      1.2345,
      1.2933,
      1.3521,
      1.4109,
      1.4697,
      1.5285,
      1.5873,
      1.6461,
      1.7048,
      1.7636,
      1.8224,
      1.8812,
      1.94
    ],
    "SpacingBetweenSlices": 3.41,
    "TaskName": "rest",
    "TotalReadoutTime": 0.019894364749211,
    "dataset": "ds003469",
    "modality": "bold",
    "subject_id": "123",
    "task_id": "rest"
  },
  "dummy_trs": 0,
  "dvars_nstd": 23.795782612441474,
  "dvars_std": 1.1693917783946484,
  "dvars_vstd": 1.009013534147157,
  "efc": 0.5248145450139721,
  "fber": 21727.876953125,
  "fd_mean": 0.11125933239943211,
  "fd_num": 13,
  "fd_perc": 4.333333333333333,
  "fwhm_avg": 2.1907204080831844,
  "fwhm_x": 2.0973310399863405,
  "fwhm_y": 2.4282144,
  "fwhm_z": 2.0466157842632136,
  "gcor": 0.0133495,
  "gsr_x": -0.00597764877602458,
  "gsr_y": 0.0434928759932518,
  "provenance": {
    "md5sum": "bdf338bf8479e2428d78a5f2d089ed5e",
    "settings": {
      "fd_thres": 0.2,
      "testing": false
    },
    "software": "mriqc",
    "version": "22.0.6",
    "webapi_port": null,
    "webapi_url": "https://mriqc.nimh.nih.gov/api/v1"
  },
  "size_t": 300,
  "size_x": 64,
  "size_y": 64,
  "size_z": 34,
  "snr": 4.693433924300155,
  "spacing_tr": 1.999998688697815,
  "spacing_x": 3.125000238418579,
  "spacing_y": 3.125,
  "spacing_z": 3.4100000858306885,
  "summary_bg_k": 147.42612007756938,
  "summary_bg_mad": 680.3813840074416,
  "summary_bg_mean": 2049.580322265625,
  "summary_bg_median": 470.2716369628906,
  "summary_bg_n": 75419.0,
  "summary_bg_p05": 2.34026300907135,
  "summary_bg_p95": 8044.8354492187345,
  "summary_bg_stdv": 5909.36865234375,
  "summary_fg_k": 3.1193592398176095,
  "summary_fg_mad": 14101.747835656368,
  "summary_fg_mean": 78414.671875,
  "summary_fg_median": 76849.9140625,
  "summary_fg_n": 32045.0,
  "summary_fg_p05": 55907.67734375,
  "summary_fg_p95": 106218.903125,
  "summary_fg_stdv": 16373.6650390625,
  "tsnr": 75.66004180908203
}