{
  "bids_meta": {
    "AcquisitionMatrixPE": 250,
    "EchoTime": 0.0035,
    "EchoTrainLength": 213,
    "FlipAngle": 8,
    "MagneticFieldStrength": 3,
    "Manufacturer": "Philips",
    "ManufacturersModelName": "Ingenia",
    "PercentPhaseFOV": 79.6875,
    "PhaseEncodingSteps": 250,
    "PixelBandwidth": 334.024,
    "ProtocolName": "sT1W_3D_TFE_tra",
    "ReconMatrixPE": 256,
    "RepetitionTime": 0.0079,
    "ScanOptions": "OTHER",
    "ScanningSequence": "GR",
    "SequenceVariant": "MP",
    "SeriesDescription": "t1_mpr_ns_sag_p2_iso",
    "SliceThickness": 1,
    "SoftwareVersions": "5.6.1_5.6.1.0",
    "SpacingBetweenSlices": 1,
    "dataset": "ds003469",
    "modality": "T1w",
    "subject_id": "197"
  },
  "cjv": 0.3114805303139463,
  "cnr": 4.389921753188621,
  "efc": 0.7359537382601349,
  "fber": -1.0,
  "fwhm_avg": 4.763416519701575,
  "fwhm_x": 4.71257088,
  "fwhm_y": 4.8950784,
  "fwhm_z": 4.682600279104726,
  "icvs_csf": 0.20311009159988894,
  "icvs_gm": 0.4446596689645649,
  "icvs_wm": 0.35223023943554616,
  "inu_med": 0.47561943531036377,
  "inu_range": 0.2540231004357338,
  "provenance": {
    "md5sum": "b0308588a67accabd68a80fc63f05ee2",
    "settings": {
      "testing": false
    },
    "software": "mriqc",
    "version": "22.0.6",
    "warnings": {
      "large_rot_frame": true,
      "small_air_mask": true
    },
    "webapi_port": null,
    "webapi_url": "https://mriqc.nimh.nih.gov/api/v1"
  },
  "qi_1": 0.0,
  "qi_2": 0.00014828138622118052,
  "rpve_csf": 23.48677658914597,
  "rpve_gm": 11.558789516699807,
  "rpve_wm": 16.747681935680244,
  "size_x": 256,
  "size_y": 256,
  "size_z": 170,
  "snr_csf": 2.1585877753910214,
  "snr_gm": 13.22788366665905,
  "snr_total": 14.497853877699237,
  "snr_wm": 28.107090191047646,
  "snrd_csf": 25.905460822029177,
  "snrd_gm": 71.37312213460768,
  "snrd_total": 65.71967831467882,
  "snrd_wm": 99.88045198739958,
  "spacing_x": 0.9765625,
  "spacing_y": 0.9765625,
  "spacing_z": 0.9999999403953552,
  "summary_bg_k": 9.106345583667707,
  "summary_bg_mad": 0.0,
  "summary_bg_mean": 3.4753799392857814,
  "summary_bg_median": 0.0,
  "summary_bg_n": 234320.0,
  "summary_bg_p05": 0.0,
  "summary_bg_p95": 18.04192106425762,
  "summary_bg_stdv": 6.559205447077074,
  "summary_csf_k": 0.4714235363845294,
  "summary_csf_mad": 121.15719994645825,
  "summary_csf_mean": 268.3805012677519,
  "summary_csf_median": 259.3646754063666,
  "summary_csf_n": 30299.0,
  "summary_csf_p05": 88.66349951885641,
  "summary_csf_p95": 481.876073815301,
  "summary_csf_stdv": 120.15281390985946,
  "summary_gm_k": 0.13034600893318382,
  "summary_gm_mad": 54.320480141283966,
  "summary_gm_mean": 714.9016188706089,
  "summary_gm_median": 714.5854992642999,
  "summary_gm_n": 58574.0,
  "summary_gm_p05": 627.7201617980376,
  "summary_gm_p95": 803.2116124494,
  "summary_gm_stdv": 54.020689733388615,
  "summary_wm_k": 0.44766501621465693,
  "summary_wm_mad": 34.58058215709124,
  "summary_wm_mean": 999.0576929470859,
  "summary_wm_median": 1000.0000072233379,
  "summary_wm_n": 207841.0,
  "summary_wm_p05": 939.6029880456626,
  "summary_wm_p95": 1055.1146992444992,
  "summary_wm_stdv": 35.57812618589097,
  "tpm_overlap_csf": 0.14885441444876843,
  "tpm_overlap_gm": 0.4754648156282481,
  "tpm_overlap_wm": 0.5175659260428511,
  "wm2max": 0.8801027448149956
}