{
  "aor": 0.002230933333333333,
  "aqi": 0.005684329633333335,
  "bids_meta": {
    "AcquisitionMatrixPE": 62,
    "BodyPartExamined": "BRAIN",
    "EchoTime": 0.035001,
    "EffectiveEchoSpacing": 0.0003157835674478,
    "FlipAngle": 90,
    "ImageType": [
      "ORIGINAL",
      "PRIMARY",
      "M",
      "FFE",
      "M",
      "FFE"
    ],
    "InPlanePhaseEncodingDirectionDICOM": "COL",
    "Instructions": "Participants were asked to close their eyes, to not fall asleep, and to avoid consistent thinking about same topic during the period of scanning",
    "MRAcquisitionType": "2D",
    "MagneticFieldStrength": 3,
    "Manufacturer": "Philips",
    "ManufacturersModelName": "Ingenia",
    "NumberOfVolumesDiscardedByScanner": 0,
    "NumberOfVolumesDiscardedByUser (copy)": 0,
    "PatientPosition": "HFS",
    "PercentPhaseFOV": 100,
    "PhaseEncodingDirection": "j",
    "PhaseEncodingSteps": 62,
    "ReconMatrixPE": 64,
    "RepetitionTime": 2,
    "ScanOptions": "FS",
    "ScanningSequence": "GR",
    "SequenceVariant": "SK",
    "SliceThickness": 3.1,
    "SliceTiming": [
      0,
      0.0588,
      0.1176,
      0.1764,
      0.2352,
      0.2939,
      0.3527,
      0.4115,
      0.4703,
      0.5291,
      0.5879,
      0.6467,
      0.7055,
      0.7642,
      0.823,
      0.8818,
      0.9406,
      0.9994,
      1.0582,
      1.117,
      1.1758,
      1.2345,
      1.2933,
      1.3521,
      1.4109,
      1.4697,
      1.5285,
      1.5873,
      1.6461,
      1.7048,
      1.7636,
      1.8224,
      1.8812,
      1.94
    ],
    "SpacingBetweenSlices": 3.41,
    "TaskName": "rest",
    "TotalReadoutTime": 0.019894364749211,
    "dataset": "ds003469",
    "modality": "bold",
    "subject_id": "037",
    "task_id": "rest"
  },
  "dummy_trs": 0,
  "dvars_nstd": 23.15459785973245,
  "dvars_std": 1.1678187369230761,
  "dvars_vstd": 1.023590813143812,
  "efc": 0.47402950801604576,
  "fber": 34870.37890625,
  "fd_mean": 0.2045541958778303,
  "fd_num": 126,
  "fd_perc": 42.0,
  "fwhm_avg": 1.9571627548336032,
  "fwhm_x": 1.9203744,
  "fwhm_y": 2.1562752,
  "fwhm_z": 1.7948386645008099,
  "gcor": 0.0381281,
  "gsr_x": 0.012003838084638119,
  "gsr_y": 0.014843832701444626,
  "provenance": {
    "md5sum": "763fefbe3ba1f1f1f81c0b639df52cfc",
    "settings": {
      "fd_thres": 0.2,
      "testing": false
    },
    "software": "mriqc",
    "version": "22.0.6",
    "webapi_port": null,
    "webapi_url": "https://mriqc.nimh.nih.gov/api/v1"
  },
  "size_t": 300,
  "size_x": 64,
  "size_y": 64,
  "size_z": 34,
  "snr": 6.35507710200248,
  "spacing_tr": 1.999998688697815,
  "spacing_x": 3.125,
  "spacing_y": 3.125,
  "spacing_z": 3.4100000858306885,
  "summary_bg_k": 65.79222507595311,
  "summary_bg_mad": 553.8799279305725,
  "summary_bg_mean": 1985.4925537109375,
  "summary_bg_median": 389.5859069824219,
  "summary_bg_n": 84513.0,
  "summary_bg_p05": 2.74001841545105,
  "summary_bg_p95": 7915.560156249974,
  "summary_bg_stdv": 5364.67333984375,
  "summary_fg_k": 3.0456708456222312,
  "summary_fg_mad": 10314.313057355655,
  "summary_fg_mean": 76373.484375,
  "summary_fg_median": 75606.15625,
  "summary_fg_n": 24620.0,
  "summary_fg_p05": 58809.2083984375,
  "summary_fg_p95": 95855.415625,
  "summary_fg_stdv": 11896.7275390625,
  "tsnr": 73.20889282226562
}