{
  "bids_meta": {
    "AcquisitionMatrixPE": 250,
    "EchoTime": 0.0035,
    "EchoTrainLength": 213,
    "FlipAngle": 8,
    "MagneticFieldStrength": 3,
    "Manufacturer": "Philips",
    "ManufacturersModelName": "Ingenia",
    "PercentPhaseFOV": 79.6875,
    "PhaseEncodingSteps": 250,
    "PixelBandwidth": 334.024,
    "ProtocolName": "sT1W_3D_TFE_tra",
    "ReconMatrixPE": 256,
    "RepetitionTime": 0.0079,
    "ScanOptions": "OTHER",
    "ScanningSequence": "GR",
    "SequenceVariant": "MP",
    "SeriesDescription": "t1_mpr_ns_sag_p2_iso",
    "SliceThickness": 1,
    "SoftwareVersions": "5.6.1_5.6.1.0",
    "SpacingBetweenSlices": 1,
    "dataset": "ds003469",
    "modality": "T1w",
    "subject_id": "134"
  },
  "cjv": 0.29694414521629225,
  "cnr": 4.411477244718457,
  "efc": 0.7301182819940049,
  "fber": 15425.379896384418,
  "fwhm_avg": 4.958592016245016,
  "fwhm_x": 4.87356416,
  "fwhm_y": 5.1580416,
  "fwhm_z": 4.844170288735049,
  "icvs_csf": 0.2250168004783652,
  "icvs_gm": 0.43748239397963695,
  "icvs_wm": 0.33750080554199785,
  "inu_med": 0.4806521385908127,
  "inu_range": 0.26914493590593336,
  "provenance": {
    "md5sum": "2b23739db4b9bfff81b771fc3db3808d",
    "settings": {
      "testing": false
    },
    "software": "mriqc",
    "version": "22.0.6",
    "warnings": {
      "large_rot_frame": true,
      "small_air_mask": false
    },
    "webapi_port": null,
    "webapi_url": "https://mriqc.nimh.nih.gov/api/v1"
  },
  "qi_1": 0.0,
  "qi_2": 1.8361607216216618e-05,
  "rpve_csf": 21.390489495334915,
  "rpve_gm": 11.27697083067815,
  "rpve_wm": 16.839280058472408,
  "size_x": 256,
  "size_y": 256,
  "size_z": 170,
  "snr_csf": 1.905234406458704,
  "snr_gm": 12.557059767615325,
  "snr_total": 15.098003923613826,
  "snr_wm": 30.83171759676745,
  "snrd_csf": 10.938835410165533,
  "snrd_gm": 36.47992771107139,
  "snrd_total": 32.98833501035597,
  "snrd_wm": 51.54624190983098,
  "spacing_x": 0.9765625,
  "spacing_y": 0.9765625,
  "spacing_z": 0.9999999403953552,
  "summary_bg_k": 135.17126524211153,
  "summary_bg_mad": 0.0,
  "summary_bg_mean": 4.951271448740258,
  "summary_bg_median": 0.0,
  "summary_bg_n": 425286.0,
  "summary_bg_p05": 0.0,
  "summary_bg_p95": 18.26155585423112,
  "summary_bg_stdv": 12.710273116793456,
  "summary_csf_k": 0.5796193640853438,
  "summary_csf_mad": 104.96146817395967,
  "summary_csf_mean": 238.20382376380206,
  "summary_csf_median": 212.22387527674437,
  "summary_csf_n": 56745.0,
  "summary_csf_p05": 92.83924392983317,
  "summary_csf_p95": 444.3521503143011,
  "summary_csf_stdv": 111.38892126367381,
  "summary_gm_k": 0.3201557469605141,
  "summary_gm_mad": 54.45886729576472,
  "summary_gm_mean": 708.4980322510568,
  "summary_gm_median": 707.7455083988607,
  "summary_gm_n": 61409.0,
  "summary_gm_p05": 617.6211336366832,
  "summary_gm_p95": 801.4200966879725,
  "summary_gm_stdv": 56.36189991270339,
  "summary_wm_k": 0.13262108056941058,
  "summary_wm_mad": 32.33817767404854,
  "summary_wm_mean": 1000.0368345485257,
  "summary_wm_median": 1000.0464221164584,
  "summary_wm_n": 210605.0,
  "summary_wm_p05": 947.1180753521621,
  "summary_wm_p95": 1053.2996250204742,
  "summary_wm_stdv": 32.43556070958574,
  "tpm_overlap_csf": 0.13566593314485706,
  "tpm_overlap_gm": 0.4817354588629114,
  "tpm_overlap_wm": 0.5288926388266801,
  "wm2max": 0.8068320466432495
}