{
  "aor": 0.0018777999999999998,
  "aqi": 0.0052386885,
  "bids_meta": {
    "AcquisitionMatrixPE": 62,
    "BodyPartExamined": "BRAIN",
    "EchoTime": 0.035001,
    "EffectiveEchoSpacing": 0.0003157835674478,
    "FlipAngle": 90,
    "ImageType": [
      "ORIGINAL",
      "PRIMARY",
      "M",
      "FFE",
      "M",
      "FFE"
    ],
    "InPlanePhaseEncodingDirectionDICOM": "COL",
    "Instructions": "Participants were asked to close their eyes, to not fall asleep, and to avoid consistent thinking about same topic during the period of scanning",
    "MRAcquisitionType": "2D",
    "MagneticFieldStrength": 3,
    "Manufacturer": "Philips",
    "ManufacturersModelName": "Ingenia",
    "NumberOfVolumesDiscardedByScanner": 0,
    "NumberOfVolumesDiscardedByUser (copy)": 0,
    "PatientPosition": "HFS",
    "PercentPhaseFOV": 100,
    "PhaseEncodingDirection": "j",
    "PhaseEncodingSteps": 62,
    "ReconMatrixPE": 64,
    "RepetitionTime": 2,
    "ScanOptions": "FS",
    "ScanningSequence": "GR",
    "SequenceVariant": "SK",
    "SliceThickness": 3.1,
    "SliceTiming": [
      0,
      0.0588,
      0.1176,
      0.1764,
      0.2352,
      0.2939,
      0.3527,
      0.4115,
      0.4703,
      0.5291,
      0.5879,
      0.6467,
      0.7055,
      0.7642,
      0.823,
      0.8818,
      0.9406,
      0.9994,
      1.0582,
      1.117,
      1.1758,
      1.2345,
      1.2933,
      1.3521,
      1.4109,
      1.4697,
      1.5285,
      1.5873,
      1.6461,
      1.7048,
      1.7636,
      1.8224,
      1.8812,
      1.94
    ],
    "SpacingBetweenSlices": 3.41,
    "TaskName": "rest",
    "TotalReadoutTime": 0.019894364749211,
    "dataset": "ds003469",
    "modality": "bold",
    "subject_id": "013",
    "task_id": "rest"
  },
  "dummy_trs": 0,
  "dvars_nstd": 25.784680497290978,
  "dvars_std": 1.1950801590969908,
  "dvars_vstd": 1.0173237298996656,
  "efc": 0.5377744842978759,
  "fber": 7018.2548828125,
  "fd_mean": 0.1567045030213469,
  "fd_num": 73,
  "fd_perc": 24.333333333333332,
  "fwhm_avg": 1.9169078757823537,
  "fwhm_x": 1.8488258821084416,
  "fwhm_y": 2.124144,
  "fwhm_z": 1.77775374523862,
  "gcor": 0.0677281,
  "gsr_x": 0.005189449526369572,
  "gsr_y": 0.02522185631096363,
  "provenance": {
    "md5sum": "1ee901c94dda6fdde6fbf266ef23e34a",
    "settings": {
      "fd_thres": 0.2,
      "testing": false
    },
    "software": "mriqc",
    "version": "22.0.6",
    "webapi_port": null,
    "webapi_url": "https://mriqc.nimh.nih.gov/api/v1"
  },
  "size_t": 300,
  "size_x": 64,
  "size_y": 64,
  "size_z": 34,
  "snr": 5.752648803255902,
  "spacing_tr": 1.999998688697815,
  "spacing_x": 3.124999523162842,
  "spacing_y": 3.125,
  "spacing_z": 3.4099998474121094,
  "summary_bg_k": 48.84539648719385,
  "summary_bg_mad": 1338.3023743036017,
  "summary_bg_mean": 3530.368408203125,
  "summary_bg_median": 924.17578125,
  "summary_bg_n": 76627.0,
  "summary_bg_p05": 2.738751983642578,
  "summary_bg_p95": 16394.130273437495,
  "summary_bg_stdv": 7695.47119140625,
  "summary_fg_k": 1.4156023758930312,
  "summary_fg_mad": 13228.564625935562,
  "summary_fg_mean": 82642.734375,
  "summary_fg_median": 81757.421875,
  "summary_fg_n": 30791.0,
  "summary_fg_p05": 61098.861328125,
  "summary_fg_p95": 105825.69140625,
  "summary_fg_stdv": 14211.904296875,
  "tsnr": 67.85296630859375
}