{
  "aor": 0.0015914765100671139,
  "aqi": 0.007177368624161073,
  "bids_meta": {
    "AcquisitionMatrixPE": 62,
    "BodyPartExamined": "BRAIN",
    "EchoTime": 0.035001,
    "EffectiveEchoSpacing": 0.0003157835674478,
    "FlipAngle": 90,
    "ImageType": [
      "ORIGINAL",
      "PRIMARY",
      "M",
      "FFE",
      "M",
      "FFE"
    ],
    "InPlanePhaseEncodingDirectionDICOM": "COL",
    "Instructions": "Participants were asked to close their eyes, to not fall asleep, and to avoid consistent thinking about same topic during the period of scanning",
    "MRAcquisitionType": "2D",
    "MagneticFieldStrength": 3,
    "Manufacturer": "Philips",
    "ManufacturersModelName": "Ingenia",
    "NumberOfVolumesDiscardedByScanner": 0,
    "NumberOfVolumesDiscardedByUser (copy)": 0,
    "PatientPosition": "HFS",
    "PercentPhaseFOV": 100,
    "PhaseEncodingDirection": "j",
    "PhaseEncodingSteps": 62,
    "ReconMatrixPE": 64,
    "RepetitionTime": 2,
    "ScanOptions": "FS",
    "ScanningSequence": "GR",
    "SequenceVariant": "SK",
    "SliceThickness": 3.1,
    "SliceTiming": [
      0,
      0.0588,
      0.1176,
      0.1764,
      0.2352,
      0.2939,
      0.3527,
      0.4115,
      0.4703,
      0.5291,
      0.5879,
      0.6467,
      0.7055,
      0.7642,
      0.823,
      0.8818,
      0.9406,
      0.9994,
      1.0582,
      1.117,
      1.1758,
      1.2345,
      1.2933,
      1.3521,
      1.4109,
      1.4697,
      1.5285,
      1.5873,
      1.6461,
      1.7048,
      1.7636,
      1.8224,
      1.8812,
      1.94
    ],
    "SpacingBetweenSlices": 3.41,
    "TaskName": "rest",
    "TotalReadoutTime": 0.019894364749211,
    "dataset": "ds003469",
    "modality": "bold",
    "subject_id": "152",
    "task_id": "rest"
  },
  "dummy_trs": 2,
  "dvars_nstd": 27.352336626599328,
  "dvars_std": 1.2896955908417522,
  "dvars_vstd": 1.0104316683164978,
  "efc": 0.5050071272933472,
  "fber": 10283.236328125,
  "fd_mean": 0.1836350687253471,
  "fd_num": 102,
  "fd_perc": 34.22818791946309,
  "fwhm_avg": 2.056518849888985,
  "fwhm_x": 2.0137697536384396,
  "fwhm_y": 2.2713057732868784,
  "fwhm_z": 1.8844810227416375,
  "gcor": 0.0410072,
  "gsr_x": -0.006611035671085119,
  "gsr_y": 0.03058602660894394,
  "provenance": {
    "md5sum": "e2cde9076f5b94a6856648551477f500",
    "settings": {
      "fd_thres": 0.2,
      "testing": false
    },
    "software": "mriqc",
    "version": "22.0.6",
    "webapi_port": null,
    "webapi_url": "https://mriqc.nimh.nih.gov/api/v1"
  },
  "size_t": 298,
  "size_x": 64,
  "size_y": 64,
  "size_z": 34,
  "snr": 4.684078607323579,
  "spacing_tr": 1.999998688697815,
  "spacing_x": 3.124999761581421,
  "spacing_y": 3.124999761581421,
  "spacing_z": 3.4099998474121094,
  "summary_bg_k": 130.24005193936924,
  "summary_bg_mad": 1067.5995605984572,
  "summary_bg_mean": 2212.212646484375,
  "summary_bg_median": 765.384033203125,
  "summary_bg_n": 79036.0,
  "summary_bg_p05": 4.642712831497192,
  "summary_bg_p95": 8220.819580078125,
  "summary_bg_stdv": 5701.05126953125,
  "summary_fg_k": 1.7953551989915422,
  "summary_fg_mad": 15439.8774176665,
  "summary_fg_mean": 82669.9921875,
  "summary_fg_median": 80663.8671875,
  "summary_fg_n": 28834.0,
  "summary_fg_p05": 58685.7287109375,
  "summary_fg_p95": 112310.189453125,
  "summary_fg_stdv": 17220.5625,
  "tsnr": 60.40734100341797
}