{
  "bids_meta": {
    "AcquisitionMatrixPE": 250,
    "EchoTime": 0.0035,
    "EchoTrainLength": 213,
    "FlipAngle": 8,
    "MagneticFieldStrength": 3,
    "Manufacturer": "Philips",
    "ManufacturersModelName": "Ingenia",
    "PercentPhaseFOV": 79.6875,
    "PhaseEncodingSteps": 250,
    "PixelBandwidth": 334.024,
    "ProtocolName": "sT1W_3D_TFE_tra",
    "ReconMatrixPE": 256,
    "RepetitionTime": 0.0079,
    "ScanOptions": "OTHER",
    "ScanningSequence": "GR",
    "SequenceVariant": "MP",
    "SeriesDescription": "t1_mpr_ns_sag_p2_iso",
    "SliceThickness": 1,
    "SoftwareVersions": "5.6.1_5.6.1.0",
    "SpacingBetweenSlices": 1,
    "dataset": "ds003469",
    "modality": "T1w",
    "subject_id": "202"
  },
  "cjv": 0.28794388759941386,
  "cnr": 4.681245139133974,
  "efc": 0.7333337497156392,
  "fber": 13234.29456177941,
  "fwhm_avg": 4.352658826666667,
  "fwhm_x": 4.25513984,
  "fwhm_y": 4.5873766400000004,
  "fwhm_z": 4.21546,
  "icvs_csf": 0.23575956372888346,
  "icvs_gm": 0.44821602454451864,
  "icvs_wm": 0.3160244117265979,
  "inu_med": 0.5937073826789856,
  "inu_range": 0.3319615244865418,
  "provenance": {
    "md5sum": "734a260c96f9f85219a0aebd6a61a303",
    "settings": {
      "testing": false
    },
    "software": "mriqc",
    "version": "22.0.6",
    "warnings": {
      "large_rot_frame": true,
      "small_air_mask": true
    },
    "webapi_port": null,
    "webapi_url": "https://mriqc.nimh.nih.gov/api/v1"
  },
  "qi_1": 0.0,
  "qi_2": 0.00010983558082651608,
  "rpve_csf": 20.600209752172034,
  "rpve_gm": 11.035228466716605,
  "rpve_wm": 17.24078518705661,
  "size_x": 256,
  "size_y": 256,
  "size_z": 170,
  "snr_csf": 2.5935021037751267,
  "snr_gm": 12.50496464067402,
  "snr_total": 13.417529082952399,
  "snr_wm": 25.154120504408052,
  "snrd_csf": 19.499966425398817,
  "snrd_gm": 56.198392249868206,
  "snrd_total": 52.70389277211289,
  "snrd_wm": 82.41331964107162,
  "spacing_x": 0.9765625,
  "spacing_y": 0.9765625,
  "spacing_z": 1.0,
  "summary_bg_k": 6.031679159601127,
  "summary_bg_mad": 0.0,
  "summary_bg_mean": 4.571922978818867,
  "summary_bg_median": 0.0,
  "summary_bg_n": 237158.0,
  "summary_bg_p05": 0.0,
  "summary_bg_p95": 21.526615284383297,
  "summary_bg_stdv": 7.949598517366421,
  "summary_csf_k": 2.0398622679667415,
  "summary_csf_mad": 76.80455807278707,
  "summary_csf_mean": 245.9717724444942,
  "summary_csf_median": 236.6177549958229,
  "summary_csf_n": 62810.0,
  "summary_csf_p05": 119.34520526044071,
  "summary_csf_p95": 424.0705708209424,
  "summary_csf_stdv": 91.23411584841914,
  "summary_gm_k": 0.22713602042543268,
  "summary_gm_mad": 53.82249919000329,
  "summary_gm_mean": 683.0079509064798,
  "summary_gm_median": 681.9261694326997,
  "summary_gm_n": 46580.0,
  "summary_gm_p05": 595.0684019196779,
  "summary_gm_p95": 772.3592052217572,
  "summary_gm_stdv": 54.53184947275917,
  "summary_wm_k": 0.7886143235832734,
  "summary_wm_mad": 37.772125808962365,
  "summary_wm_mean": 999.6871379493655,
  "summary_wm_median": 1000.0250384956598,
  "summary_wm_n": 175044.0,
  "summary_wm_p05": 934.6951363608241,
  "summary_wm_p95": 1063.3797924220562,
  "summary_wm_stdv": 39.75579992232857,
  "tpm_overlap_csf": 0.15768314284686827,
  "tpm_overlap_gm": 0.4795724653754531,
  "tpm_overlap_wm": 0.49290385845570805,
  "wm2max": 0.8083016732681271
}