{
  "aor": 0.002998133333333333,
  "aqi": 0.006147206133333333,
  "bids_meta": {
    "AcquisitionMatrixPE": 62,
    "BodyPartExamined": "BRAIN",
    "EchoTime": 0.035001,
    "EffectiveEchoSpacing": 0.0003157835674478,
    "FlipAngle": 90,
    "ImageType": [
      "ORIGINAL",
      "PRIMARY",
      "M",
      "FFE",
      "M",
      "FFE"
    ],
    "InPlanePhaseEncodingDirectionDICOM": "COL",
    "Instructions": "Participants were asked to close their eyes, to not fall asleep, and to avoid consistent thinking about same topic during the period of scanning",
    "MRAcquisitionType": "2D",
    "MagneticFieldStrength": 3,
    "Manufacturer": "Philips",
    "ManufacturersModelName": "Ingenia",
    "NumberOfVolumesDiscardedByScanner": 0,
    "NumberOfVolumesDiscardedByUser (copy)": 0,
    "PatientPosition": "HFS",
    "PercentPhaseFOV": 100,
    "PhaseEncodingDirection": "j",
    "PhaseEncodingSteps": 62,
    "ReconMatrixPE": 64,
    "RepetitionTime": 2,
    "ScanOptions": "FS",
    "ScanningSequence": "GR",
    "SequenceVariant": "SK",
    "SliceThickness": 3.1,
    "SliceTiming": [
      0,
      0.0588,
      0.1176,
      0.1764,
      0.2352,
      0.2939,
      0.3527,
      0.4115,
      0.4703,
      0.5291,
      0.5879,
      0.6467,
      0.7055,
      0.7642,
      0.823,
      0.8818,
      0.9406,
      0.9994,
      1.0582,
      1.117,
      1.1758,
      1.2345,
      1.2933,
      1.3521,
      1.4109,
      1.4697,
      1.5285,
      1.5873,
      1.6461,
      1.7048,
      1.7636,
      1.8224,
      1.8812,
      1.94
    ],
    "SpacingBetweenSlices": 3.41,
    "TaskName": "rest",
    "TotalReadoutTime": 0.019894364749211,
    "dataset": "ds003469",
    "modality": "bold",
    "subject_id": "182",
    "task_id": "rest"
  },
  "dummy_trs": 0,
  "dvars_nstd": 24.26661367013377,
  "dvars_std": 1.2332110524749167,
  "dvars_vstd": 1.0337921080602013,
  "efc": 0.5195143760937259,
  "fber": 7715.7587890625,
  "fd_mean": 0.12530803077414074,
  "fd_num": 30,
  "fd_perc": 10.0,
  "fwhm_avg": 2.0391125660443894,
  "fwhm_x": 2.0072833531435665,
  "fwhm_y": 2.298544,
  "fwhm_z": 1.811510344989602,
  "gcor": 0.0341257,
  "gsr_x": 0.0024857197422534227,
  "gsr_y": 0.03617754951119423,
  "provenance": {
    "md5sum": "978684d9478add725c4a3b24807399f9",
    "settings": {
      "fd_thres": 0.2,
      "testing": false
    },
    "software": "mriqc",
    "version": "22.0.6",
    "webapi_port": null,
    "webapi_url": "https://mriqc.nimh.nih.gov/api/v1"
  },
  "size_t": 300,
  "size_x": 64,
  "size_y": 64,
  "size_z": 34,
  "snr": 5.704645308321942,
  "spacing_tr": 1.999998688697815,
  "spacing_x": 3.124999761581421,
  "spacing_y": 3.125,
  "spacing_z": 3.4099998474121094,
  "summary_bg_k": 69.18040701300939,
  "summary_bg_mad": 1188.6488519861673,
  "summary_bg_mean": 2832.2685546875,
  "summary_bg_median": 830.0406494140625,
  "summary_bg_n": 78872.0,
  "summary_bg_p05": 4.256944155693055,
  "summary_bg_p95": 12274.376660156202,
  "summary_bg_stdv": 6471.9677734375,
  "summary_fg_k": 2.364210150977345,
  "summary_fg_mad": 12422.052184728178,
  "summary_fg_mean": 79523.0,
  "summary_fg_median": 79104.03125,
  "summary_fg_n": 28652.0,
  "summary_fg_p05": 57979.7435546875,
  "summary_fg_p95": 101136.360546875,
  "summary_fg_stdv": 13866.357421875,
  "tsnr": 67.85011291503906
}