{
  "bids_meta": {
    "AcquisitionMatrixPE": 250,
    "EchoTime": 0.0035,
    "EchoTrainLength": 213,
    "FlipAngle": 8,
    "MagneticFieldStrength": 3,
    "Manufacturer": "Philips",
    "ManufacturersModelName": "Ingenia",
    "PercentPhaseFOV": 79.6875,
    "PhaseEncodingSteps": 250,
    "PixelBandwidth": 334.024,
    "ProtocolName": "sT1W_3D_TFE_tra",
    "ReconMatrixPE": 256,
    "RepetitionTime": 0.0079,
    "ScanOptions": "OTHER",
    "ScanningSequence": "GR",
    "SequenceVariant": "MP",
    "SeriesDescription": "t1_mpr_ns_sag_p2_iso",
    "SliceThickness": 1,
    "SoftwareVersions": "5.6.1_5.6.1.0",
    "SpacingBetweenSlices": 1,
    "dataset": "ds003469",
    "modality": "T1w",
    "subject_id": "123"
  },
  "cjv": 0.3270906372283646,
  "cnr": 4.043847088477933,
  "efc": 0.7412590164047945,
  "fber": 13119.973500355998,
  "fwhm_avg": 4.596212636520428,
  "fwhm_x": 4.484771566271267,
  "fwhm_y": 4.861296343290018,
  "fwhm_z": 4.44257,
  "icvs_csf": 0.23109121893455864,
  "icvs_gm": 0.40370597704651545,
  "icvs_wm": 0.3652028040189259,
  "inu_med": 0.46596354246139526,
  "inu_range": 0.24937577247619624,
  "provenance": {
    "md5sum": "078db1397e5c97da4155bb4997adb5f7",
    "settings": {
      "testing": false
    },
    "software": "mriqc",
    "version": "22.0.6",
    "warnings": {
      "large_rot_frame": true,
      "small_air_mask": true
    },
    "webapi_port": null,
    "webapi_url": "https://mriqc.nimh.nih.gov/api/v1"
  },
  "qi_1": 0.0,
  "qi_2": 0.0001274615737202522,
  "rpve_csf": 19.200803080212417,
  "rpve_gm": 11.005245868063156,
  "rpve_wm": 14.644579781400498,
  "size_x": 256,
  "size_y": 256,
  "size_z": 170,
  "snr_csf": 2.313563365546233,
  "snr_gm": 12.03701308401686,
  "snr_total": 14.541526123087989,
  "snr_wm": 29.274001919700872,
  "snrd_csf": 28.28078654031869,
  "snrd_gm": 76.50449371858855,
  "snrd_total": 70.33429870076547,
  "snrd_wm": 106.21761584338918,
  "spacing_x": 0.9765625596046448,
  "spacing_y": 0.9765625596046448,
  "spacing_z": 1.0,
  "summary_bg_k": 10.263424533096133,
  "summary_bg_mad": 0.0,
  "summary_bg_mean": 2.887594970586557,
  "summary_bg_median": 0.0,
  "summary_bg_n": 158107.0,
  "summary_bg_p05": 0.0,
  "summary_bg_p95": 17.692799240350723,
  "summary_bg_stdv": 6.167869354824133,
  "summary_csf_k": 0.10474084651535787,
  "summary_csf_mad": 116.4542083863362,
  "summary_csf_mean": 275.5463994860246,
  "summary_csf_median": 266.2532514333725,
  "summary_csf_n": 59727.0,
  "summary_csf_p05": 96.21536165475845,
  "summary_csf_p95": 470.53002975583064,
  "summary_csf_stdv": 115.08265840927405,
  "summary_gm_k": 0.3563994858501496,
  "summary_gm_mad": 57.64337382531679,
  "summary_gm_mean": 719.4081885125903,
  "summary_gm_median": 720.2617993950844,
  "summary_gm_n": 40822.0,
  "summary_gm_p05": 619.5678710341454,
  "summary_gm_p95": 815.7143282592297,
  "summary_gm_stdv": 59.83652026736141,
  "summary_wm_k": 0.3548338488043403,
  "summary_wm_mad": 33.85636133537594,
  "summary_wm_mean": 999.4632036212911,
  "summary_wm_median": 999.9999659657478,
  "summary_wm_n": 270803.0,
  "summary_wm_p05": 942.9105442166328,
  "summary_wm_p95": 1054.2841316461563,
  "summary_wm_stdv": 34.159938991139,
  "tpm_overlap_csf": 0.16462818162796247,
  "tpm_overlap_gm": 0.468376983857997,
  "tpm_overlap_wm": 0.532663210321659,
  "wm2max": 0.8072474604694636
}