{
  "aor": 0.002335566666666666,
  "aqi": 0.0071028623,
  "bids_meta": {
    "AcquisitionMatrixPE": 62,
    "BodyPartExamined": "BRAIN",
    "EchoTime": 0.035001,
    "EffectiveEchoSpacing": 0.0003157835674478,
    "FlipAngle": 90,
    "ImageType": [
      "ORIGINAL",
      "PRIMARY",
      "M",
      "FFE",
      "M",
      "FFE"
    ],
    "InPlanePhaseEncodingDirectionDICOM": "COL",
    "Instructions": "Participants were asked to close their eyes, to not fall asleep, and to avoid consistent thinking about same topic during the period of scanning",
    "MRAcquisitionType": "2D",
    "MagneticFieldStrength": 3,
    "Manufacturer": "Philips",
    "ManufacturersModelName": "Ingenia",
    "NumberOfVolumesDiscardedByScanner": 0,
    "NumberOfVolumesDiscardedByUser (copy)": 0,
    "PatientPosition": "HFS",
    "PercentPhaseFOV": 100,
    "PhaseEncodingDirection": "j",
    "PhaseEncodingSteps": 62,
    "ReconMatrixPE": 64,
    "RepetitionTime": 2,
    "ScanOptions": "FS",
    "ScanningSequence": "GR",
    "SequenceVariant": "SK",
    "SliceThickness": 3.1,
    "SliceTiming": [
      0,
      0.0588,
      0.1176,
      0.1764,
      0.2352,
      0.2939,
      0.3527,
      0.4115,
      0.4703,
      0.5291,
      0.5879,
      0.6467,
      0.7055,
      0.7642,
      0.823,
      0.8818,
      0.9406,
      0.9994,
      1.0582,
      1.117,
      1.1758,
      1.2345,
      1.2933,
      1.3521,
      1.4109,
      1.4697,
      1.5285,
      1.5873,
      1.6461,
      1.7048,
      1.7636,
      1.8224,
      1.8812,
      1.94
    ],
    "SpacingBetweenSlices": 3.41,
    "TaskName": "rest",
    "TotalReadoutTime": 0.019894364749211,
    "dataset": "ds003469",
    "modality": "bold",
    "subject_id": "061",
    "task_id": "rest"
  },
  "dummy_trs": 0,
  "dvars_nstd": 25.643638661638782,
  "dvars_std": 1.1720659105351172,
  "dvars_vstd": 1.0199373644481602,
  "efc": 0.49800084705532455,
  "fber": 23745.294921875,
  "fd_mean": 0.19120960577821428,
  "fd_num": 106,
  "fd_perc": 35.333333333333336,
  "fwhm_avg": 2.053854105925821,
  "fwhm_x": 2.0228672,
  "fwhm_y": 2.227929769977552,
  "fwhm_z": 1.9107653477999105,
  "gcor": 0.0409632,
  "gsr_x": 0.004911391530185938,
  "gsr_y": 0.021169647574424744,
  "provenance": {
    "md5sum": "801a61855cba02edabf5cc70f8085602",
    "settings": {
      "fd_thres": 0.2,
      "testing": false
    },
    "software": "mriqc",
    "version": "22.0.6",
    "webapi_port": null,
    "webapi_url": "https://mriqc.nimh.nih.gov/api/v1"
  },
  "size_t": 300,
  "size_x": 64,
  "size_y": 64,
  "size_z": 34,
  "snr": 5.350807652097205,
  "spacing_tr": 1.999998688697815,
  "spacing_x": 3.125,
  "spacing_y": 3.124999761581421,
  "spacing_z": 3.4100000858306885,
  "summary_bg_k": 107.02100046824289,
  "summary_bg_mad": 739.5742043402396,
  "summary_bg_mean": 2197.001708984375,
  "summary_bg_median": 504.3856506347656,
  "summary_bg_n": 80291.0,
  "summary_bg_p05": 1.5578611493110657,
  "summary_bg_p95": 8877.49951171875,
  "summary_bg_stdv": 5734.99560546875,
  "summary_fg_k": 1.1678148691021004,
  "summary_fg_mad": 13987.182065787314,
  "summary_fg_mean": 81409.6171875,
  "summary_fg_median": 80650.140625,
  "summary_fg_n": 27894.0,
  "summary_fg_p05": 58194.634570312504,
  "summary_fg_p95": 106465.40625,
  "summary_fg_stdv": 15072.2470703125,
  "tsnr": 62.281517028808594
}