{
  "aor": 0.016515333333333333,
  "aqi": 0.017475663333333332,
  "bids_meta": {
    "AcquisitionMatrixPE": 62,
    "BodyPartExamined": "BRAIN",
    "EchoTime": 0.035001,
    "EffectiveEchoSpacing": 0.0003157835674478,
    "FlipAngle": 90,
    "ImageType": [
      "ORIGINAL",
      "PRIMARY",
      "M",
      "FFE",
      "M",
      "FFE"
    ],
    "InPlanePhaseEncodingDirectionDICOM": "COL",
    "Instructions": "Participants were asked to close their eyes, to not fall asleep, and to avoid consistent thinking about same topic during the period of scanning",
    "MRAcquisitionType": "2D",
    "MagneticFieldStrength": 3,
    "Manufacturer": "Philips",
    "ManufacturersModelName": "Ingenia",
    "NumberOfVolumesDiscardedByScanner": 0,
    "NumberOfVolumesDiscardedByUser (copy)": 0,
    "PatientPosition": "HFS",
    "PercentPhaseFOV": 100,
    "PhaseEncodingDirection": "j",
    "PhaseEncodingSteps": 62,
    "ReconMatrixPE": 64,
    "RepetitionTime": 2,
    "ScanOptions": "FS",
    "ScanningSequence": "GR",
    "SequenceVariant": "SK",
    "SliceThickness": 3.1,
    "SliceTiming": [
      0,
      0.0588,
      0.1176,
      0.1764,
      0.2352,
      0.2939,
      0.3527,
      0.4115,
      0.4703,
      0.5291,
      0.5879,
      0.6467,
      0.7055,
      0.7642,
      0.823,
      0.8818,
      0.9406,
      0.9994,
      1.0582,
      1.117,
      1.1758,
      1.2345,
      1.2933,
      1.3521,
      1.4109,
      1.4697,
      1.5285,
      1.5873,
      1.6461,
      1.7048,
      1.7636,
      1.8224,
      1.8812,
      1.94
    ],
    "SpacingBetweenSlices": 3.41,
    "TaskName": "rest",
    "TotalReadoutTime": 0.019894364749211,
    "dataset": "ds003469",
    "modality": "bold",
    "subject_id": "029",
    "task_id": "rest"
  },
  "dummy_trs": 0,
  "dvars_nstd": 24.977908979765914,
  "dvars_std": 1.1536700515719063,
  "dvars_vstd": 1.0322422945819403,
  "efc": 0.483018408030042,
  "fber": 27914.443359375,
  "fd_mean": 0.2746755970244677,
  "fd_num": 183,
  "fd_perc": 61.0,
  "fwhm_avg": 2.0309385202079153,
  "fwhm_x": 2.0575262430232053,
  "fwhm_y": 2.1364096,
  "fwhm_z": 1.8988797176005414,
  "gcor": 0.031061,
  "gsr_x": -0.001971592428162694,
  "gsr_y": 0.017485184594988823,
  "provenance": {
    "md5sum": "401b828a6619e5cfa7c78adb66554c8e",
    "settings": {
      "fd_thres": 0.2,
      "testing": false
    },
    "software": "mriqc",
    "version": "22.0.6",
    "webapi_port": null,
    "webapi_url": "https://mriqc.nimh.nih.gov/api/v1"
  },
  "size_t": 300,
  "size_x": 64,
  "size_y": 64,
  "size_z": 34,
  "snr": 5.1038252254113825,
  "spacing_tr": 1.999998688697815,
  "spacing_x": 3.125000238418579,
  "spacing_y": 3.125,
  "spacing_z": 3.4100000858306885,
  "summary_bg_k": 83.925979679451,
  "summary_bg_mad": 663.3815013530558,
  "summary_bg_mean": 1771.6197509765625,
  "summary_bg_median": 455.71832275390625,
  "summary_bg_n": 81964.0,
  "summary_bg_p05": 2.873126029968262,
  "summary_bg_p95": 7033.622070312485,
  "summary_bg_stdv": 4143.56396484375,
  "summary_fg_k": 2.9913368027585356,
  "summary_fg_mad": 12867.099255365996,
  "summary_fg_mean": 79473.1796875,
  "summary_fg_median": 78189.359375,
  "summary_fg_n": 26446.0,
  "summary_fg_p05": 57804.296875,
  "summary_fg_p95": 105829.751953125,
  "summary_fg_stdv": 15319.466796875,
  "tsnr": 49.05377197265625
}