{
  "bids_meta": {
    "AcquisitionMatrixPE": 250,
    "EchoTime": 0.0035,
    "EchoTrainLength": 213,
    "FlipAngle": 8,
    "MagneticFieldStrength": 3,
    "Manufacturer": "Philips",
    "ManufacturersModelName": "Ingenia",
    "PercentPhaseFOV": 79.6875,
    "PhaseEncodingSteps": 250,
    "PixelBandwidth": 334.024,
    "ProtocolName": "sT1W_3D_TFE_tra",
    "ReconMatrixPE": 256,
    "RepetitionTime": 0.0079,
    "ScanOptions": "OTHER",
    "ScanningSequence": "GR",
    "SequenceVariant": "MP",
    "SeriesDescription": "t1_mpr_ns_sag_p2_iso",
    "SliceThickness": 1,
    "SoftwareVersions": "5.6.1_5.6.1.0",
    "SpacingBetweenSlices": 1,
    "dataset": "ds003469",
    "modality": "T1w",
    "subject_id": "014"
  },
  "cjv": 0.3263350206885403,
  "cnr": 4.109014215566501,
  "efc": 0.7255924869535028,
  "fber": 35499.858947753906,
  "fwhm_avg": 4.445861187441195,
  "fwhm_x": 4.3799759473325155,
  "fwhm_y": 4.67956736,
  "fwhm_z": 4.27804025499107,
  "icvs_csf": 0.2056562168220954,
  "icvs_gm": 0.44064835583765927,
  "icvs_wm": 0.35369542734024534,
  "inu_med": 0.4162742793560028,
  "inu_range": 0.18070707470178604,
  "provenance": {
    "md5sum": "26d290b57d24b9285408bc37b787019a",
    "settings": {
      "testing": false
    },
    "software": "mriqc",
    "version": "22.0.6",
    "warnings": {
      "large_rot_frame": true,
      "small_air_mask": true
    },
    "webapi_port": null,
    "webapi_url": "https://mriqc.nimh.nih.gov/api/v1"
  },
  "qi_1": 0.0,
  "qi_2": 8.861575694398757e-05,
  "rpve_csf": 22.791088061968846,
  "rpve_gm": 11.304921770960037,
  "rpve_wm": 16.206139656748963,
  "size_x": 256,
  "size_y": 256,
  "size_z": 170,
  "snr_csf": 2.858220652821982,
  "snr_gm": 12.901429066792243,
  "snr_total": 15.412520223809452,
  "snr_wm": 30.477910951814128,
  "snrd_csf": 27.80271505163555,
  "snrd_gm": 69.48035081604453,
  "snrd_total": 64.16214525862391,
  "snrd_wm": 95.20336990819166,
  "spacing_x": 0.9765624403953552,
  "spacing_y": 0.9765625,
  "spacing_z": 0.9999999403953552,
  "summary_bg_k": 6.713878961984683,
  "summary_bg_mad": 0.0,
  "summary_bg_mean": 3.938172743967476,
  "summary_bg_median": 0.0,
  "summary_bg_n": 297073.0,
  "summary_bg_p05": 0.0,
  "summary_bg_p95": 18.119127681478858,
  "summary_bg_stdv": 6.8814411394558395,
  "summary_csf_k": 1.911240123417751,
  "summary_csf_mad": 61.377685783431495,
  "summary_csf_mean": 288.42185719702604,
  "summary_csf_median": 292.03498255461454,
  "summary_csf_n": 47332.0,
  "summary_csf_p05": 80.2517685815692,
  "summary_csf_p95": 460.6146060023457,
  "summary_csf_stdv": 102.17262172761718,
  "summary_gm_k": 0.1485126846119229,
  "summary_gm_mad": 56.094195783069026,
  "summary_gm_mean": 729.6803249987394,
  "summary_gm_median": 729.8097686059773,
  "summary_gm_n": 54950.0,
  "summary_gm_p05": 636.6663448119536,
  "summary_gm_p95": 821.5855800807476,
  "summary_gm_stdv": 56.56761930219146,
  "summary_wm_k": 0.4594677614480025,
  "summary_wm_mad": 32.07833214505782,
  "summary_wm_mean": 999.9939680849748,
  "summary_wm_median": 999.9999790899456,
  "summary_wm_n": 218529.0,
  "summary_wm_p05": 946.3136748485267,
  "summary_wm_p95": 1052.899501286447,
  "summary_wm_stdv": 32.81057197924544,
  "tpm_overlap_csf": 0.15798593860892282,
  "tpm_overlap_gm": 0.4676377410398106,
  "tpm_overlap_wm": 0.5084474177597633,
  "wm2max": 0.8538723126172394
}