{
  "aor": 0.001244433333333333,
  "aqi": 0.0054548225666666665,
  "bids_meta": {
    "AcquisitionMatrixPE": 62,
    "BodyPartExamined": "BRAIN",
    "EchoTime": 0.035001,
    "EffectiveEchoSpacing": 0.0003157835674478,
    "FlipAngle": 90,
    "ImageType": [
      "ORIGINAL",
      "PRIMARY",
      "M",
      "FFE",
      "M",
      "FFE"
    ],
    "InPlanePhaseEncodingDirectionDICOM": "COL",
    "Instructions": "Participants were asked to close their eyes, to not fall asleep, and to avoid consistent thinking about same topic during the period of scanning",
    "MRAcquisitionType": "2D",
    "MagneticFieldStrength": 3,
    "Manufacturer": "Philips",
    "ManufacturersModelName": "Ingenia",
    "NumberOfVolumesDiscardedByScanner": 0,
    "NumberOfVolumesDiscardedByUser (copy)": 0,
    "PatientPosition": "HFS",
    "PercentPhaseFOV": 100,
    "PhaseEncodingDirection": "j",
    "PhaseEncodingSteps": 62,
    "ReconMatrixPE": 64,
    "RepetitionTime": 2,
    "ScanOptions": "FS",
    "ScanningSequence": "GR",
    "SequenceVariant": "SK",
    "SliceThickness": 3.1,
    "SliceTiming": [
      0,
      0.0588,
      0.1176,
      0.1764,
      0.2352,
      0.2939,
      0.3527,
      0.4115,
      0.4703,
      0.5291,
      0.5879,
      0.6467,
      0.7055,
      0.7642,
      0.823,
      0.8818,
      0.9406,
      0.9994,
      1.0582,
      1.117,
      1.1758,
      1.2345,
      1.2933,
      1.3521,
      1.4109,
      1.4697,
      1.5285,
      1.5873,
      1.6461,
      1.7048,
      1.7636,
      1.8224,
      1.8812,
      1.94
    ],
    "SpacingBetweenSlices": 3.41,
    "TaskName": "rest",
    "TotalReadoutTime": 0.019894364749211,
    "dataset": "ds003469",
    "modality": "bold",
    "subject_id": "167",
    "task_id": "rest"
  },
  "dummy_trs": 0,
  "dvars_nstd": 25.412232855284294,
  "dvars_std": 1.1934706546488298,
  "dvars_vstd": 1.008125494882943,
  "efc": 0.49359444229050903,
  "fber": 16118.892578125,
  "fd_mean": 0.1951687624900248,
  "fd_num": 132,
  "fd_perc": 44.0,
  "fwhm_avg": 1.895355609203693,
  "fwhm_x": 1.8476161409619247,
  "fwhm_y": 2.0846912,
  "fwhm_z": 1.7537594866491542,
  "gcor": 0.0487243,
  "gsr_x": 0.0029468927532434464,
  "gsr_y": 0.026173340156674385,
  "provenance": {
    "md5sum": "9d7278ed46edc009a0d89ab5799f5f73",
    "settings": {
      "fd_thres": 0.2,
      "testing": false
    },
    "software": "mriqc",
    "version": "22.0.6",
    "webapi_port": null,
    "webapi_url": "https://mriqc.nimh.nih.gov/api/v1"
  },
  "size_t": 300,
  "size_x": 64,
  "size_y": 64,
  "size_z": 34,
  "snr": 6.060271561247286,
  "spacing_tr": 1.999998688697815,
  "spacing_x": 3.124999761581421,
  "spacing_y": 3.125,
  "spacing_z": 3.4100000858306885,
  "summary_bg_k": 48.27910216600976,
  "summary_bg_mad": 770.8288191839342,
  "summary_bg_mean": 1807.27197265625,
  "summary_bg_median": 559.1619873046875,
  "summary_bg_n": 80914.0,
  "summary_bg_p05": 5.2577066183090215,
  "summary_bg_p95": 6882.801440429671,
  "summary_bg_stdv": 4305.1865234375,
  "summary_fg_k": 1.5313689232761885,
  "summary_fg_mad": 11436.399697337923,
  "summary_fg_mean": 74568.3046875,
  "summary_fg_median": 73743.609375,
  "summary_fg_n": 27695.0,
  "summary_fg_p05": 56866.69609375,
  "summary_fg_p95": 94716.9546875,
  "summary_fg_stdv": 12168.1474609375,
  "tsnr": 73.06346893310547
}