{
  "bids_meta": {
    "AcquisitionMatrixPE": 250,
    "EchoTime": 0.0035,
    "EchoTrainLength": 213,
    "FlipAngle": 8,
    "MagneticFieldStrength": 3,
    "Manufacturer": "Philips",
    "ManufacturersModelName": "Ingenia",
    "PercentPhaseFOV": 79.6875,
    "PhaseEncodingSteps": 250,
    "PixelBandwidth": 334.024,
    "ProtocolName": "sT1W_3D_TFE_tra",
    "ReconMatrixPE": 256,
    "RepetitionTime": 0.0079,
    "ScanOptions": "OTHER",
    "ScanningSequence": "GR",
    "SequenceVariant": "MP",
    "SeriesDescription": "t1_mpr_ns_sag_p2_iso",
    "SliceThickness": 1,
    "SoftwareVersions": "5.6.1_5.6.1.0",
    "SpacingBetweenSlices": 1,
    "dataset": "ds003469",
    "modality": "T1w",
    "subject_id": "122"
  },
  "cjv": 0.2833114542054771,
  "cnr": 4.706313798004283,
  "efc": 0.7260807593843159,
  "fber": 19333.221712353577,
  "fwhm_avg": 4.608798319999999,
  "fwhm_x": 4.63996928,
  "fwhm_y": 4.76653568,
  "fwhm_z": 4.41989,
  "icvs_csf": 0.21539198427102374,
  "icvs_gm": 0.43812019481544334,
  "icvs_wm": 0.3464878209135329,
  "inu_med": 0.48460279405117035,
  "inu_range": 0.22929307222366324,
  "provenance": {
    "md5sum": "24281809aa655092a06f9817a4853355",
    "settings": {
      "testing": false
    },
    "software": "mriqc",
    "version": "22.0.6",
    "warnings": {
      "large_rot_frame": true,
      "small_air_mask": true
    },
    "webapi_port": null,
    "webapi_url": "https://mriqc.nimh.nih.gov/api/v1"
  },
  "qi_1": 0.0,
  "qi_2": 0.00014043636061794292,
  "rpve_csf": 25.546789317041522,
  "rpve_gm": 13.091607189856171,
  "rpve_wm": 19.31483119679371,
  "size_x": 256,
  "size_y": 256,
  "size_z": 170,
  "snr_csf": 2.2006834229501266,
  "snr_gm": 11.40057882126056,
  "snr_total": 14.41216034417103,
  "snr_wm": 29.635218788302403,
  "snrd_csf": 29.744295775206478,
  "snrd_gm": 77.93018234288837,
  "snrd_total": 74.24330818533046,
  "snrd_wm": 115.05544643789656,
  "spacing_x": 0.9765625,
  "spacing_y": 0.9765625,
  "spacing_z": 1.0,
  "summary_bg_k": 12.665617328350864,
  "summary_bg_mad": 0.0,
  "summary_bg_mean": 2.548592956658555,
  "summary_bg_median": 0.0,
  "summary_bg_n": 120157.0,
  "summary_bg_p05": 0.0,
  "summary_bg_p95": 15.414940640330315,
  "summary_bg_stdv": 5.694092770259019,
  "summary_csf_k": 0.03984899265544861,
  "summary_csf_mad": 128.27590619330405,
  "summary_csf_mean": 258.6438775104901,
  "summary_csf_median": 258.5214003222063,
  "summary_csf_n": 35238.0,
  "summary_csf_p05": 75.15669478289784,
  "summary_csf_p95": 452.65884598717093,
  "summary_csf_stdv": 117.47156786897253,
  "summary_gm_k": 0.25735580340651065,
  "summary_gm_mad": 58.810226031539116,
  "summary_gm_mean": 678.706427090579,
  "summary_gm_median": 677.3271762393415,
  "summary_gm_n": 39857.0,
  "summary_gm_p05": 584.5274617522955,
  "summary_gm_p95": 776.5497826598585,
  "summary_gm_stdv": 59.41090271281468,
  "summary_wm_k": 0.37461302617753267,
  "summary_wm_mad": 32.606674734404436,
  "summary_wm_mean": 998.8082513620803,
  "summary_wm_median": 999.9999782349914,
  "summary_wm_n": 180572.0,
  "summary_wm_p05": 941.5516616404057,
  "summary_wm_p95": 1052.2911777347326,
  "summary_wm_stdv": 33.743540629683395,
  "tpm_overlap_csf": 0.15928393297080568,
  "tpm_overlap_gm": 0.4961131605036303,
  "tpm_overlap_wm": 0.5307048217544329,
  "wm2max": 0.8826753828099281
}