{
  "aor": 0.0011125333333333331,
  "aqi": 0.005210623433333333,
  "bids_meta": {
    "AcquisitionMatrixPE": 62,
    "BodyPartExamined": "BRAIN",
    "EchoTime": 0.035001,
    "EffectiveEchoSpacing": 0.0003157835674478,
    "FlipAngle": 90,
    "ImageType": [
      "ORIGINAL",
      "PRIMARY",
      "M",
      "FFE",
      "M",
      "FFE"
    ],
    "InPlanePhaseEncodingDirectionDICOM": "COL",
    "Instructions": "Participants were asked to close their eyes, to not fall asleep, and to avoid consistent thinking about same topic during the period of scanning",
    "MRAcquisitionType": "2D",
    "MagneticFieldStrength": 3,
    "Manufacturer": "Philips",
    "ManufacturersModelName": "Ingenia",
    "NumberOfVolumesDiscardedByScanner": 0,
    "NumberOfVolumesDiscardedByUser (copy)": 0,
    "PatientPosition": "HFS",
    "PercentPhaseFOV": 100,
    "PhaseEncodingDirection": "j",
    "PhaseEncodingSteps": 62,
    "ReconMatrixPE": 64,
    "RepetitionTime": 2,
    "ScanOptions": "FS",
    "ScanningSequence": "GR",
    "SequenceVariant": "SK",
    "SliceThickness": 3.1,
    "SliceTiming": [
      0,
      0.0588,
      0.1176,
      0.1764,
      0.2352,
      0.2939,
      0.3527,
      0.4115,
      0.4703,
      0.5291,
      0.5879,
      0.6467,
      0.7055,
      0.7642,
      0.823,
      0.8818,
      0.9406,
      0.9994,
      1.0582,
      1.117,
      1.1758,
      1.2345,
      1.2933,
      1.3521,
      1.4109,
      1.4697,
      1.5285,
      1.5873,
      1.6461,
      1.7048,
      1.7636,
      1.8224,
      1.8812,
      1.94
    ],
    "SpacingBetweenSlices": 3.41,
    "TaskName": "rest",
    "TotalReadoutTime": 0.019894364749211,
    "dataset": "ds003469",
    "modality": "bold",
    "subject_id": "113",
    "task_id": "rest"
  },
  "dummy_trs": 0,
  "dvars_nstd": 23.74096858929766,
  "dvars_std": 1.166446376989967,
  "dvars_vstd": 0.9933285882274244,
  "efc": 0.4668525503637545,
  "fber": 40648.87109375,
  "fd_mean": 0.17120768034929326,
  "fd_num": 54,
  "fd_perc": 18.0,
  "fwhm_avg": 1.8674811852214288,
  "fwhm_x": 1.8364702598884384,
  "fwhm_y": 2.0315774450029416,
  "fwhm_z": 1.7343958507729063,
  "gcor": 0.0144652,
  "gsr_x": -0.0040137735195457935,
  "gsr_y": 0.02045101299881935,
  "provenance": {
    "md5sum": "8ee6102ffc8eaafc23eb286ff3295837",
    "settings": {
      "fd_thres": 0.2,
      "testing": false
    },
    "software": "mriqc",
    "version": "22.0.6",
    "webapi_port": null,
    "webapi_url": "https://mriqc.nimh.nih.gov/api/v1"
  },
  "size_t": 300,
  "size_x": 64,
  "size_y": 64,
  "size_z": 34,
  "snr": 5.558726226972538,
  "spacing_tr": 1.999998688697815,
  "spacing_x": 3.125000238418579,
  "spacing_y": 3.125000238418579,
  "spacing_z": 3.4100000858306885,
  "summary_bg_k": 50.88830610694633,
  "summary_bg_mad": 481.2870884273451,
  "summary_bg_mean": 1489.3026123046875,
  "summary_bg_median": 337.14984130859375,
  "summary_bg_n": 84759.0,
  "summary_bg_p05": 3.2376809358596805,
  "summary_bg_p95": 5875.662255859374,
  "summary_bg_stdv": 3439.9189453125,
  "summary_fg_k": 3.2141963349542833,
  "summary_fg_mad": 10914.900158393493,
  "summary_fg_mean": 70785.53125,
  "summary_fg_median": 69263.8046875,
  "summary_fg_n": 24881.0,
  "summary_fg_p05": 54415.4140625,
  "summary_fg_p95": 91502.9453125,
  "summary_fg_stdv": 12460.123046875,
  "tsnr": 72.59294128417969
}