{
  "aor": 0.0012144999999999999,
  "aqi": 0.0045851475,
  "bids_meta": {
    "AcquisitionMatrixPE": 62,
    "BodyPartExamined": "BRAIN",
    "EchoTime": 0.035001,
    "EffectiveEchoSpacing": 0.0003157835674478,
    "FlipAngle": 90,
    "ImageType": [
      "ORIGINAL",
      "PRIMARY",
      "M",
      "FFE",
      "M",
      "FFE"
    ],
    "InPlanePhaseEncodingDirectionDICOM": "COL",
    "Instructions": "Participants were asked to close their eyes, to not fall asleep, and to avoid consistent thinking about same topic during the period of scanning",
    "MRAcquisitionType": "2D",
    "MagneticFieldStrength": 3,
    "Manufacturer": "Philips",
    "ManufacturersModelName": "Ingenia",
    "NumberOfVolumesDiscardedByScanner": 0,
    "NumberOfVolumesDiscardedByUser (copy)": 0,
    "PatientPosition": "HFS",
    "PercentPhaseFOV": 100,
    "PhaseEncodingDirection": "j",
    "PhaseEncodingSteps": 62,
    "ReconMatrixPE": 64,
    "RepetitionTime": 2,
    "ScanOptions": "FS",
    "ScanningSequence": "GR",
    "SequenceVariant": "SK",
    "SliceThickness": 3.1,
    "SliceTiming": [
      0,
      0.0588,
      0.1176,
      0.1764,
      0.2352,
      0.2939,
      0.3527,
      0.4115,
      0.4703,
      0.5291,
      0.5879,
      0.6467,
      0.7055,
      0.7642,
      0.823,
      0.8818,
      0.9406,
      0.9994,
      1.0582,
      1.117,
      1.1758,
      1.2345,
      1.2933,
      1.3521,
      1.4109,
      1.4697,
      1.5285,
      1.5873,
      1.6461,
      1.7048,
      1.7636,
      1.8224,
      1.8812,
      1.94
    ],
    "SpacingBetweenSlices": 3.41,
    "TaskName": "rest",
    "TotalReadoutTime": 0.019894364749211,
    "dataset": "ds003469",
    "modality": "bold",
    "subject_id": "124",
    "task_id": "rest"
  },
  "dummy_trs": 0,
  "dvars_nstd": 27.926982382240794,
  "dvars_std": 1.2318610111036783,
  "dvars_vstd": 1.0090144675585286,
  "efc": 0.5581132666545086,
  "fber": 13867.87109375,
  "fd_mean": 0.17576609897768966,
  "fd_num": 96,
  "fd_perc": 32.0,
  "fwhm_avg": 1.9928424558600721,
  "fwhm_x": 1.9889921517480584,
  "fwhm_y": 2.1773886338784307,
  "fwhm_z": 1.8121465819537277,
  "gcor": 0.0385065,
  "gsr_x": 0.0061946227215230465,
  "gsr_y": 0.025807000696659088,
  "provenance": {
    "md5sum": "eacd94247d6e2ebde5ccbf62209f7739",
    "settings": {
      "fd_thres": 0.2,
      "testing": false
    },
    "software": "mriqc",
    "version": "22.0.6",
    "webapi_port": null,
    "webapi_url": "https://mriqc.nimh.nih.gov/api/v1"
  },
  "size_t": 300,
  "size_x": 64,
  "size_y": 64,
  "size_z": 34,
  "snr": 4.708712814403808,
  "spacing_tr": 1.999998688697815,
  "spacing_x": 3.124999761581421,
  "spacing_y": 3.125000238418579,
  "spacing_z": 3.4100000858306885,
  "summary_bg_k": 121.65359766083891,
  "summary_bg_mad": 776.0109591526331,
  "summary_bg_mean": 1847.0711669921875,
  "summary_bg_median": 538.0362548828125,
  "summary_bg_n": 69709.0,
  "summary_bg_p05": 2.433734893798828,
  "summary_bg_p95": 7175.44775390625,
  "summary_bg_stdv": 4419.2373046875,
  "summary_fg_k": 2.8368952964691196,
  "summary_fg_mad": 12065.315504437558,
  "summary_fg_mean": 72860.875,
  "summary_fg_median": 70883.109375,
  "summary_fg_n": 37242.0,
  "summary_fg_p05": 53104.5421875,
  "summary_fg_p95": 100082.70039062497,
  "summary_fg_stdv": 15053.404296875,
  "tsnr": 74.61493682861328
}