{
  "aor": 0.0014685666666666665,
  "aqi": 0.004286320066666667,
  "bids_meta": {
    "AcquisitionMatrixPE": 62,
    "BodyPartExamined": "BRAIN",
    "EchoTime": 0.035001,
    "EffectiveEchoSpacing": 0.0003157835674478,
    "FlipAngle": 90,
    "ImageType": [
      "ORIGINAL",
      "PRIMARY",
      "M",
      "FFE",
      "M",
      "FFE"
    ],
    "InPlanePhaseEncodingDirectionDICOM": "COL",
    "Instructions": "Participants were asked to close their eyes, to not fall asleep, and to avoid consistent thinking about same topic during the period of scanning",
    "MRAcquisitionType": "2D",
    "MagneticFieldStrength": 3,
    "Manufacturer": "Philips",
    "ManufacturersModelName": "Ingenia",
    "NumberOfVolumesDiscardedByScanner": 0,
    "NumberOfVolumesDiscardedByUser (copy)": 0,
    "PatientPosition": "HFS",
    "PercentPhaseFOV": 100,
    "PhaseEncodingDirection": "j",
    "PhaseEncodingSteps": 62,
    "ReconMatrixPE": 64,
    "RepetitionTime": 2,
    "ScanOptions": "FS",
    "ScanningSequence": "GR",
    "SequenceVariant": "SK",
    "SliceThickness": 3.1,
    "SliceTiming": [
      0,
      0.0588,
      0.1176,
      0.1764,
      0.2352,
      0.2939,
      0.3527,
      0.4115,
      0.4703,
      0.5291,
      0.5879,
      0.6467,
      0.7055,
      0.7642,
      0.823,
      0.8818,
      0.9406,
      0.9994,
      1.0582,
      1.117,
      1.1758,
      1.2345,
      1.2933,
      1.3521,
      1.4109,
      1.4697,
      1.5285,
      1.5873,
      1.6461,
      1.7048,
      1.7636,
      1.8224,
      1.8812,
      1.94
    ],
    "SpacingBetweenSlices": 3.41,
    "TaskName": "rest",
    "TotalReadoutTime": 0.019894364749211,
    "dataset": "ds003469",
    "modality": "bold",
    "subject_id": "176",
    "task_id": "rest"
  },
  "dummy_trs": 0,
  "dvars_nstd": 21.829599303979922,
  "dvars_std": 1.1859922257190634,
  "dvars_vstd": 1.0139465928428097,
  "efc": 0.5023732820435137,
  "fber": 24574.1953125,
  "fd_mean": 0.14861039339773133,
  "fd_num": 59,
  "fd_perc": 19.666666666666668,
  "fwhm_avg": 1.9085557972378193,
  "fwhm_x": 1.8517089412741807,
  "fwhm_y": 2.1539262356684694,
  "fwhm_z": 1.7200322147708067,
  "gcor": 0.0446387,
  "gsr_x": 0.0009594420553185046,
  "gsr_y": 0.02361126057803631,
  "provenance": {
    "md5sum": "1cf8935f03799f0685fe046389164bc5",
    "settings": {
      "fd_thres": 0.2,
      "testing": false
    },
    "software": "mriqc",
    "version": "22.0.6",
    "webapi_port": null,
    "webapi_url": "https://mriqc.nimh.nih.gov/api/v1"
  },
  "size_t": 300,
  "size_x": 64,
  "size_y": 64,
  "size_z": 34,
  "snr": 5.709827027603537,
  "spacing_tr": 1.999998688697815,
  "spacing_x": 3.124999761581421,
  "spacing_y": 3.125000238418579,
  "spacing_z": 3.4100000858306885,
  "summary_bg_k": 34.80031488410767,
  "summary_bg_mad": 632.1323329278806,
  "summary_bg_mean": 1785.888916015625,
  "summary_bg_median": 473.86029052734375,
  "summary_bg_n": 78744.0,
  "summary_bg_p05": 9.041900348663331,
  "summary_bg_p95": 7248.480541992181,
  "summary_bg_stdv": 4175.80126953125,
  "summary_fg_k": 1.333513586395119,
  "summary_fg_mad": 12905.774324175296,
  "summary_fg_mean": 80071.8515625,
  "summary_fg_median": 78865.3515625,
  "summary_fg_n": 29113.0,
  "summary_fg_p05": 59867.946875,
  "summary_fg_p95": 103501.87499999999,
  "summary_fg_stdv": 13811.9765625,
  "tsnr": 80.51557159423828
}