{
  "aor": 0.0028372333333333334,
  "aqi": 0.005458134966666667,
  "bids_meta": {
    "AcquisitionMatrixPE": 62,
    "BodyPartExamined": "BRAIN",
    "EchoTime": 0.035001,
    "EffectiveEchoSpacing": 0.0003157835674478,
    "FlipAngle": 90,
    "ImageType": [
      "ORIGINAL",
      "PRIMARY",
      "M",
      "FFE",
      "M",
      "FFE"
    ],
    "InPlanePhaseEncodingDirectionDICOM": "COL",
    "Instructions": "Participants were asked to close their eyes, to not fall asleep, and to avoid consistent thinking about same topic during the period of scanning",
    "MRAcquisitionType": "2D",
    "MagneticFieldStrength": 3,
    "Manufacturer": "Philips",
    "ManufacturersModelName": "Ingenia",
    "NumberOfVolumesDiscardedByScanner": 0,
    "NumberOfVolumesDiscardedByUser (copy)": 0,
    "PatientPosition": "HFS",
    "PercentPhaseFOV": 100,
    "PhaseEncodingDirection": "j",
    "PhaseEncodingSteps": 62,
    "ReconMatrixPE": 64,
    "RepetitionTime": 2,
    "ScanOptions": "FS",
    "ScanningSequence": "GR",
    "SequenceVariant": "SK",
    "SliceThickness": 3.1,
    "SliceTiming": [
      0,
      0.0588,
      0.1176,
      0.1764,
      0.2352,
      0.2939,
      0.3527,
      0.4115,
      0.4703,
      0.5291,
      0.5879,
      0.6467,
      0.7055,
      0.7642,
      0.823,
      0.8818,
      0.9406,
      0.9994,
      1.0582,
      1.117,
      1.1758,
      1.2345,
      1.2933,
      1.3521,
      1.4109,
      1.4697,
      1.5285,
      1.5873,
      1.6461,
      1.7048,
      1.7636,
      1.8224,
      1.8812,
      1.94
    ],
    "SpacingBetweenSlices": 3.41,
    "TaskName": "rest",
    "TotalReadoutTime": 0.019894364749211,
    "dataset": "ds003469",
    "modality": "bold",
    "subject_id": "202",
    "task_id": "rest"
  },
  "dummy_trs": 0,
  "dvars_nstd": 26.473697847324424,
  "dvars_std": 1.2754641669899662,
  "dvars_vstd": 1.0282642311371233,
  "efc": 0.5174005169856157,
  "fber": 17280.03515625,
  "fd_mean": 0.20190405189229324,
  "fd_num": 100,
  "fd_perc": 33.333333333333336,
  "fwhm_avg": 2.0782197016059674,
  "fwhm_x": 1.9855488,
  "fwhm_y": 2.339603021502455,
  "fwhm_z": 1.9095072833154474,
  "gcor": 0.0871141,
  "gsr_x": -0.005613402463495731,
  "gsr_y": 0.028104187920689583,
  "provenance": {
    "md5sum": "2c4fc5f97774338d7b3ff6232ec78e4d",
    "settings": {
      "fd_thres": 0.2,
      "testing": false
    },
    "software": "mriqc",
    "version": "22.0.6",
    "webapi_port": null,
    "webapi_url": "https://mriqc.nimh.nih.gov/api/v1"
  },
  "size_t": 300,
  "size_x": 64,
  "size_y": 64,
  "size_z": 34,
  "snr": 5.079093528554638,
  "spacing_tr": 1.999998688697815,
  "spacing_x": 3.125,
  "spacing_y": 3.125000238418579,
  "spacing_z": 3.4100000858306885,
  "summary_bg_k": 92.04842915470665,
  "summary_bg_mad": 838.7705021065414,
  "summary_bg_mean": 2212.693359375,
  "summary_bg_median": 582.5199584960938,
  "summary_bg_n": 76766.0,
  "summary_bg_p05": 2.578045666217804,
  "summary_bg_p95": 8322.7451171875,
  "summary_bg_stdv": 5894.6943359375,
  "summary_fg_k": 3.1853630180953116,
  "summary_fg_mad": 13180.078900258495,
  "summary_fg_mean": 83309.25,
  "summary_fg_median": 81338.859375,
  "summary_fg_n": 30623.0,
  "summary_fg_p05": 62310.129296875,
  "summary_fg_p95": 110391.46874999999,
  "summary_fg_stdv": 16014.1826171875,
  "tsnr": 68.79907989501953
}