{
  "bids_meta": {
    "AcquisitionMatrixPE": 250,
    "EchoTime": 0.0035,
    "EchoTrainLength": 213,
    "FlipAngle": 8,
    "MagneticFieldStrength": 3,
    "Manufacturer": "Philips",
    "ManufacturersModelName": "Ingenia",
    "PercentPhaseFOV": 79.6875,
    "PhaseEncodingSteps": 250,
    "PixelBandwidth": 334.024,
    "ProtocolName": "sT1W_3D_TFE_tra",
    "ReconMatrixPE": 256,
    "RepetitionTime": 0.0079,
    "ScanOptions": "OTHER",
    "ScanningSequence": "GR",
    "SequenceVariant": "MP",
    "SeriesDescription": "t1_mpr_ns_sag_p2_iso",
    "SliceThickness": 1,
    "SoftwareVersions": "5.6.1_5.6.1.0",
    "SpacingBetweenSlices": 1,
    "dataset": "ds003469",
    "modality": "T1w",
    "subject_id": "133"
  },
  "cjv": 0.2825700554414257,
  "cnr": 4.687986989847998,
  "efc": 0.7347521733044873,
  "fber": -1.0,
  "fwhm_avg": 4.82669616,
  "fwhm_x": 4.62988288,
  "fwhm_y": 5.0848256,
  "fwhm_z": 4.76538,
  "icvs_csf": 0.19582405770179132,
  "icvs_gm": 0.45500331445337755,
  "icvs_wm": 0.3491726278448311,
  "inu_med": 0.4522121548652649,
  "inu_range": 0.24909184128046036,
  "provenance": {
    "md5sum": "0164162d0d36e16dbad4d29ede4432af",
    "settings": {
      "testing": false
    },
    "software": "mriqc",
    "version": "22.0.6",
    "warnings": {
      "large_rot_frame": true,
      "small_air_mask": true
    },
    "webapi_port": null,
    "webapi_url": "https://mriqc.nimh.nih.gov/api/v1"
  },
  "qi_1": 0.0,
  "qi_2": 6.686196089560913e-05,
  "rpve_csf": 24.62138169388023,
  "rpve_gm": 11.386027852634657,
  "rpve_wm": 16.811644064704453,
  "size_x": 256,
  "size_y": 256,
  "size_z": 170,
  "snr_csf": 2.57831377284218,
  "snr_gm": 13.242266925016217,
  "snr_total": 16.465439839902725,
  "snr_wm": 33.575738821849775,
  "snrd_csf": 38.4643599765341,
  "snrd_gm": 89.83975466167315,
  "snrd_total": 84.88071788599733,
  "snrd_wm": 126.33803901978473,
  "spacing_x": 0.9765625,
  "spacing_y": 0.9765625,
  "spacing_z": 1.0,
  "summary_bg_k": 19.60731502595231,
  "summary_bg_mad": 0.0,
  "summary_bg_mean": 2.328617220531504,
  "summary_bg_median": 0.0,
  "summary_bg_n": 201126.0,
  "summary_bg_p05": 0.0,
  "summary_bg_p95": 13.36766653507948,
  "summary_bg_stdv": 5.185582990824888,
  "summary_csf_k": 0.0702316241103933,
  "summary_csf_mad": 110.1162439645577,
  "summary_csf_mean": 299.8278289588509,
  "summary_csf_median": 304.4558825418353,
  "summary_csf_n": 36619.0,
  "summary_csf_p05": 78.0989683546126,
  "summary_csf_p95": 479.511857368052,
  "summary_csf_stdv": 118.08172017113391,
  "summary_gm_k": 0.31443593285740823,
  "summary_gm_mad": 52.18653467358598,
  "summary_gm_mean": 710.5536901739835,
  "summary_gm_median": 711.1061203032732,
  "summary_gm_n": 63604.0,
  "summary_gm_p05": 621.9435606002808,
  "summary_gm_p95": 796.730838611722,
  "summary_gm_stdv": 53.699304975691554,
  "summary_wm_k": 0.20028528667400858,
  "summary_wm_mad": 29.44621899202975,
  "summary_wm_mean": 999.4254476767582,
  "summary_wm_median": 999.9999789893627,
  "summary_wm_n": 207178.0,
  "summary_wm_p05": 949.1714981943369,
  "summary_wm_p95": 1046.439745143056,
  "summary_wm_stdv": 29.78333763282914,
  "tpm_overlap_csf": 0.14817315708758905,
  "tpm_overlap_gm": 0.47939103046976367,
  "tpm_overlap_wm": 0.5021151118256985,
  "wm2max": 0.8696349622541069
}