{
  "bids_meta": {
    "AcquisitionMatrixPE": 250,
    "EchoTime": 0.0035,
    "EchoTrainLength": 213,
    "FlipAngle": 8,
    "MagneticFieldStrength": 3,
    "Manufacturer": "Philips",
    "ManufacturersModelName": "Ingenia",
    "PercentPhaseFOV": 79.6875,
    "PhaseEncodingSteps": 250,
    "PixelBandwidth": 334.024,
    "ProtocolName": "sT1W_3D_TFE_tra",
    "ReconMatrixPE": 256,
    "RepetitionTime": 0.0079,
    "ScanOptions": "OTHER",
    "ScanningSequence": "GR",
    "SequenceVariant": "MP",
    "SeriesDescription": "t1_mpr_ns_sag_p2_iso",
    "SliceThickness": 1,
    "SoftwareVersions": "5.6.1_5.6.1.0",
    "SpacingBetweenSlices": 1,
    "dataset": "ds003469",
    "modality": "T1w",
    "subject_id": "018"
  },
  "cjv": 0.33898464983656046,
  "cnr": 3.9067184702303503,
  "efc": 0.7347721314636434,
  "fber": 18184.61423480957,
  "fwhm_avg": 4.543974069238964,
  "fwhm_x": 4.461086447716892,
  "fwhm_y": 4.72344576,
  "fwhm_z": 4.44739,
  "icvs_csf": 0.2466745500724902,
  "icvs_gm": 0.4217579328205219,
  "icvs_wm": 0.33156751710698795,
  "inu_med": 0.4840553104877472,
  "inu_range": 0.2400468766689301,
  "provenance": {
    "md5sum": "b716f2f7aca249dfbe508b4aa6fe25f9",
    "settings": {
      "testing": false
    },
    "software": "mriqc",
    "version": "22.0.6",
    "warnings": {
      "large_rot_frame": true,
      "small_air_mask": true
    },
    "webapi_port": null,
    "webapi_url": "https://mriqc.nimh.nih.gov/api/v1"
  },
  "qi_1": 0.0,
  "qi_2": 6.683597427721341e-05,
  "rpve_csf": 21.2403195429177,
  "rpve_gm": 12.381945821465912,
  "rpve_wm": 18.038335653347502,
  "size_x": 256,
  "size_y": 256,
  "size_z": 170,
  "snr_csf": 2.6051381730757397,
  "snr_gm": 12.90631072235825,
  "snr_total": 14.191130793697653,
  "snr_wm": 27.061943485658972,
  "snrd_csf": 20.28437419983682,
  "snrd_gm": 59.35622687972743,
  "snrd_total": 53.52710415803171,
  "snrd_wm": 80.9407113945309,
  "spacing_x": 0.9765625596046448,
  "spacing_y": 0.9765625,
  "spacing_z": 1.0,
  "summary_bg_k": 5.5537832761738155,
  "summary_bg_mad": 0.0,
  "summary_bg_mean": 5.007037722355203,
  "summary_bg_median": 0.0,
  "summary_bg_n": 316694.0,
  "summary_bg_p05": 0.0,
  "summary_bg_p95": 22.290818363428116,
  "summary_bg_stdv": 8.094028072422303,
  "summary_csf_k": 2.2427027379658515,
  "summary_csf_mad": 80.71751789037059,
  "summary_csf_mean": 264.2097423785919,
  "summary_csf_median": 250.60780351236463,
  "summary_csf_n": 61111.0,
  "summary_csf_p05": 125.9185382919386,
  "summary_csf_p95": 436.81535666715354,
  "summary_csf_stdv": 96.19672217880444,
  "summary_gm_k": 0.26798296993977777,
  "summary_gm_mad": 54.79719102141064,
  "summary_gm_mean": 731.9323958926626,
  "summary_gm_median": 733.3296801056713,
  "summary_gm_n": 40370.0,
  "summary_gm_p05": 636.6664750567637,
  "summary_gm_p95": 823.394420478493,
  "summary_gm_stdv": 56.8187620163343,
  "summary_wm_k": 0.680485275480704,
  "summary_wm_mad": 35.59994893408718,
  "summary_wm_mean": 1000.2040588273757,
  "summary_wm_median": 999.9999850858003,
  "summary_wm_n": 188108.0,
  "summary_wm_p05": 940.5304856039584,
  "summary_wm_p95": 1060.8080263566226,
  "summary_wm_stdv": 36.952162270412494,
  "tpm_overlap_csf": 0.15958745722395515,
  "tpm_overlap_gm": 0.4778404383392232,
  "tpm_overlap_wm": 0.5241496428683652,
  "wm2max": 0.7890970231294864
}