{
  "aor": 0.0019155666666666668,
  "aqi": 0.007966667366666668,
  "bids_meta": {
    "AcquisitionMatrixPE": 62,
    "BodyPartExamined": "BRAIN",
    "EchoTime": 0.035001,
    "EffectiveEchoSpacing": 0.0003157835674478,
    "FlipAngle": 90,
    "ImageType": [
      "ORIGINAL",
      "PRIMARY",
      "M",
      "FFE",
      "M",
      "FFE"
    ],
    "InPlanePhaseEncodingDirectionDICOM": "COL",
    "Instructions": "Participants were asked to close their eyes, to not fall asleep, and to avoid consistent thinking about same topic during the period of scanning",
    "MRAcquisitionType": "2D",
    "MagneticFieldStrength": 3,
    "Manufacturer": "Philips",
    "ManufacturersModelName": "Ingenia",
    "NumberOfVolumesDiscardedByScanner": 0,
    "NumberOfVolumesDiscardedByUser (copy)": 0,
    "PatientPosition": "HFS",
    "PercentPhaseFOV": 100,
    "PhaseEncodingDirection": "j",
    "PhaseEncodingSteps": 62,
    "ReconMatrixPE": 64,
    "RepetitionTime": 2,
    "ScanOptions": "FS",
    "ScanningSequence": "GR",
    "SequenceVariant": "SK",
    "SliceThickness": 3.1,
    "SliceTiming": [
      0,
      0.0588,
      0.1176,
      0.1764,
      0.2352,
      0.2939,
      0.3527,
      0.4115,
      0.4703,
      0.5291,
      0.5879,
      0.6467,
      0.7055,
      0.7642,
      0.823,
      0.8818,
      0.9406,
      0.9994,
      1.0582,
      1.117,
      1.1758,
      1.2345,
      1.2933,
      1.3521,
      1.4109,
      1.4697,
      1.5285,
      1.5873,
      1.6461,
      1.7048,
      1.7636,
      1.8224,
      1.8812,
      1.94
    ],
    "SpacingBetweenSlices": 3.41,
    "TaskName": "rest",
    "TotalReadoutTime": 0.019894364749211,
    "dataset": "ds003469",
    "modality": "bold",
    "subject_id": "122",
    "task_id": "rest"
  },
  "dummy_trs": 0,
  "dvars_nstd": 22.437633310167246,
  "dvars_std": 1.1719161192976593,
  "dvars_vstd": 0.9927838797658862,
  "efc": 0.4678656230029457,
  "fber": 30057.009765625,
  "fd_mean": 0.1506978742713219,
  "fd_num": 57,
  "fd_perc": 19.0,
  "fwhm_avg": 2.0725590806379066,
  "fwhm_x": 2.0344702447822383,
  "fwhm_y": 2.2681248,
  "fwhm_z": 1.9150821971314818,
  "gcor": 0.0180603,
  "gsr_x": -0.008244594559073448,
  "gsr_y": 0.024016551673412323,
  "provenance": {
    "md5sum": "7661a5cb776d131d469cec9a9add2798",
    "settings": {
      "fd_thres": 0.2,
      "testing": false
    },
    "software": "mriqc",
    "version": "22.0.6",
    "webapi_port": null,
    "webapi_url": "https://mriqc.nimh.nih.gov/api/v1"
  },
  "size_t": 300,
  "size_x": 64,
  "size_y": 64,
  "size_z": 34,
  "snr": 5.408889372227936,
  "spacing_tr": 1.999998688697815,
  "spacing_x": 3.125000238418579,
  "spacing_y": 3.125,
  "spacing_z": 3.4099998474121094,
  "summary_bg_k": 150.5292006295079,
  "summary_bg_mad": 578.4768447347953,
  "summary_bg_mean": 1869.0623779296875,
  "summary_bg_median": 411.74761962890625,
  "summary_bg_n": 85152.0,
  "summary_bg_p05": 4.300663232803346,
  "summary_bg_p95": 7028.901220703113,
  "summary_bg_stdv": 5642.82421875,
  "summary_fg_k": 1.2330956374236584,
  "summary_fg_mad": 12780.436522562411,
  "summary_fg_mean": 74213.4921875,
  "summary_fg_median": 73141.09375,
  "summary_fg_n": 24041.0,
  "summary_fg_p05": 54204.09765625,
  "summary_fg_p95": 96995.0234375,
  "summary_fg_stdv": 13522.10546875,
  "tsnr": 67.15042877197266
}