{
  "bids_meta": {
    "AcquisitionMatrixPE": 250,
    "EchoTime": 0.0035,
    "EchoTrainLength": 213,
    "FlipAngle": 8,
    "MagneticFieldStrength": 3,
    "Manufacturer": "Philips",
    "ManufacturersModelName": "Ingenia",
    "PercentPhaseFOV": 79.6875,
    "PhaseEncodingSteps": 250,
    "PixelBandwidth": 334.024,
    "ProtocolName": "sT1W_3D_TFE_tra",
    "ReconMatrixPE": 256,
    "RepetitionTime": 0.0079,
    "ScanOptions": "OTHER",
    "ScanningSequence": "GR",
    "SequenceVariant": "MP",
    "SeriesDescription": "t1_mpr_ns_sag_p2_iso",
    "SliceThickness": 1,
    "SoftwareVersions": "5.6.1_5.6.1.0",
    "SpacingBetweenSlices": 1,
    "dataset": "ds003469",
    "modality": "T1w",
    "subject_id": "114"
  },
  "cjv": 0.3405725020406774,
  "cnr": 3.904824562707966,
  "efc": 0.7169630107053799,
  "fber": 17174.438527284678,
  "fwhm_avg": 4.616388656250006,
  "fwhm_x": 4.71405568,
  "fwhm_y": 4.730880288750018,
  "fwhm_z": 4.40423,
  "icvs_csf": 0.2402805490708463,
  "icvs_gm": 0.4071880999972616,
  "icvs_wm": 0.3525313509318921,
  "inu_med": 0.46155357360839844,
  "inu_range": 0.21015052497386932,
  "provenance": {
    "md5sum": "af221612d020f7671e6b2aa3178a8b8e",
    "settings": {
      "testing": false
    },
    "software": "mriqc",
    "version": "22.0.6",
    "warnings": {
      "large_rot_frame": true,
      "small_air_mask": true
    },
    "webapi_port": null,
    "webapi_url": "https://mriqc.nimh.nih.gov/api/v1"
  },
  "qi_1": 0.0,
  "qi_2": 9.857778431504903e-05,
  "rpve_csf": 23.78890768876859,
  "rpve_gm": 13.733436863995442,
  "rpve_wm": 18.973051362002437,
  "size_x": 256,
  "size_y": 256,
  "size_z": 170,
  "snr_csf": 2.1541913090889864,
  "snr_gm": 12.470515693785638,
  "snr_total": 15.2058737746328,
  "snr_wm": 30.99291432102378,
  "snrd_csf": 27.511073353447628,
  "snrd_gm": 83.45812063963547,
  "snrd_total": 74.77223458716333,
  "snrd_wm": 113.34750976840687,
  "spacing_x": 0.9765625,
  "spacing_y": 0.9765624403953552,
  "spacing_z": 1.0,
  "summary_bg_k": 7.91778945951377,
  "summary_bg_mad": 0.0,
  "summary_bg_mean": 3.124397883628382,
  "summary_bg_median": 0.0,
  "summary_bg_n": 216798.0,
  "summary_bg_p05": 0.0,
  "summary_bg_p95": 15.90341417491436,
  "summary_bg_stdv": 5.779892437728893,
  "summary_csf_k": -0.06862607705092971,
  "summary_csf_mad": 118.6020077481307,
  "summary_csf_mean": 254.7367227092537,
  "summary_csf_median": 242.71441005170345,
  "summary_csf_n": 41648.0,
  "summary_csf_p05": 90.59846162851899,
  "summary_csf_p95": 453.66362372785807,
  "summary_csf_stdv": 112.66942500966516,
  "summary_gm_k": 0.0935655423479167,
  "summary_gm_mad": 58.97695467256773,
  "summary_gm_mean": 734.51207732768,
  "summary_gm_median": 736.3030971139669,
  "summary_gm_n": 22765.0,
  "summary_gm_p05": 634.209006587416,
  "summary_gm_p95": 827.6811174608766,
  "summary_gm_stdv": 59.042219519467594,
  "summary_wm_k": 0.39092085515917363,
  "summary_wm_mad": 30.830966885345454,
  "summary_wm_mean": 998.4808307940845,
  "summary_wm_median": 1000.0000222027302,
  "summary_wm_n": 173941.0,
  "summary_wm_p05": 942.9434014521539,
  "summary_wm_p95": 1049.1049358658493,
  "summary_wm_stdv": 32.265347404980155,
  "tpm_overlap_csf": 0.15633665391537538,
  "tpm_overlap_gm": 0.47032620510417955,
  "tpm_overlap_wm": 0.5330365620050266,
  "wm2max": 0.900468603561387
}