{
  "aor": 0.0036214999999999997,
  "aqi": 0.004266029933333333,
  "bids_meta": {
    "AcquisitionMatrixPE": 62,
    "BodyPartExamined": "BRAIN",
    "EchoTime": 0.035001,
    "EffectiveEchoSpacing": 0.0003157835674478,
    "FlipAngle": 90,
    "ImageType": [
      "ORIGINAL",
      "PRIMARY",
      "M",
      "FFE",
      "M",
      "FFE"
    ],
    "InPlanePhaseEncodingDirectionDICOM": "COL",
    "Instructions": "Participants were asked to close their eyes, to not fall asleep, and to avoid consistent thinking about same topic during the period of scanning",
    "MRAcquisitionType": "2D",
    "MagneticFieldStrength": 3,
    "Manufacturer": "Philips",
    "ManufacturersModelName": "Ingenia",
    "NumberOfVolumesDiscardedByScanner": 0,
    "NumberOfVolumesDiscardedByUser (copy)": 0,
    "PatientPosition": "HFS",
    "PercentPhaseFOV": 100,
    "PhaseEncodingDirection": "j",
    "PhaseEncodingSteps": 62,
    "ReconMatrixPE": 64,
    "RepetitionTime": 2,
    "ScanOptions": "FS",
    "ScanningSequence": "GR",
    "SequenceVariant": "SK",
    "SliceThickness": 3.1,
    "SliceTiming": [
      0,
      0.0588,
      0.1176,
      0.1764,
      0.2352,
      0.2939,
      0.3527,
      0.4115,
      0.4703,
      0.5291,
      0.5879,
      0.6467,
      0.7055,
      0.7642,
      0.823,
      0.8818,
      0.9406,
      0.9994,
      1.0582,
      1.117,
      1.1758,
      1.2345,
      1.2933,
      1.3521,
      1.4109,
      1.4697,
      1.5285,
      1.5873,
      1.6461,
      1.7048,
      1.7636,
      1.8224,
      1.8812,
      1.94
    ],
    "SpacingBetweenSlices": 3.41,
    "TaskName": "rest",
    "TotalReadoutTime": 0.019894364749211,
    "dataset": "ds003469",
    "modality": "bold",
    "subject_id": "183",
    "task_id": "rest"
  },
  "dummy_trs": 0,
  "dvars_nstd": 19.905552688494986,
  "dvars_std": 1.1827121337458195,
  "dvars_vstd": 1.043927235919733,
  "efc": 0.5340149966450067,
  "fber": 12016.4150390625,
  "fd_mean": 0.12964102907244102,
  "fd_num": 24,
  "fd_perc": 8.0,
  "fwhm_avg": 2.1709328717029392,
  "fwhm_x": 2.1047265605778933,
  "fwhm_y": 2.4649696,
  "fwhm_z": 1.9431024545309246,
  "gcor": 0.0286733,
  "gsr_x": 0.017184220254421234,
  "gsr_y": 0.027551721781492233,
  "provenance": {
    "md5sum": "1ec25dff18f365d8c33ece3a2ae86e68",
    "settings": {
      "fd_thres": 0.2,
      "testing": false
    },
    "software": "mriqc",
    "version": "22.0.6",
    "webapi_port": null,
    "webapi_url": "https://mriqc.nimh.nih.gov/api/v1"
  },
  "size_t": 300,
  "size_x": 64,
  "size_y": 64,
  "size_z": 34,
  "snr": 5.831789652321484,
  "spacing_tr": 1.999998688697815,
  "spacing_x": 3.124999761581421,
  "spacing_y": 3.125,
  "spacing_z": 3.4100003242492676,
  "summary_bg_k": 55.993117697260985,
  "summary_bg_mad": 979.0186124830882,
  "summary_bg_mean": 3397.3984375,
  "summary_bg_median": 684.28369140625,
  "summary_bg_n": 77860.0,
  "summary_bg_p05": 4.989955401420594,
  "summary_bg_p95": 15775.802587890636,
  "summary_bg_stdv": 7467.15380859375,
  "summary_fg_k": 1.4781000039641885,
  "summary_fg_mad": 12867.689979687431,
  "summary_fg_mean": 80658.5,
  "summary_fg_median": 80386.90625,
  "summary_fg_n": 29970.0,
  "summary_fg_p05": 59779.33203125,
  "summary_fg_p95": 102477.756640625,
  "summary_fg_stdv": 13784.0302734375,
  "tsnr": 80.06092834472656
}