{
  "bids_meta": {
    "AcquisitionMatrixPE": 250,
    "EchoTime": 0.0035,
    "EchoTrainLength": 213,
    "FlipAngle": 8,
    "MagneticFieldStrength": 3,
    "Manufacturer": "Philips",
    "ManufacturersModelName": "Ingenia",
    "PercentPhaseFOV": 79.6875,
    "PhaseEncodingSteps": 250,
    "PixelBandwidth": 334.024,
    "ProtocolName": "sT1W_3D_TFE_tra",
    "ReconMatrixPE": 256,
    "RepetitionTime": 0.0079,
    "ScanOptions": "OTHER",
    "ScanningSequence": "GR",
    "SequenceVariant": "MP",
    "SeriesDescription": "t1_mpr_ns_sag_p2_iso",
    "SliceThickness": 1,
    "SoftwareVersions": "5.6.1_5.6.1.0",
    "SpacingBetweenSlices": 1,
    "dataset": "ds003469",
    "modality": "T1w",
    "subject_id": "192"
  },
  "cjv": 0.3241661605612384,
  "cnr": 4.131670400900789,
  "efc": 0.732749941180137,
  "fber": 26261.635614790135,
  "fwhm_avg": 4.819038038487212,
  "fwhm_x": 4.7829814119300185,
  "fwhm_y": 4.980132143963144,
  "fwhm_z": 4.6940005595684715,
  "icvs_csf": 0.22812452453231477,
  "icvs_gm": 0.3968146160572886,
  "icvs_wm": 0.3750608594103966,
  "inu_med": 0.45256513357162476,
  "inu_range": 0.22723651677370071,
  "provenance": {
    "md5sum": "164a285ebbc27e7b1a2388122de4a9d4",
    "settings": {
      "testing": false
    },
    "software": "mriqc",
    "version": "22.0.6",
    "warnings": {
      "large_rot_frame": true,
      "small_air_mask": false
    },
    "webapi_port": null,
    "webapi_url": "https://mriqc.nimh.nih.gov/api/v1"
  },
  "qi_1": 0.0,
  "qi_2": 6.288420146213391e-05,
  "rpve_csf": 20.324499647069203,
  "rpve_gm": 11.461342719109131,
  "rpve_wm": 14.431865283282512,
  "size_x": 256,
  "size_y": 256,
  "size_z": 170,
  "snr_csf": 2.372238902042545,
  "snr_gm": 13.390534365588087,
  "snr_total": 14.75255736933846,
  "snr_wm": 28.494898840384746,
  "snrd_csf": 23.89306022434221,
  "snrd_gm": 69.63170237351001,
  "snrd_total": 62.9486215866721,
  "snrd_wm": 95.32110216216408,
  "spacing_x": 0.9765624403953552,
  "spacing_y": 0.9765624403953552,
  "spacing_z": 0.9999998807907104,
  "summary_bg_k": 18.699972790130563,
  "summary_bg_mad": 0.0,
  "summary_bg_mean": 4.299491850516025,
  "summary_bg_median": 0.0,
  "summary_bg_n": 367702.0,
  "summary_bg_p05": 0.0,
  "summary_bg_p95": 18.07713957130909,
  "summary_bg_stdv": 6.873109862227281,
  "summary_csf_k": 0.6194165668571165,
  "summary_csf_mad": 102.46669377884056,
  "summary_csf_mean": 264.07557727057326,
  "summary_csf_median": 250.66478960216045,
  "summary_csf_n": 63917.0,
  "summary_csf_p05": 113.89817709922791,
  "summary_csf_p95": 456.0269500762224,
  "summary_csf_stdv": 105.66508647885503,
  "summary_gm_k": 0.3457255640022825,
  "summary_gm_mad": 52.643936743770716,
  "summary_gm_mean": 730.940177454402,
  "summary_gm_median": 730.5140430405736,
  "summary_gm_n": 38608.0,
  "summary_gm_p05": 642.8728501796722,
  "summary_gm_p95": 821.1229606367648,
  "summary_gm_stdv": 54.55380363312703,
  "summary_wm_k": 0.3147365914478395,
  "summary_wm_mad": 34.72221179939532,
  "summary_wm_mean": 1000.6722982632907,
  "summary_wm_median": 1000.0244336128235,
  "summary_wm_n": 247338.0,
  "summary_wm_p05": 944.5244437009096,
  "summary_wm_p95": 1058.525082319975,
  "summary_wm_stdv": 35.09478723324656,
  "tpm_overlap_csf": 0.16104013013811483,
  "tpm_overlap_gm": 0.45271006674077846,
  "tpm_overlap_wm": 0.5157397686836762,
  "wm2max": 0.820923619177314
}