{
  "bids_meta": {
    "AcquisitionMatrixPE": 250,
    "EchoTime": 0.0035,
    "EchoTrainLength": 213,
    "FlipAngle": 8,
    "MagneticFieldStrength": 3,
    "Manufacturer": "Philips",
    "ManufacturersModelName": "Ingenia",
    "PercentPhaseFOV": 79.6875,
    "PhaseEncodingSteps": 250,
    "PixelBandwidth": 334.024,
    "ProtocolName": "sT1W_3D_TFE_tra",
    "ReconMatrixPE": 256,
    "RepetitionTime": 0.0079,
    "ScanOptions": "OTHER",
    "ScanningSequence": "GR",
    "SequenceVariant": "MP",
    "SeriesDescription": "t1_mpr_ns_sag_p2_iso",
    "SliceThickness": 1,
    "SoftwareVersions": "5.6.1_5.6.1.0",
    "SpacingBetweenSlices": 1,
    "dataset": "ds003469",
    "modality": "T1w",
    "subject_id": "207"
  },
  "cjv": 0.3199484900997605,
  "cnr": 4.144797666047395,
  "efc": 0.7347217558243266,
  "fber": 28458.961803219296,
  "fwhm_avg": 4.741315245024408,
  "fwhm_x": 4.679551518307002,
  "fwhm_y": 4.949274216766223,
  "fwhm_z": 4.59512,
  "icvs_csf": 0.25799871296523547,
  "icvs_gm": 0.400315452910636,
  "icvs_wm": 0.3416858341241285,
  "inu_med": 0.4629170894622803,
  "inu_range": 0.2264788508415222,
  "provenance": {
    "md5sum": "eb50162146103ce3b55561586519e4d7",
    "settings": {
      "testing": false
    },
    "software": "mriqc",
    "version": "22.0.6",
    "warnings": {
      "large_rot_frame": true,
      "small_air_mask": true
    },
    "webapi_port": null,
    "webapi_url": "https://mriqc.nimh.nih.gov/api/v1"
  },
  "qi_1": 0.0,
  "qi_2": 5.332567979332193e-05,
  "rpve_csf": 19.100198585874995,
  "rpve_gm": 11.857596226288647,
  "rpve_wm": 16.583893030069923,
  "size_x": 256,
  "size_y": 256,
  "size_z": 170,
  "snr_csf": 2.206761386260938,
  "snr_gm": 12.34431161468781,
  "snr_total": 14.85831282005728,
  "snr_wm": 30.023865459223096,
  "snrd_csf": 26.389435936593667,
  "snrd_gm": 76.65068447120518,
  "snrd_total": 69.81615807110397,
  "snrd_wm": 106.40835380551306,
  "spacing_x": 0.9759653210639954,
  "spacing_y": 0.9759653210639954,
  "spacing_z": 1.0,
  "summary_bg_k": 7.032313520456393,
  "summary_bg_mad": 0.0,
  "summary_bg_mean": 3.391765922331843,
  "summary_bg_median": 0.0,
  "summary_bg_n": 325487.0,
  "summary_bg_p05": 0.0,
  "summary_bg_p95": 17.509269263595343,
  "summary_bg_stdv": 6.156813700068783,
  "summary_csf_k": -0.2171130978454343,
  "summary_csf_mad": 123.28275647970551,
  "summary_csf_mean": 258.8026863759088,
  "summary_csf_median": 248.00154702365398,
  "summary_csf_n": 68616.0,
  "summary_csf_p05": 94.08285442739725,
  "summary_csf_p95": 452.43351704254746,
  "summary_csf_stdv": 112.3817651473949,
  "summary_gm_k": 0.33280028008262796,
  "summary_gm_mad": 56.494005417761954,
  "summary_gm_mean": 718.584230571476,
  "summary_gm_median": 720.3446248322725,
  "summary_gm_n": 39025.0,
  "summary_gm_p05": 621.6754991412163,
  "summary_gm_p95": 811.7871586069464,
  "summary_gm_stdv": 58.35363023765232,
  "summary_wm_k": 0.54198400072127,
  "summary_wm_mad": 32.981314748952144,
  "summary_wm_mean": 999.5352659818876,
  "summary_wm_median": 1000.0000160448253,
  "summary_wm_n": 212846.0,
  "summary_wm_p05": 945.029054403305,
  "summary_wm_p95": 1052.5278238356113,
  "summary_wm_stdv": 33.30675952714725,
  "tpm_overlap_csf": 0.15618544444826024,
  "tpm_overlap_gm": 0.4675841123450847,
  "tpm_overlap_wm": 0.5121395065139851,
  "wm2max": 0.9009828341925892
}