{
  "aor": 0.005167666666666667,
  "aqi": 0.009158339766666666,
  "bids_meta": {
    "AcquisitionMatrixPE": 62,
    "BodyPartExamined": "BRAIN",
    "EchoTime": 0.035001,
    "EffectiveEchoSpacing": 0.0003157835674478,
    "FlipAngle": 90,
    "ImageType": [
      "ORIGINAL",
      "PRIMARY",
      "M",
      "FFE",
      "M",
      "FFE"
    ],
    "InPlanePhaseEncodingDirectionDICOM": "COL",
    "Instructions": "Participants were asked to close their eyes, to not fall asleep, and to avoid consistent thinking about same topic during the period of scanning",
    "MRAcquisitionType": "2D",
    "MagneticFieldStrength": 3,
    "Manufacturer": "Philips",
    "ManufacturersModelName": "Ingenia",
    "NumberOfVolumesDiscardedByScanner": 0,
    "NumberOfVolumesDiscardedByUser (copy)": 0,
    "PatientPosition": "HFS",
    "PercentPhaseFOV": 100,
    "PhaseEncodingDirection": "j",
    "PhaseEncodingSteps": 62,
    "ReconMatrixPE": 64,
    "RepetitionTime": 2,
    "ScanOptions": "FS",
    "ScanningSequence": "GR",
    "SequenceVariant": "SK",
    "SliceThickness": 3.1,
    "SliceTiming": [
      0,
      0.0588,
      0.1176,
      0.1764,
      0.2352,
      0.2939,
      0.3527,
      0.4115,
      0.4703,
      0.5291,
      0.5879,
      0.6467,
      0.7055,
      0.7642,
      0.823,
      0.8818,
      0.9406,
      0.9994,
      1.0582,
      1.117,
      1.1758,
      1.2345,
      1.2933,
      1.3521,
      1.4109,
      1.4697,
      1.5285,
      1.5873,
      1.6461,
      1.7048,
      1.7636,
      1.8224,
      1.8812,
      1.94
    ],
    "SpacingBetweenSlices": 3.41,
    "TaskName": "rest",
    "TotalReadoutTime": 0.019894364749211,
    "dataset": "ds003469",
    "modality": "bold",
    "subject_id": "155",
    "task_id": "rest"
  },
  "dummy_trs": 0,
  "dvars_nstd": 21.578939061672237,
  "dvars_std": 1.1122874850836122,
  "dvars_vstd": 1.007990541571906,
  "efc": 0.477576505049921,
  "fber": 22740.2265625,
  "fd_mean": 0.22087297361914296,
  "fd_num": 131,
  "fd_perc": 43.666666666666664,
  "fwhm_avg": 2.119201105024807,
  "fwhm_x": 2.0930272,
  "fwhm_y": 2.284540974296644,
  "fwhm_z": 1.9800351407777774,
  "gcor": 0.0400877,
  "gsr_x": -0.0025673983618617058,
  "gsr_y": 0.02276446670293808,
  "provenance": {
    "md5sum": "7a258a970746b86797566eb4f4eff42e",
    "settings": {
      "fd_thres": 0.2,
      "testing": false
    },
    "software": "mriqc",
    "version": "22.0.6",
    "webapi_port": null,
    "webapi_url": "https://mriqc.nimh.nih.gov/api/v1"
  },
  "size_t": 300,
  "size_x": 64,
  "size_y": 64,
  "size_z": 34,
  "snr": 6.3746331538901915,
  "spacing_tr": 1.999998688697815,
  "spacing_x": 3.125,
  "spacing_y": 3.124999761581421,
  "spacing_z": 3.4100000858306885,
  "summary_bg_k": 153.58267025557635,
  "summary_bg_mad": 657.3644135483662,
  "summary_bg_mean": 1837.82958984375,
  "summary_bg_median": 469.52069091796875,
  "summary_bg_n": 83567.0,
  "summary_bg_p05": 4.330935382843018,
  "summary_bg_p95": 6830.169775390625,
  "summary_bg_stdv": 5367.26953125,
  "summary_fg_k": 1.0081259712480684,
  "summary_fg_mad": 11025.962122238345,
  "summary_fg_mean": 74115.5546875,
  "summary_fg_median": 73773.2265625,
  "summary_fg_n": 25185.0,
  "summary_fg_p05": 56013.98984375,
  "summary_fg_p95": 92932.559375,
  "summary_fg_stdv": 11572.70703125,
  "tsnr": 65.00439453125
}