{
  "aor": 0.0012613666666666666,
  "aqi": 0.008256197966666667,
  "bids_meta": {
    "AcquisitionMatrixPE": 62,
    "BodyPartExamined": "BRAIN",
    "EchoTime": 0.035001,
    "EffectiveEchoSpacing": 0.0003157835674478,
    "FlipAngle": 90,
    "ImageType": [
      "ORIGINAL",
      "PRIMARY",
      "M",
      "FFE",
      "M",
      "FFE"
    ],
    "InPlanePhaseEncodingDirectionDICOM": "COL",
    "Instructions": "Participants were asked to close their eyes, to not fall asleep, and to avoid consistent thinking about same topic during the period of scanning",
    "MRAcquisitionType": "2D",
    "MagneticFieldStrength": 3,
    "Manufacturer": "Philips",
    "ManufacturersModelName": "Ingenia",
    "NumberOfVolumesDiscardedByScanner": 0,
    "NumberOfVolumesDiscardedByUser (copy)": 0,
    "PatientPosition": "HFS",
    "PercentPhaseFOV": 100,
    "PhaseEncodingDirection": "j",
    "PhaseEncodingSteps": 62,
    "ReconMatrixPE": 64,
    "RepetitionTime": 2,
    "ScanOptions": "FS",
    "ScanningSequence": "GR",
    "SequenceVariant": "SK",
    "SliceThickness": 3.1,
    "SliceTiming": [
      0,
      0.0588,
      0.1176,
      0.1764,
      0.2352,
      0.2939,
      0.3527,
      0.4115,
      0.4703,
      0.5291,
      0.5879,
      0.6467,
      0.7055,
      0.7642,
      0.823,
      0.8818,
      0.9406,
      0.9994,
      1.0582,
      1.117,
      1.1758,
      1.2345,
      1.2933,
      1.3521,
      1.4109,
      1.4697,
      1.5285,
      1.5873,
      1.6461,
      1.7048,
      1.7636,
      1.8224,
      1.8812,
      1.94
    ],
    "SpacingBetweenSlices": 3.41,
    "TaskName": "rest",
    "TotalReadoutTime": 0.019894364749211,
    "dataset": "ds003469",
    "modality": "bold",
    "subject_id": "059",
    "task_id": "rest"
  },
  "dummy_trs": 0,
  "dvars_nstd": 27.71240437849498,
  "dvars_std": 1.207406269063545,
  "dvars_vstd": 0.9955001157859531,
  "efc": 0.5054249279281459,
  "fber": 19466.6640625,
  "fd_mean": 0.23997271927162642,
  "fd_num": 183,
  "fd_perc": 61.0,
  "fwhm_avg": 2.033652215677034,
  "fwhm_x": 1.9646336,
  "fwhm_y": 2.2237921696618783,
  "fwhm_z": 1.9125308773692236,
  "gcor": 0.0726384,
  "gsr_x": -0.002218031557276845,
  "gsr_y": 0.02100357785820961,
  "provenance": {
    "md5sum": "fd7d8eaebc9df7e3a740851895254219",
    "settings": {
      "fd_thres": 0.2,
      "testing": false
    },
    "software": "mriqc",
    "version": "22.0.6",
    "webapi_port": null,
    "webapi_url": "https://mriqc.nimh.nih.gov/api/v1"
  },
  "size_t": 300,
  "size_x": 64,
  "size_y": 64,
  "size_z": 34,
  "snr": 5.9389789979523195,
  "spacing_tr": 1.999998688697815,
  "spacing_x": 3.125,
  "spacing_y": 3.124999761581421,
  "spacing_z": 3.4099998474121094,
  "summary_bg_k": 97.22687916884348,
  "summary_bg_mad": 734.5345287953244,
  "summary_bg_mean": 1846.604736328125,
  "summary_bg_median": 506.981201171875,
  "summary_bg_n": 78542.0,
  "summary_bg_p05": 1.8991724014282227,
  "summary_bg_p95": 7194.63833007812,
  "summary_bg_stdv": 4590.1533203125,
  "summary_fg_k": 1.5052098220185899,
  "summary_fg_mad": 11642.504571369866,
  "summary_fg_mean": 77368.65625,
  "summary_fg_median": 76295.0859375,
  "summary_fg_n": 28765.0,
  "summary_fg_p05": 58648.16015625,
  "summary_fg_p95": 98842.365625,
  "summary_fg_stdv": 12846.275390625,
  "tsnr": 61.84440612792969
}