{
  "bids_meta": {
    "AcquisitionMatrixPE": 250,
    "EchoTime": 0.0035,
    "EchoTrainLength": 213,
    "FlipAngle": 8,
    "MagneticFieldStrength": 3,
    "Manufacturer": "Philips",
    "ManufacturersModelName": "Ingenia",
    "PercentPhaseFOV": 79.6875,
    "PhaseEncodingSteps": 250,
    "PixelBandwidth": 334.024,
    "ProtocolName": "sT1W_3D_TFE_tra",
    "ReconMatrixPE": 256,
    "RepetitionTime": 0.0079,
    "ScanOptions": "OTHER",
    "ScanningSequence": "GR",
    "SequenceVariant": "MP",
    "SeriesDescription": "t1_mpr_ns_sag_p2_iso",
    "SliceThickness": 1,
    "SoftwareVersions": "5.6.1_5.6.1.0",
    "SpacingBetweenSlices": 1,
    "dataset": "ds003469",
    "modality": "T1w",
    "subject_id": "113"
  },
  "cjv": 0.3121267828432846,
  "cnr": 4.211399190963579,
  "efc": 0.7328979020428532,
  "fber": -1.0,
  "fwhm_avg": 4.4871956,
  "fwhm_x": 4.42968064,
  "fwhm_y": 4.62191616,
  "fwhm_z": 4.40999,
  "icvs_csf": 0.24627026319091413,
  "icvs_gm": 0.42045851613828483,
  "icvs_wm": 0.33327122067080106,
  "inu_med": 0.5189207196235657,
  "inu_range": 0.24114577174186702,
  "provenance": {
    "md5sum": "2d97e75a747e27730f526389138e1ded",
    "settings": {
      "testing": false
    },
    "software": "mriqc",
    "version": "22.0.6",
    "warnings": {
      "large_rot_frame": true,
      "small_air_mask": true
    },
    "webapi_port": null,
    "webapi_url": "https://mriqc.nimh.nih.gov/api/v1"
  },
  "qi_1": 0.0,
  "qi_2": 9.096678982979058e-05,
  "rpve_csf": 22.97279237962305,
  "rpve_gm": 13.379421104456068,
  "rpve_wm": 19.98876094165474,
  "size_x": 256,
  "size_y": 256,
  "size_z": 170,
  "snr_csf": 2.2404059806864534,
  "snr_gm": 11.264133729868275,
  "snr_total": 14.623639946280404,
  "snr_wm": 30.366380128286483,
  "snrd_csf": 24.499130006511233,
  "snrd_gm": 71.7988631356616,
  "snrd_total": 66.19441208158976,
  "snrd_wm": 102.28524310259644,
  "spacing_x": 0.9765625,
  "spacing_y": 0.9765625,
  "spacing_z": 1.0,
  "summary_bg_k": 11.765755322917409,
  "summary_bg_mad": 0.0,
  "summary_bg_mean": 3.091898674970652,
  "summary_bg_median": 0.0,
  "summary_bg_n": 190259.0,
  "summary_bg_p05": 0.0,
  "summary_bg_p95": 17.188445515930653,
  "summary_bg_stdv": 6.404994344876558,
  "summary_csf_k": 0.004772673430004648,
  "summary_csf_mad": 103.4960880326222,
  "summary_csf_mean": 250.85951777468256,
  "summary_csf_median": 239.51773881912231,
  "summary_csf_n": 47553.0,
  "summary_csf_p05": 85.1937346458435,
  "summary_csf_p95": 439.7283936291933,
  "summary_csf_stdv": 106.90706168494349,
  "summary_gm_k": 0.24051427622433597,
  "summary_gm_mad": 61.2670261098412,
  "summary_gm_mean": 700.1363628957708,
  "summary_gm_median": 701.9474301114678,
  "summary_gm_n": 38723.0,
  "summary_gm_p05": 595.2132341489196,
  "summary_gm_p95": 798.7584922090173,
  "summary_gm_stdv": 62.31623160599772,
  "summary_wm_k": 0.4520971548818413,
  "summary_wm_mad": 31.76316538015628,
  "summary_wm_mean": 998.8751112128033,
  "summary_wm_median": 1000.0000055506825,
  "summary_wm_n": 169729.0,
  "summary_wm_p05": 943.4013901725411,
  "summary_wm_p95": 1050.4448436945677,
  "summary_wm_stdv": 32.93105913346205,
  "tpm_overlap_csf": 0.16162059965502118,
  "tpm_overlap_gm": 0.4862792370334179,
  "tpm_overlap_wm": 0.5228203559063603,
  "wm2max": 0.9015475998060449
}