{
  "bids_meta": {
    "AcquisitionMatrixPE": 250,
    "EchoTime": 0.0035,
    "EchoTrainLength": 213,
    "FlipAngle": 8,
    "MagneticFieldStrength": 3,
    "Manufacturer": "Philips",
    "ManufacturersModelName": "Ingenia",
    "PercentPhaseFOV": 79.6875,
    "PhaseEncodingSteps": 250,
    "PixelBandwidth": 334.024,
    "ProtocolName": "sT1W_3D_TFE_tra",
    "ReconMatrixPE": 256,
    "RepetitionTime": 0.0079,
    "ScanOptions": "OTHER",
    "ScanningSequence": "GR",
    "SequenceVariant": "MP",
    "SeriesDescription": "t1_mpr_ns_sag_p2_iso",
    "SliceThickness": 1,
    "SoftwareVersions": "5.6.1_5.6.1.0",
    "SpacingBetweenSlices": 1,
    "dataset": "ds003469",
    "modality": "T1w",
    "subject_id": "161"
  },
  "cjv": 0.3017137562786303,
  "cnr": 4.313116926249688,
  "efc": 0.718794397672469,
  "fber": 13996.517454718512,
  "fwhm_avg": 4.6426969949966725,
  "fwhm_x": 4.51359744,
  "fwhm_y": 4.8334435449900175,
  "fwhm_z": 4.58105,
  "icvs_csf": 0.24211405018226953,
  "icvs_gm": 0.4377746360099819,
  "icvs_wm": 0.32011131380774854,
  "inu_med": 0.5259601771831512,
  "inu_range": 0.267927847802639,
  "provenance": {
    "md5sum": "7caa01ec5a4873b7b860b686a0a03142",
    "settings": {
      "testing": false
    },
    "software": "mriqc",
    "version": "22.0.6",
    "warnings": {
      "large_rot_frame": true,
      "small_air_mask": false
    },
    "webapi_port": null,
    "webapi_url": "https://mriqc.nimh.nih.gov/api/v1"
  },
  "qi_1": 0.0,
  "qi_2": 4.318654215799665e-05,
  "rpve_csf": 21.532879156718174,
  "rpve_gm": 12.081881211407117,
  "rpve_wm": 18.398089484350297,
  "size_x": 256,
  "size_y": 256,
  "size_z": 170,
  "snr_csf": 2.794700465840474,
  "snr_gm": 13.566794340954976,
  "snr_total": 14.46270945145215,
  "snr_wm": 27.026633547561005,
  "snrd_csf": 15.971986947957546,
  "snrd_gm": 46.544803134802855,
  "snrd_total": 42.44527192948056,
  "snrd_wm": 64.8190257056813,
  "spacing_x": 0.9765625,
  "spacing_y": 0.9765625596046448,
  "spacing_z": 1.0,
  "summary_bg_k": 41.817662525816836,
  "summary_bg_mad": 0.0,
  "summary_bg_mean": 6.210504086705531,
  "summary_bg_median": 0.0,
  "summary_bg_n": 344971.0,
  "summary_bg_p05": 0.0,
  "summary_bg_p95": 24.63247735798359,
  "summary_bg_stdv": 10.10716236460864,
  "summary_csf_k": 2.8911051312423197,
  "summary_csf_mad": 66.8427176357909,
  "summary_csf_mean": 264.3343050898587,
  "summary_csf_median": 246.40893922001123,
  "summary_csf_n": 75825.0,
  "summary_csf_p05": 149.1695696040988,
  "summary_csf_p95": 430.19303110688935,
  "summary_csf_stdv": 88.16948985181136,
  "summary_gm_k": 0.4012964906627272,
  "summary_gm_mad": 49.872071216747536,
  "summary_gm_mean": 719.291364028433,
  "summary_gm_median": 718.0731867626309,
  "summary_gm_n": 50132.0,
  "summary_gm_p05": 634.1039330810308,
  "summary_gm_p95": 808.8037468716502,
  "summary_gm_stdv": 52.928201523228815,
  "summary_wm_k": 0.42564405253095083,
  "summary_wm_mad": 35.189134486545804,
  "summary_wm_mean": 1000.9585694438368,
  "summary_wm_median": 1000.0000261366367,
  "summary_wm_n": 184329.0,
  "summary_wm_p05": 941.841568775475,
  "summary_wm_p95": 1063.5450844690204,
  "summary_wm_stdv": 37.00043928267817,
  "tpm_overlap_csf": 0.15118084290508377,
  "tpm_overlap_gm": 0.47870815555966323,
  "tpm_overlap_wm": 0.5157044591447023,
  "wm2max": 0.6653917804457957
}