{
  "bids_meta": {
    "AcquisitionMatrixPE": 250,
    "EchoTime": 0.0035,
    "EchoTrainLength": 213,
    "FlipAngle": 8,
    "MagneticFieldStrength": 3,
    "Manufacturer": "Philips",
    "ManufacturersModelName": "Ingenia",
    "PercentPhaseFOV": 79.6875,
    "PhaseEncodingSteps": 250,
    "PixelBandwidth": 334.024,
    "ProtocolName": "sT1W_3D_TFE_tra",
    "ReconMatrixPE": 256,
    "RepetitionTime": 0.0079,
    "ScanOptions": "OTHER",
    "ScanningSequence": "GR",
    "SequenceVariant": "MP",
    "SeriesDescription": "t1_mpr_ns_sag_p2_iso",
    "SliceThickness": 1,
    "SoftwareVersions": "5.6.1_5.6.1.0",
    "SpacingBetweenSlices": 1,
    "dataset": "ds003469",
    "modality": "T1w",
    "subject_id": "029"
  },
  "cjv": 0.32729978752222305,
  "cnr": 4.058931934592309,
  "efc": 0.7151785217804467,
  "fber": 17951.790822619994,
  "fwhm_avg": 4.597025251823397,
  "fwhm_x": 4.58448896,
  "fwhm_y": 4.694026526500642,
  "fwhm_z": 4.512560268969551,
  "icvs_csf": 0.22716892796890306,
  "icvs_gm": 0.4185073841806396,
  "icvs_wm": 0.3543236878504573,
  "inu_med": 0.47214873135089874,
  "inu_range": 0.21639946103096008,
  "provenance": {
    "md5sum": "288e468e3ef45e9216619a40590431b7",
    "settings": {
      "testing": false
    },
    "software": "mriqc",
    "version": "22.0.6",
    "warnings": {
      "large_rot_frame": true,
      "small_air_mask": true
    },
    "webapi_port": null,
    "webapi_url": "https://mriqc.nimh.nih.gov/api/v1"
  },
  "qi_1": 0.0,
  "qi_2": 0.00010818023687882814,
  "rpve_csf": 23.488931718178556,
  "rpve_gm": 12.923685181832928,
  "rpve_wm": 17.869687136768693,
  "size_x": 256,
  "size_y": 256,
  "size_z": 170,
  "snr_csf": 2.1293904051781833,
  "snr_gm": 11.94576817974366,
  "snr_total": 14.551549734604256,
  "snr_wm": 29.579490618890922,
  "snrd_csf": 22.945469522552163,
  "snrd_gm": 70.80802259763487,
  "snrd_total": 64.09573238131041,
  "snrd_wm": 98.53370502374419,
  "spacing_x": 0.9765625,
  "spacing_y": 0.9765624403953552,
  "spacing_z": 0.9999999403953552,
  "summary_bg_k": 8.32896126214716,
  "summary_bg_mad": 0.0,
  "summary_bg_mean": 3.390339596728535,
  "summary_bg_median": 0.0,
  "summary_bg_n": 201226.0,
  "summary_bg_p05": 0.0,
  "summary_bg_p95": 18.351957976818085,
  "summary_bg_stdv": 6.649006901163473,
  "summary_csf_k": 1.323097070741884,
  "summary_csf_mad": 103.21104370758552,
  "summary_csf_mean": 251.49641087329303,
  "summary_csf_median": 232.8745360597968,
  "summary_csf_n": 44685.0,
  "summary_csf_p05": 105.3647686317563,
  "summary_csf_p95": 457.34532898664474,
  "summary_csf_stdv": 109.36084324600024,
  "summary_gm_k": 0.2449675066902408,
  "summary_gm_mad": 58.55921859950774,
  "summary_gm_mean": 719.6545227777317,
  "summary_gm_median": 718.63360196352,
  "summary_gm_n": 41003.0,
  "summary_gm_p05": 623.5123148262501,
  "summary_gm_p95": 820.2711969517171,
  "summary_gm_stdv": 60.15727309571016,
  "summary_wm_k": 0.2178465457375358,
  "summary_wm_mad": 33.539379945433986,
  "summary_wm_mean": 1000.243230367697,
  "summary_wm_median": 1000.0227200016379,
  "summary_wm_n": 213248.0,
  "summary_wm_p05": 945.7390819266438,
  "summary_wm_p95": 1055.9643938839436,
  "summary_wm_stdv": 33.807897104863606,
  "tpm_overlap_csf": 0.1406989234404958,
  "tpm_overlap_gm": 0.4573122334863978,
  "tpm_overlap_wm": 0.505779659779014,
  "wm2max": 0.8176685794937508
}