{
  "bids_meta": {
    "AcquisitionMatrixPE": 250,
    "EchoTime": 0.0035,
    "EchoTrainLength": 213,
    "FlipAngle": 8,
    "MagneticFieldStrength": 3,
    "Manufacturer": "Philips",
    "ManufacturersModelName": "Ingenia",
    "PercentPhaseFOV": 79.6875,
    "PhaseEncodingSteps": 250,
    "PixelBandwidth": 334.024,
    "ProtocolName": "sT1W_3D_TFE_tra",
    "ReconMatrixPE": 256,
    "RepetitionTime": 0.0079,
    "ScanOptions": "OTHER",
    "ScanningSequence": "GR",
    "SequenceVariant": "MP",
    "SeriesDescription": "t1_mpr_ns_sag_p2_iso",
    "SliceThickness": 1,
    "SoftwareVersions": "5.6.1_5.6.1.0",
    "SpacingBetweenSlices": 1,
    "dataset": "ds003469",
    "modality": "T1w",
    "subject_id": "196"
  },
  "cjv": 0.287154473421078,
  "cnr": 4.6430962618804275,
  "efc": 0.72622756727774,
  "fber": 16605.0791069528,
  "fwhm_avg": 4.873227146666666,
  "fwhm_x": 4.89563136,
  "fwhm_y": 4.957870079999999,
  "fwhm_z": 4.76618,
  "icvs_csf": 0.2199163495269511,
  "icvs_gm": 0.4442257281707075,
  "icvs_wm": 0.33585792230234135,
  "inu_med": 0.470470130443573,
  "inu_range": 0.25788596272468567,
  "provenance": {
    "md5sum": "01fa8bbaf1db191bb40bd2f1544f4ce5",
    "settings": {
      "testing": false
    },
    "software": "mriqc",
    "version": "22.0.6",
    "warnings": {
      "large_rot_frame": true,
      "small_air_mask": true
    },
    "webapi_port": null,
    "webapi_url": "https://mriqc.nimh.nih.gov/api/v1"
  },
  "qi_1": 0.0,
  "qi_2": 7.864852039096708e-05,
  "rpve_csf": 25.266718111106293,
  "rpve_gm": 12.9117193509933,
  "rpve_wm": 19.593372491538144,
  "size_x": 256,
  "size_y": 256,
  "size_z": 170,
  "snr_csf": 1.951922547020903,
  "snr_gm": 12.074741502876924,
  "snr_total": 15.139336548255997,
  "snr_wm": 31.391345594870163,
  "snrd_csf": 26.778614038118366,
  "snrd_gm": 83.40888157709061,
  "snrd_total": 76.79788728817998,
  "snrd_wm": 120.20616624933092,
  "spacing_x": 0.9765625,
  "spacing_y": 0.9765625,
  "spacing_z": 1.0,
  "summary_bg_k": 6.473605990249091,
  "summary_bg_mad": 0.0,
  "summary_bg_mean": 3.4064520610234403,
  "summary_bg_median": 0.0,
  "summary_bg_n": 267240.0,
  "summary_bg_p05": 0.0,
  "summary_bg_p95": 15.47059951722622,
  "summary_bg_stdv": 5.450106444413952,
  "summary_csf_k": 0.05059243405266889,
  "summary_csf_mad": 119.72476872285013,
  "summary_csf_mean": 236.62203154299317,
  "summary_csf_median": 222.77238288335502,
  "summary_csf_n": 43023.0,
  "summary_csf_p05": 72.23367420192808,
  "summary_csf_p95": 439.60303551256675,
  "summary_csf_stdv": 114.12839828945803,
  "summary_gm_k": 0.17365369133651898,
  "summary_gm_mad": 57.310356396543256,
  "summary_gm_mean": 692.7629725052652,
  "summary_gm_median": 693.8818893358111,
  "summary_gm_n": 56218.0,
  "summary_gm_p05": 597.2331440001726,
  "summary_gm_p95": 784.1766384411603,
  "summary_gm_stdv": 57.46505776485697,
  "summary_wm_k": 0.2420021155474057,
  "summary_wm_mad": 30.5928290604967,
  "summary_wm_mean": 997.6158283427973,
  "summary_wm_median": 1000.0000020358711,
  "summary_wm_n": 180255.0,
  "summary_wm_p05": 941.6239898465574,
  "summary_wm_p95": 1046.73056294024,
  "summary_wm_stdv": 31.85582552241004,
  "tpm_overlap_csf": 0.1380792610426841,
  "tpm_overlap_gm": 0.47877432055797337,
  "tpm_overlap_wm": 0.506844320623402,
  "wm2max": 0.8918506011794326
}