{
  "bids_meta": {
    "AcquisitionMatrixPE": 250,
    "EchoTime": 0.0035,
    "EchoTrainLength": 213,
    "FlipAngle": 8,
    "MagneticFieldStrength": 3,
    "Manufacturer": "Philips",
    "ManufacturersModelName": "Ingenia",
    "PercentPhaseFOV": 79.6875,
    "PhaseEncodingSteps": 250,
    "PixelBandwidth": 334.024,
    "ProtocolName": "sT1W_3D_TFE_tra",
    "ReconMatrixPE": 256,
    "RepetitionTime": 0.0079,
    "ScanOptions": "OTHER",
    "ScanningSequence": "GR",
    "SequenceVariant": "MP",
    "SeriesDescription": "t1_mpr_ns_sag_p2_iso",
    "SliceThickness": 1,
    "SoftwareVersions": "5.6.1_5.6.1.0",
    "SpacingBetweenSlices": 1,
    "dataset": "ds003469",
    "modality": "T1w",
    "subject_id": "159"
  },
  "cjv": 0.2984847898300178,
  "cnr": 4.433057648668913,
  "efc": 0.7289135810558321,
  "fber": -1.0,
  "fwhm_avg": 4.717461792493965,
  "fwhm_x": 4.64463872,
  "fwhm_y": 4.956456657481894,
  "fwhm_z": 4.55129,
  "icvs_csf": 0.20411353850139535,
  "icvs_gm": 0.4362244650714507,
  "icvs_wm": 0.35966199642715396,
  "inu_med": 0.4498258978128433,
  "inu_range": 0.21539091765880586,
  "provenance": {
    "md5sum": "3509d080e379d33be23726a3545198eb",
    "settings": {
      "testing": false
    },
    "software": "mriqc",
    "version": "22.0.6",
    "warnings": {
      "large_rot_frame": true,
      "small_air_mask": true
    },
    "webapi_port": null,
    "webapi_url": "https://mriqc.nimh.nih.gov/api/v1"
  },
  "qi_1": 0.0,
  "qi_2": 0.00011069253395740001,
  "rpve_csf": 23.440891885874233,
  "rpve_gm": 11.696738719250668,
  "rpve_wm": 16.747066846089457,
  "size_x": 256,
  "size_y": 256,
  "size_z": 170,
  "snr_csf": 2.312379357296341,
  "snr_gm": 11.941170238819836,
  "snr_total": 15.308059191210269,
  "snr_wm": 31.67062797751463,
  "snrd_csf": 27.994387980671128,
  "snrd_gm": 75.86512849073235,
  "snrd_total": 70.60607965425358,
  "snrd_wm": 107.95872249135726,
  "spacing_x": 0.9765625,
  "spacing_y": 0.9765625596046448,
  "spacing_z": 1.0,
  "summary_bg_k": 9.054503896889653,
  "summary_bg_mad": 0.0,
  "summary_bg_mean": 3.1067961574876337,
  "summary_bg_median": 0.0,
  "summary_bg_n": 211067.0,
  "summary_bg_p05": 0.0,
  "summary_bg_p95": 16.739517042413354,
  "summary_bg_stdv": 6.068397206414428,
  "summary_csf_k": 0.43886349142943715,
  "summary_csf_mad": 106.21553593202096,
  "summary_csf_mean": 264.2170937810271,
  "summary_csf_median": 259.3064067531377,
  "summary_csf_n": 29653.0,
  "summary_csf_p05": 85.54685753956437,
  "summary_csf_p95": 462.8224288728088,
  "summary_csf_stdv": 112.13645959568154,
  "summary_gm_k": 0.20682554187323676,
  "summary_gm_mad": 57.61204731411663,
  "summary_gm_mean": 701.7092192977184,
  "summary_gm_median": 702.7234844490886,
  "summary_gm_n": 50088.0,
  "summary_gm_p05": 603.3190927151591,
  "summary_gm_p95": 795.7154643461108,
  "summary_gm_stdv": 58.84820796214404,
  "summary_wm_k": 0.19832390022892943,
  "summary_wm_mad": 31.12047549600614,
  "summary_wm_mean": 999.422773163613,
  "summary_wm_median": 1000.0000152252614,
  "summary_wm_n": 222755.0,
  "summary_wm_p05": 946.6112829651684,
  "summary_wm_p95": 1049.8583184964955,
  "summary_wm_stdv": 31.574927131667703,
  "tpm_overlap_csf": 0.15839467458177495,
  "tpm_overlap_gm": 0.4785148225876757,
  "tpm_overlap_wm": 0.5272123569961238,
  "wm2max": 0.8191941449594712
}