{
  "aor": 0.0020575,
  "aqi": 0.0067528232,
  "bids_meta": {
    "AcquisitionMatrixPE": 62,
    "BodyPartExamined": "BRAIN",
    "EchoTime": 0.035001,
    "EffectiveEchoSpacing": 0.0003157835674478,
    "FlipAngle": 90,
    "ImageType": [
      "ORIGINAL",
      "PRIMARY",
      "M",
      "FFE",
      "M",
      "FFE"
    ],
    "InPlanePhaseEncodingDirectionDICOM": "COL",
    "Instructions": "Participants were asked to close their eyes, to not fall asleep, and to avoid consistent thinking about same topic during the period of scanning",
    "MRAcquisitionType": "2D",
    "MagneticFieldStrength": 3,
    "Manufacturer": "Philips",
    "ManufacturersModelName": "Ingenia",
    "NumberOfVolumesDiscardedByScanner": 0,
    "NumberOfVolumesDiscardedByUser (copy)": 0,
    "PatientPosition": "HFS",
    "PercentPhaseFOV": 100,
    "PhaseEncodingDirection": "j",
    "PhaseEncodingSteps": 62,
    "ReconMatrixPE": 64,
    "RepetitionTime": 2,
    "ScanOptions": "FS",
    "ScanningSequence": "GR",
    "SequenceVariant": "SK",
    "SliceThickness": 3.1,
    "SliceTiming": [
      0,
      0.0588,
      0.1176,
      0.1764,
      0.2352,
      0.2939,
      0.3527,
      0.4115,
      0.4703,
      0.5291,
      0.5879,
      0.6467,
      0.7055,
      0.7642,
      0.823,
      0.8818,
      0.9406,
      0.9994,
      1.0582,
      1.117,
      1.1758,
      1.2345,
      1.2933,
      1.3521,
      1.4109,
      1.4697,
      1.5285,
      1.5873,
      1.6461,
      1.7048,
      1.7636,
      1.8224,
      1.8812,
      1.94
    ],
    "SpacingBetweenSlices": 3.41,
    "TaskName": "rest",
    "TotalReadoutTime": 0.019894364749211,
    "dataset": "ds003469",
    "modality": "bold",
    "subject_id": "211",
    "task_id": "rest"
  },
  "dummy_trs": 0,
  "dvars_nstd": 23.956121514916383,
  "dvars_std": 1.3008089070234123,
  "dvars_vstd": 1.0113319091304354,
  "efc": 0.543392422526953,
  "fber": 11842.7939453125,
  "fd_mean": 0.11188940964656291,
  "fd_num": 13,
  "fd_perc": 4.333333333333333,
  "fwhm_avg": 2.043258954645278,
  "fwhm_x": 1.9491231999999998,
  "fwhm_y": 2.3400672,
  "fwhm_z": 1.8405864639358347,
  "gcor": 0.0174811,
  "gsr_x": -0.010077090933918953,
  "gsr_y": 0.04284529760479927,
  "provenance": {
    "md5sum": "44ff961cb5b7f273e38c88e2ba7d070e",
    "settings": {
      "fd_thres": 0.2,
      "testing": false
    },
    "software": "mriqc",
    "version": "22.0.6",
    "webapi_port": null,
    "webapi_url": "https://mriqc.nimh.nih.gov/api/v1"
  },
  "size_t": 300,
  "size_x": 64,
  "size_y": 64,
  "size_z": 34,
  "snr": 5.510446354927466,
  "spacing_tr": 1.999998688697815,
  "spacing_x": 3.125,
  "spacing_y": 3.125,
  "spacing_z": 3.4100000858306885,
  "summary_bg_k": 134.4960849745305,
  "summary_bg_mad": 907.0434550934815,
  "summary_bg_mean": 2314.596435546875,
  "summary_bg_median": 640.1476440429688,
  "summary_bg_n": 73539.0,
  "summary_bg_p05": 4.778284120559693,
  "summary_bg_p95": 9162.994433593743,
  "summary_bg_stdv": 5814.646484375,
  "summary_fg_k": 2.581119132992133,
  "summary_fg_mad": 12639.745680007112,
  "summary_fg_mean": 77475.90625,
  "summary_fg_median": 76904.78125,
  "summary_fg_n": 33496.0,
  "summary_fg_p05": 56812.6005859375,
  "summary_fg_p95": 98912.259765625,
  "summary_fg_stdv": 13955.9716796875,
  "tsnr": 70.91191101074219
}