{
  "bids_meta": {
    "AcquisitionMatrixPE": 250,
    "EchoTime": 0.0035,
    "EchoTrainLength": 213,
    "FlipAngle": 8,
    "MagneticFieldStrength": 3,
    "Manufacturer": "Philips",
    "ManufacturersModelName": "Ingenia",
    "PercentPhaseFOV": 79.6875,
    "PhaseEncodingSteps": 250,
    "PixelBandwidth": 334.024,
    "ProtocolName": "sT1W_3D_TFE_tra",
    "ReconMatrixPE": 256,
    "RepetitionTime": 0.0079,
    "ScanOptions": "OTHER",
    "ScanningSequence": "GR",
    "SequenceVariant": "MP",
    "SeriesDescription": "t1_mpr_ns_sag_p2_iso",
    "SliceThickness": 1,
    "SoftwareVersions": "5.6.1_5.6.1.0",
    "SpacingBetweenSlices": 1,
    "dataset": "ds003469",
    "modality": "T1w",
    "subject_id": "173"
  },
  "cjv": 0.28885143267016655,
  "cnr": 4.617716798140428,
  "efc": 0.7296830147790285,
  "fber": -1.0,
  "fwhm_avg": 4.461091658796886,
  "fwhm_x": 4.382740212498767,
  "fwhm_y": 4.651284763891892,
  "fwhm_z": 4.34925,
  "icvs_csf": 0.23819232043958152,
  "icvs_gm": 0.45033853746007335,
  "icvs_wm": 0.3114691421003451,
  "inu_med": 0.5286687612533569,
  "inu_range": 0.28072992563247684,
  "provenance": {
    "md5sum": "2b0c76954ce66a3d134b1dee6786e87b",
    "settings": {
      "testing": false
    },
    "software": "mriqc",
    "version": "22.0.6",
    "warnings": {
      "large_rot_frame": true,
      "small_air_mask": true
    },
    "webapi_port": null,
    "webapi_url": "https://mriqc.nimh.nih.gov/api/v1"
  },
  "qi_1": 0.0,
  "qi_2": 7.282076246982224e-05,
  "rpve_csf": 23.143031963852398,
  "rpve_gm": 12.55677067683347,
  "rpve_wm": 20.383901784086326,
  "size_x": 256,
  "size_y": 256,
  "size_z": 170,
  "snr_csf": 2.485603155816821,
  "snr_gm": 12.889757108590524,
  "snr_total": 14.828194126821614,
  "snr_wm": 29.1092221160575,
  "snrd_csf": 26.84771559271424,
  "snrd_gm": 69.51466294479347,
  "snrd_total": 65.16126594767742,
  "snrd_wm": 99.12141930552457,
  "spacing_x": 0.9765625596046448,
  "spacing_y": 0.9765624403953552,
  "spacing_z": 1.0,
  "summary_bg_k": 7.30439975381821,
  "summary_bg_mad": 0.0,
  "summary_bg_mean": 3.6266558590096145,
  "summary_bg_median": 0.0,
  "summary_bg_n": 299179.0,
  "summary_bg_p05": 0.0,
  "summary_bg_p95": 18.283639796078205,
  "summary_bg_stdv": 6.609433164676716,
  "summary_csf_k": 0.11889993249543451,
  "summary_csf_mad": 116.12519465333521,
  "summary_csf_mean": 269.0134841819643,
  "summary_csf_median": 270.8568503204733,
  "summary_csf_n": 39618.0,
  "summary_csf_p05": 97.38805086053908,
  "summary_csf_p95": 449.26178982220597,
  "summary_csf_stdv": 108.96889606416921,
  "summary_gm_k": 0.27320975129712943,
  "summary_gm_mad": 53.52555955336717,
  "summary_gm_mean": 700.5412666355594,
  "summary_gm_median": 701.308183606714,
  "summary_gm_n": 38355.0,
  "summary_gm_p05": 611.3442644502968,
  "summary_gm_p95": 787.4648557353764,
  "summary_gm_stdv": 54.40746751923601,
  "summary_wm_k": 0.42672080635241416,
  "summary_wm_mad": 32.75199781377096,
  "summary_wm_mean": 998.2846616111447,
  "summary_wm_median": 999.9999940283597,
  "summary_wm_n": 149216.0,
  "summary_wm_p05": 939.565481252037,
  "summary_wm_p95": 1052.5931273885071,
  "summary_wm_stdv": 34.35325888093877,
  "tpm_overlap_csf": 0.1475471630846583,
  "tpm_overlap_gm": 0.47454891967655366,
  "tpm_overlap_wm": 0.4796799371524287,
  "wm2max": 0.8875038613549031
}