{
  "bids_meta": {
    "AcquisitionMatrixPE": 250,
    "EchoTime": 0.0035,
    "EchoTrainLength": 213,
    "FlipAngle": 8,
    "MagneticFieldStrength": 3,
    "Manufacturer": "Philips",
    "ManufacturersModelName": "Ingenia",
    "PercentPhaseFOV": 79.6875,
    "PhaseEncodingSteps": 250,
    "PixelBandwidth": 334.024,
    "ProtocolName": "sT1W_3D_TFE_tra",
    "ReconMatrixPE": 256,
    "RepetitionTime": 0.0079,
    "ScanOptions": "OTHER",
    "ScanningSequence": "GR",
    "SequenceVariant": "MP",
    "SeriesDescription": "t1_mpr_ns_sag_p2_iso",
    "SliceThickness": 1,
    "SoftwareVersions": "5.6.1_5.6.1.0",
    "SpacingBetweenSlices": 1,
    "dataset": "ds003469",
    "modality": "T1w",
    "subject_id": "045"
  },
  "cjv": 0.33122520898524344,
  "cnr": 4.021041508109154,
  "efc": 0.725904224259769,
  "fber": 19582.700448175736,
  "fwhm_avg": 4.709374502069589,
  "fwhm_x": 4.57083904,
  "fwhm_y": 5.016924466208768,
  "fwhm_z": 4.54036,
  "icvs_csf": 0.23789981573737246,
  "icvs_gm": 0.41726876192123075,
  "icvs_wm": 0.3448314223413968,
  "inu_med": 0.451136976480484,
  "inu_range": 0.21129514575004577,
  "provenance": {
    "md5sum": "f69d04d57edc16fc5bc1b8b9dd1d2a71",
    "settings": {
      "testing": false
    },
    "software": "mriqc",
    "version": "22.0.6",
    "warnings": {
      "large_rot_frame": true,
      "small_air_mask": false
    },
    "webapi_port": null,
    "webapi_url": "https://mriqc.nimh.nih.gov/api/v1"
  },
  "qi_1": 0.0,
  "qi_2": 5.524647399389013e-05,
  "rpve_csf": 21.601566924305683,
  "rpve_gm": 12.291643261412998,
  "rpve_wm": 17.302470699734446,
  "size_x": 256,
  "size_y": 256,
  "size_z": 170,
  "snr_csf": 2.5177425997781193,
  "snr_gm": 13.373437438278252,
  "snr_total": 15.060911970612912,
  "snr_wm": 29.291555873782357,
  "snrd_csf": 19.51765292120882,
  "snrd_gm": 53.30414742228968,
  "snrd_total": 48.38779438088401,
  "snrd_wm": 72.34158279915354,
  "spacing_x": 0.9765625,
  "spacing_y": 0.9765624403953552,
  "spacing_z": 1.0,
  "summary_bg_k": 6.282374120252316,
  "summary_bg_mad": 0.0,
  "summary_bg_mean": 5.762863997726177,
  "summary_bg_median": 0.0,
  "summary_bg_n": 315388.0,
  "summary_bg_p05": 0.0,
  "summary_bg_p95": 24.53347034007311,
  "summary_bg_stdv": 9.056152727727792,
  "summary_csf_k": 3.8734717935938985,
  "summary_csf_mad": 97.28243930434067,
  "summary_csf_mean": 274.5346156082951,
  "summary_csf_median": 269.7985423207283,
  "summary_csf_n": 57438.0,
  "summary_csf_p05": 96.94666564799846,
  "summary_csf_p95": 448.1013986617327,
  "summary_csf_stdv": 107.15797306984058,
  "summary_gm_k": 0.25189746076763386,
  "summary_gm_mad": 53.75138669733998,
  "summary_gm_mean": 735.9805676642942,
  "summary_gm_median": 736.839687243104,
  "summary_gm_n": 44315.0,
  "summary_gm_p05": 644.2066880688071,
  "summary_gm_p95": 825.0000282011925,
  "summary_gm_stdv": 55.09663292903164,
  "summary_wm_k": 0.3343146554733978,
  "summary_wm_mad": 33.41395421454361,
  "summary_wm_mean": 1000.044348571442,
  "summary_wm_median": 1000.0000341832638,
  "summary_wm_n": 208310.0,
  "summary_wm_p05": 944.4805819094181,
  "summary_wm_p95": 1055.9372749775648,
  "summary_wm_stdv": 34.1394509127638,
  "tpm_overlap_csf": 0.1568121092155799,
  "tpm_overlap_gm": 0.47517392227200145,
  "tpm_overlap_wm": 0.527472705262823,
  "wm2max": 0.8113747645951036
}