{
  "bids_meta": {
    "AcquisitionMatrixPE": 250,
    "EchoTime": 0.0035,
    "EchoTrainLength": 213,
    "FlipAngle": 8,
    "MagneticFieldStrength": 3,
    "Manufacturer": "Philips",
    "ManufacturersModelName": "Ingenia",
    "PercentPhaseFOV": 79.6875,
    "PhaseEncodingSteps": 250,
    "PixelBandwidth": 334.024,
    "ProtocolName": "sT1W_3D_TFE_tra",
    "ReconMatrixPE": 256,
    "RepetitionTime": 0.0079,
    "ScanOptions": "OTHER",
    "ScanningSequence": "GR",
    "SequenceVariant": "MP",
    "SeriesDescription": "t1_mpr_ns_sag_p2_iso",
    "SliceThickness": 1,
    "SoftwareVersions": "5.6.1_5.6.1.0",
    "SpacingBetweenSlices": 1,
    "dataset": "ds003469",
    "modality": "T1w",
    "subject_id": "118"
  },
  "cjv": 0.32297427291020114,
  "cnr": 4.177686358598306,
  "efc": 0.7436978502798164,
  "fber": 19468.14702741189,
  "fwhm_avg": 4.436210431581833,
  "fwhm_x": 4.41223168,
  "fwhm_y": 4.622479360000001,
  "fwhm_z": 4.273920254745499,
  "icvs_csf": 0.21895231182964858,
  "icvs_gm": 0.42967461121872047,
  "icvs_wm": 0.35137307695163095,
  "inu_med": 0.4344969689846039,
  "inu_range": 0.19819890558719633,
  "provenance": {
    "md5sum": "599db958696c9503c63dcea51823fc2f",
    "settings": {
      "testing": false
    },
    "software": "mriqc",
    "version": "22.0.6",
    "warnings": {
      "large_rot_frame": true,
      "small_air_mask": false
    },
    "webapi_port": null,
    "webapi_url": "https://mriqc.nimh.nih.gov/api/v1"
  },
  "qi_1": 0.0,
  "qi_2": 8.73488168814917e-05,
  "rpve_csf": 19.96423254536651,
  "rpve_gm": 10.560351138802513,
  "rpve_wm": 14.946298279489634,
  "size_x": 256,
  "size_y": 256,
  "size_z": 170,
  "snr_csf": 2.9140452437267688,
  "snr_gm": 13.252792260243277,
  "snr_total": 14.800823771139436,
  "snr_wm": 28.235633809448263,
  "snrd_csf": 27.503383316081518,
  "snrd_gm": 66.58484792595247,
  "snrd_total": 61.93919099183182,
  "snrd_wm": 91.7293417334615,
  "spacing_x": 0.9765625,
  "spacing_y": 0.9765625,
  "spacing_z": 0.9999999403953552,
  "summary_bg_k": 4.933638941983746,
  "summary_bg_mad": 0.0,
  "summary_bg_mean": 4.494533179474339,
  "summary_bg_median": 0.0,
  "summary_bg_n": 373055.0,
  "summary_bg_p05": 0.0,
  "summary_bg_p95": 18.951820297166705,
  "summary_bg_stdv": 7.14225283805916,
  "summary_csf_k": 5.600561202192456,
  "summary_csf_mad": 77.50066502968839,
  "summary_csf_mean": 301.79194120949353,
  "summary_csf_median": 299.84002956561744,
  "summary_csf_n": 55224.0,
  "summary_csf_p05": 138.24797095172107,
  "summary_csf_p95": 477.60620605973514,
  "summary_csf_stdv": 102.89384333919966,
  "summary_gm_k": 0.21169622904408802,
  "summary_gm_mad": 53.68368161159173,
  "summary_gm_mean": 726.7187135569087,
  "summary_gm_median": 725.9035203522071,
  "summary_gm_n": 50246.0,
  "summary_gm_p05": 639.0274542761035,
  "summary_gm_p95": 817.7208872139454,
  "summary_gm_stdv": 54.77308348054767,
  "summary_wm_k": 0.4638968482706587,
  "summary_wm_mad": 34.85118079913892,
  "summary_wm_mean": 1000.7930432286588,
  "summary_wm_median": 1000.0270956233144,
  "summary_wm_n": 244388.0,
  "summary_wm_p05": 944.2019196692854,
  "summary_wm_p95": 1059.1058029588312,
  "summary_wm_stdv": 35.41712774671936,
  "tpm_overlap_csf": 0.15313260802265996,
  "tpm_overlap_gm": 0.47553708523362237,
  "tpm_overlap_wm": 0.5220383336739381,
  "wm2max": 0.7438857778352829
}