{
  "aor": 0.0019693666666666665,
  "aqi": 0.014507874366666665,
  "bids_meta": {
    "AcquisitionMatrixPE": 62,
    "BodyPartExamined": "BRAIN",
    "EchoTime": 0.035001,
    "EffectiveEchoSpacing": 0.0003157835674478,
    "FlipAngle": 90,
    "ImageType": [
      "ORIGINAL",
      "PRIMARY",
      "M",
      "FFE",
      "M",
      "FFE"
    ],
    "InPlanePhaseEncodingDirectionDICOM": "COL",
    "Instructions": "Participants were asked to close their eyes, to not fall asleep, and to avoid consistent thinking about same topic during the period of scanning",
    "MRAcquisitionType": "2D",
    "MagneticFieldStrength": 3,
    "Manufacturer": "Philips",
    "ManufacturersModelName": "Ingenia",
    "NumberOfVolumesDiscardedByScanner": 0,
    "NumberOfVolumesDiscardedByUser (copy)": 0,
    "PatientPosition": "HFS",
    "PercentPhaseFOV": 100,
    "PhaseEncodingDirection": "j",
    "PhaseEncodingSteps": 62,
    "ReconMatrixPE": 64,
    "RepetitionTime": 2,
    "ScanOptions": "FS",
    "ScanningSequence": "GR",
    "SequenceVariant": "SK",
    "SliceThickness": 3.1,
    "SliceTiming": [
      0,
      0.0588,
      0.1176,
      0.1764,
      0.2352,
      0.2939,
      0.3527,
      0.4115,
      0.4703,
      0.5291,
      0.5879,
      0.6467,
      0.7055,
      0.7642,
      0.823,
      0.8818,
      0.9406,
      0.9994,
      1.0582,
      1.117,
      1.1758,
      1.2345,
      1.2933,
      1.3521,
      1.4109,
      1.4697,
      1.5285,
      1.5873,
      1.6461,
      1.7048,
      1.7636,
      1.8224,
      1.8812,
      1.94
    ],
    "SpacingBetweenSlices": 3.41,
    "TaskName": "rest",
    "TotalReadoutTime": 0.019894364749211,
    "dataset": "ds003469",
    "modality": "bold",
    "subject_id": "153",
    "task_id": "rest"
  },
  "dummy_trs": 0,
  "dvars_nstd": 21.760195524983267,
  "dvars_std": 1.0409156557190629,
  "dvars_vstd": 0.9674277238795999,
  "efc": 0.5038397269209953,
  "fber": 9428.6279296875,
  "fd_mean": 0.23200829491918504,
  "fd_num": 161,
  "fd_perc": 53.666666666666664,
  "fwhm_avg": 1.9690483202444466,
  "fwhm_x": 1.9678593501357537,
  "fwhm_y": 2.1509632,
  "fwhm_z": 1.7883224105975861,
  "gcor": 0.0544213,
  "gsr_x": -0.0023536270018666983,
  "gsr_y": 0.023026758804917336,
  "provenance": {
    "md5sum": "3532640e74c45e0e4bc78c6d6fbab9cb",
    "settings": {
      "fd_thres": 0.2,
      "testing": false
    },
    "software": "mriqc",
    "version": "22.0.6",
    "webapi_port": null,
    "webapi_url": "https://mriqc.nimh.nih.gov/api/v1"
  },
  "size_t": 300,
  "size_x": 64,
  "size_y": 64,
  "size_z": 34,
  "snr": 6.098726274041085,
  "spacing_tr": 1.999998688697815,
  "spacing_x": 3.124999761581421,
  "spacing_y": 3.125,
  "spacing_z": 3.4100003242492676,
  "summary_bg_k": 198.56354862440296,
  "summary_bg_mad": 1022.9026984598498,
  "summary_bg_mean": 2004.1878662109375,
  "summary_bg_median": 733.8247680664062,
  "summary_bg_n": 79823.0,
  "summary_bg_p05": 4.600475645065308,
  "summary_bg_p95": 6886.04760742187,
  "summary_bg_stdv": 5898.3857421875,
  "summary_fg_k": 1.2102624197846463,
  "summary_fg_mad": 11273.794140740338,
  "summary_fg_mean": 73592.1015625,
  "summary_fg_median": 73192.640625,
  "summary_fg_n": 28488.0,
  "summary_fg_p05": 54877.0498046875,
  "summary_fg_p95": 92716.49453125,
  "summary_fg_stdv": 12001.0888671875,
  "tsnr": 55.05516052246094
}