{
  "bids_meta": {
    "AcquisitionMatrixPE": 250,
    "EchoTime": 0.0035,
    "EchoTrainLength": 213,
    "FlipAngle": 8,
    "MagneticFieldStrength": 3,
    "Manufacturer": "Philips",
    "ManufacturersModelName": "Ingenia",
    "PercentPhaseFOV": 79.6875,
    "PhaseEncodingSteps": 250,
    "PixelBandwidth": 334.024,
    "ProtocolName": "sT1W_3D_TFE_tra",
    "ReconMatrixPE": 256,
    "RepetitionTime": 0.0079,
    "ScanOptions": "OTHER",
    "ScanningSequence": "GR",
    "SequenceVariant": "MP",
    "SeriesDescription": "t1_mpr_ns_sag_p2_iso",
    "SliceThickness": 1,
    "SoftwareVersions": "5.6.1_5.6.1.0",
    "SpacingBetweenSlices": 1,
    "dataset": "ds003469",
    "modality": "T1w",
    "subject_id": "181"
  },
  "cjv": 0.3269037378686936,
  "cnr": 4.0698635763374655,
  "efc": 0.7313090899892367,
  "fber": 12402.925207756234,
  "fwhm_avg": 5.02947039882084,
  "fwhm_x": 4.90381312,
  "fwhm_y": 5.30083807646252,
  "fwhm_z": 4.88376,
  "icvs_csf": 0.2523234279499834,
  "icvs_gm": 0.4095087820595125,
  "icvs_wm": 0.33816778999050406,
  "inu_med": 0.4866875112056732,
  "inu_range": 0.27574967145919793,
  "provenance": {
    "md5sum": "aba08c0943fc04f5970d4acc94c6b46a",
    "settings": {
      "testing": false
    },
    "software": "mriqc",
    "version": "22.0.6",
    "warnings": {
      "large_rot_frame": true,
      "small_air_mask": true
    },
    "webapi_port": null,
    "webapi_url": "https://mriqc.nimh.nih.gov/api/v1"
  },
  "qi_1": 0.0,
  "qi_2": 7.101683137994271e-05,
  "rpve_csf": 18.095015134704607,
  "rpve_gm": 10.917926434601005,
  "rpve_wm": 15.826765724755933,
  "size_x": 256,
  "size_y": 256,
  "size_z": 170,
  "snr_csf": 2.3583504914486824,
  "snr_gm": 12.67921205443317,
  "snr_total": 15.343131290304227,
  "snr_wm": 30.991831325030823,
  "snrd_csf": 27.61373226109446,
  "snrd_gm": 81.4342322331047,
  "snrd_total": 73.52074095962887,
  "snrd_wm": 111.51425838468747,
  "spacing_x": 0.9765625,
  "spacing_y": 0.9765625596046448,
  "spacing_z": 1.0,
  "summary_bg_k": 8.22849778181305,
  "summary_bg_mad": 0.0,
  "summary_bg_mean": 3.424831235745744,
  "summary_bg_median": 0.0,
  "summary_bg_n": 260168.0,
  "summary_bg_p05": 0.0,
  "summary_bg_p95": 16.02886712551117,
  "summary_bg_stdv": 5.874911669362639,
  "summary_csf_k": -0.22966365925552168,
  "summary_csf_mad": 113.76358431892086,
  "summary_csf_mean": 252.56924274190806,
  "summary_csf_median": 247.62513256072998,
  "summary_csf_n": 79639.0,
  "summary_csf_p05": 90.06112325191498,
  "summary_csf_p95": 434.9149582386017,
  "summary_csf_stdv": 104.99863306204395,
  "summary_gm_k": 0.39324683660899673,
  "summary_gm_mad": 55.134942496214045,
  "summary_gm_mean": 728.6395032702693,
  "summary_gm_median": 730.2584946155548,
  "summary_gm_n": 44565.0,
  "summary_gm_p05": 630.5260487794876,
  "summary_gm_p95": 819.8041412830353,
  "summary_gm_stdv": 57.59429673157129,
  "summary_wm_k": 0.10583863305517438,
  "summary_wm_mad": 33.0445727964108,
  "summary_wm_mean": 1000.0941949052882,
  "summary_wm_median": 1000.0000272989273,
  "summary_wm_n": 228495.0,
  "summary_wm_p05": 947.5441482067108,
  "summary_wm_p95": 1052.1368018388748,
  "summary_wm_stdv": 32.26649721267444,
  "tpm_overlap_csf": 0.16418238563370205,
  "tpm_overlap_gm": 0.4771421591306509,
  "tpm_overlap_wm": 0.5169937369020754,
  "wm2max": 0.7928738393389265
}