{
  "aor": 0.0006723076923076924,
  "aqi": 0.009813218327759197,
  "bids_meta": {
    "AcquisitionMatrixPE": 62,
    "BodyPartExamined": "BRAIN",
    "EchoTime": 0.035001,
    "EffectiveEchoSpacing": 0.0003157835674478,
    "FlipAngle": 90,
    "ImageType": [
      "ORIGINAL",
      "PRIMARY",
      "M",
      "FFE",
      "M",
      "FFE"
    ],
    "InPlanePhaseEncodingDirectionDICOM": "COL",
    "Instructions": "Participants were asked to close their eyes, to not fall asleep, and to avoid consistent thinking about same topic during the period of scanning",
    "MRAcquisitionType": "2D",
    "MagneticFieldStrength": 3,
    "Manufacturer": "Philips",
    "ManufacturersModelName": "Ingenia",
    "NumberOfVolumesDiscardedByScanner": 0,
    "NumberOfVolumesDiscardedByUser (copy)": 0,
    "PatientPosition": "HFS",
    "PercentPhaseFOV": 100,
    "PhaseEncodingDirection": "j",
    "PhaseEncodingSteps": 62,
    "ReconMatrixPE": 64,
    "RepetitionTime": 2,
    "ScanOptions": "FS",
    "ScanningSequence": "GR",
    "SequenceVariant": "SK",
    "SliceThickness": 3.1,
    "SliceTiming": [
      0,
      0.0588,
      0.1176,
      0.1764,
      0.2352,
      0.2939,
      0.3527,
      0.4115,
      0.4703,
      0.5291,
      0.5879,
      0.6467,
      0.7055,
      0.7642,
      0.823,
      0.8818,
      0.9406,
      0.9994,
      1.0582,
      1.117,
      1.1758,
      1.2345,
      1.2933,
      1.3521,
      1.4109,
      1.4697,
      1.5285,
      1.5873,
      1.6461,
      1.7048,
      1.7636,
      1.8224,
      1.8812,
      1.94
    ],
    "SpacingBetweenSlices": 3.41,
    "TaskName": "rest",
    "TotalReadoutTime": 0.019894364749211,
    "dataset": "ds003469",
    "modality": "bold",
    "subject_id": "133",
    "task_id": "rest"
  },
  "dummy_trs": 1,
  "dvars_nstd": 24.197474946879193,
  "dvars_std": 1.0884949631543621,
  "dvars_vstd": 0.9447484174832209,
  "efc": 0.4900159058380101,
  "fber": 27713.181640625,
  "fd_mean": 0.22944736149142886,
  "fd_num": 170,
  "fd_perc": 56.8561872909699,
  "fwhm_avg": 2.3345936402720526,
  "fwhm_x": 2.2440160000000002,
  "fwhm_y": 2.662416,
  "fwhm_z": 2.0973489208161578,
  "gcor": 0.0748096,
  "gsr_x": -0.015399550087749958,
  "gsr_y": 0.03776928409934044,
  "provenance": {
    "md5sum": "15590d145baf11f8c73027051ed3463e",
    "settings": {
      "fd_thres": 0.2,
      "testing": false
    },
    "software": "mriqc",
    "version": "22.0.6",
    "webapi_port": null,
    "webapi_url": "https://mriqc.nimh.nih.gov/api/v1"
  },
  "size_t": 299,
  "size_x": 64,
  "size_y": 64,
  "size_z": 34,
  "snr": 5.8634787501527,
  "spacing_tr": 1.999998688697815,
  "spacing_x": 3.125,
  "spacing_y": 3.125,
  "spacing_z": 3.4100000858306885,
  "summary_bg_k": 165.54599408695947,
  "summary_bg_mad": 613.604188347498,
  "summary_bg_mean": 1794.8009033203125,
  "summary_bg_median": 423.0373229980469,
  "summary_bg_n": 81378.0,
  "summary_bg_p05": 2.764260518550873,
  "summary_bg_p95": 6873.801806640625,
  "summary_bg_stdv": 5038.4619140625,
  "summary_fg_k": 1.89633351431113,
  "summary_fg_mad": 12616.661100151787,
  "summary_fg_mean": 78248.234375,
  "summary_fg_median": 77576.75,
  "summary_fg_n": 27094.0,
  "summary_fg_p05": 58654.3580078125,
  "summary_fg_p95": 99233.734375,
  "summary_fg_stdv": 13230.2548828125,
  "tsnr": 56.0125846862793
}