{
  "aor": 0.0013498,
  "aqi": 0.007490385233333333,
  "bids_meta": {
    "AcquisitionMatrixPE": 62,
    "BodyPartExamined": "BRAIN",
    "EchoTime": 0.035001,
    "EffectiveEchoSpacing": 0.0003157835674478,
    "FlipAngle": 90,
    "ImageType": [
      "ORIGINAL",
      "PRIMARY",
      "M",
      "FFE",
      "M",
      "FFE"
    ],
    "InPlanePhaseEncodingDirectionDICOM": "COL",
    "Instructions": "Participants were asked to close their eyes, to not fall asleep, and to avoid consistent thinking about same topic during the period of scanning",
    "MRAcquisitionType": "2D",
    "MagneticFieldStrength": 3,
    "Manufacturer": "Philips",
    "ManufacturersModelName": "Ingenia",
    "NumberOfVolumesDiscardedByScanner": 0,
    "NumberOfVolumesDiscardedByUser (copy)": 0,
    "PatientPosition": "HFS",
    "PercentPhaseFOV": 100,
    "PhaseEncodingDirection": "j",
    "PhaseEncodingSteps": 62,
    "ReconMatrixPE": 64,
    "RepetitionTime": 2,
    "ScanOptions": "FS",
    "ScanningSequence": "GR",
    "SequenceVariant": "SK",
    "SliceThickness": 3.1,
    "SliceTiming": [
      0,
      0.0588,
      0.1176,
      0.1764,
      0.2352,
      0.2939,
      0.3527,
      0.4115,
      0.4703,
      0.5291,
      0.5879,
      0.6467,
      0.7055,
      0.7642,
      0.823,
      0.8818,
      0.9406,
      0.9994,
      1.0582,
      1.117,
      1.1758,
      1.2345,
      1.2933,
      1.3521,
      1.4109,
      1.4697,
      1.5285,
      1.5873,
      1.6461,
      1.7048,
      1.7636,
      1.8224,
      1.8812,
      1.94
    ],
    "SpacingBetweenSlices": 3.41,
    "TaskName": "rest",
    "TotalReadoutTime": 0.019894364749211,
    "dataset": "ds003469",
    "modality": "bold",
    "subject_id": "186",
    "task_id": "rest"
  },
  "dummy_trs": 0,
  "dvars_nstd": 24.01401494913043,
  "dvars_std": 1.163539639397993,
  "dvars_vstd": 1.0122685183946487,
  "efc": 0.5018761633611779,
  "fber": 17003.029296875,
  "fd_mean": 0.21946202216042598,
  "fd_num": 153,
  "fd_perc": 51.0,
  "fwhm_avg": 2.0277223927090566,
  "fwhm_x": 1.961468949648205,
  "fwhm_y": 2.247232,
  "fwhm_z": 1.8744662284789657,
  "gcor": 0.0813685,
  "gsr_x": -0.009489241056144238,
  "gsr_y": 0.02887120097875595,
  "provenance": {
    "md5sum": "dca037af35778e85e630e8bd38931ecf",
    "settings": {
      "fd_thres": 0.2,
      "testing": false
    },
    "software": "mriqc",
    "version": "22.0.6",
    "webapi_port": null,
    "webapi_url": "https://mriqc.nimh.nih.gov/api/v1"
  },
  "size_t": 300,
  "size_x": 64,
  "size_y": 64,
  "size_z": 34,
  "snr": 6.434947119500785,
  "spacing_tr": 1.999998688697815,
  "spacing_x": 3.124999761581421,
  "spacing_y": 3.125,
  "spacing_z": 3.4100000858306885,
  "summary_bg_k": 175.5862073027416,
  "summary_bg_mad": 802.6435780947182,
  "summary_bg_mean": 1755.977783203125,
  "summary_bg_median": 558.0107421875,
  "summary_bg_n": 79686.0,
  "summary_bg_p05": 2.927691698074341,
  "summary_bg_p95": 6525.3619384765625,
  "summary_bg_stdv": 4356.265625,
  "summary_fg_k": 1.5927896166234783,
  "summary_fg_mad": 11012.90248160268,
  "summary_fg_mean": 76494.578125,
  "summary_fg_median": 76316.109375,
  "summary_fg_n": 28388.0,
  "summary_fg_p05": 57464.9505859375,
  "summary_fg_p95": 94848.478515625,
  "summary_fg_stdv": 11859.423828125,
  "tsnr": 66.95640563964844
}