{
  "bids_meta": {
    "AcquisitionMatrixPE": 250,
    "EchoTime": 0.0035,
    "EchoTrainLength": 213,
    "FlipAngle": 8,
    "MagneticFieldStrength": 3,
    "Manufacturer": "Philips",
    "ManufacturersModelName": "Ingenia",
    "PercentPhaseFOV": 79.6875,
    "PhaseEncodingSteps": 250,
    "PixelBandwidth": 334.024,
    "ProtocolName": "sT1W_3D_TFE_tra",
    "ReconMatrixPE": 256,
    "RepetitionTime": 0.0079,
    "ScanOptions": "OTHER",
    "ScanningSequence": "GR",
    "SequenceVariant": "MP",
    "SeriesDescription": "t1_mpr_ns_sag_p2_iso",
    "SliceThickness": 1,
    "SoftwareVersions": "5.6.1_5.6.1.0",
    "SpacingBetweenSlices": 1,
    "dataset": "ds003469",
    "modality": "T1w",
    "subject_id": "054"
  },
  "cjv": 0.29459175428552353,
  "cnr": 4.53826188131647,
  "efc": 0.7142926862510721,
  "fber": 17385.8875308642,
  "fwhm_avg": 4.73926011747895,
  "fwhm_x": 4.647157476360017,
  "fwhm_y": 4.9059123200000005,
  "fwhm_z": 4.664710556076832,
  "icvs_csf": 0.2031589957509676,
  "icvs_gm": 0.4234096694511224,
  "icvs_wm": 0.37343133479790996,
  "inu_med": 0.45921531319618225,
  "inu_range": 0.2188116028904915,
  "provenance": {
    "md5sum": "fa9c9c8bb9d6fccd4189ecf24c167d28",
    "settings": {
      "testing": false
    },
    "software": "mriqc",
    "version": "22.0.6",
    "warnings": {
      "large_rot_frame": true,
      "small_air_mask": true
    },
    "webapi_port": null,
    "webapi_url": "https://mriqc.nimh.nih.gov/api/v1"
  },
  "qi_1": 0.0,
  "qi_2": 3.928500115869377e-05,
  "rpve_csf": 23.682874970022954,
  "rpve_gm": 11.831215145795085,
  "rpve_wm": 15.858520752812726,
  "size_x": 256,
  "size_y": 256,
  "size_z": 170,
  "snr_csf": 2.092334684704509,
  "snr_gm": 10.96778673257062,
  "snr_total": 14.736501806760979,
  "snr_wm": 31.149384003007814,
  "snrd_csf": 20.755358991366947,
  "snrd_gm": 58.05867817242189,
  "snrd_total": 54.69364716942071,
  "snrd_wm": 85.2669043444733,
  "spacing_x": 0.9765625596046448,
  "spacing_y": 0.9765625,
  "spacing_z": 0.9999998807907104,
  "summary_bg_k": 5.089662348329568,
  "summary_bg_mad": 0.0,
  "summary_bg_mean": 4.70374150972939,
  "summary_bg_median": 0.0,
  "summary_bg_n": 304433.0,
  "summary_bg_p05": 0.0,
  "summary_bg_p95": 21.46938020735979,
  "summary_bg_stdv": 7.683360819653787,
  "summary_csf_k": 0.07941520449539219,
  "summary_csf_mad": 115.41056229739827,
  "summary_csf_mean": 244.20026631134385,
  "summary_csf_median": 243.4163512699306,
  "summary_csf_n": 35682.0,
  "summary_csf_p05": 50.50548947844655,
  "summary_csf_p95": 435.36421539410924,
  "summary_csf_stdv": 116.33556625192868,
  "summary_gm_k": 0.1365242621839151,
  "summary_gm_mad": 61.57656434502815,
  "summary_gm_mean": 682.3553966262618,
  "summary_gm_median": 680.9051872417331,
  "summary_gm_n": 54004.0,
  "summary_gm_p05": 582.5075808651745,
  "summary_gm_p95": 785.5516776703298,
  "summary_gm_stdv": 62.081703410573084,
  "summary_wm_k": 0.14975732834691025,
  "summary_wm_mad": 32.42613275557635,
  "summary_wm_mean": 999.7395785075395,
  "summary_wm_median": 999.9999878704548,
  "summary_wm_n": 254146.0,
  "summary_wm_p05": 946.8844734281301,
  "summary_wm_p95": 1050.88375800848,
  "summary_wm_stdv": 32.103300033120966,
  "tpm_overlap_csf": 0.14535120059220566,
  "tpm_overlap_gm": 0.4672933927315557,
  "tpm_overlap_wm": 0.5263085503356487,
  "wm2max": 0.874414355531018
}