{
  "aor": 0.16889500000000002,
  "aqi": 0.13614252333333332,
  "bids_meta": {
    "AcquisitionMatrixPE": 62,
    "BodyPartExamined": "BRAIN",
    "EchoTime": 0.035001,
    "EffectiveEchoSpacing": 0.0003157835674478,
    "FlipAngle": 90,
    "ImageType": [
      "ORIGINAL",
      "PRIMARY",
      "M",
      "FFE",
      "M",
      "FFE"
    ],
    "InPlanePhaseEncodingDirectionDICOM": "COL",
    "Instructions": "Participants were asked to close their eyes, to not fall asleep, and to avoid consistent thinking about same topic during the period of scanning",
    "MRAcquisitionType": "2D",
    "MagneticFieldStrength": 3,
    "Manufacturer": "Philips",
    "ManufacturersModelName": "Ingenia",
    "NumberOfVolumesDiscardedByScanner": 0,
    "NumberOfVolumesDiscardedByUser (copy)": 0,
    "PatientPosition": "HFS",
    "PercentPhaseFOV": 100,
    "PhaseEncodingDirection": "j",
    "PhaseEncodingSteps": 62,
    "ReconMatrixPE": 64,
    "RepetitionTime": 2,
    "ScanOptions": "FS",
    "ScanningSequence": "GR",
    "SequenceVariant": "SK",
    "SliceThickness": 3.1,
    "SliceTiming": [
      0,
      0.0588,
      0.1176,
      0.1764,
      0.2352,
      0.2939,
      0.3527,
      0.4115,
      0.4703,
      0.5291,
      0.5879,
      0.6467,
      0.7055,
      0.7642,
      0.823,
      0.8818,
      0.9406,
      0.9994,
      1.0582,
      1.117,
      1.1758,
      1.2345,
      1.2933,
      1.3521,
      1.4109,
      1.4697,
      1.5285,
      1.5873,
      1.6461,
      1.7048,
      1.7636,
      1.8224,
      1.8812,
      1.94
    ],
    "SpacingBetweenSlices": 3.41,
    "TaskName": "rest",
    "TotalReadoutTime": 0.019894364749211,
    "dataset": "ds003469",
    "modality": "bold",
    "subject_id": "112",
    "task_id": "rest"
  },
  "dummy_trs": 0,
  "dvars_nstd": 32.84089917123746,
  "dvars_std": 0.5216005153846154,
  "dvars_vstd": 0.47126917384615385,
  "efc": 0.5046728978325901,
  "fber": 19526.20703125,
  "fd_mean": 0.4141332512944988,
  "fd_num": 247,
  "fd_perc": 82.33333333333333,
  "fwhm_avg": 2.6340775945840456,
  "fwhm_x": 2.574211003603286,
  "fwhm_y": 2.884928,
  "fwhm_z": 2.44309378014885,
  "gcor": 0.958683,
  "gsr_x": 0.003617455018684268,
  "gsr_y": 0.03979046642780304,
  "provenance": {
    "md5sum": "4085692eb71587e8f7b280d84fb030ca",
    "settings": {
      "fd_thres": 0.2,
      "testing": false
    },
    "software": "mriqc",
    "version": "22.0.6",
    "webapi_port": null,
    "webapi_url": "https://mriqc.nimh.nih.gov/api/v1"
  },
  "size_t": 300,
  "size_x": 64,
  "size_y": 64,
  "size_z": 34,
  "snr": 4.542774047215691,
  "spacing_tr": 1.999998688697815,
  "spacing_x": 3.125000238418579,
  "spacing_y": 3.125,
  "spacing_z": 3.4100000858306885,
  "summary_bg_k": 75.46850590511376,
  "summary_bg_mad": 1061.80616478098,
  "summary_bg_mean": 3581.173828125,
  "summary_bg_median": 745.7632446289062,
  "summary_bg_n": 79950.0,
  "summary_bg_p05": 14.345622968673707,
  "summary_bg_p95": 15762.234667968753,
  "summary_bg_stdv": 8092.6689453125,
  "summary_fg_k": -0.10470241318626083,
  "summary_fg_mad": 25026.887215621417,
  "summary_fg_mean": 114724.6484375,
  "summary_fg_median": 112143.46875,
  "summary_fg_n": 28234.0,
  "summary_fg_p05": 78328.119140625,
  "summary_fg_p95": 158496.05624999997,
  "summary_fg_stdv": 24685.68359375,
  "tsnr": 4.569334030151367
}