{
  "bids_meta": {
    "AcquisitionMatrixPE": 250,
    "EchoTime": 0.0035,
    "EchoTrainLength": 213,
    "FlipAngle": 8,
    "MagneticFieldStrength": 3,
    "Manufacturer": "Philips",
    "ManufacturersModelName": "Ingenia",
    "PercentPhaseFOV": 79.6875,
    "PhaseEncodingSteps": 250,
    "PixelBandwidth": 334.024,
    "ProtocolName": "sT1W_3D_TFE_tra",
    "ReconMatrixPE": 256,
    "RepetitionTime": 0.0079,
    "ScanOptions": "OTHER",
    "ScanningSequence": "GR",
    "SequenceVariant": "MP",
    "SeriesDescription": "t1_mpr_ns_sag_p2_iso",
    "SliceThickness": 1,
    "SoftwareVersions": "5.6.1_5.6.1.0",
    "SpacingBetweenSlices": 1,
    "dataset": "ds003469",
    "modality": "T1w",
    "subject_id": "208"
  },
  "cjv": 0.2823249547952181,
  "cnr": 4.609883094742894,
  "efc": 0.7288247413894418,
  "fber": 29692.992288183843,
  "fwhm_avg": 5.136004723722714,
  "fwhm_x": 5.059901131168144,
  "fwhm_y": 5.419223039999999,
  "fwhm_z": 4.92889,
  "icvs_csf": 0.21295644225202331,
  "icvs_gm": 0.44345809429060545,
  "icvs_wm": 0.34358546345737123,
  "inu_med": 0.47030606865882874,
  "inu_range": 0.2683488428592682,
  "provenance": {
    "md5sum": "51267dfb508946f97602f0b01ccece36",
    "settings": {
      "testing": false
    },
    "software": "mriqc",
    "version": "22.0.6",
    "warnings": {
      "large_rot_frame": true,
      "small_air_mask": false
    },
    "webapi_port": null,
    "webapi_url": "https://mriqc.nimh.nih.gov/api/v1"
  },
  "qi_1": 0.0,
  "qi_2": 2.6814752075612017e-05,
  "rpve_csf": 21.12463967029354,
  "rpve_gm": 10.717540729217156,
  "rpve_wm": 15.977707236442868,
  "size_x": 256,
  "size_y": 256,
  "size_z": 170,
  "snr_csf": 2.2772027178967553,
  "snr_gm": 12.693566411583141,
  "snr_total": 16.198824462791688,
  "snr_wm": 33.62570425889516,
  "snrd_csf": 15.619016049442711,
  "snrd_gm": 44.82307660242906,
  "snrd_total": 41.32409324783816,
  "snrd_wm": 63.5301870916427,
  "spacing_x": 0.9765625596046448,
  "spacing_y": 0.9765625,
  "spacing_z": 1.0,
  "summary_bg_k": 285.0456071490242,
  "summary_bg_mad": 0.0,
  "summary_bg_mean": 4.194744510895242,
  "summary_bg_median": 0.0,
  "summary_bg_n": 432255.0,
  "summary_bg_p05": 0.0,
  "summary_bg_p95": 18.391114242374897,
  "summary_bg_stdv": 10.312206108478511,
  "summary_csf_k": -0.00493341298918315,
  "summary_csf_mad": 119.56684255187167,
  "summary_csf_mean": 256.23350887745795,
  "summary_csf_median": 245.85187559947371,
  "summary_csf_n": 51261.0,
  "summary_csf_p05": 104.20881969854236,
  "summary_csf_p95": 440.4199717529118,
  "summary_csf_stdv": 107.96117342362234,
  "summary_gm_k": 0.2850458557822795,
  "summary_gm_mad": 54.200079729395966,
  "summary_gm_mean": 707.3713391835527,
  "summary_gm_median": 705.5397995598614,
  "summary_gm_n": 72216.0,
  "summary_gm_p05": 619.5197468809783,
  "summary_gm_p95": 800.4406470134854,
  "summary_gm_stdv": 55.582087156528004,
  "summary_wm_k": 0.2822563527343025,
  "summary_wm_mad": 28.933375894905105,
  "summary_wm_mean": 999.0384575843475,
  "summary_wm_median": 999.9999746605754,
  "summary_wm_n": 235548.0,
  "summary_wm_p05": 948.7611612640321,
  "summary_wm_p95": 1046.157624464482,
  "summary_wm_stdv": 29.739090198660918,
  "tpm_overlap_csf": 0.1476841493321232,
  "tpm_overlap_gm": 0.48553370170672094,
  "tpm_overlap_wm": 0.5289816039764035,
  "wm2max": 0.8378638033342752
}