{
  "aor": 0.0018192,
  "aqi": 0.0090904485,
  "bids_meta": {
    "AcquisitionMatrixPE": 62,
    "BodyPartExamined": "BRAIN",
    "EchoTime": 0.035001,
    "EffectiveEchoSpacing": 0.0003157835674478,
    "FlipAngle": 90,
    "ImageType": [
      "ORIGINAL",
      "PRIMARY",
      "M",
      "FFE",
      "M",
      "FFE"
    ],
    "InPlanePhaseEncodingDirectionDICOM": "COL",
    "Instructions": "Participants were asked to close their eyes, to not fall asleep, and to avoid consistent thinking about same topic during the period of scanning",
    "MRAcquisitionType": "2D",
    "MagneticFieldStrength": 3,
    "Manufacturer": "Philips",
    "ManufacturersModelName": "Ingenia",
    "NumberOfVolumesDiscardedByScanner": 0,
    "NumberOfVolumesDiscardedByUser (copy)": 0,
    "PatientPosition": "HFS",
    "PercentPhaseFOV": 100,
    "PhaseEncodingDirection": "j",
    "PhaseEncodingSteps": 62,
    "ReconMatrixPE": 64,
    "RepetitionTime": 2,
    "ScanOptions": "FS",
    "ScanningSequence": "GR",
    "SequenceVariant": "SK",
    "SliceThickness": 3.1,
    "SliceTiming": [
      0,
      0.0588,
      0.1176,
      0.1764,
      0.2352,
      0.2939,
      0.3527,
      0.4115,
      0.4703,
      0.5291,
      0.5879,
      0.6467,
      0.7055,
      0.7642,
      0.823,
      0.8818,
      0.9406,
      0.9994,
      1.0582,
      1.117,
      1.1758,
      1.2345,
      1.2933,
      1.3521,
      1.4109,
      1.4697,
      1.5285,
      1.5873,
      1.6461,
      1.7048,
      1.7636,
      1.8224,
      1.8812,
      1.94
    ],
    "SpacingBetweenSlices": 3.41,
    "TaskName": "rest",
    "TotalReadoutTime": 0.019894364749211,
    "dataset": "ds003469",
    "modality": "bold",
    "subject_id": "038",
    "task_id": "rest"
  },
  "dummy_trs": 0,
  "dvars_nstd": 25.84381564080269,
  "dvars_std": 1.1053883220066891,
  "dvars_vstd": 0.9711162276254189,
  "efc": 0.5064928493286215,
  "fber": 26762.46484375,
  "fd_mean": 0.2545240595698784,
  "fd_num": 185,
  "fd_perc": 61.666666666666664,
  "fwhm_avg": 2.014914726356427,
  "fwhm_x": 1.9775200000000002,
  "fwhm_y": 2.162576,
  "fwhm_z": 1.9046481790692809,
  "gcor": 0.0174353,
  "gsr_x": -0.004756840877234936,
  "gsr_y": 0.028563736006617546,
  "provenance": {
    "md5sum": "e4fbd30d4ac25218ed104d23dad5bc81",
    "settings": {
      "fd_thres": 0.2,
      "testing": false
    },
    "software": "mriqc",
    "version": "22.0.6",
    "webapi_port": null,
    "webapi_url": "https://mriqc.nimh.nih.gov/api/v1"
  },
  "size_t": 300,
  "size_x": 64,
  "size_y": 64,
  "size_z": 34,
  "snr": 4.451308052765277,
  "spacing_tr": 1.999998688697815,
  "spacing_x": 3.125,
  "spacing_y": 3.125,
  "spacing_z": 3.4099998474121094,
  "summary_bg_k": 128.53499384268304,
  "summary_bg_mad": 631.786429855535,
  "summary_bg_mean": 2000.382568359375,
  "summary_bg_median": 429.4958190917969,
  "summary_bg_n": 78037.0,
  "summary_bg_p05": 1.062405014038086,
  "summary_bg_p95": 8246.206640624987,
  "summary_bg_stdv": 5173.23828125,
  "summary_fg_k": 2.011361503223215,
  "summary_fg_mad": 14524.689075559672,
  "summary_fg_mean": 77554.7890625,
  "summary_fg_median": 75651.8984375,
  "summary_fg_n": 29674.0,
  "summary_fg_p05": 53642.667773437504,
  "summary_fg_p95": 107403.62812499999,
  "summary_fg_stdv": 16995.14453125,
  "tsnr": 56.0682373046875
}