{
  "aor": 0.0011135000000000001,
  "aqi": 0.007126989833333333,
  "bids_meta": {
    "AcquisitionMatrixPE": 62,
    "BodyPartExamined": "BRAIN",
    "EchoTime": 0.035001,
    "EffectiveEchoSpacing": 0.0003157835674478,
    "FlipAngle": 90,
    "ImageType": [
      "ORIGINAL",
      "PRIMARY",
      "M",
      "FFE",
      "M",
      "FFE"
    ],
    "InPlanePhaseEncodingDirectionDICOM": "COL",
    "Instructions": "Participants were asked to close their eyes, to not fall asleep, and to avoid consistent thinking about same topic during the period of scanning",
    "MRAcquisitionType": "2D",
    "MagneticFieldStrength": 3,
    "Manufacturer": "Philips",
    "ManufacturersModelName": "Ingenia",
    "NumberOfVolumesDiscardedByScanner": 0,
    "NumberOfVolumesDiscardedByUser (copy)": 0,
    "PatientPosition": "HFS",
    "PercentPhaseFOV": 100,
    "PhaseEncodingDirection": "j",
    "PhaseEncodingSteps": 62,
    "ReconMatrixPE": 64,
    "RepetitionTime": 2,
    "ScanOptions": "FS",
    "ScanningSequence": "GR",
    "SequenceVariant": "SK",
    "SliceThickness": 3.1,
    "SliceTiming": [
      0,
      0.0588,
      0.1176,
      0.1764,
      0.2352,
      0.2939,
      0.3527,
      0.4115,
      0.4703,
      0.5291,
      0.5879,
      0.6467,
      0.7055,
      0.7642,
      0.823,
      0.8818,
      0.9406,
      0.9994,
      1.0582,
      1.117,
      1.1758,
      1.2345,
      1.2933,
      1.3521,
      1.4109,
      1.4697,
      1.5285,
      1.5873,
      1.6461,
      1.7048,
      1.7636,
      1.8224,
      1.8812,
      1.94
    ],
    "SpacingBetweenSlices": 3.41,
    "TaskName": "rest",
    "TotalReadoutTime": 0.019894364749211,
    "dataset": "ds003469",
    "modality": "bold",
    "subject_id": "047",
    "task_id": "rest"
  },
  "dummy_trs": 0,
  "dvars_nstd": 31.016234069431405,
  "dvars_std": 1.3814271535451503,
  "dvars_vstd": 1.0032108984615382,
  "efc": 0.4750122011802054,
  "fber": 39981.00390625,
  "fd_mean": 0.29314348643309635,
  "fd_num": 237,
  "fd_perc": 79.0,
  "fwhm_avg": 1.8239546883178483,
  "fwhm_x": 1.830873739684581,
  "fwhm_y": 1.9768672,
  "fwhm_z": 1.6641231252689639,
  "gcor": 0.0232631,
  "gsr_x": -0.013462978415191174,
  "gsr_y": 0.04578959196805954,
  "provenance": {
    "md5sum": "42655b6ddd938d06f673da65d613a9ce",
    "settings": {
      "fd_thres": 0.2,
      "testing": false
    },
    "software": "mriqc",
    "version": "22.0.6",
    "webapi_port": null,
    "webapi_url": "https://mriqc.nimh.nih.gov/api/v1"
  },
  "size_t": 300,
  "size_x": 64,
  "size_y": 64,
  "size_z": 34,
  "snr": 6.32103088384438,
  "spacing_tr": 1.999998688697815,
  "spacing_x": 3.124999761581421,
  "spacing_y": 3.125,
  "spacing_z": 3.4100000858306885,
  "summary_bg_k": 89.95847767732187,
  "summary_bg_mad": 555.6349443937592,
  "summary_bg_mean": 2596.024169921875,
  "summary_bg_median": 379.0543212890625,
  "summary_bg_n": 84808.0,
  "summary_bg_p05": 1.453436315059662,
  "summary_bg_p95": 9991.594921875,
  "summary_bg_stdv": 8964.4921875,
  "summary_fg_k": 3.2278531378907838,
  "summary_fg_mad": 10761.555074246651,
  "summary_fg_mean": 78130.71875,
  "summary_fg_median": 76910.2421875,
  "summary_fg_n": 24238.0,
  "summary_fg_p05": 61804.0267578125,
  "summary_fg_p95": 98499.512109375,
  "summary_fg_stdv": 12167.1064453125,
  "tsnr": 75.35243225097656
}