{
  "bids_meta": {
    "AcquisitionMatrixPE": 250,
    "EchoTime": 0.0035,
    "EchoTrainLength": 213,
    "FlipAngle": 8,
    "MagneticFieldStrength": 3,
    "Manufacturer": "Philips",
    "ManufacturersModelName": "Ingenia",
    "PercentPhaseFOV": 79.6875,
    "PhaseEncodingSteps": 250,
    "PixelBandwidth": 334.024,
    "ProtocolName": "sT1W_3D_TFE_tra",
    "ReconMatrixPE": 256,
    "RepetitionTime": 0.0079,
    "ScanOptions": "OTHER",
    "ScanningSequence": "GR",
    "SequenceVariant": "MP",
    "SeriesDescription": "t1_mpr_ns_sag_p2_iso",
    "SliceThickness": 1,
    "SoftwareVersions": "5.6.1_5.6.1.0",
    "SpacingBetweenSlices": 1,
    "dataset": "ds003469",
    "modality": "T1w",
    "subject_id": "184"
  },
  "cjv": 0.30181982536372204,
  "cnr": 4.476024900319901,
  "efc": 0.7288537581470291,
  "fber": 14590.034626105346,
  "fwhm_avg": 4.377763991322506,
  "fwhm_x": 4.358676213967517,
  "fwhm_y": 4.55320576,
  "fwhm_z": 4.22141,
  "icvs_csf": 0.21710675390362114,
  "icvs_gm": 0.45187671199679585,
  "icvs_wm": 0.331016534099583,
  "inu_med": 0.5214654803276062,
  "inu_range": 0.2846033722162246,
  "provenance": {
    "md5sum": "001f88a854ddc8da949a5f379345f911",
    "settings": {
      "testing": false
    },
    "software": "mriqc",
    "version": "22.0.6",
    "warnings": {
      "large_rot_frame": true,
      "small_air_mask": true
    },
    "webapi_port": null,
    "webapi_url": "https://mriqc.nimh.nih.gov/api/v1"
  },
  "qi_1": 0.0,
  "qi_2": 0.0001736068433870732,
  "rpve_csf": 23.682147369322685,
  "rpve_gm": 12.111271305166369,
  "rpve_wm": 18.885491116749105,
  "size_x": 256,
  "size_y": 256,
  "size_z": 170,
  "snr_csf": 2.370749412450897,
  "snr_gm": 12.07232414189203,
  "snr_total": 14.408921976126807,
  "snr_wm": 28.783692374037496,
  "snrd_csf": 25.042644259385632,
  "snrd_gm": 65.46160040818054,
  "snrd_total": 61.48172329744471,
  "snrd_wm": 93.94092522476794,
  "spacing_x": 0.9765625596046448,
  "spacing_y": 0.9765625,
  "spacing_z": 1.0,
  "summary_bg_k": 6.150756957892764,
  "summary_bg_mad": 0.0,
  "summary_bg_mean": 4.088181634968553,
  "summary_bg_median": 0.0,
  "summary_bg_n": 232750.0,
  "summary_bg_p05": 0.0,
  "summary_bg_p95": 19.44223051890731,
  "summary_bg_stdv": 6.974236302688433,
  "summary_csf_k": 0.6214295805049561,
  "summary_csf_mad": 108.7185340704852,
  "summary_csf_mean": 268.96398626816745,
  "summary_csf_median": 266.59077210351825,
  "summary_csf_n": 33093.0,
  "summary_csf_p05": 96.11382764019073,
  "summary_csf_p95": 466.57710672914976,
  "summary_csf_stdv": 112.44830127142349,
  "summary_gm_k": 0.16099771819226572,
  "summary_gm_mad": 57.31265782418003,
  "summary_gm_mean": 696.6575201306334,
  "summary_gm_median": 696.8696442432702,
  "summary_gm_n": 47482.0,
  "summary_gm_p05": 602.6419861563481,
  "summary_gm_p95": 790.5292886868119,
  "summary_gm_stdv": 57.72395586494475,
  "summary_wm_k": 0.3434868406301228,
  "summary_wm_mad": 34.19182707649845,
  "summary_wm_mean": 1000.6371175612262,
  "summary_wm_median": 1000.0455035176128,
  "summary_wm_n": 184012.0,
  "summary_wm_p05": 945.0654254108667,
  "summary_wm_p95": 1058.4177272301167,
  "summary_wm_stdv": 34.74338084151457,
  "tpm_overlap_csf": 0.15328908434191002,
  "tpm_overlap_gm": 0.48082016809623124,
  "tpm_overlap_wm": 0.4998964254896964,
  "wm2max": 0.8556856544359365
}