{
  "bids_meta": {
    "AcquisitionMatrixPE": 250,
    "EchoTime": 0.0035,
    "EchoTrainLength": 213,
    "FlipAngle": 8,
    "MagneticFieldStrength": 3,
    "Manufacturer": "Philips",
    "ManufacturersModelName": "Ingenia",
    "PercentPhaseFOV": 79.6875,
    "PhaseEncodingSteps": 250,
    "PixelBandwidth": 334.024,
    "ProtocolName": "sT1W_3D_TFE_tra",
    "ReconMatrixPE": 256,
    "RepetitionTime": 0.0079,
    "ScanOptions": "OTHER",
    "ScanningSequence": "GR",
    "SequenceVariant": "MP",
    "SeriesDescription": "t1_mpr_ns_sag_p2_iso",
    "SliceThickness": 1,
    "SoftwareVersions": "5.6.1_5.6.1.0",
    "SpacingBetweenSlices": 1,
    "dataset": "ds003469",
    "modality": "T1w",
    "subject_id": "172"
  },
  "cjv": 0.32399175037521444,
  "cnr": 4.123284985485985,
  "efc": 0.7335705130849216,
  "fber": 18112.54969323281,
  "fwhm_avg": 4.5575285228864635,
  "fwhm_x": 4.4456445286593915,
  "fwhm_y": 4.78895104,
  "fwhm_z": 4.43799,
  "icvs_csf": 0.23519877366056935,
  "icvs_gm": 0.4419308258017502,
  "icvs_wm": 0.32287040053768046,
  "inu_med": 0.5379050970077515,
  "inu_range": 0.29677350223064425,
  "provenance": {
    "md5sum": "9581d6df39ad28726ab6e5c5a56fe1a0",
    "settings": {
      "testing": false
    },
    "software": "mriqc",
    "version": "22.0.6",
    "warnings": {
      "large_rot_frame": true,
      "small_air_mask": true
    },
    "webapi_port": null,
    "webapi_url": "https://mriqc.nimh.nih.gov/api/v1"
  },
  "qi_1": 0.0,
  "qi_2": 0.0001229416920972504,
  "rpve_csf": 21.021099900990286,
  "rpve_gm": 11.392077337168942,
  "rpve_wm": 17.51858279286583,
  "size_x": 256,
  "size_y": 256,
  "size_z": 170,
  "snr_csf": 2.068616403222441,
  "snr_gm": 11.825116189613704,
  "snr_total": 14.290916117907337,
  "snr_wm": 28.97901576088587,
  "snrd_csf": 26.503511155299112,
  "snrd_gm": 81.89418258238021,
  "snrd_total": 74.43578709514125,
  "snrd_wm": 114.90966754774442,
  "spacing_x": 0.9765625596046448,
  "spacing_y": 0.9765625,
  "spacing_z": 1.0,
  "summary_bg_k": 12.892215674147936,
  "summary_bg_mad": 0.0,
  "summary_bg_mean": 2.6591824980400465,
  "summary_bg_median": 0.0,
  "summary_bg_n": 195395.0,
  "summary_bg_p05": 0.0,
  "summary_bg_p95": 15.908706173300743,
  "summary_bg_stdv": 5.701454451174098,
  "summary_csf_k": 0.4770661350826222,
  "summary_csf_mad": 107.60793581215884,
  "summary_csf_mean": 242.11196441986255,
  "summary_csf_median": 230.65206214785576,
  "summary_csf_n": 67199.0,
  "summary_csf_p05": 73.83767272531986,
  "summary_csf_p95": 444.47667825222015,
  "summary_csf_stdv": 111.49981484989401,
  "summary_gm_k": 0.14434002885945496,
  "summary_gm_mad": 59.53923430512853,
  "summary_gm_mean": 712.722063020547,
  "summary_gm_median": 712.7003656178713,
  "summary_gm_n": 53308.0,
  "summary_gm_p05": 614.2743126824498,
  "summary_gm_p95": 811.0454243805258,
  "summary_gm_stdv": 60.26948652490353,
  "summary_wm_k": 0.5969160104811335,
  "summary_wm_mad": 33.55130843443727,
  "summary_wm_mean": 999.7606797124557,
  "summary_wm_median": 1000.0241713374853,
  "summary_wm_n": 190036.0,
  "summary_wm_p05": 943.304073035717,
  "summary_wm_p95": 1055.3903371989727,
  "summary_wm_stdv": 34.50847152441144,
  "tpm_overlap_csf": 0.14671312821032198,
  "tpm_overlap_gm": 0.47224209364511566,
  "tpm_overlap_wm": 0.5059630056784271,
  "wm2max": 0.7995592584717094
}