{
  "bids_meta": {
    "AcquisitionMatrixPE": 250,
    "EchoTime": 0.0035,
    "EchoTrainLength": 213,
    "FlipAngle": 8,
    "MagneticFieldStrength": 3,
    "Manufacturer": "Philips",
    "ManufacturersModelName": "Ingenia",
    "PercentPhaseFOV": 79.6875,
    "PhaseEncodingSteps": 250,
    "PixelBandwidth": 334.024,
    "ProtocolName": "sT1W_3D_TFE_tra",
    "ReconMatrixPE": 256,
    "RepetitionTime": 0.0079,
    "ScanOptions": "OTHER",
    "ScanningSequence": "GR",
    "SequenceVariant": "MP",
    "SeriesDescription": "t1_mpr_ns_sag_p2_iso",
    "SliceThickness": 1,
    "SoftwareVersions": "5.6.1_5.6.1.0",
    "SpacingBetweenSlices": 1,
    "dataset": "ds003469",
    "modality": "T1w",
    "subject_id": "183"
  },
  "cjv": 0.2920442962205226,
  "cnr": 4.514570255476705,
  "efc": 0.7499311540061385,
  "fber": 17223.645956790122,
  "fwhm_avg": 4.694792293333333,
  "fwhm_x": 4.6678527999999995,
  "fwhm_y": 4.86545408,
  "fwhm_z": 4.55107,
  "icvs_csf": 0.2203519833003418,
  "icvs_gm": 0.46061624313531335,
  "icvs_wm": 0.31903177356434487,
  "inu_med": 0.5906546711921692,
  "inu_range": 0.3899236500263214,
  "provenance": {
    "md5sum": "e6af36cb6e175ddeb4eb23c9c947d96b",
    "settings": {
      "testing": false
    },
    "software": "mriqc",
    "version": "22.0.6",
    "warnings": {
      "large_rot_frame": true,
      "small_air_mask": true
    },
    "webapi_port": null,
    "webapi_url": "https://mriqc.nimh.nih.gov/api/v1"
  },
  "qi_1": 0.0,
  "qi_2": 9.811993913187234e-05,
  "rpve_csf": 20.165376223245495,
  "rpve_gm": 10.146616263036618,
  "rpve_wm": 16.134914041683395,
  "size_x": 256,
  "size_y": 256,
  "size_z": 170,
  "snr_csf": 2.097234607416687,
  "snr_gm": 12.533442933436683,
  "snr_total": 13.785247393131554,
  "snr_wm": 26.725064638541287,
  "snrd_csf": 20.887917886209557,
  "snrd_gm": 57.692806008238236,
  "snrd_total": 53.836405137714586,
  "snrd_wm": 82.92849151869598,
  "spacing_x": 0.9765625,
  "spacing_y": 0.9765625,
  "spacing_z": 1.0,
  "summary_bg_k": 5.082766093315657,
  "summary_bg_mad": 0.0,
  "summary_bg_mean": 5.00340792368755,
  "summary_bg_median": 0.0,
  "summary_bg_n": 286712.0,
  "summary_bg_p05": 0.0,
  "summary_bg_p95": 22.594497706741095,
  "summary_bg_stdv": 7.900213212608483,
  "summary_csf_k": 0.24147470004275506,
  "summary_csf_mad": 125.94382859622206,
  "summary_csf_mean": 259.0423315155788,
  "summary_csf_median": 251.88495841249824,
  "summary_csf_n": 56670.0,
  "summary_csf_p05": 71.2787745334208,
  "summary_csf_p95": 467.23299122396844,
  "summary_csf_stdv": 120.10231717916648,
  "summary_gm_k": 0.3766195576089917,
  "summary_gm_mad": 53.11664776945736,
  "summary_gm_mean": 695.6562319779276,
  "summary_gm_median": 695.7107990011573,
  "summary_gm_n": 68659.0,
  "summary_gm_p05": 604.6087855957448,
  "summary_gm_p95": 786.5631494484842,
  "summary_gm_stdv": 55.50795070887558,
  "summary_wm_k": 0.761738059056476,
  "summary_wm_mad": 35.75657264480544,
  "summary_wm_mean": 1000.1328613110787,
  "summary_wm_median": 1000.0249786116183,
  "summary_wm_n": 197955.0,
  "summary_wm_p05": 939.5566101633012,
  "summary_wm_p95": 1061.1924033425748,
  "summary_wm_stdv": 37.41889743744857,
  "tpm_overlap_csf": 0.14955142055972417,
  "tpm_overlap_gm": 0.4858628815548672,
  "tpm_overlap_wm": 0.500148592005159,
  "wm2max": 0.8426798283066236
}