{
  "aor": 0.0013201666666666668,
  "aqi": 0.010396051866666665,
  "bids_meta": {
    "AcquisitionMatrixPE": 62,
    "BodyPartExamined": "BRAIN",
    "EchoTime": 0.035001,
    "EffectiveEchoSpacing": 0.0003157835674478,
    "FlipAngle": 90,
    "ImageType": [
      "ORIGINAL",
      "PRIMARY",
      "M",
      "FFE",
      "M",
      "FFE"
    ],
    "InPlanePhaseEncodingDirectionDICOM": "COL",
    "Instructions": "Participants were asked to close their eyes, to not fall asleep, and to avoid consistent thinking about same topic during the period of scanning",
    "MRAcquisitionType": "2D",
    "MagneticFieldStrength": 3,
    "Manufacturer": "Philips",
    "ManufacturersModelName": "Ingenia",
    "NumberOfVolumesDiscardedByScanner": 0,
    "NumberOfVolumesDiscardedByUser (copy)": 0,
    "PatientPosition": "HFS",
    "PercentPhaseFOV": 100,
    "PhaseEncodingDirection": "j",
    "PhaseEncodingSteps": 62,
    "ReconMatrixPE": 64,
    "RepetitionTime": 2,
    "ScanOptions": "FS",
    "ScanningSequence": "GR",
    "SequenceVariant": "SK",
    "SliceThickness": 3.1,
    "SliceTiming": [
      0,
      0.0588,
      0.1176,
      0.1764,
      0.2352,
      0.2939,
      0.3527,
      0.4115,
      0.4703,
      0.5291,
      0.5879,
      0.6467,
      0.7055,
      0.7642,
      0.823,
      0.8818,
      0.9406,
      0.9994,
      1.0582,
      1.117,
      1.1758,
      1.2345,
      1.2933,
      1.3521,
      1.4109,
      1.4697,
      1.5285,
      1.5873,
      1.6461,
      1.7048,
      1.7636,
      1.8224,
      1.8812,
      1.94
    ],
    "SpacingBetweenSlices": 3.41,
    "TaskName": "rest",
    "TotalReadoutTime": 0.019894364749211,
    "dataset": "ds003469",
    "modality": "bold",
    "subject_id": "043",
    "task_id": "rest"
  },
  "dummy_trs": 0,
  "dvars_nstd": 29.338009103913066,
  "dvars_std": 1.1848524501672242,
  "dvars_vstd": 0.9727839446153844,
  "efc": 0.5137302897539303,
  "fber": 20358.05859375,
  "fd_mean": 0.21261803186566364,
  "fd_num": 139,
  "fd_perc": 46.333333333333336,
  "fwhm_avg": 1.9091674213551064,
  "fwhm_x": 1.8868194879058056,
  "fwhm_y": 2.1012576000000003,
  "fwhm_z": 1.7394251761595132,
  "gcor": 0.00968322,
  "gsr_x": -0.01237232144922018,
  "gsr_y": 0.04238152503967285,
  "provenance": {
    "md5sum": "f51f90ee6017a528fae279e3ae2bcf94",
    "settings": {
      "fd_thres": 0.2,
      "testing": false
    },
    "software": "mriqc",
    "version": "22.0.6",
    "webapi_port": null,
    "webapi_url": "https://mriqc.nimh.nih.gov/api/v1"
  },
  "size_t": 300,
  "size_x": 64,
  "size_y": 64,
  "size_z": 34,
  "snr": 5.502547678877921,
  "spacing_tr": 1.999998688697815,
  "spacing_x": 3.124999523162842,
  "spacing_y": 3.125,
  "spacing_z": 3.4100000858306885,
  "summary_bg_k": 137.15816146286144,
  "summary_bg_mad": 653.2622678314538,
  "summary_bg_mean": 2109.770751953125,
  "summary_bg_median": 453.48541259765625,
  "summary_bg_n": 78175.0,
  "summary_bg_p05": 2.5437636852264407,
  "summary_bg_p95": 7665.008300781251,
  "summary_bg_stdv": 6767.029296875,
  "summary_fg_k": 1.8059782810038163,
  "summary_fg_mad": 11480.258082497076,
  "summary_fg_mean": 70970.1875,
  "summary_fg_median": 69642.2265625,
  "summary_fg_n": 29718.0,
  "summary_fg_p05": 53026.8228515625,
  "summary_fg_p95": 92299.25742187498,
  "summary_fg_stdv": 12656.1474609375,
  "tsnr": 61.17290496826172
}