{
  "aor": 0.0019572333333333332,
  "aqi": 0.006038180733333333,
  "bids_meta": {
    "AcquisitionMatrixPE": 62,
    "BodyPartExamined": "BRAIN",
    "EchoTime": 0.035001,
    "EffectiveEchoSpacing": 0.0003157835674478,
    "FlipAngle": 90,
    "ImageType": [
      "ORIGINAL",
      "PRIMARY",
      "M",
      "FFE",
      "M",
      "FFE"
    ],
    "InPlanePhaseEncodingDirectionDICOM": "COL",
    "Instructions": "Participants were asked to close their eyes, to not fall asleep, and to avoid consistent thinking about same topic during the period of scanning",
    "MRAcquisitionType": "2D",
    "MagneticFieldStrength": 3,
    "Manufacturer": "Philips",
    "ManufacturersModelName": "Ingenia",
    "NumberOfVolumesDiscardedByScanner": 0,
    "NumberOfVolumesDiscardedByUser (copy)": 0,
    "PatientPosition": "HFS",
    "PercentPhaseFOV": 100,
    "PhaseEncodingDirection": "j",
    "PhaseEncodingSteps": 62,
    "ReconMatrixPE": 64,
    "RepetitionTime": 2,
    "ScanOptions": "FS",
    "ScanningSequence": "GR",
    "SequenceVariant": "SK",
    "SliceThickness": 3.1,
    "SliceTiming": [
      0,
      0.0588,
      0.1176,
      0.1764,
      0.2352,
      0.2939,
      0.3527,
      0.4115,
      0.4703,
      0.5291,
      0.5879,
      0.6467,
      0.7055,
      0.7642,
      0.823,
      0.8818,
      0.9406,
      0.9994,
      1.0582,
      1.117,
      1.1758,
      1.2345,
      1.2933,
      1.3521,
      1.4109,
      1.4697,
      1.5285,
      1.5873,
      1.6461,
      1.7048,
      1.7636,
      1.8224,
      1.8812,
      1.94
    ],
    "SpacingBetweenSlices": 3.41,
    "TaskName": "rest",
    "TotalReadoutTime": 0.019894364749211,
    "dataset": "ds003469",
    "modality": "bold",
    "subject_id": "159",
    "task_id": "rest"
  },
  "dummy_trs": 0,
  "dvars_nstd": 22.090835469364553,
  "dvars_std": 1.1126381367892983,
  "dvars_vstd": 1.0104664271571888,
  "efc": 0.4889800762102497,
  "fber": 38515.125,
  "fd_mean": 0.152841261585822,
  "fd_num": 52,
  "fd_perc": 17.333333333333332,
  "fwhm_avg": 2.078410502297817,
  "fwhm_x": 1.9951358477832146,
  "fwhm_y": 2.3776734185979143,
  "fwhm_z": 1.8624222405123216,
  "gcor": 0.0424237,
  "gsr_x": -0.0029636865947395563,
  "gsr_y": 0.03916728124022484,
  "provenance": {
    "md5sum": "c49363cb25a4fc775de3cf033e82abc1",
    "settings": {
      "fd_thres": 0.2,
      "testing": false
    },
    "software": "mriqc",
    "version": "22.0.6",
    "webapi_port": null,
    "webapi_url": "https://mriqc.nimh.nih.gov/api/v1"
  },
  "size_t": 300,
  "size_x": 64,
  "size_y": 64,
  "size_z": 34,
  "snr": 5.420941821490466,
  "spacing_tr": 1.999998688697815,
  "spacing_x": 3.125000238418579,
  "spacing_y": 3.125000238418579,
  "spacing_z": 3.4100000858306885,
  "summary_bg_k": 175.5453685330999,
  "summary_bg_mad": 511.07982628687,
  "summary_bg_mean": 1602.1715087890625,
  "summary_bg_median": 350.1935729980469,
  "summary_bg_n": 80877.0,
  "summary_bg_p05": 1.8912199735641484,
  "summary_bg_p95": 6104.119628906246,
  "summary_bg_stdv": 4702.9052734375,
  "summary_fg_k": 1.619561125992944,
  "summary_fg_mad": 12655.45778867432,
  "summary_fg_mean": 74789.578125,
  "summary_fg_median": 74129.4453125,
  "summary_fg_n": 27494.0,
  "summary_fg_p05": 54183.1830078125,
  "summary_fg_p95": 97052.409765625,
  "summary_fg_stdv": 13674.39453125,
  "tsnr": 63.152565002441406
}