{
  "bids_meta": {
    "AcquisitionMatrixPE": 250,
    "EchoTime": 0.0035,
    "EchoTrainLength": 213,
    "FlipAngle": 8,
    "MagneticFieldStrength": 3,
    "Manufacturer": "Philips",
    "ManufacturersModelName": "Ingenia",
    "PercentPhaseFOV": 79.6875,
    "PhaseEncodingSteps": 250,
    "PixelBandwidth": 334.024,
    "ProtocolName": "sT1W_3D_TFE_tra",
    "ReconMatrixPE": 256,
    "RepetitionTime": 0.0079,
    "ScanOptions": "OTHER",
    "ScanningSequence": "GR",
    "SequenceVariant": "MP",
    "SeriesDescription": "t1_mpr_ns_sag_p2_iso",
    "SliceThickness": 1,
    "SoftwareVersions": "5.6.1_5.6.1.0",
    "SpacingBetweenSlices": 1,
    "dataset": "ds003469",
    "modality": "T1w",
    "subject_id": "212"
  },
  "cjv": 0.2966057058515628,
  "cnr": 4.50783449229786,
  "efc": 0.7275381521392593,
  "fber": 9809.548625847523,
  "fwhm_avg": 4.726345131218756,
  "fwhm_x": 4.58483712,
  "fwhm_y": 5.0030079999999995,
  "fwhm_z": 4.591190273656266,
  "icvs_csf": 0.19434256303380298,
  "icvs_gm": 0.4413836029801345,
  "icvs_wm": 0.3642738339860625,
  "inu_med": 0.45026829838752747,
  "inu_range": 0.24578309059143066,
  "provenance": {
    "md5sum": "b769ff5d3b20f18cfec7f726c4a3d7c2",
    "settings": {
      "testing": false
    },
    "software": "mriqc",
    "version": "22.0.6",
    "warnings": {
      "large_rot_frame": true,
      "small_air_mask": true
    },
    "webapi_port": null,
    "webapi_url": "https://mriqc.nimh.nih.gov/api/v1"
  },
  "qi_1": 0.0,
  "qi_2": 0.00010944482984748198,
  "rpve_csf": 27.8573859031857,
  "rpve_gm": 13.25416453263116,
  "rpve_wm": 18.726649762078353,
  "size_x": 256,
  "size_y": 256,
  "size_z": 170,
  "snr_csf": 2.4218237000191456,
  "snr_gm": 12.9425809262855,
  "snr_total": 15.728271435794097,
  "snr_wm": 31.820409681077642,
  "snrd_csf": 29.681994644480646,
  "snrd_gm": 70.01979289149982,
  "snrd_total": 65.98547181963079,
  "snrd_wm": 98.2546279229119,
  "spacing_x": 0.9765625,
  "spacing_y": 0.9765625,
  "spacing_z": 0.9999999403953552,
  "summary_bg_k": 7.665841723159522,
  "summary_bg_mad": 0.0,
  "summary_bg_mean": 3.976845151483663,
  "summary_bg_median": 0.0,
  "summary_bg_n": 176367.0,
  "summary_bg_p05": 0.0,
  "summary_bg_p95": 18.116466000676155,
  "summary_bg_stdv": 6.667740907595969,
  "summary_csf_k": -0.3621522813762881,
  "summary_csf_mad": 131.66367734193403,
  "summary_csf_mean": 298.9970900308364,
  "summary_csf_median": 302.09258699417114,
  "summary_csf_n": 22740.0,
  "summary_csf_p05": 85.45828280672431,
  "summary_csf_p95": 491.91369520798327,
  "summary_csf_stdv": 124.73490312343569,
  "summary_gm_k": 0.3580686743511481,
  "summary_gm_mad": 53.74965195047552,
  "summary_gm_mean": 712.091776618652,
  "summary_gm_median": 712.6360822021961,
  "summary_gm_n": 51330.0,
  "summary_gm_p05": 621.1035156697035,
  "summary_gm_p95": 800.1611294597387,
  "summary_gm_stdv": 55.06082167968399,
  "summary_wm_k": 0.17891362471469563,
  "summary_wm_mad": 31.48412661258623,
  "summary_wm_mean": 999.6985562325711,
  "summary_wm_median": 1000.0000029951334,
  "summary_wm_n": 200531.0,
  "summary_wm_p05": 948.2327694743872,
  "summary_wm_p95": 1050.4658256173134,
  "summary_wm_stdv": 31.42629273584121,
  "tpm_overlap_csf": 0.15116521604886765,
  "tpm_overlap_gm": 0.49070997785466325,
  "tpm_overlap_wm": 0.5275963322685637,
  "wm2max": 0.9213664662746699
}