{
  "aor": 0.0009590666666666666,
  "aqi": 0.006464157633333334,
  "bids_meta": {
    "AcquisitionMatrixPE": 62,
    "BodyPartExamined": "BRAIN",
    "EchoTime": 0.035001,
    "EffectiveEchoSpacing": 0.0003157835674478,
    "FlipAngle": 90,
    "ImageType": [
      "ORIGINAL",
      "PRIMARY",
      "M",
      "FFE",
      "M",
      "FFE"
    ],
    "InPlanePhaseEncodingDirectionDICOM": "COL",
    "Instructions": "Participants were asked to close their eyes, to not fall asleep, and to avoid consistent thinking about same topic during the period of scanning",
    "MRAcquisitionType": "2D",
    "MagneticFieldStrength": 3,
    "Manufacturer": "Philips",
    "ManufacturersModelName": "Ingenia",
    "NumberOfVolumesDiscardedByScanner": 0,
    "NumberOfVolumesDiscardedByUser (copy)": 0,
    "PatientPosition": "HFS",
    "PercentPhaseFOV": 100,
    "PhaseEncodingDirection": "j",
    "PhaseEncodingSteps": 62,
    "ReconMatrixPE": 64,
    "RepetitionTime": 2,
    "ScanOptions": "FS",
    "ScanningSequence": "GR",
    "SequenceVariant": "SK",
    "SliceThickness": 3.1,
    "SliceTiming": [
      0,
      0.0588,
      0.1176,
      0.1764,
      0.2352,
      0.2939,
      0.3527,
      0.4115,
      0.4703,
      0.5291,
      0.5879,
      0.6467,
      0.7055,
      0.7642,
      0.823,
      0.8818,
      0.9406,
      0.9994,
      1.0582,
      1.117,
      1.1758,
      1.2345,
      1.2933,
      1.3521,
      1.4109,
      1.4697,
      1.5285,
      1.5873,
      1.6461,
      1.7048,
      1.7636,
      1.8224,
      1.8812,
      1.94
    ],
    "SpacingBetweenSlices": 3.41,
    "TaskName": "rest",
    "TotalReadoutTime": 0.019894364749211,
    "dataset": "ds003469",
    "modality": "bold",
    "subject_id": "212",
    "task_id": "rest"
  },
  "dummy_trs": 0,
  "dvars_nstd": 22.902169383913055,
  "dvars_std": 1.2195358178929774,
  "dvars_vstd": 1.0021369309030097,
  "efc": 0.4637276070911824,
  "fber": 52726.453125,
  "fd_mean": 0.15209051439209578,
  "fd_num": 58,
  "fd_perc": 19.333333333333332,
  "fwhm_avg": 2.0986013458755832,
  "fwhm_x": 2.0788353586025514,
  "fwhm_y": 2.3592032,
  "fwhm_z": 1.8577654790241982,
  "gcor": 0.0452158,
  "gsr_x": -0.000770724902395159,
  "gsr_y": 0.01790868677198887,
  "provenance": {
    "md5sum": "9e39ce8bbb354f0e7d2c5efec35ccdfe",
    "settings": {
      "fd_thres": 0.2,
      "testing": false
    },
    "software": "mriqc",
    "version": "22.0.6",
    "webapi_port": null,
    "webapi_url": "https://mriqc.nimh.nih.gov/api/v1"
  },
  "size_t": 300,
  "size_x": 64,
  "size_y": 64,
  "size_z": 34,
  "snr": 6.786389275635843,
  "spacing_tr": 1.999998688697815,
  "spacing_x": 3.124999761581421,
  "spacing_y": 3.125,
  "spacing_z": 3.4099998474121094,
  "summary_bg_k": 102.28804880810101,
  "summary_bg_mad": 427.86834552774764,
  "summary_bg_mean": 1794.8818359375,
  "summary_bg_median": 295.9039001464844,
  "summary_bg_n": 85983.0,
  "summary_bg_p05": 1.3229621529579165,
  "summary_bg_p95": 7782.01494140624,
  "summary_bg_stdv": 5216.6103515625,
  "summary_fg_k": 2.1170576646962624,
  "summary_fg_mad": 9568.430938904268,
  "summary_fg_mean": 72332.609375,
  "summary_fg_median": 72162.984375,
  "summary_fg_n": 23364.0,
  "summary_fg_p05": 55698.8154296875,
  "summary_fg_p95": 89242.50898437499,
  "summary_fg_stdv": 10633.259765625,
  "tsnr": 75.4273681640625
}