{
  "bids_meta": {
    "AcquisitionMatrixPE": 250,
    "EchoTime": 0.0035,
    "EchoTrainLength": 213,
    "FlipAngle": 8,
    "MagneticFieldStrength": 3,
    "Manufacturer": "Philips",
    "ManufacturersModelName": "Ingenia",
    "PercentPhaseFOV": 79.6875,
    "PhaseEncodingSteps": 250,
    "PixelBandwidth": 334.024,
    "ProtocolName": "sT1W_3D_TFE_tra",
    "ReconMatrixPE": 256,
    "RepetitionTime": 0.0079,
    "ScanOptions": "OTHER",
    "ScanningSequence": "GR",
    "SequenceVariant": "MP",
    "SeriesDescription": "t1_mpr_ns_sag_p2_iso",
    "SliceThickness": 1,
    "SoftwareVersions": "5.6.1_5.6.1.0",
    "SpacingBetweenSlices": 1,
    "dataset": "ds003469",
    "modality": "T1w",
    "subject_id": "035"
  },
  "cjv": 0.3093388127489307,
  "cnr": 4.440600389232506,
  "efc": 0.746910082268233,
  "fber": 22664.93530636526,
  "fwhm_avg": 4.575766222885862,
  "fwhm_x": 4.6532610840125175,
  "fwhm_y": 4.71330758464507,
  "fwhm_z": 4.36073,
  "icvs_csf": 0.20064925698939334,
  "icvs_gm": 0.4560529881725209,
  "icvs_wm": 0.3432977548380858,
  "inu_med": 0.4508758932352066,
  "inu_range": 0.21641136705875397,
  "provenance": {
    "md5sum": "b662b01386befe47f6af51b5ff8da999",
    "settings": {
      "testing": false
    },
    "software": "mriqc",
    "version": "22.0.6",
    "warnings": {
      "large_rot_frame": true,
      "small_air_mask": true
    },
    "webapi_port": null,
    "webapi_url": "https://mriqc.nimh.nih.gov/api/v1"
  },
  "qi_1": 0.0,
  "qi_2": 8.587417899265486e-05,
  "rpve_csf": 23.354365926987004,
  "rpve_gm": 11.249171066796535,
  "rpve_wm": 17.03707600681532,
  "size_x": 256,
  "size_y": 256,
  "size_z": 170,
  "snr_csf": 2.4306866036616994,
  "snr_gm": 13.08572961030302,
  "snr_total": 14.393625407622501,
  "snr_wm": 27.664460008902786,
  "snrd_csf": 23.177568470901733,
  "snrd_gm": 59.290403208086886,
  "snrd_total": 55.37393024038008,
  "snrd_wm": 83.65381904215162,
  "spacing_x": 0.9765624403953552,
  "spacing_y": 0.9765626192092896,
  "spacing_z": 1.0,
  "summary_bg_k": 7.980386280975125,
  "summary_bg_mad": 0.0,
  "summary_bg_mean": 4.445641540512236,
  "summary_bg_median": 0.0,
  "summary_bg_n": 318855.0,
  "summary_bg_p05": 0.0,
  "summary_bg_p95": 20.412477008998394,
  "summary_bg_stdv": 7.831701824408768,
  "summary_csf_k": 0.5771226996954777,
  "summary_csf_mad": 112.0344634739154,
  "summary_csf_mean": 284.433683432517,
  "summary_csf_median": 277.07177509739995,
  "summary_csf_n": 25904.0,
  "summary_csf_p05": 112.94160107113422,
  "summary_csf_p95": 486.2479872826486,
  "summary_csf_stdv": 113.98689842548423,
  "summary_gm_k": 0.163514328552278,
  "summary_gm_mad": 54.293356716143634,
  "summary_gm_mean": 709.0241686089945,
  "summary_gm_median": 708.7756976634264,
  "summary_gm_n": 54656.0,
  "summary_gm_p05": 621.3355990834534,
  "summary_gm_p95": 797.167125724256,
  "summary_gm_stdv": 54.16352276651075,
  "summary_wm_k": 0.24114003025007325,
  "summary_wm_mad": 35.800879220138334,
  "summary_wm_mean": 999.382350001186,
  "summary_wm_median": 1000.0234565064311,
  "summary_wm_n": 204801.0,
  "summary_wm_p05": 939.2558178156614,
  "summary_wm_p95": 1057.056246124208,
  "summary_wm_stdv": 36.14822102907612,
  "tpm_overlap_csf": 0.14442064820179576,
  "tpm_overlap_gm": 0.47759386895022254,
  "tpm_overlap_wm": 0.5111476828309961,
  "wm2max": 0.8082680776105036
}