{
  "aor": 0.0014218666666666667,
  "aqi": 0.005245333833333333,
  "bids_meta": {
    "AcquisitionMatrixPE": 62,
    "BodyPartExamined": "BRAIN",
    "EchoTime": 0.035001,
    "EffectiveEchoSpacing": 0.0003157835674478,
    "FlipAngle": 90,
    "ImageType": [
      "ORIGINAL",
      "PRIMARY",
      "M",
      "FFE",
      "M",
      "FFE"
    ],
    "InPlanePhaseEncodingDirectionDICOM": "COL",
    "Instructions": "Participants were asked to close their eyes, to not fall asleep, and to avoid consistent thinking about same topic during the period of scanning",
    "MRAcquisitionType": "2D",
    "MagneticFieldStrength": 3,
    "Manufacturer": "Philips",
    "ManufacturersModelName": "Ingenia",
    "NumberOfVolumesDiscardedByScanner": 0,
    "NumberOfVolumesDiscardedByUser (copy)": 0,
    "PatientPosition": "HFS",
    "PercentPhaseFOV": 100,
    "PhaseEncodingDirection": "j",
    "PhaseEncodingSteps": 62,
    "ReconMatrixPE": 64,
    "RepetitionTime": 2,
    "ScanOptions": "FS",
    "ScanningSequence": "GR",
    "SequenceVariant": "SK",
    "SliceThickness": 3.1,
    "SliceTiming": [
      0,
      0.0588,
      0.1176,
      0.1764,
      0.2352,
      0.2939,
      0.3527,
      0.4115,
      0.4703,
      0.5291,
      0.5879,
      0.6467,
      0.7055,
      0.7642,
      0.823,
      0.8818,
      0.9406,
      0.9994,
      1.0582,
      1.117,
      1.1758,
      1.2345,
      1.2933,
      1.3521,
      1.4109,
      1.4697,
      1.5285,
      1.5873,
      1.6461,
      1.7048,
      1.7636,
      1.8224,
      1.8812,
      1.94
    ],
    "SpacingBetweenSlices": 3.41,
    "TaskName": "rest",
    "TotalReadoutTime": 0.019894364749211,
    "dataset": "ds003469",
    "modality": "bold",
    "subject_id": "166",
    "task_id": "rest"
  },
  "dummy_trs": 0,
  "dvars_nstd": 20.41642798210702,
  "dvars_std": 1.1424840233779259,
  "dvars_vstd": 0.9967174266555191,
  "efc": 0.4633787954824101,
  "fber": 21542.974609375,
  "fd_mean": 0.10976968912681466,
  "fd_num": 29,
  "fd_perc": 9.666666666666666,
  "fwhm_avg": 2.145325556317745,
  "fwhm_x": 2.0841372819858885,
  "fwhm_y": 2.331868622092543,
  "fwhm_z": 2.019970764874803,
  "gcor": 0.0612592,
  "gsr_x": -0.0005098895053379238,
  "gsr_y": 0.025087054818868637,
  "provenance": {
    "md5sum": "12d8db739d6b00764b75ae60a7fddda2",
    "settings": {
      "fd_thres": 0.2,
      "testing": false
    },
    "software": "mriqc",
    "version": "22.0.6",
    "webapi_port": null,
    "webapi_url": "https://mriqc.nimh.nih.gov/api/v1"
  },
  "size_t": 300,
  "size_x": 64,
  "size_y": 64,
  "size_z": 34,
  "snr": 5.4233148805583085,
  "spacing_tr": 1.999998688697815,
  "spacing_x": 3.125000476837158,
  "spacing_y": 3.125000238418579,
  "spacing_z": 3.4099998474121094,
  "summary_bg_k": 90.97215717159898,
  "summary_bg_mad": 680.9905387716095,
  "summary_bg_mean": 1809.7930908203125,
  "summary_bg_median": 476.84588623046875,
  "summary_bg_n": 85601.0,
  "summary_bg_p05": 3.3579647541046143,
  "summary_bg_p95": 7285.69091796875,
  "summary_bg_stdv": 4630.333984375,
  "summary_fg_k": 1.1496301230444281,
  "summary_fg_mad": 12290.468342128348,
  "summary_fg_mean": 73724.8828125,
  "summary_fg_median": 73166.5625,
  "summary_fg_n": 23548.0,
  "summary_fg_p05": 52329.1814453125,
  "summary_fg_p95": 96122.57226562497,
  "summary_fg_stdv": 13490.828125,
  "tsnr": 69.68797302246094
}