{
  "aor": 0.003450499999999999,
  "aqi": 0.007151718666666667,
  "bids_meta": {
    "AcquisitionMatrixPE": 62,
    "BodyPartExamined": "BRAIN",
    "EchoTime": 0.035001,
    "EffectiveEchoSpacing": 0.0003157835674478,
    "FlipAngle": 90,
    "ImageType": [
      "ORIGINAL",
      "PRIMARY",
      "M",
      "FFE",
      "M",
      "FFE"
    ],
    "InPlanePhaseEncodingDirectionDICOM": "COL",
    "Instructions": "Participants were asked to close their eyes, to not fall asleep, and to avoid consistent thinking about same topic during the period of scanning",
    "MRAcquisitionType": "2D",
    "MagneticFieldStrength": 3,
    "Manufacturer": "Philips",
    "ManufacturersModelName": "Ingenia",
    "NumberOfVolumesDiscardedByScanner": 0,
    "NumberOfVolumesDiscardedByUser (copy)": 0,
    "PatientPosition": "HFS",
    "PercentPhaseFOV": 100,
    "PhaseEncodingDirection": "j",
    "PhaseEncodingSteps": 62,
    "ReconMatrixPE": 64,
    "RepetitionTime": 2,
    "ScanOptions": "FS",
    "ScanningSequence": "GR",
    "SequenceVariant": "SK",
    "SliceThickness": 3.1,
    "SliceTiming": [
      0,
      0.0588,
      0.1176,
      0.1764,
      0.2352,
      0.2939,
      0.3527,
      0.4115,
      0.4703,
      0.5291,
      0.5879,
      0.6467,
      0.7055,
      0.7642,
      0.823,
      0.8818,
      0.9406,
      0.9994,
      1.0582,
      1.117,
      1.1758,
      1.2345,
      1.2933,
      1.3521,
      1.4109,
      1.4697,
      1.5285,
      1.5873,
      1.6461,
      1.7048,
      1.7636,
      1.8224,
      1.8812,
      1.94
    ],
    "SpacingBetweenSlices": 3.41,
    "TaskName": "rest",
    "TotalReadoutTime": 0.019894364749211,
    "dataset": "ds003469",
    "modality": "bold",
    "subject_id": "049",
    "task_id": "rest"
  },
  "dummy_trs": 0,
  "dvars_nstd": 21.158476743210684,
  "dvars_std": 1.1396238970903003,
  "dvars_vstd": 1.0338999526421406,
  "efc": 0.4889613514065484,
  "fber": 59969.65625,
  "fd_mean": 0.17534767370687696,
  "fd_num": 66,
  "fd_perc": 22.0,
  "fwhm_avg": 2.122537006511013,
  "fwhm_x": 2.094371359787854,
  "fwhm_y": 2.3711456,
  "fwhm_z": 1.9020940597451856,
  "gcor": 0.052483,
  "gsr_x": -0.010436702519655228,
  "gsr_y": 0.03841756284236908,
  "provenance": {
    "md5sum": "48aab493bd40e9e64d1fc06a81974124",
    "settings": {
      "fd_thres": 0.2,
      "testing": false
    },
    "software": "mriqc",
    "version": "22.0.6",
    "webapi_port": null,
    "webapi_url": "https://mriqc.nimh.nih.gov/api/v1"
  },
  "size_t": 300,
  "size_x": 64,
  "size_y": 64,
  "size_z": 34,
  "snr": 5.562728354436474,
  "spacing_tr": 1.999998688697815,
  "spacing_x": 3.124999761581421,
  "spacing_y": 3.125,
  "spacing_z": 3.4099996089935303,
  "summary_bg_k": 149.8279353987748,
  "summary_bg_mad": 398.8470189035362,
  "summary_bg_mean": 1615.8155517578125,
  "summary_bg_median": 273.7647399902344,
  "summary_bg_n": 80805.0,
  "summary_bg_p05": 1.8551698684692386,
  "summary_bg_p95": 5743.310937500002,
  "summary_bg_stdv": 5200.33154296875,
  "summary_fg_k": 2.354298210097813,
  "summary_fg_mad": 11877.914004876959,
  "summary_fg_mean": 73685.875,
  "summary_fg_median": 73146.3671875,
  "summary_fg_n": 27621.0,
  "summary_fg_p05": 53803.03515625,
  "summary_fg_p95": 94980.5390625,
  "summary_fg_stdv": 13149.130859375,
  "tsnr": 67.80439758300781
}