{
  "aor": 0.0016726666666666667,
  "aqi": 0.007162993933333333,
  "bids_meta": {
    "AcquisitionMatrixPE": 62,
    "BodyPartExamined": "BRAIN",
    "EchoTime": 0.035001,
    "EffectiveEchoSpacing": 0.0003157835674478,
    "FlipAngle": 90,
    "ImageType": [
      "ORIGINAL",
      "PRIMARY",
      "M",
      "FFE",
      "M",
      "FFE"
    ],
    "InPlanePhaseEncodingDirectionDICOM": "COL",
    "Instructions": "Participants were asked to close their eyes, to not fall asleep, and to avoid consistent thinking about same topic during the period of scanning",
    "MRAcquisitionType": "2D",
    "MagneticFieldStrength": 3,
    "Manufacturer": "Philips",
    "ManufacturersModelName": "Ingenia",
    "NumberOfVolumesDiscardedByScanner": 0,
    "NumberOfVolumesDiscardedByUser (copy)": 0,
    "PatientPosition": "HFS",
    "PercentPhaseFOV": 100,
    "PhaseEncodingDirection": "j",
    "PhaseEncodingSteps": 62,
    "ReconMatrixPE": 64,
    "RepetitionTime": 2,
    "ScanOptions": "FS",
    "ScanningSequence": "GR",
    "SequenceVariant": "SK",
    "SliceThickness": 3.1,
    "SliceTiming": [
      0,
      0.0588,
      0.1176,
      0.1764,
      0.2352,
      0.2939,
      0.3527,
      0.4115,
      0.4703,
      0.5291,
      0.5879,
      0.6467,
      0.7055,
      0.7642,
      0.823,
      0.8818,
      0.9406,
      0.9994,
      1.0582,
      1.117,
      1.1758,
      1.2345,
      1.2933,
      1.3521,
      1.4109,
      1.4697,
      1.5285,
      1.5873,
      1.6461,
      1.7048,
      1.7636,
      1.8224,
      1.8812,
      1.94
    ],
    "SpacingBetweenSlices": 3.41,
    "TaskName": "rest",
    "TotalReadoutTime": 0.019894364749211,
    "dataset": "ds003469",
    "modality": "bold",
    "subject_id": "208",
    "task_id": "rest"
  },
  "dummy_trs": 0,
  "dvars_nstd": 24.78182225568563,
  "dvars_std": 1.1560866867892974,
  "dvars_vstd": 1.0127508633444813,
  "efc": 0.523914318315671,
  "fber": 7791.3251953125,
  "fd_mean": 0.2305975704796441,
  "fd_num": 158,
  "fd_perc": 52.666666666666664,
  "fwhm_avg": 1.9910603838332737,
  "fwhm_x": 1.9568544,
  "fwhm_y": 2.1862976,
  "fwhm_z": 1.8300291514998206,
  "gcor": 0.0618337,
  "gsr_x": -0.004218515940010548,
  "gsr_y": 0.030317354947328568,
  "provenance": {
    "md5sum": "e30e729aafb88a2e0041f2a55a61d488",
    "settings": {
      "fd_thres": 0.2,
      "testing": false
    },
    "software": "mriqc",
    "version": "22.0.6",
    "webapi_port": null,
    "webapi_url": "https://mriqc.nimh.nih.gov/api/v1"
  },
  "size_t": 300,
  "size_x": 64,
  "size_y": 64,
  "size_z": 34,
  "snr": 6.084661205487348,
  "spacing_tr": 1.999998688697815,
  "spacing_x": 3.125,
  "spacing_y": 3.125,
  "spacing_z": 3.4100003242492676,
  "summary_bg_k": 108.4928159767131,
  "summary_bg_mad": 1095.0244552812778,
  "summary_bg_mean": 2371.789794921875,
  "summary_bg_median": 777.5089721679688,
  "summary_bg_n": 77621.0,
  "summary_bg_p05": 5.6135101318359375,
  "summary_bg_p95": 9566.31640625,
  "summary_bg_stdv": 5789.384765625,
  "summary_fg_k": 2.402337794711327,
  "summary_fg_mad": 10791.351903989666,
  "summary_fg_mean": 73986.0859375,
  "summary_fg_median": 73581.5625,
  "summary_fg_n": 29956.0,
  "summary_fg_p05": 55976.646484375,
  "summary_fg_p95": 93215.576171875,
  "summary_fg_stdv": 12092.7578125,
  "tsnr": 63.67011260986328
}