{
  "aor": 0.0018728,
  "aqi": 0.009553232866666666,
  "bids_meta": {
    "AcquisitionMatrixPE": 62,
    "BodyPartExamined": "BRAIN",
    "EchoTime": 0.035001,
    "EffectiveEchoSpacing": 0.0003157835674478,
    "FlipAngle": 90,
    "ImageType": [
      "ORIGINAL",
      "PRIMARY",
      "M",
      "FFE",
      "M",
      "FFE"
    ],
    "InPlanePhaseEncodingDirectionDICOM": "COL",
    "Instructions": "Participants were asked to close their eyes, to not fall asleep, and to avoid consistent thinking about same topic during the period of scanning",
    "MRAcquisitionType": "2D",
    "MagneticFieldStrength": 3,
    "Manufacturer": "Philips",
    "ManufacturersModelName": "Ingenia",
    "NumberOfVolumesDiscardedByScanner": 0,
    "NumberOfVolumesDiscardedByUser (copy)": 0,
    "PatientPosition": "HFS",
    "PercentPhaseFOV": 100,
    "PhaseEncodingDirection": "j",
    "PhaseEncodingSteps": 62,
    "ReconMatrixPE": 64,
    "RepetitionTime": 2,
    "ScanOptions": "FS",
    "ScanningSequence": "GR",
    "SequenceVariant": "SK",
    "SliceThickness": 3.1,
    "SliceTiming": [
      0,
      0.0588,
      0.1176,
      0.1764,
      0.2352,
      0.2939,
      0.3527,
      0.4115,
      0.4703,
      0.5291,
      0.5879,
      0.6467,
      0.7055,
      0.7642,
      0.823,
      0.8818,
      0.9406,
      0.9994,
      1.0582,
      1.117,
      1.1758,
      1.2345,
      1.2933,
      1.3521,
      1.4109,
      1.4697,
      1.5285,
      1.5873,
      1.6461,
      1.7048,
      1.7636,
      1.8224,
      1.8812,
      1.94
    ],
    "SpacingBetweenSlices": 3.41,
    "TaskName": "rest",
    "TotalReadoutTime": 0.019894364749211,
    "dataset": "ds003469",
    "modality": "bold",
    "subject_id": "030",
    "task_id": "rest"
  },
  "dummy_trs": 0,
  "dvars_nstd": 23.737598521103674,
  "dvars_std": 1.1081645202675585,
  "dvars_vstd": 0.9974527274247488,
  "efc": 0.5008821469381429,
  "fber": 32897.41015625,
  "fd_mean": 0.20793037025504837,
  "fd_num": 117,
  "fd_perc": 39.0,
  "fwhm_avg": 1.9976651929499167,
  "fwhm_x": 1.9629693004746551,
  "fwhm_y": 2.2390204583525914,
  "fwhm_z": 1.7910058200225036,
  "gcor": 0.0493456,
  "gsr_x": -0.0017841802909970284,
  "gsr_y": 0.02509693056344986,
  "provenance": {
    "md5sum": "16f586898551414d191b93784901f600",
    "settings": {
      "fd_thres": 0.2,
      "testing": false
    },
    "software": "mriqc",
    "version": "22.0.6",
    "webapi_port": null,
    "webapi_url": "https://mriqc.nimh.nih.gov/api/v1"
  },
  "size_t": 300,
  "size_x": 64,
  "size_y": 64,
  "size_z": 34,
  "snr": 5.733354895009972,
  "spacing_tr": 1.999998688697815,
  "spacing_x": 3.125000476837158,
  "spacing_y": 3.125000476837158,
  "spacing_z": 3.4100000858306885,
  "summary_bg_k": 87.70819366281786,
  "summary_bg_mad": 514.8252292931245,
  "summary_bg_mean": 1794.2252197265625,
  "summary_bg_median": 350.68109130859375,
  "summary_bg_n": 79476.0,
  "summary_bg_p05": 1.160058319568634,
  "summary_bg_p95": 6777.7154541015625,
  "summary_bg_stdv": 5182.88525390625,
  "summary_fg_k": 3.0355423587979464,
  "summary_fg_mad": 11225.904930799623,
  "summary_fg_mean": 70973.3203125,
  "summary_fg_median": 70254.21875,
  "summary_fg_n": 28003.0,
  "summary_fg_p05": 53240.972265625,
  "summary_fg_p95": 90560.36640625,
  "summary_fg_stdv": 12253.3779296875,
  "tsnr": 57.381439208984375
}