{
  "bids_meta": {
    "AcquisitionMatrixPE": 250,
    "EchoTime": 0.0035,
    "EchoTrainLength": 213,
    "FlipAngle": 8,
    "MagneticFieldStrength": 3,
    "Manufacturer": "Philips",
    "ManufacturersModelName": "Ingenia",
    "PercentPhaseFOV": 79.6875,
    "PhaseEncodingSteps": 250,
    "PixelBandwidth": 334.024,
    "ProtocolName": "sT1W_3D_TFE_tra",
    "ReconMatrixPE": 256,
    "RepetitionTime": 0.0079,
    "ScanOptions": "OTHER",
    "ScanningSequence": "GR",
    "SequenceVariant": "MP",
    "SeriesDescription": "t1_mpr_ns_sag_p2_iso",
    "SliceThickness": 1,
    "SoftwareVersions": "5.6.1_5.6.1.0",
    "SpacingBetweenSlices": 1,
    "dataset": "ds003469",
    "modality": "T1w",
    "subject_id": "176"
  },
  "cjv": 0.29750327205383287,
  "cnr": 4.528890584456634,
  "efc": 0.7079974552793084,
  "fber": 18240.610277657124,
  "fwhm_avg": 4.888174884801775,
  "fwhm_x": 4.849152295968768,
  "fwhm_y": 5.14398208,
  "fwhm_z": 4.671390278436558,
  "icvs_csf": 0.24112944032542796,
  "icvs_gm": 0.4044407056026841,
  "icvs_wm": 0.354429854071888,
  "inu_med": 0.46648481488227844,
  "inu_range": 0.23948368132114406,
  "provenance": {
    "md5sum": "e57f16babe47b3c6bcdd85449e5ee1d4",
    "settings": {
      "testing": false
    },
    "software": "mriqc",
    "version": "22.0.6",
    "warnings": {
      "large_rot_frame": true,
      "small_air_mask": false
    },
    "webapi_port": null,
    "webapi_url": "https://mriqc.nimh.nih.gov/api/v1"
  },
  "qi_1": 0.0,
  "qi_2": 6.131021823242244e-05,
  "rpve_csf": 21.21741082478084,
  "rpve_gm": 12.34224038008596,
  "rpve_wm": 16.843233999265998,
  "size_x": 256,
  "size_y": 256,
  "size_z": 170,
  "snr_csf": 2.165583955510939,
  "snr_gm": 13.006814654077452,
  "snr_total": 15.049896572632028,
  "snr_wm": 29.97729110830769,
  "snrd_csf": 21.479394470903724,
  "snrd_gm": 67.00858239966364,
  "snrd_total": 61.00399618544517,
  "snrd_wm": 94.52401168576813,
  "spacing_x": 0.9765624403953552,
  "spacing_y": 0.9765625,
  "spacing_z": 0.9999999403953552,
  "summary_bg_k": 5.800052355658124,
  "summary_bg_mad": 0.0,
  "summary_bg_mean": 4.355910756757236,
  "summary_bg_median": 0.0,
  "summary_bg_n": 369690.0,
  "summary_bg_p05": 0.0,
  "summary_bg_p95": 18.431851141154766,
  "summary_bg_stdv": 6.930899304569514,
  "summary_csf_k": 0.04632555819397677,
  "summary_csf_mad": 108.05879873590006,
  "summary_csf_mean": 245.75541632492764,
  "summary_csf_median": 227.2374427691102,
  "summary_csf_n": 57207.0,
  "summary_csf_p05": 107.66330377757549,
  "summary_csf_p95": 435.26006887927645,
  "summary_csf_stdv": 104.93033811223853,
  "summary_gm_k": 0.29126247311148035,
  "summary_gm_mad": 54.34180307701608,
  "summary_gm_mean": 708.5454256380033,
  "summary_gm_median": 708.9054083302617,
  "summary_gm_n": 36124.0,
  "summary_gm_p05": 621.5371031016111,
  "summary_gm_p95": 796.2737135589123,
  "summary_gm_stdv": 54.50186037124385,
  "summary_wm_k": 0.401549817337445,
  "summary_wm_mad": 32.25979353618927,
  "summary_wm_mean": 999.7718291148426,
  "summary_wm_median": 1000.0000104680657,
  "summary_wm_n": 215071.0,
  "summary_wm_p05": 945.192424222827,
  "summary_wm_p95": 1054.1643672510982,
  "summary_wm_stdv": 33.358507346067064,
  "tpm_overlap_csf": 0.14420052112902113,
  "tpm_overlap_gm": 0.44689941589354343,
  "tpm_overlap_wm": 0.4990517778649489,
  "wm2max": 0.913354402171711
}