{
  "aor": 0.0018863333333333332,
  "aqi": 0.004963224366666667,
  "bids_meta": {
    "AcquisitionMatrixPE": 62,
    "BodyPartExamined": "BRAIN",
    "EchoTime": 0.035001,
    "EffectiveEchoSpacing": 0.0003157835674478,
    "FlipAngle": 90,
    "ImageType": [
      "ORIGINAL",
      "PRIMARY",
      "M",
      "FFE",
      "M",
      "FFE"
    ],
    "InPlanePhaseEncodingDirectionDICOM": "COL",
    "Instructions": "Participants were asked to close their eyes, to not fall asleep, and to avoid consistent thinking about same topic during the period of scanning",
    "MRAcquisitionType": "2D",
    "MagneticFieldStrength": 3,
    "Manufacturer": "Philips",
    "ManufacturersModelName": "Ingenia",
    "NumberOfVolumesDiscardedByScanner": 0,
    "NumberOfVolumesDiscardedByUser (copy)": 0,
    "PatientPosition": "HFS",
    "PercentPhaseFOV": 100,
    "PhaseEncodingDirection": "j",
    "PhaseEncodingSteps": 62,
    "ReconMatrixPE": 64,
    "RepetitionTime": 2,
    "ScanOptions": "FS",
    "ScanningSequence": "GR",
    "SequenceVariant": "SK",
    "SliceThickness": 3.1,
    "SliceTiming": [
      0,
      0.0588,
      0.1176,
      0.1764,
      0.2352,
      0.2939,
      0.3527,
      0.4115,
      0.4703,
      0.5291,
      0.5879,
      0.6467,
      0.7055,
      0.7642,
      0.823,
      0.8818,
      0.9406,
      0.9994,
      1.0582,
      1.117,
      1.1758,
      1.2345,
      1.2933,
      1.3521,
      1.4109,
      1.4697,
      1.5285,
      1.5873,
      1.6461,
      1.7048,
      1.7636,
      1.8224,
      1.8812,
      1.94
    ],
    "SpacingBetweenSlices": 3.41,
    "TaskName": "rest",
    "TotalReadoutTime": 0.019894364749211,
    "dataset": "ds003469",
    "modality": "bold",
    "subject_id": "028",
    "task_id": "rest"
  },
  "dummy_trs": 0,
  "dvars_nstd": 24.75005858545151,
  "dvars_std": 1.2301282062876255,
  "dvars_vstd": 1.018237312508361,
  "efc": 0.47198938817914876,
  "fber": 31204.4296875,
  "fd_mean": 0.1637255693621061,
  "fd_num": 81,
  "fd_perc": 27.0,
  "fwhm_avg": 2.0328948349790363,
  "fwhm_x": 2.0024544,
  "fwhm_y": 2.2267904,
  "fwhm_z": 1.8694397049371099,
  "gcor": 0.0340567,
  "gsr_x": -0.00768330367282033,
  "gsr_y": 0.024225987493991852,
  "provenance": {
    "md5sum": "ebbb3f1502e4fd0735236311c1ea31d3",
    "settings": {
      "fd_thres": 0.2,
      "testing": false
    },
    "software": "mriqc",
    "version": "22.0.6",
    "webapi_port": null,
    "webapi_url": "https://mriqc.nimh.nih.gov/api/v1"
  },
  "size_t": 300,
  "size_x": 64,
  "size_y": 64,
  "size_z": 34,
  "snr": 4.606183332964761,
  "spacing_tr": 1.999998688697815,
  "spacing_x": 3.125,
  "spacing_y": 3.125,
  "spacing_z": 3.4100003242492676,
  "summary_bg_k": 127.7450310857962,
  "summary_bg_mad": 620.234937785263,
  "summary_bg_mean": 1622.5328369140625,
  "summary_bg_median": 426.025146484375,
  "summary_bg_n": 83056.0,
  "summary_bg_p05": 1.7104616463184357,
  "summary_bg_p95": 6148.2393798828125,
  "summary_bg_stdv": 4025.574462890625,
  "summary_fg_k": 2.950302933075344,
  "summary_fg_mad": 13976.699604789286,
  "summary_fg_mean": 80164.0234375,
  "summary_fg_median": 77780.1328125,
  "summary_fg_n": 25815.0,
  "summary_fg_p05": 57776.473046875,
  "summary_fg_p95": 109794.59296874997,
  "summary_fg_stdv": 16885.69921875,
  "tsnr": 70.86897277832031
}