{
  "aor": 0.0020766000000000005,
  "aqi": 0.004157968366666666,
  "bids_meta": {
    "AcquisitionMatrixPE": 62,
    "BodyPartExamined": "BRAIN",
    "EchoTime": 0.035001,
    "EffectiveEchoSpacing": 0.0003157835674478,
    "FlipAngle": 90,
    "ImageType": [
      "ORIGINAL",
      "PRIMARY",
      "M",
      "FFE",
      "M",
      "FFE"
    ],
    "InPlanePhaseEncodingDirectionDICOM": "COL",
    "Instructions": "Participants were asked to close their eyes, to not fall asleep, and to avoid consistent thinking about same topic during the period of scanning",
    "MRAcquisitionType": "2D",
    "MagneticFieldStrength": 3,
    "Manufacturer": "Philips",
    "ManufacturersModelName": "Ingenia",
    "NumberOfVolumesDiscardedByScanner": 0,
    "NumberOfVolumesDiscardedByUser (copy)": 0,
    "PatientPosition": "HFS",
    "PercentPhaseFOV": 100,
    "PhaseEncodingDirection": "j",
    "PhaseEncodingSteps": 62,
    "ReconMatrixPE": 64,
    "RepetitionTime": 2,
    "ScanOptions": "FS",
    "ScanningSequence": "GR",
    "SequenceVariant": "SK",
    "SliceThickness": 3.1,
    "SliceTiming": [
      0,
      0.0588,
      0.1176,
      0.1764,
      0.2352,
      0.2939,
      0.3527,
      0.4115,
      0.4703,
      0.5291,
      0.5879,
      0.6467,
      0.7055,
      0.7642,
      0.823,
      0.8818,
      0.9406,
      0.9994,
      1.0582,
      1.117,
      1.1758,
      1.2345,
      1.2933,
      1.3521,
      1.4109,
      1.4697,
      1.5285,
      1.5873,
      1.6461,
      1.7048,
      1.7636,
      1.8224,
      1.8812,
      1.94
    ],
    "SpacingBetweenSlices": 3.41,
    "TaskName": "rest",
    "TotalReadoutTime": 0.019894364749211,
    "dataset": "ds003469",
    "modality": "bold",
    "subject_id": "171",
    "task_id": "rest"
  },
  "dummy_trs": 0,
  "dvars_nstd": 21.907268090267554,
  "dvars_std": 1.1954321190300994,
  "dvars_vstd": 1.0166203309698998,
  "efc": 0.49028142244978656,
  "fber": 28748.77734375,
  "fd_mean": 0.1766970382265335,
  "fd_num": 84,
  "fd_perc": 28.0,
  "fwhm_avg": 2.1005377894354824,
  "fwhm_x": 2.066777442317395,
  "fwhm_y": 2.2712288000000003,
  "fwhm_z": 1.9636071259890526,
  "gcor": 0.0644076,
  "gsr_x": 0.01875944249331951,
  "gsr_y": 0.02525969222187996,
  "provenance": {
    "md5sum": "dc2675dadf776ee48eefe06973a9f0eb",
    "settings": {
      "fd_thres": 0.2,
      "testing": false
    },
    "software": "mriqc",
    "version": "22.0.6",
    "webapi_port": null,
    "webapi_url": "https://mriqc.nimh.nih.gov/api/v1"
  },
  "size_t": 300,
  "size_x": 64,
  "size_y": 64,
  "size_z": 34,
  "snr": 5.653555316171698,
  "spacing_tr": 1.999998688697815,
  "spacing_x": 3.125000238418579,
  "spacing_y": 3.125,
  "spacing_z": 3.4099998474121094,
  "summary_bg_k": 33.09441662178058,
  "summary_bg_mad": 644.047438121165,
  "summary_bg_mean": 1745.63623046875,
  "summary_bg_median": 463.8288879394531,
  "summary_bg_n": 81532.0,
  "summary_bg_p05": 2.8103624105453497,
  "summary_bg_p95": 6564.161865234375,
  "summary_bg_stdv": 4429.224609375,
  "summary_fg_k": 2.052236214458013,
  "summary_fg_mad": 12876.342353571992,
  "summary_fg_mean": 80433.3671875,
  "summary_fg_median": 79848.96875,
  "summary_fg_n": 28078.0,
  "summary_fg_p05": 59381.647265625,
  "summary_fg_p95": 103072.22382812499,
  "summary_fg_stdv": 14123.421875,
  "tsnr": 76.97720336914062
}