{
  "aor": 0.0026115,
  "aqi": 0.0166191307,
  "bids_meta": {
    "AcquisitionMatrixPE": 62,
    "BodyPartExamined": "BRAIN",
    "EchoTime": 0.035001,
    "EffectiveEchoSpacing": 0.0003157835674478,
    "FlipAngle": 90,
    "ImageType": [
      "ORIGINAL",
      "PRIMARY",
      "M",
      "FFE",
      "M",
      "FFE"
    ],
    "InPlanePhaseEncodingDirectionDICOM": "COL",
    "Instructions": "Participants were asked to close their eyes, to not fall asleep, and to avoid consistent thinking about same topic during the period of scanning",
    "MRAcquisitionType": "2D",
    "MagneticFieldStrength": 3,
    "Manufacturer": "Philips",
    "ManufacturersModelName": "Ingenia",
    "NumberOfVolumesDiscardedByScanner": 0,
    "NumberOfVolumesDiscardedByUser (copy)": 0,
    "PatientPosition": "HFS",
    "PercentPhaseFOV": 100,
    "PhaseEncodingDirection": "j",
    "PhaseEncodingSteps": 62,
    "ReconMatrixPE": 64,
    "RepetitionTime": 2,
    "ScanOptions": "FS",
    "ScanningSequence": "GR",
    "SequenceVariant": "SK",
    "SliceThickness": 3.1,
    "SliceTiming": [
      0,
      0.0588,
      0.1176,
      0.1764,
      0.2352,
      0.2939,
      0.3527,
      0.4115,
      0.4703,
      0.5291,
      0.5879,
      0.6467,
      0.7055,
      0.7642,
      0.823,
      0.8818,
      0.9406,
      0.9994,
      1.0582,
      1.117,
      1.1758,
      1.2345,
      1.2933,
      1.3521,
      1.4109,
      1.4697,
      1.5285,
      1.5873,
      1.6461,
      1.7048,
      1.7636,
      1.8224,
      1.8812,
      1.94
    ],
    "SpacingBetweenSlices": 3.41,
    "TaskName": "rest",
    "TotalReadoutTime": 0.019894364749211,
    "dataset": "ds003469",
    "modality": "bold",
    "subject_id": "207",
    "task_id": "rest"
  },
  "dummy_trs": 0,
  "dvars_nstd": 35.15410390752509,
  "dvars_std": 1.1520006661872915,
  "dvars_vstd": 0.9825599596989971,
  "efc": 0.5196585957470123,
  "fber": 10063.103515625,
  "fd_mean": 0.5667754982769877,
  "fd_num": 262,
  "fd_perc": 87.33333333333333,
  "fwhm_avg": 2.125184599255641,
  "fwhm_x": 2.059267357109631,
  "fwhm_y": 2.3591104,
  "fwhm_z": 1.9571760406572913,
  "gcor": 0.0815069,
  "gsr_x": 0.040743134915828705,
  "gsr_y": 0.026945387944579124,
  "provenance": {
    "md5sum": "212d4d870ca9a75175328881ae39311e",
    "settings": {
      "fd_thres": 0.2,
      "testing": false
    },
    "software": "mriqc",
    "version": "22.0.6",
    "webapi_port": null,
    "webapi_url": "https://mriqc.nimh.nih.gov/api/v1"
  },
  "size_t": 300,
  "size_x": 64,
  "size_y": 64,
  "size_z": 34,
  "snr": 4.921367983143747,
  "spacing_tr": 1.999998688697815,
  "spacing_x": 3.124999761581421,
  "spacing_y": 3.125,
  "spacing_z": 3.4099998474121094,
  "summary_bg_k": 24.85945684680678,
  "summary_bg_mad": 1111.5059030845434,
  "summary_bg_mean": 3391.162109375,
  "summary_bg_median": 790.773193359375,
  "summary_bg_n": 79664.0,
  "summary_bg_p05": 8.380498313903809,
  "summary_bg_p95": 18272.056347656213,
  "summary_bg_stdv": 7431.1669921875,
  "summary_fg_k": 1.1850859358438628,
  "summary_fg_mad": 15430.11309211806,
  "summary_fg_mean": 82750.890625,
  "summary_fg_median": 81284.171875,
  "summary_fg_n": 28693.0,
  "summary_fg_p05": 59248.525,
  "summary_fg_p95": 111102.728125,
  "summary_fg_stdv": 16516.29296875,
  "tsnr": 36.96467971801758
}