{
  "bids_meta": {
    "AcquisitionMatrixPE": 250,
    "EchoTime": 0.0035,
    "EchoTrainLength": 213,
    "FlipAngle": 8,
    "MagneticFieldStrength": 3,
    "Manufacturer": "Philips",
    "ManufacturersModelName": "Ingenia",
    "PercentPhaseFOV": 79.6875,
    "PhaseEncodingSteps": 250,
    "PixelBandwidth": 334.024,
    "ProtocolName": "sT1W_3D_TFE_tra",
    "ReconMatrixPE": 256,
    "RepetitionTime": 0.0079,
    "ScanOptions": "OTHER",
    "ScanningSequence": "GR",
    "SequenceVariant": "MP",
    "SeriesDescription": "t1_mpr_ns_sag_p2_iso",
    "SliceThickness": 1,
    "SoftwareVersions": "5.6.1_5.6.1.0",
    "SpacingBetweenSlices": 1,
    "dataset": "ds003469",
    "modality": "T1w",
    "subject_id": "044"
  },
  "cjv": 0.30338267077824743,
  "cnr": 4.463918207250112,
  "efc": 0.7375352307372486,
  "fber": -1.0,
  "fwhm_avg": 4.893276081250632,
  "fwhm_x": 4.77180928,
  "fwhm_y": 5.1814089637518945,
  "fwhm_z": 4.72661,
  "icvs_csf": 0.1843262296160979,
  "icvs_gm": 0.4621230718591888,
  "icvs_wm": 0.35355069852471327,
  "inu_med": 0.47193822264671326,
  "inu_range": 0.28265016078948973,
  "provenance": {
    "md5sum": "08df738057fc6002085321e87e82a49a",
    "settings": {
      "testing": false
    },
    "software": "mriqc",
    "version": "22.0.6",
    "warnings": {
      "large_rot_frame": true,
      "small_air_mask": false
    },
    "webapi_port": null,
    "webapi_url": "https://mriqc.nimh.nih.gov/api/v1"
  },
  "qi_1": 0.0,
  "qi_2": 5.879477294054346e-05,
  "rpve_csf": 22.691988564480884,
  "rpve_gm": 10.048243011074227,
  "rpve_wm": 14.95866440266697,
  "size_x": 256,
  "size_y": 256,
  "size_z": 170,
  "snr_csf": 2.111134803486727,
  "snr_gm": 13.090655631126214,
  "snr_total": 14.987462459015257,
  "snr_wm": 29.76059694243283,
  "snrd_csf": 28.464949603775175,
  "snrd_gm": 74.50259545175845,
  "snrd_total": 69.15476174670987,
  "snrd_wm": 104.49674018459599,
  "spacing_x": 0.9765625,
  "spacing_y": 0.9765625596046448,
  "spacing_z": 1.0,
  "summary_bg_k": 31.330445648111223,
  "summary_bg_mad": 0.0,
  "summary_bg_mean": 2.949235275140318,
  "summary_bg_median": 0.0,
  "summary_bg_n": 337171.0,
  "summary_bg_p05": 0.0,
  "summary_bg_p95": 17.106610536575317,
  "summary_bg_stdv": 6.2696000385446835,
  "summary_csf_k": 0.5147856689139436,
  "summary_csf_mad": 139.25197888095042,
  "summary_csf_mean": 267.6089222747872,
  "summary_csf_median": 272.40716457366943,
  "summary_csf_n": 27622.0,
  "summary_csf_p05": 64.15728145837784,
  "summary_csf_p95": 479.38091951608635,
  "summary_csf_stdv": 129.03118886450744,
  "summary_gm_k": 0.23769446465650956,
  "summary_gm_mad": 53.5385167407217,
  "summary_gm_mean": 713.1864486687107,
  "summary_gm_median": 712.9835486412048,
  "summary_gm_n": 70643.0,
  "summary_gm_p05": 624.703449010849,
  "summary_gm_p95": 802.0378160476685,
  "summary_gm_stdv": 54.464690106359825,
  "summary_wm_k": 0.29085338080529866,
  "summary_wm_mad": 33.54487978360571,
  "summary_wm_mean": 1000.1773183792295,
  "summary_wm_median": 1000.0249814987183,
  "summary_wm_n": 229971.0,
  "summary_wm_p05": 945.5585324764252,
  "summary_wm_p95": 1054.6912157535553,
  "summary_wm_stdv": 33.60224289819341,
  "tpm_overlap_csf": 0.14024719631724336,
  "tpm_overlap_gm": 0.47609256708631886,
  "tpm_overlap_wm": 0.5067655742544831,
  "wm2max": 0.8036929252383341
}