{
  "aor": 0.0028771666666666668,
  "aqi": 0.0037731628000000008,
  "bids_meta": {
    "AcquisitionMatrixPE": 62,
    "BodyPartExamined": "BRAIN",
    "EchoTime": 0.035001,
    "EffectiveEchoSpacing": 0.0003157835674478,
    "FlipAngle": 90,
    "ImageType": [
      "ORIGINAL",
      "PRIMARY",
      "M",
      "FFE",
      "M",
      "FFE"
    ],
    "InPlanePhaseEncodingDirectionDICOM": "COL",
    "Instructions": "Participants were asked to close their eyes, to not fall asleep, and to avoid consistent thinking about same topic during the period of scanning",
    "MRAcquisitionType": "2D",
    "MagneticFieldStrength": 3,
    "Manufacturer": "Philips",
    "ManufacturersModelName": "Ingenia",
    "NumberOfVolumesDiscardedByScanner": 0,
    "NumberOfVolumesDiscardedByUser (copy)": 0,
    "PatientPosition": "HFS",
    "PercentPhaseFOV": 100,
    "PhaseEncodingDirection": "j",
    "PhaseEncodingSteps": 62,
    "ReconMatrixPE": 64,
    "RepetitionTime": 2,
    "ScanOptions": "FS",
    "ScanningSequence": "GR",
    "SequenceVariant": "SK",
    "SliceThickness": 3.1,
    "SliceTiming": [
      0,
      0.0588,
      0.1176,
      0.1764,
      0.2352,
      0.2939,
      0.3527,
      0.4115,
      0.4703,
      0.5291,
      0.5879,
      0.6467,
      0.7055,
      0.7642,
      0.823,
      0.8818,
      0.9406,
      0.9994,
      1.0582,
      1.117,
      1.1758,
      1.2345,
      1.2933,
      1.3521,
      1.4109,
      1.4697,
      1.5285,
      1.5873,
      1.6461,
      1.7048,
      1.7636,
      1.8224,
      1.8812,
      1.94
    ],
    "SpacingBetweenSlices": 3.41,
    "TaskName": "rest",
    "TotalReadoutTime": 0.019894364749211,
    "dataset": "ds003469",
    "modality": "bold",
    "subject_id": "194",
    "task_id": "rest"
  },
  "dummy_trs": 0,
  "dvars_nstd": 28.113157093545155,
  "dvars_std": 1.289141666622073,
  "dvars_vstd": 1.0257520154180606,
  "efc": 0.4947796837000159,
  "fber": 23479.19921875,
  "fd_mean": 0.21885222363637938,
  "fd_num": 140,
  "fd_perc": 46.666666666666664,
  "fwhm_avg": 1.9628322609452677,
  "fwhm_x": 1.958380949412609,
  "fwhm_y": 2.0656672,
  "fwhm_z": 1.8644486334231938,
  "gcor": 0.0197485,
  "gsr_x": -0.0033911599311977625,
  "gsr_y": 0.018660180270671844,
  "provenance": {
    "md5sum": "00f98cee08c647a7c2ab77b18f4032dc",
    "settings": {
      "fd_thres": 0.2,
      "testing": false
    },
    "software": "mriqc",
    "version": "22.0.6",
    "webapi_port": null,
    "webapi_url": "https://mriqc.nimh.nih.gov/api/v1"
  },
  "size_t": 300,
  "size_x": 64,
  "size_y": 64,
  "size_z": 34,
  "snr": 5.036895591501138,
  "spacing_tr": 1.999998688697815,
  "spacing_x": 3.124999761581421,
  "spacing_y": 3.125,
  "spacing_z": 3.4100000858306885,
  "summary_bg_k": 42.93268020330124,
  "summary_bg_mad": 699.2487091791596,
  "summary_bg_mean": 1865.0250244140625,
  "summary_bg_median": 475.1145935058594,
  "summary_bg_n": 80195.0,
  "summary_bg_p05": 1.2450659275054934,
  "summary_bg_p95": 7168.747070312509,
  "summary_bg_stdv": 4070.750732421875,
  "summary_fg_k": 1.6313896700177235,
  "summary_fg_mad": 14099.10115903974,
  "summary_fg_mean": 78302.03125,
  "summary_fg_median": 76232.5859375,
  "summary_fg_n": 28026.0,
  "summary_fg_p05": 58389.2021484375,
  "summary_fg_p95": 106124.083984375,
  "summary_fg_stdv": 15134.5654296875,
  "tsnr": 78.01374053955078
}