{
  "aor": 0.0013383666666666669,
  "aqi": 0.008867813733333334,
  "bids_meta": {
    "AcquisitionMatrixPE": 62,
    "BodyPartExamined": "BRAIN",
    "EchoTime": 0.035001,
    "EffectiveEchoSpacing": 0.0003157835674478,
    "FlipAngle": 90,
    "ImageType": [
      "ORIGINAL",
      "PRIMARY",
      "M",
      "FFE",
      "M",
      "FFE"
    ],
    "InPlanePhaseEncodingDirectionDICOM": "COL",
    "Instructions": "Participants were asked to close their eyes, to not fall asleep, and to avoid consistent thinking about same topic during the period of scanning",
    "MRAcquisitionType": "2D",
    "MagneticFieldStrength": 3,
    "Manufacturer": "Philips",
    "ManufacturersModelName": "Ingenia",
    "NumberOfVolumesDiscardedByScanner": 0,
    "NumberOfVolumesDiscardedByUser (copy)": 0,
    "PatientPosition": "HFS",
    "PercentPhaseFOV": 100,
    "PhaseEncodingDirection": "j",
    "PhaseEncodingSteps": 62,
    "ReconMatrixPE": 64,
    "RepetitionTime": 2,
    "ScanOptions": "FS",
    "ScanningSequence": "GR",
    "SequenceVariant": "SK",
    "SliceThickness": 3.1,
    "SliceTiming": [
      0,
      0.0588,
      0.1176,
      0.1764,
      0.2352,
      0.2939,
      0.3527,
      0.4115,
      0.4703,
      0.5291,
      0.5879,
      0.6467,
      0.7055,
      0.7642,
      0.823,
      0.8818,
      0.9406,
      0.9994,
      1.0582,
      1.117,
      1.1758,
      1.2345,
      1.2933,
      1.3521,
      1.4109,
      1.4697,
      1.5285,
      1.5873,
      1.6461,
      1.7048,
      1.7636,
      1.8224,
      1.8812,
      1.94
    ],
    "SpacingBetweenSlices": 3.41,
    "TaskName": "rest",
    "TotalReadoutTime": 0.019894364749211,
    "dataset": "ds003469",
    "modality": "bold",
    "subject_id": "014",
    "task_id": "rest"
  },
  "dummy_trs": 0,
  "dvars_nstd": 25.35867112464881,
  "dvars_std": 1.1411686430769226,
  "dvars_vstd": 1.0113110746488299,
  "efc": 0.5076310854049431,
  "fber": 18650.81640625,
  "fd_mean": 0.22016826308508367,
  "fd_num": 152,
  "fd_perc": 50.666666666666664,
  "fwhm_avg": 2.1347845362881017,
  "fwhm_x": 2.0902592,
  "fwhm_y": 2.4293056,
  "fwhm_z": 1.8847888088643048,
  "gcor": 0.0444061,
  "gsr_x": -0.0038571932818740606,
  "gsr_y": 0.029370779171586037,
  "provenance": {
    "md5sum": "20fc15bfff97fda5c5c3bab92efacac0",
    "settings": {
      "fd_thres": 0.2,
      "testing": false
    },
    "software": "mriqc",
    "version": "22.0.6",
    "webapi_port": null,
    "webapi_url": "https://mriqc.nimh.nih.gov/api/v1"
  },
  "size_t": 300,
  "size_x": 64,
  "size_y": 64,
  "size_z": 34,
  "snr": 5.2001557896715696,
  "spacing_tr": 1.999998688697815,
  "spacing_x": 3.125,
  "spacing_y": 3.125,
  "spacing_z": 3.4100000858306885,
  "summary_bg_k": 133.1734627984199,
  "summary_bg_mad": 783.7597775776742,
  "summary_bg_mean": 2188.315673828125,
  "summary_bg_median": 535.3787231445312,
  "summary_bg_n": 78817.0,
  "summary_bg_p05": 2.0272211074829105,
  "summary_bg_p95": 8392.321484374996,
  "summary_bg_stdv": 5786.43310546875,
  "summary_fg_k": 4.115684185279506,
  "summary_fg_mad": 11704.930232749834,
  "summary_fg_mean": 81700.65625,
  "summary_fg_median": 80138.5,
  "summary_fg_n": 29200.0,
  "summary_fg_p05": 61578.39296875,
  "summary_fg_p95": 105948.2390625,
  "summary_fg_stdv": 15410.5244140625,
  "tsnr": 60.31562805175781
}