{
  "bids_meta": {
    "AcquisitionMatrixPE": 250,
    "EchoTime": 0.0035,
    "EchoTrainLength": 213,
    "FlipAngle": 8,
    "MagneticFieldStrength": 3,
    "Manufacturer": "Philips",
    "ManufacturersModelName": "Ingenia",
    "PercentPhaseFOV": 79.6875,
    "PhaseEncodingSteps": 250,
    "PixelBandwidth": 334.024,
    "ProtocolName": "sT1W_3D_TFE_tra",
    "ReconMatrixPE": 256,
    "RepetitionTime": 0.0079,
    "ScanOptions": "OTHER",
    "ScanningSequence": "GR",
    "SequenceVariant": "MP",
    "SeriesDescription": "t1_mpr_ns_sag_p2_iso",
    "SliceThickness": 1,
    "SoftwareVersions": "5.6.1_5.6.1.0",
    "SpacingBetweenSlices": 1,
    "dataset": "ds003469",
    "modality": "T1w",
    "subject_id": "120"
  },
  "cjv": 0.3156515322217276,
  "cnr": 4.173596293891274,
  "efc": 0.7166502724389947,
  "fber": 16129.0,
  "fwhm_avg": 4.593296953263276,
  "fwhm_x": 4.6068121600000005,
  "fwhm_y": 4.699678433154393,
  "fwhm_z": 4.4734002666354336,
  "icvs_csf": 0.22939823636176618,
  "icvs_gm": 0.4134687993619647,
  "icvs_wm": 0.3571329642762691,
  "inu_med": 0.4736339747905731,
  "inu_range": 0.22167016565799713,
  "provenance": {
    "md5sum": "429fe24a4dfc0ea49f323866e7693d95",
    "settings": {
      "testing": false
    },
    "software": "mriqc",
    "version": "22.0.6",
    "warnings": {
      "large_rot_frame": true,
      "small_air_mask": true
    },
    "webapi_port": null,
    "webapi_url": "https://mriqc.nimh.nih.gov/api/v1"
  },
  "qi_1": 0.0,
  "qi_2": 7.081789611698418e-05,
  "rpve_csf": 23.995201512618525,
  "rpve_gm": 13.450492470472561,
  "rpve_wm": 18.47218135415103,
  "size_x": 256,
  "size_y": 256,
  "size_z": 170,
  "snr_csf": 2.0469565868008495,
  "snr_gm": 11.777224082475556,
  "snr_total": 14.543842632381462,
  "snr_wm": 29.807347227867982,
  "snrd_csf": 23.634195488883062,
  "snrd_gm": 67.68481514722089,
  "snrd_total": 62.19500884263963,
  "snrd_wm": 95.26601589181496,
  "spacing_x": 0.9765625,
  "spacing_y": 0.9765625596046448,
  "spacing_z": 0.9999999403953552,
  "summary_bg_k": 7.004422304985141,
  "summary_bg_mad": 0.0,
  "summary_bg_mean": 3.988785768570536,
  "summary_bg_median": 0.0,
  "summary_bg_n": 259774.0,
  "summary_bg_p05": 0.0,
  "summary_bg_p95": 18.277985852211714,
  "summary_bg_stdv": 6.877069507837735,
  "summary_csf_k": 0.3583548002873207,
  "summary_csf_mad": 126.5280935278816,
  "summary_csf_mean": 260.9752710545617,
  "summary_csf_median": 248.09185558743775,
  "summary_csf_n": 39884.0,
  "summary_csf_p05": 83.91358584165573,
  "summary_csf_p95": 470.51195644251993,
  "summary_csf_stdv": 121.19883098644246,
  "summary_gm_k": 0.3553824849787941,
  "summary_gm_mad": 58.3008631789036,
  "summary_gm_mean": 709.3232563771885,
  "summary_gm_median": 710.4981167167425,
  "summary_gm_n": 41518.0,
  "summary_gm_p05": 608.0130706468597,
  "summary_gm_p95": 806.1350553888828,
  "summary_gm_stdv": 60.32742140105883,
  "summary_wm_k": 0.22487529359938474,
  "summary_wm_mad": 33.087890566914645,
  "summary_wm_mean": 999.0734976446498,
  "summary_wm_median": 1000.0223053134978,
  "summary_wm_n": 215880.0,
  "summary_wm_p05": 942.8003813512623,
  "summary_wm_p95": 1052.3120743632317,
  "summary_wm_stdv": 33.54944609839888,
  "tpm_overlap_csf": 0.15062620357143836,
  "tpm_overlap_gm": 0.47447878640926255,
  "tpm_overlap_wm": 0.5334659508428528,
  "wm2max": 0.829458368812706
}