{
  "aor": 0.004066333333333333,
  "aqi": 0.007045790299999999,
  "bids_meta": {
    "AcquisitionMatrixPE": 62,
    "BodyPartExamined": "BRAIN",
    "EchoTime": 0.035001,
    "EffectiveEchoSpacing": 0.0003157835674478,
    "FlipAngle": 90,
    "ImageType": [
      "ORIGINAL",
      "PRIMARY",
      "M",
      "FFE",
      "M",
      "FFE"
    ],
    "InPlanePhaseEncodingDirectionDICOM": "COL",
    "Instructions": "Participants were asked to close their eyes, to not fall asleep, and to avoid consistent thinking about same topic during the period of scanning",
    "MRAcquisitionType": "2D",
    "MagneticFieldStrength": 3,
    "Manufacturer": "Philips",
    "ManufacturersModelName": "Ingenia",
    "NumberOfVolumesDiscardedByScanner": 0,
    "NumberOfVolumesDiscardedByUser (copy)": 0,
    "PatientPosition": "HFS",
    "PercentPhaseFOV": 100,
    "PhaseEncodingDirection": "j",
    "PhaseEncodingSteps": 62,
    "ReconMatrixPE": 64,
    "RepetitionTime": 2,
    "ScanOptions": "FS",
    "ScanningSequence": "GR",
    "SequenceVariant": "SK",
    "SliceThickness": 3.1,
    "SliceTiming": [
      0,
      0.0588,
      0.1176,
      0.1764,
      0.2352,
      0.2939,
      0.3527,
      0.4115,
      0.4703,
      0.5291,
      0.5879,
      0.6467,
      0.7055,
      0.7642,
      0.823,
      0.8818,
      0.9406,
      0.9994,
      1.0582,
      1.117,
      1.1758,
      1.2345,
      1.2933,
      1.3521,
      1.4109,
      1.4697,
      1.5285,
      1.5873,
      1.6461,
      1.7048,
      1.7636,
      1.8224,
      1.8812,
      1.94
    ],
    "SpacingBetweenSlices": 3.41,
    "TaskName": "rest",
    "TotalReadoutTime": 0.019894364749211,
    "dataset": "ds003469",
    "modality": "bold",
    "subject_id": "129",
    "task_id": "rest"
  },
  "dummy_trs": 0,
  "dvars_nstd": 23.40071444070234,
  "dvars_std": 1.089582943812709,
  "dvars_vstd": 1.0173827838461542,
  "efc": 0.4657283440813566,
  "fber": 23870.826171875,
  "fd_mean": 0.3008408392814582,
  "fd_num": 87,
  "fd_perc": 29.0,
  "fwhm_avg": 2.068736243239169,
  "fwhm_x": 2.0340380896304184,
  "fwhm_y": 2.2899038252942026,
  "fwhm_z": 1.8822668147928865,
  "gcor": 0.0677768,
  "gsr_x": -0.003970519173890352,
  "gsr_y": 0.03793965280056,
  "provenance": {
    "md5sum": "6cdea8f9e37ae73add37c68ed79f73f1",
    "settings": {
      "fd_thres": 0.2,
      "testing": false
    },
    "software": "mriqc",
    "version": "22.0.6",
    "webapi_port": null,
    "webapi_url": "https://mriqc.nimh.nih.gov/api/v1"
  },
  "size_t": 300,
  "size_x": 64,
  "size_y": 64,
  "size_z": 34,
  "snr": 7.028236736504205,
  "spacing_tr": 1.999998688697815,
  "spacing_x": 3.125000476837158,
  "spacing_y": 3.125000238418579,
  "spacing_z": 3.4100000858306885,
  "summary_bg_k": 196.9274013206109,
  "summary_bg_mad": 696.3009952817883,
  "summary_bg_mean": 1845.4881591796875,
  "summary_bg_median": 490.0091247558594,
  "summary_bg_n": 85505.0,
  "summary_bg_p05": 4.367830085754394,
  "summary_bg_p95": 6593.074023437504,
  "summary_bg_stdv": 5557.150390625,
  "summary_fg_k": 1.236058362581816,
  "summary_fg_mad": 10358.48997033519,
  "summary_fg_mean": 76810.0234375,
  "summary_fg_median": 76923.5703125,
  "summary_fg_n": 23851.0,
  "summary_fg_p05": 58657.615234375,
  "summary_fg_p95": 93826.765625,
  "summary_fg_stdv": 10944.7021484375,
  "tsnr": 58.970184326171875
}