{
  "bids_meta": {
    "AcquisitionMatrixPE": 250,
    "EchoTime": 0.0035,
    "EchoTrainLength": 213,
    "FlipAngle": 8,
    "MagneticFieldStrength": 3,
    "Manufacturer": "Philips",
    "ManufacturersModelName": "Ingenia",
    "PercentPhaseFOV": 79.6875,
    "PhaseEncodingSteps": 250,
    "PixelBandwidth": 334.024,
    "ProtocolName": "sT1W_3D_TFE_tra",
    "ReconMatrixPE": 256,
    "RepetitionTime": 0.0079,
    "ScanOptions": "OTHER",
    "ScanningSequence": "GR",
    "SequenceVariant": "MP",
    "SeriesDescription": "t1_mpr_ns_sag_p2_iso",
    "SliceThickness": 1,
    "SoftwareVersions": "5.6.1_5.6.1.0",
    "SpacingBetweenSlices": 1,
    "dataset": "ds003469",
    "modality": "T1w",
    "subject_id": "171"
  },
  "cjv": 0.2861847194822587,
  "cnr": 4.635041519367466,
  "efc": 0.731528469089073,
  "fber": -1.0,
  "fwhm_avg": 4.806133413333334,
  "fwhm_x": 4.7731097600000005,
  "fwhm_y": 4.99586048,
  "fwhm_z": 4.64943,
  "icvs_csf": 0.21388380289901615,
  "icvs_gm": 0.44510354438544425,
  "icvs_wm": 0.3410126527155396,
  "inu_med": 0.518661618232727,
  "inu_range": 0.2903136610984802,
  "provenance": {
    "md5sum": "c6b3d492df322a591bf35795eb2502c3",
    "settings": {
      "testing": false
    },
    "software": "mriqc",
    "version": "22.0.6",
    "warnings": {
      "large_rot_frame": true,
      "small_air_mask": true
    },
    "webapi_port": null,
    "webapi_url": "https://mriqc.nimh.nih.gov/api/v1"
  },
  "qi_1": 0.0,
  "qi_2": 8.784222253361807e-05,
  "rpve_csf": 22.514215110539354,
  "rpve_gm": 11.31411095153417,
  "rpve_wm": 16.81929643443053,
  "size_x": 256,
  "size_y": 256,
  "size_z": 170,
  "snr_csf": 2.136912759310544,
  "snr_gm": 12.243041961242925,
  "snr_total": 14.10483152265581,
  "snr_wm": 27.934539847413962,
  "snrd_csf": 21.505236480463314,
  "snrd_gm": 63.35320438040938,
  "snrd_total": 58.93273275487757,
  "snrd_wm": 91.93975740376001,
  "spacing_x": 0.9765625,
  "spacing_y": 0.9765625,
  "spacing_z": 1.0,
  "summary_bg_k": 6.054117293878642,
  "summary_bg_mad": 0.0,
  "summary_bg_mean": 4.212169247794949,
  "summary_bg_median": 0.0,
  "summary_bg_n": 278324.0,
  "summary_bg_p05": 0.0,
  "summary_bg_p95": 19.3396119736135,
  "summary_bg_stdv": 7.125714075839383,
  "summary_csf_k": 0.06992685709572966,
  "summary_csf_mad": 110.97824860024815,
  "summary_csf_mean": 241.71628191124216,
  "summary_csf_median": 233.9057428240776,
  "summary_csf_n": 45809.0,
  "summary_csf_p05": 77.02126910537481,
  "summary_csf_p95": 437.65806822478754,
  "summary_csf_stdv": 109.45846466430322,
  "summary_gm_k": 0.29040170770150375,
  "summary_gm_mad": 54.77497855623573,
  "summary_gm_mean": 689.2101602217307,
  "summary_gm_median": 689.0730238817632,
  "summary_gm_n": 61269.0,
  "summary_gm_p05": 597.1677196584642,
  "summary_gm_p95": 781.2191700972617,
  "summary_gm_stdv": 56.282368605664516,
  "summary_wm_k": 0.46912661821788415,
  "summary_wm_mad": 34.20758113225152,
  "summary_wm_mean": 999.6264268324076,
  "summary_wm_median": 1000.0000358112156,
  "summary_wm_n": 224325.0,
  "summary_wm_p05": 940.5602321363986,
  "summary_wm_p95": 1057.681692942977,
  "summary_wm_stdv": 35.79789795579101,
  "tpm_overlap_csf": 0.14171240666330856,
  "tpm_overlap_gm": 0.4812227763062166,
  "tpm_overlap_wm": 0.5197446826874889,
  "wm2max": 0.8534459723335595
}