{
  "bids_meta": {
    "AcquisitionMatrixPE": 250,
    "EchoTime": 0.0035,
    "EchoTrainLength": 213,
    "FlipAngle": 8,
    "MagneticFieldStrength": 3,
    "Manufacturer": "Philips",
    "ManufacturersModelName": "Ingenia",
    "PercentPhaseFOV": 79.6875,
    "PhaseEncodingSteps": 250,
    "PixelBandwidth": 334.024,
    "ProtocolName": "sT1W_3D_TFE_tra",
    "ReconMatrixPE": 256,
    "RepetitionTime": 0.0079,
    "ScanOptions": "OTHER",
    "ScanningSequence": "GR",
    "SequenceVariant": "MP",
    "SeriesDescription": "t1_mpr_ns_sag_p2_iso",
    "SliceThickness": 1,
    "SoftwareVersions": "5.6.1_5.6.1.0",
    "SpacingBetweenSlices": 1,
    "dataset": "ds003469",
    "modality": "T1w",
    "subject_id": "050"
  },
  "cjv": 0.30516497465578246,
  "cnr": 4.421590247073894,
  "efc": 0.7307858071694235,
  "fber": -1.0,
  "fwhm_avg": 4.8365917206550115,
  "fwhm_x": 4.7909071724137675,
  "fwhm_y": 5.071687989551269,
  "fwhm_z": 4.64718,
  "icvs_csf": 0.19447754882088775,
  "icvs_gm": 0.443572691477877,
  "icvs_wm": 0.3619497597012353,
  "inu_med": 0.4363272190093994,
  "inu_range": 0.2185328185558319,
  "provenance": {
    "md5sum": "3b94a6b8bce214cd94da5203ee26bd94",
    "settings": {
      "testing": false
    },
    "software": "mriqc",
    "version": "22.0.6",
    "warnings": {
      "large_rot_frame": true,
      "small_air_mask": true
    },
    "webapi_port": null,
    "webapi_url": "https://mriqc.nimh.nih.gov/api/v1"
  },
  "qi_1": 0.0,
  "qi_2": 6.345098036898747e-05,
  "rpve_csf": 28.80267543734111,
  "rpve_gm": 13.63864356167985,
  "rpve_wm": 19.476960049542228,
  "size_x": 256,
  "size_y": 256,
  "size_z": 170,
  "snr_csf": 2.1257629922596144,
  "snr_gm": 12.03604707311632,
  "snr_total": 14.930334369494261,
  "snr_wm": 30.62919304310685,
  "snrd_csf": 32.496024339070836,
  "snrd_gm": 87.65984845690967,
  "snrd_total": 81.60642829198697,
  "snrd_wm": 124.6634120799804,
  "spacing_x": 0.9765624403953552,
  "spacing_y": 0.9765624403953552,
  "spacing_z": 1.0,
  "summary_bg_k": 9.39625523901309,
  "summary_bg_mad": 0.0,
  "summary_bg_mean": 2.7323334402231194,
  "summary_bg_median": 0.0,
  "summary_bg_n": 231100.0,
  "summary_bg_p05": 0.0,
  "summary_bg_p95": 14.589176500216126,
  "summary_bg_stdv": 5.2552419668865245,
  "summary_csf_k": -0.040139356467186804,
  "summary_csf_mad": 134.55051011782234,
  "summary_csf_mean": 253.89426380743117,
  "summary_csf_median": 260.6700999420136,
  "summary_csf_n": 22094.0,
  "summary_csf_p05": 60.13849886851386,
  "summary_csf_p95": 449.8086630332283,
  "summary_csf_stdv": 122.62147836294842,
  "summary_gm_k": 0.08899525855771184,
  "summary_gm_mad": 58.378287930852004,
  "summary_gm_mean": 702.6843255593355,
  "summary_gm_median": 703.1722163837403,
  "summary_gm_n": 54445.0,
  "summary_gm_p05": 606.422711777687,
  "summary_gm_p95": 797.3169768098742,
  "summary_gm_stdv": 58.42165242827466,
  "summary_wm_k": 0.17931413854217837,
  "summary_wm_mad": 32.20315275699677,
  "summary_wm_mean": 999.2929899553083,
  "summary_wm_median": 999.9999922122806,
  "summary_wm_n": 190148.0,
  "summary_wm_p05": 944.0566969290376,
  "summary_wm_p95": 1050.8696893787942,
  "summary_wm_stdv": 32.64850501515951,
  "tpm_overlap_csf": 0.14343645274520028,
  "tpm_overlap_gm": 0.48999342278179026,
  "tpm_overlap_wm": 0.5258865402196252,
  "wm2max": 0.9139115235364814
}