{
  "bids_meta": {
    "AcquisitionMatrixPE": 250,
    "EchoTime": 0.0035,
    "EchoTrainLength": 213,
    "FlipAngle": 8,
    "MagneticFieldStrength": 3,
    "Manufacturer": "Philips",
    "ManufacturersModelName": "Ingenia",
    "PercentPhaseFOV": 79.6875,
    "PhaseEncodingSteps": 250,
    "PixelBandwidth": 334.024,
    "ProtocolName": "sT1W_3D_TFE_tra",
    "ReconMatrixPE": 256,
    "RepetitionTime": 0.0079,
    "ScanOptions": "OTHER",
    "ScanningSequence": "GR",
    "SequenceVariant": "MP",
    "SeriesDescription": "t1_mpr_ns_sag_p2_iso",
    "SliceThickness": 1,
    "SoftwareVersions": "5.6.1_5.6.1.0",
    "SpacingBetweenSlices": 1,
    "dataset": "ds003469",
    "modality": "T1w",
    "subject_id": "178"
  },
  "cjv": 0.2939016272545987,
  "cnr": 4.570856554515001,
  "efc": 0.72232372265486,
  "fber": -1.0,
  "fwhm_avg": 4.58944042581767,
  "fwhm_x": 4.441886448888767,
  "fwhm_y": 4.8206745600000005,
  "fwhm_z": 4.505760268564241,
  "icvs_csf": 0.19528075195241312,
  "icvs_gm": 0.45814406910273153,
  "icvs_wm": 0.34657517894485534,
  "inu_med": 0.45914416015148163,
  "inu_range": 0.23791001290082925,
  "provenance": {
    "md5sum": "24fa268ee9d5c257108cf2a833242719",
    "settings": {
      "testing": false
    },
    "software": "mriqc",
    "version": "22.0.6",
    "warnings": {
      "large_rot_frame": true,
      "small_air_mask": true
    },
    "webapi_port": null,
    "webapi_url": "https://mriqc.nimh.nih.gov/api/v1"
  },
  "qi_1": 0.0,
  "qi_2": 7.428433612164784e-05,
  "rpve_csf": 24.917911019392978,
  "rpve_gm": 11.57758655231098,
  "rpve_wm": 17.396147947747988,
  "size_x": 256,
  "size_y": 256,
  "size_z": 170,
  "snr_csf": 2.4991702846533954,
  "snr_gm": 12.609539748254111,
  "snr_total": 14.955072846026843,
  "snr_wm": 29.756508505173016,
  "snrd_csf": 27.430222080152472,
  "snrd_gm": 70.52944610066494,
  "snrd_total": 66.16939536878886,
  "snrd_wm": 100.54851792554915,
  "spacing_x": 0.9765625596046448,
  "spacing_y": 0.9765625,
  "spacing_z": 0.9999999403953552,
  "summary_bg_k": 6.643084278834518,
  "summary_bg_mad": 0.0,
  "summary_bg_mean": 3.5500169788973923,
  "summary_bg_median": 0.0,
  "summary_bg_n": 274105.0,
  "summary_bg_p05": 0.0,
  "summary_bg_p95": 17.61577634140849,
  "summary_bg_stdv": 6.515768893129569,
  "summary_csf_k": 0.5369490179421978,
  "summary_csf_mad": 99.14676309048131,
  "summary_csf_mean": 272.95463047519604,
  "summary_csf_median": 272.8118720948696,
  "summary_csf_n": 26599.0,
  "summary_csf_p05": 88.6527793262154,
  "summary_csf_p95": 460.80211924016476,
  "summary_csf_stdv": 109.15892585886954,
  "summary_gm_k": 0.27403802605091476,
  "summary_gm_mad": 54.501153070612496,
  "summary_gm_mean": 701.6700608151787,
  "summary_gm_median": 701.4624297358096,
  "summary_gm_n": 56273.0,
  "summary_gm_p05": 610.9461450129747,
  "summary_gm_p95": 792.0008726678789,
  "summary_gm_stdv": 55.62900875363949,
  "summary_wm_k": 0.13374161575559906,
  "summary_wm_mad": 33.24603189117531,
  "summary_wm_mean": 999.7970947557434,
  "summary_wm_median": 1000.0221409611404,
  "summary_wm_n": 192055.0,
  "summary_wm_p05": 944.4936686195433,
  "summary_wm_p95": 1054.9523416534066,
  "summary_wm_stdv": 33.60674984114369,
  "tpm_overlap_csf": 0.1566516182131776,
  "tpm_overlap_gm": 0.4851142813045977,
  "tpm_overlap_wm": 0.5225648746172241,
  "wm2max": 0.9049729296170043
}